{
  "aor": 0.00038592178770949725,
  "aqi": 0.010631222709497208,
  "bids_meta": {
    "AcquisitionDateTime": "2019-03-10T11:43:41.660000",
    "AcquisitionMatrixPE": 104,
    "AcquisitionNumber": 1,
    "AcquisitionTime": "11:43:41.660000",
    "BandwidthPerPixelPhaseEncode": 16.578,
    "BaseResolution": 104,
    "BodyPartExamined": "BRAIN",
    "ConsistencyInfo": "N4_VE11C_LATEST_20160120",
    "ConversionSoftware": "dcm2niix",
    "ConversionSoftwareVersion": "v1.0.20180918  (JP2:OpenJPEG) GCC4.8.4",
    "DeidentificationMethod": "Penn_BSC_profile_v3.0",
    "DerivedVendorReportedEchoSpacing": 0.000580009,
    "DeviceSerialNumber": "66044",
    "DwellTime": 2.1e-06,
    "EchoTime": 0.037,
    "EchoTrainLength": 104,
    "EffectiveEchoSpacing": 0.000580009,
    "FlipAngle": 52,
    "ImageComments": "Unaliased_MB8_PE3_LB_LZ23@brainardlab:LFContrast",
    "ImageOrientationPatientDICOM": [
      0.996881,
      -0.0741747,
      -0.0269411,
      0.0525933,
      0.87898,
      -0.47395
    ],
    "ImageType": [
      "ORIGINAL",
      "PRIMARY",
      "M",
      "MB",
      "ND",
      "MOSAIC"
    ],
    "InPlanePhaseEncodingDirectionDICOM": "COL",
    "InstitutionAddress": "Curie_Blvd._422_Philadelphia_PA_US_19104",
    "InstitutionName": "University_of_Pennsylvania",
    "InstitutionalDepartmentName": "Department",
    "MRAcquisitionType": "2D",
    "MagneticFieldStrength": 3,
    "Manufacturer": "Siemens",
    "ManufacturersModelName": "Prisma",
    "Modality": "MR",
    "MultibandAccelerationFactor": 8,
    "PartialFourier": 1,
    "PatientPosition": "HFS",
    "PatientSex": "M",
    "PercentPhaseFOV": 100,
    "PhaseEncodingDirection": "j",
    "PhaseEncodingSteps": 104,
    "PhaseResolution": 1,
    "PixelBandwidth": 2290,
    "ProcedureStepDescription": "LZ23_-_45deg_set_replication",
    "ProtocolName": "tfMRI_LFContrast_PA_run5",
    "PulseSequenceDetails": "%CustomerSeq%_cmrr_mbep2d_bold",
    "ReceiveCoilActiveElements": "HC1-7",
    "ReceiveCoilName": "HeadNeck_64",
    "ReconMatrixPE": 104,
    "RepetitionTime": 0.8,
    "SAR": 0.0824279,
    "ScanOptions": "FS_EXT",
    "ScanningSequence": "EP",
    "SequenceName": "epfid2d1_104",
    "SequenceVariant": "SK_SS",
    "SeriesDescription": "tfMRI_LFContrast_PA_run5",
    "SeriesInstanceUID": "1.3.12.2.1107.5.2.43.66044.2019031011424576669534076.0.0.0",
    "SeriesNumber": 36,
    "ShimSetting": [
      3813,
      2756,
      487,
      174,
      99,
      -273,
      -85,
      37
    ],
    "SliceThickness": 2,
    "SliceTiming": [
      0,
      0.4325,
      0.0875,
      0.52,
      0.1725,
      0.6075,
      0.26,
      0.6925,
      0.3475,
      0,
      0.4325,
      0.0875,
      0.52,
      0.1725,
      0.6075,
      0.26,
      0.6925,
      0.3475,
      0,
      0.4325,
      0.0875,
      0.52,
      0.1725,
      0.6075,
      0.26,
      0.6925,
      0.3475,
      0,
      0.4325,
      0.0875,
      0.52,
      0.1725,
      0.6075,
      0.26,
      0.6925,
      0.3475,
      0,
      0.4325,
      0.0875,
      0.52,
      0.1725,
      0.6075,
      0.26,
      0.6925,
      0.3475,
      0,
      0.4325,
      0.0875,
      0.52,
      0.1725,
      0.6075,
      0.26,
      0.6925,
      0.3475,
      0,
      0.4325,
      0.0875,
      0.52,
      0.1725,
      0.6075,
      0.26,
      0.6925,
      0.3475,
      0,
      0.4325,
      0.0875,
      0.52,
      0.1725,
      0.6075,
      0.26,
      0.6925,
      0.3475
    ],
    "SoftwareVersions": "syngo_MR_E11",
    "SpacingBetweenSlices": 2,
    "StationName": "AWP66044",
    "StudyID": "1",
    "StudyInstanceUID": "1.3.12.2.1107.5.2.43.66044.30000019030619483656500000094",
    "TaskName": "LFContrast",
    "TotalReadoutTime": 0.0597409,
    "TxRefAmp": 265.274,
    "WipMemBlock": "5fd7e92a-08e4-4f2e-93d3-2c436a9948be||Sequence: R016 ve11c/master r/e634e98; Dec 19 2017 11:00:25 by eja",
    "dataset": "ds003752",
    "modality": "bold",
    "run_id": 5,
    "session_id": "LFContrast45",
    "subject_id": "01",
    "task_id": "LFContrast"
  },
  "dummy_trs": 2,
  "dvars_nstd": 61.74699617703081,
  "dvars_std": 1.0306009815686277,
  "dvars_vstd": 1.000586545994397,
  "efc": 0.581071407407356,
  "fber": 214.6704559326172,
  "fd_mean": 0.13673172336258094,
  "fd_num": 64,
  "fd_perc": 17.877094972067038,
  "fwhm_avg": 3.0468699999999997,
  "fwhm_x": 2.84597,
  "fwhm_y": 3.08155,
  "fwhm_z": 3.21309,
  "gcor": 0.00327347,
  "gsr_x": 0.015599907375872135,
  "gsr_y": 0.05766276270151138,
  "provenance": {
    "md5sum": "8e5d6763e1e991f9699116a5c8f20444",
    "settings": {
      "fd_thres": 0.2,
      "testing": false
    },
    "software": "mriqc",
    "version": "22.0.6",
    "webapi_port": null,
    "webapi_url": "https://mriqc.nimh.nih.gov/api/v1"
  },
  "size_t": 358,
  "size_x": 104,
  "size_y": 104,
  "size_z": 72,
  "snr": 1.9594811542751256,
  "spacing_tr": 0.800000011920929,
  "spacing_x": 2.0,
  "spacing_y": 2.0,
  "spacing_z": 2.0,
  "summary_bg_k": 27.35364312843233,
  "summary_bg_mad": 281.3548093257536,
  "summary_bg_mean": 828.5338745117188,
  "summary_bg_median": 397.0502624511719,
  "summary_bg_n": 486283.0,
  "summary_bg_p05": 164.974853515625,
  "summary_bg_p95": 3155.1731201171856,
  "summary_bg_stdv": 1185.7607421875,
  "summary_fg_k": 0.9943197024388848,
  "summary_fg_mad": 2740.577894150909,
  "summary_fg_mean": 6606.3642578125,
  "summary_fg_median": 5967.86865234375,
  "summary_fg_n": 184107.0,
  "summary_fg_p05": 2870.870068359375,
  "summary_fg_p95": 12495.559765624997,
  "summary_fg_stdv": 3045.62890625,
  "tsnr": 22.363364700227976
}