{
  "aor": 0.0002671388888888889,
  "aqi": 0.006985012972222222,
  "bids_meta": {
    "AcquisitionDateTime": "2018-10-20T14:30:22.927500",
    "AcquisitionMatrixPE": 104,
    "AcquisitionNumber": 1,
    "AcquisitionTime": "14:30:22.927500",
    "BandwidthPerPixelPhaseEncode": 16.578,
    "BaseResolution": 104,
    "BodyPartExamined": "BRAIN",
    "ConsistencyInfo": "N4_VE11C_LATEST_20160120",
    "ConversionSoftware": "dcm2niix",
    "ConversionSoftwareVersion": "v1.0.20180918  (JP2:OpenJPEG) GCC4.8.4",
    "DeidentificationMethod": "Penn_BSC_profile_v3.0",
    "DerivedVendorReportedEchoSpacing": 0.000580009,
    "DeviceSerialNumber": "66044",
    "DwellTime": 2.1e-06,
    "EchoTime": 0.037,
    "EchoTrainLength": 104,
    "EffectiveEchoSpacing": 0.000580009,
    "FlipAngle": 52,
    "ImageComments": "Unaliased_MB8_PE3_LB_KAS25@mela:LFContrast",
    "ImageOrientationPatientDICOM": [
      0.999241,
      -0.0369427,
      0.0123894,
      0.0382123,
      0.866896,
      -0.497023
    ],
    "ImageType": [
      "ORIGINAL",
      "PRIMARY",
      "M",
      "MB",
      "ND",
      "MOSAIC"
    ],
    "InPlanePhaseEncodingDirectionDICOM": "COL",
    "InstitutionAddress": "Curie_Blvd._422_Philadelphia_PA_US_19104",
    "InstitutionName": "SC3T",
    "InstitutionalDepartmentName": "Department",
    "MRAcquisitionType": "2D",
    "MagneticFieldStrength": 3,
    "Manufacturer": "Siemens",
    "ManufacturersModelName": "Prisma",
    "Modality": "MR",
    "MultibandAccelerationFactor": 8,
    "PartialFourier": 1,
    "PatientPosition": "HFS",
    "PatientSex": "F",
    "PercentPhaseFOV": 100,
    "PhaseEncodingDirection": "j-",
    "PhaseEncodingSteps": 104,
    "PhaseResolution": 1,
    "PixelBandwidth": 2290,
    "ProcedureStepDescription": "Research_Aguirre",
    "ProtocolName": "tfMRI_LFContrast_AP_run5",
    "PulseSequenceDetails": "%CustomerSeq%_cmrr_mbep2d_bold",
    "ReceiveCoilActiveElements": "HC1-7",
    "ReceiveCoilName": "HeadNeck_64",
    "ReconMatrixPE": 104,
    "RepetitionTime": 0.8,
    "SAR": 0.0615855,
    "ScanOptions": "FS_EXT",
    "ScanningSequence": "EP",
    "SequenceName": "epfid2d1_104",
    "SequenceVariant": "SK_SS",
    "SeriesDescription": "tfMRI_LFContrast_AP_run5",
    "SeriesInstanceUID": "1.3.12.2.1107.5.2.43.66044.2018102014300933425903538.0.0.0",
    "SeriesNumber": 39,
    "ShimSetting": [
      3814,
      2812,
      455,
      436,
      -10,
      -305,
      -89,
      13
    ],
    "SliceThickness": 2,
    "SliceTiming": [
      0,
      0.4325,
      0.085,
      0.52,
      0.1725,
      0.605,
      0.26,
      0.6925,
      0.345,
      0,
      0.4325,
      0.085,
      0.52,
      0.1725,
      0.605,
      0.26,
      0.6925,
      0.345,
      0,
      0.4325,
      0.085,
      0.52,
      0.1725,
      0.605,
      0.26,
      0.6925,
      0.345,
      0,
      0.4325,
      0.085,
      0.52,
      0.1725,
      0.605,
      0.26,
      0.6925,
      0.345,
      0,
      0.4325,
      0.085,
      0.52,
      0.1725,
      0.605,
      0.26,
      0.6925,
      0.345,
      0,
      0.4325,
      0.085,
      0.52,
      0.1725,
      0.605,
      0.26,
      0.6925,
      0.345,
      0,
      0.4325,
      0.085,
      0.52,
      0.1725,
      0.605,
      0.26,
      0.6925,
      0.345,
      0,
      0.4325,
      0.085,
      0.52,
      0.1725,
      0.605,
      0.26,
      0.6925,
      0.345
    ],
    "SoftwareVersions": "syngo_MR_E11",
    "SpacingBetweenSlices": 2,
    "StationName": "AWP66044",
    "StudyID": "1",
    "StudyInstanceUID": "1.3.12.2.1107.5.2.43.66044.30000018101314052653700000148",
    "TaskName": "LFContrast",
    "TotalReadoutTime": 0.0597409,
    "TxRefAmp": 242.171,
    "WipMemBlock": "bf9f9102-f513-4e13-8604-facb2b541081||Sequence: R016 ve11c/master r/e634e98; Dec 19 2017 11:00:25 by eja",
    "dataset": "ds003752",
    "modality": "bold",
    "run_id": 5,
    "session_id": "ResearchAguirre2",
    "subject_id": "02",
    "task_id": "LFContrast"
  },
  "dummy_trs": 2,
  "dvars_nstd": 50.24729058740944,
  "dvars_std": 1.0246631837047346,
  "dvars_vstd": 0.9995784080222841,
  "efc": 0.5093263415824711,
  "fber": 733.3863525390625,
  "fd_mean": 0.11940516643946329,
  "fd_num": 18,
  "fd_perc": 5.0,
  "fwhm_avg": 3.1244,
  "fwhm_x": 2.97133,
  "fwhm_y": 3.168275,
  "fwhm_z": 3.233595,
  "gcor": 0.00205898,
  "gsr_x": -0.01526221726089716,
  "gsr_y": 0.08186311274766922,
  "provenance": {
    "md5sum": "63c88c133a144df6da2c9a95b4176f48",
    "settings": {
      "fd_thres": 0.2,
      "testing": false
    },
    "software": "mriqc",
    "version": "22.0.6",
    "webapi_port": null,
    "webapi_url": "https://mriqc.nimh.nih.gov/api/v1"
  },
  "size_t": 360,
  "size_x": 104,
  "size_y": 104,
  "size_z": 72,
  "snr": 2.3673334870618237,
  "spacing_tr": 0.800000011920929,
  "spacing_x": 2.0,
  "spacing_y": 2.0,
  "spacing_z": 2.0,
  "summary_bg_k": 28.968097161233583,
  "summary_bg_mad": 116.69522336370903,
  "summary_bg_mean": 528.5947875976562,
  "summary_bg_median": 235.63473510742188,
  "summary_bg_n": 539308.0,
  "summary_bg_p05": 148.395426940918,
  "summary_bg_p95": 2009.3301391601497,
  "summary_bg_stdv": 859.7949829101562,
  "summary_fg_k": 1.8463752073870499,
  "summary_fg_mad": 2233.8243834730074,
  "summary_fg_mean": 6976.10400390625,
  "summary_fg_median": 6436.3681640625,
  "summary_fg_n": 143270.0,
  "summary_fg_p05": 3623.1827270507815,
  "summary_fg_p95": 12314.458789062497,
  "summary_fg_stdv": 2718.816650390625,
  "tsnr": 28.780176186701283
}