{
  "aor": 0.0002375208913649025,
  "aqi": 0.006842450027855154,
  "bids_meta": {
    "AcquisitionDateTime": "2018-10-20T14:12:36.562500",
    "AcquisitionMatrixPE": 104,
    "AcquisitionNumber": 1,
    "AcquisitionTime": "14:12:36.562500",
    "BandwidthPerPixelPhaseEncode": 16.578,
    "BaseResolution": 104,
    "BodyPartExamined": "BRAIN",
    "ConsistencyInfo": "N4_VE11C_LATEST_20160120",
    "ConversionSoftware": "dcm2niix",
    "ConversionSoftwareVersion": "v1.0.20180918  (JP2:OpenJPEG) GCC4.8.4",
    "DeidentificationMethod": "Penn_BSC_profile_v3.0",
    "DerivedVendorReportedEchoSpacing": 0.000580009,
    "DeviceSerialNumber": "66044",
    "DwellTime": 2.1e-06,
    "EchoTime": 0.037,
    "EchoTrainLength": 104,
    "EffectiveEchoSpacing": 0.000580009,
    "FlipAngle": 52,
    "ImageComments": "Unaliased_MB8_PE3_LB_KAS25@mela:LFContrast",
    "ImageOrientationPatientDICOM": [
      0.999241,
      -0.0369427,
      0.0123894,
      0.0382123,
      0.866896,
      -0.497023
    ],
    "ImageType": [
      "ORIGINAL",
      "PRIMARY",
      "M",
      "MB",
      "ND",
      "MOSAIC"
    ],
    "InPlanePhaseEncodingDirectionDICOM": "COL",
    "InstitutionAddress": "Curie_Blvd._422_Philadelphia_PA_US_19104",
    "InstitutionName": "SC3T",
    "InstitutionalDepartmentName": "Department",
    "MRAcquisitionType": "2D",
    "MagneticFieldStrength": 3,
    "Manufacturer": "Siemens",
    "ManufacturersModelName": "Prisma",
    "Modality": "MR",
    "MultibandAccelerationFactor": 8,
    "PartialFourier": 1,
    "PatientPosition": "HFS",
    "PatientSex": "F",
    "PercentPhaseFOV": 100,
    "PhaseEncodingDirection": "j",
    "PhaseEncodingSteps": 104,
    "PhaseResolution": 1,
    "PixelBandwidth": 2290,
    "ProcedureStepDescription": "Research_Aguirre",
    "ProtocolName": "tfMRI_LFContrast_PA_run4",
    "PulseSequenceDetails": "%CustomerSeq%_cmrr_mbep2d_bold",
    "ReceiveCoilActiveElements": "HC1-7",
    "ReceiveCoilName": "HeadNeck_64",
    "ReconMatrixPE": 104,
    "RepetitionTime": 0.8,
    "SAR": 0.0615855,
    "ScanOptions": "FS_EXT",
    "ScanningSequence": "EP",
    "SequenceName": "epfid2d1_104",
    "SequenceVariant": "SK_SS",
    "SeriesDescription": "tfMRI_LFContrast_PA_run4",
    "SeriesInstanceUID": "1.3.12.2.1107.5.2.43.66044.2018102014114747115666115.0.0.0",
    "SeriesNumber": 30,
    "ShimSetting": [
      3814,
      2812,
      455,
      436,
      -10,
      -305,
      -89,
      13
    ],
    "SliceThickness": 2,
    "SliceTiming": [
      0,
      0.4325,
      0.0875,
      0.52,
      0.1725,
      0.6075,
      0.26,
      0.6925,
      0.3475,
      0,
      0.4325,
      0.0875,
      0.52,
      0.1725,
      0.6075,
      0.26,
      0.6925,
      0.3475,
      0,
      0.4325,
      0.0875,
      0.52,
      0.1725,
      0.6075,
      0.26,
      0.6925,
      0.3475,
      0,
      0.4325,
      0.0875,
      0.52,
      0.1725,
      0.6075,
      0.26,
      0.6925,
      0.3475,
      0,
      0.4325,
      0.0875,
      0.52,
      0.1725,
      0.6075,
      0.26,
      0.6925,
      0.3475,
      0,
      0.4325,
      0.0875,
      0.52,
      0.1725,
      0.6075,
      0.26,
      0.6925,
      0.3475,
      0,
      0.4325,
      0.0875,
      0.52,
      0.1725,
      0.6075,
      0.26,
      0.6925,
      0.3475,
      0,
      0.4325,
      0.0875,
      0.52,
      0.1725,
      0.6075,
      0.26,
      0.6925,
      0.3475
    ],
    "SoftwareVersions": "syngo_MR_E11",
    "SpacingBetweenSlices": 2,
    "StationName": "AWP66044",
    "StudyID": "1",
    "StudyInstanceUID": "1.3.12.2.1107.5.2.43.66044.30000018101314052653700000148",
    "TaskName": "LFContrast",
    "TotalReadoutTime": 0.0597409,
    "TxRefAmp": 242.171,
    "WipMemBlock": "831405fa-8256-4c71-a1cc-46c7ddeabb72||Sequence: R016 ve11c/master r/e634e98; Dec 19 2017 11:00:25 by eja",
    "dataset": "ds003752",
    "modality": "bold",
    "run_id": 4,
    "session_id": "ResearchAguirre2",
    "subject_id": "02",
    "task_id": "LFContrast"
  },
  "dummy_trs": 3,
  "dvars_nstd": 51.45945789843577,
  "dvars_std": 1.027307631340782,
  "dvars_vstd": 1.002538997178772,
  "efc": 0.5082973326512623,
  "fber": 709.5692138671875,
  "fd_mean": 0.09965961133889548,
  "fd_num": 1,
  "fd_perc": 0.2785515320334262,
  "fwhm_avg": 3.04475,
  "fwhm_x": 2.938675,
  "fwhm_y": 3.020465,
  "fwhm_z": 3.17511,
  "gcor": 0.00161625,
  "gsr_x": -0.012614206410944462,
  "gsr_y": 0.05603877082467079,
  "provenance": {
    "md5sum": "f60b772aa62efe523c8637693a6433ee",
    "settings": {
      "fd_thres": 0.2,
      "testing": false
    },
    "software": "mriqc",
    "version": "22.0.6",
    "webapi_port": null,
    "webapi_url": "https://mriqc.nimh.nih.gov/api/v1"
  },
  "size_t": 359,
  "size_x": 104,
  "size_y": 104,
  "size_z": 72,
  "snr": 2.3427137717563005,
  "spacing_tr": 0.800000011920929,
  "spacing_x": 2.0,
  "spacing_y": 2.0,
  "spacing_z": 2.0,
  "summary_bg_k": 45.750008978953566,
  "summary_bg_mad": 116.6450348715558,
  "summary_bg_mean": 488.062255859375,
  "summary_bg_median": 235.54721069335938,
  "summary_bg_n": 535188.0,
  "summary_bg_p05": 149.20218505859376,
  "summary_bg_p95": 1742.134661865233,
  "summary_bg_stdv": 740.1928100585938,
  "summary_fg_k": 2.34966847310944,
  "summary_fg_mad": 2273.1955079625272,
  "summary_fg_mean": 6909.68603515625,
  "summary_fg_median": 6382.08837890625,
  "summary_fg_n": 142127.0,
  "summary_fg_p05": 3567.3428466796877,
  "summary_fg_p95": 12075.751562499989,
  "summary_fg_stdv": 2724.21923828125,
  "tsnr": 28.267108917236328
}