{
  "aor": 0.00022385474860335197,
  "aqi": 0.0072160300279329615,
  "bids_meta": {
    "AcquisitionDateTime": "2018-10-20T13:49:44.880000",
    "AcquisitionMatrixPE": 104,
    "AcquisitionNumber": 1,
    "AcquisitionTime": "13:49:44.880000",
    "BandwidthPerPixelPhaseEncode": 16.578,
    "BaseResolution": 104,
    "BodyPartExamined": "BRAIN",
    "ConsistencyInfo": "N4_VE11C_LATEST_20160120",
    "ConversionSoftware": "dcm2niix",
    "ConversionSoftwareVersion": "v1.0.20180918  (JP2:OpenJPEG) GCC4.8.4",
    "DeidentificationMethod": "Penn_BSC_profile_v3.0",
    "DerivedVendorReportedEchoSpacing": 0.000580009,
    "DeviceSerialNumber": "66044",
    "DwellTime": 2.1e-06,
    "EchoTime": 0.037,
    "EchoTrainLength": 104,
    "EffectiveEchoSpacing": 0.000580009,
    "FlipAngle": 52,
    "ImageComments": "Unaliased_MB8_PE3_LB_KAS25@mela:LFContrast",
    "ImageOrientationPatientDICOM": [
      0.999241,
      -0.0369427,
      0.0123894,
      0.0382123,
      0.866896,
      -0.497023
    ],
    "ImageType": [
      "ORIGINAL",
      "PRIMARY",
      "M",
      "MB",
      "ND",
      "MOSAIC"
    ],
    "InPlanePhaseEncodingDirectionDICOM": "COL",
    "InstitutionAddress": "Curie_Blvd._422_Philadelphia_PA_US_19104",
    "InstitutionName": "SC3T",
    "InstitutionalDepartmentName": "Department",
    "MRAcquisitionType": "2D",
    "MagneticFieldStrength": 3,
    "Manufacturer": "Siemens",
    "ManufacturersModelName": "Prisma",
    "Modality": "MR",
    "MultibandAccelerationFactor": 8,
    "PartialFourier": 1,
    "PatientPosition": "HFS",
    "PatientSex": "F",
    "PercentPhaseFOV": 100,
    "PhaseEncodingDirection": "j",
    "PhaseEncodingSteps": 104,
    "PhaseResolution": 1,
    "PixelBandwidth": 2290,
    "ProcedureStepDescription": "Research_Aguirre",
    "ProtocolName": "tfMRI_LFContrast_PA_run2",
    "PulseSequenceDetails": "%CustomerSeq%_cmrr_mbep2d_bold",
    "ReceiveCoilActiveElements": "HC1-7",
    "ReceiveCoilName": "HeadNeck_64",
    "ReconMatrixPE": 104,
    "RepetitionTime": 0.8,
    "SAR": 0.0615855,
    "ScanOptions": "FS_EXT",
    "ScanningSequence": "EP",
    "SequenceName": "epfid2d1_104",
    "SequenceVariant": "SK_SS",
    "SeriesDescription": "tfMRI_LFContrast_PA_run2",
    "SeriesInstanceUID": "1.3.12.2.1107.5.2.43.66044.2018102013484664391549551.0.0.0",
    "SeriesNumber": 18,
    "ShimSetting": [
      3814,
      2812,
      455,
      436,
      -10,
      -305,
      -89,
      13
    ],
    "SliceThickness": 2,
    "SliceTiming": [
      0,
      0.4325,
      0.085,
      0.52,
      0.1725,
      0.605,
      0.26,
      0.6925,
      0.345,
      0,
      0.4325,
      0.085,
      0.52,
      0.1725,
      0.605,
      0.26,
      0.6925,
      0.345,
      0,
      0.4325,
      0.085,
      0.52,
      0.1725,
      0.605,
      0.26,
      0.6925,
      0.345,
      0,
      0.4325,
      0.085,
      0.52,
      0.1725,
      0.605,
      0.26,
      0.6925,
      0.345,
      0,
      0.4325,
      0.085,
      0.52,
      0.1725,
      0.605,
      0.26,
      0.6925,
      0.345,
      0,
      0.4325,
      0.085,
      0.52,
      0.1725,
      0.605,
      0.26,
      0.6925,
      0.345,
      0,
      0.4325,
      0.085,
      0.52,
      0.1725,
      0.605,
      0.26,
      0.6925,
      0.345,
      0,
      0.4325,
      0.085,
      0.52,
      0.1725,
      0.605,
      0.26,
      0.6925,
      0.345
    ],
    "SoftwareVersions": "syngo_MR_E11",
    "SpacingBetweenSlices": 2,
    "StationName": "AWP66044",
    "StudyID": "1",
    "StudyInstanceUID": "1.3.12.2.1107.5.2.43.66044.30000018101314052653700000148",
    "TaskName": "LFContrast",
    "TotalReadoutTime": 0.0597409,
    "TxRefAmp": 242.171,
    "WipMemBlock": "75d3fa8e-8a33-4ef4-b7bf-5e62b752430e||Sequence: R016 ve11c/master r/e634e98; Dec 19 2017 11:00:25 by eja",
    "dataset": "ds003752",
    "modality": "bold",
    "run_id": 2,
    "session_id": "ResearchAguirre2",
    "subject_id": "02",
    "task_id": "LFContrast"
  },
  "dummy_trs": 4,
  "dvars_nstd": 51.24563520613449,
  "dvars_std": 1.0302066311204474,
  "dvars_vstd": 1.0036373208683478,
  "efc": 0.508091555338041,
  "fber": 722.8605346679688,
  "fd_mean": 0.10653135754472817,
  "fd_num": 0,
  "fd_perc": 0.0,
  "fwhm_avg": 3.034326666666667,
  "fwhm_x": 2.94814,
  "fwhm_y": 3.01825,
  "fwhm_z": 3.13659,
  "gcor": 0.00171903,
  "gsr_x": -0.01349805761128664,
  "gsr_y": 0.05346660315990448,
  "provenance": {
    "md5sum": "af0e10587f5e9037eec92f03ba0f5086",
    "settings": {
      "fd_thres": 0.2,
      "testing": false
    },
    "software": "mriqc",
    "version": "22.0.6",
    "webapi_port": null,
    "webapi_url": "https://mriqc.nimh.nih.gov/api/v1"
  },
  "size_t": 358,
  "size_x": 104,
  "size_y": 104,
  "size_z": 72,
  "snr": 2.356199968082272,
  "spacing_tr": 0.800000011920929,
  "spacing_x": 2.0,
  "spacing_y": 2.0,
  "spacing_z": 2.0,
  "summary_bg_k": 42.050494852511754,
  "summary_bg_mad": 117.8145160984486,
  "summary_bg_mean": 496.73291015625,
  "summary_bg_median": 236.12744140625,
  "summary_bg_n": 536602.0,
  "summary_bg_p05": 148.8301254272461,
  "summary_bg_p95": 1795.2836608886719,
  "summary_bg_stdv": 754.78857421875,
  "summary_fg_k": 2.349746136975077,
  "summary_fg_mad": 2289.080997113786,
  "summary_fg_mean": 6967.345703125,
  "summary_fg_median": 6435.61767578125,
  "summary_fg_n": 141486.0,
  "summary_fg_p05": 3613.1864624023438,
  "summary_fg_p95": 12167.87451171875,
  "summary_fg_stdv": 2731.344970703125,
  "tsnr": 27.7353515625
}