{
  "aor": 0.0003237150837988827,
  "aqi": 0.006986138994413408,
  "bids_meta": {
    "AcquisitionDateTime": "2018-10-20T14:18:30.870000",
    "AcquisitionMatrixPE": 104,
    "AcquisitionNumber": 1,
    "AcquisitionTime": "14:18:30.870000",
    "BandwidthPerPixelPhaseEncode": 16.578,
    "BaseResolution": 104,
    "BodyPartExamined": "BRAIN",
    "ConsistencyInfo": "N4_VE11C_LATEST_20160120",
    "ConversionSoftware": "dcm2niix",
    "ConversionSoftwareVersion": "v1.0.20180918  (JP2:OpenJPEG) GCC4.8.4",
    "DeidentificationMethod": "Penn_BSC_profile_v3.0",
    "DerivedVendorReportedEchoSpacing": 0.000580009,
    "DeviceSerialNumber": "66044",
    "DwellTime": 2.1e-06,
    "EchoTime": 0.037,
    "EchoTrainLength": 104,
    "EffectiveEchoSpacing": 0.000580009,
    "FlipAngle": 52,
    "ImageComments": "Unaliased_MB8_PE3_LB_KAS25@mela:LFContrast",
    "ImageOrientationPatientDICOM": [
      0.999241,
      -0.0369427,
      0.0123894,
      0.0382123,
      0.866896,
      -0.497023
    ],
    "ImageType": [
      "ORIGINAL",
      "PRIMARY",
      "M",
      "MB",
      "ND",
      "MOSAIC"
    ],
    "InPlanePhaseEncodingDirectionDICOM": "COL",
    "InstitutionAddress": "Curie_Blvd._422_Philadelphia_PA_US_19104",
    "InstitutionName": "SC3T",
    "InstitutionalDepartmentName": "Department",
    "MRAcquisitionType": "2D",
    "MagneticFieldStrength": 3,
    "Manufacturer": "Siemens",
    "ManufacturersModelName": "Prisma",
    "Modality": "MR",
    "MultibandAccelerationFactor": 8,
    "PartialFourier": 1,
    "PatientPosition": "HFS",
    "PatientSex": "F",
    "PercentPhaseFOV": 100,
    "PhaseEncodingDirection": "j-",
    "PhaseEncodingSteps": 104,
    "PhaseResolution": 1,
    "PixelBandwidth": 2290,
    "ProcedureStepDescription": "Research_Aguirre",
    "ProtocolName": "tfMRI_LFContrast_AP_run4",
    "PulseSequenceDetails": "%CustomerSeq%_cmrr_mbep2d_bold",
    "ReceiveCoilActiveElements": "HC1-7",
    "ReceiveCoilName": "HeadNeck_64",
    "ReconMatrixPE": 104,
    "RepetitionTime": 0.8,
    "SAR": 0.0615855,
    "ScanOptions": "FS_EXT",
    "ScanningSequence": "EP",
    "SequenceName": "epfid2d1_104",
    "SequenceVariant": "SK_SS",
    "SeriesDescription": "tfMRI_LFContrast_AP_run4",
    "SeriesInstanceUID": "1.3.12.2.1107.5.2.43.66044.2018102014181692719445256.0.0.0",
    "SeriesNumber": 33,
    "ShimSetting": [
      3814,
      2812,
      455,
      436,
      -10,
      -305,
      -89,
      13
    ],
    "SliceThickness": 2,
    "SliceTiming": [
      0,
      0.4325,
      0.0875,
      0.52,
      0.1725,
      0.6075,
      0.26,
      0.6925,
      0.3475,
      0,
      0.4325,
      0.0875,
      0.52,
      0.1725,
      0.6075,
      0.26,
      0.6925,
      0.3475,
      0,
      0.4325,
      0.0875,
      0.52,
      0.1725,
      0.6075,
      0.26,
      0.6925,
      0.3475,
      0,
      0.4325,
      0.0875,
      0.52,
      0.1725,
      0.6075,
      0.26,
      0.6925,
      0.3475,
      0,
      0.4325,
      0.0875,
      0.52,
      0.1725,
      0.6075,
      0.26,
      0.6925,
      0.3475,
      0,
      0.4325,
      0.0875,
      0.52,
      0.1725,
      0.6075,
      0.26,
      0.6925,
      0.3475,
      0,
      0.4325,
      0.0875,
      0.52,
      0.1725,
      0.6075,
      0.26,
      0.6925,
      0.3475,
      0,
      0.4325,
      0.0875,
      0.52,
      0.1725,
      0.6075,
      0.26,
      0.6925,
      0.3475
    ],
    "SoftwareVersions": "syngo_MR_E11",
    "SpacingBetweenSlices": 2,
    "StationName": "AWP66044",
    "StudyID": "1",
    "StudyInstanceUID": "1.3.12.2.1107.5.2.43.66044.30000018101314052653700000148",
    "TaskName": "LFContrast",
    "TotalReadoutTime": 0.0597409,
    "TxRefAmp": 242.171,
    "WipMemBlock": "13f734b7-bd22-4e12-98e9-d72a5006af47||Sequence: R016 ve11c/master r/e634e98; Dec 19 2017 11:00:25 by eja",
    "dataset": "ds003752",
    "modality": "bold",
    "run_id": 4,
    "session_id": "ResearchAguirre2",
    "subject_id": "02",
    "task_id": "LFContrast"
  },
  "dummy_trs": 4,
  "dvars_nstd": 50.505254237983216,
  "dvars_std": 1.0372313521008405,
  "dvars_vstd": 1.0087953711484592,
  "efc": 0.5089517820052042,
  "fber": 740.8187866210938,
  "fd_mean": 0.11470673260969651,
  "fd_num": 17,
  "fd_perc": 4.748603351955308,
  "fwhm_avg": 3.1257800000000002,
  "fwhm_x": 2.9741,
  "fwhm_y": 3.16721,
  "fwhm_z": 3.23603,
  "gcor": 0.00294391,
  "gsr_x": -0.015019886195659637,
  "gsr_y": 0.08265170454978943,
  "provenance": {
    "md5sum": "c050e30007f4ebb6782f004057eb5496",
    "settings": {
      "fd_thres": 0.2,
      "testing": false
    },
    "software": "mriqc",
    "version": "22.0.6",
    "webapi_port": null,
    "webapi_url": "https://mriqc.nimh.nih.gov/api/v1"
  },
  "size_t": 358,
  "size_x": 104,
  "size_y": 104,
  "size_z": 72,
  "snr": 2.3704967172584643,
  "spacing_tr": 0.800000011920929,
  "spacing_x": 2.0,
  "spacing_y": 2.0,
  "spacing_z": 2.0,
  "summary_bg_k": 30.012103112633085,
  "summary_bg_mad": 115.20397926825841,
  "summary_bg_mean": 525.8759765625,
  "summary_bg_median": 234.30166625976562,
  "summary_bg_n": 539290.0,
  "summary_bg_p05": 148.01521835327148,
  "summary_bg_p95": 2000.6000976562498,
  "summary_bg_stdv": 861.3238525390625,
  "summary_fg_k": 1.877591507792424,
  "summary_fg_mad": 2224.0893769625804,
  "summary_fg_mean": 6977.50244140625,
  "summary_fg_median": 6433.298828125,
  "summary_fg_n": 143045.0,
  "summary_fg_p05": 3642.495361328125,
  "summary_fg_p95": 12305.891601562496,
  "summary_fg_stdv": 2713.893798828125,
  "tsnr": 28.75489050638862
}