{
  "aor": 0.0007446927374301677,
  "aqi": 0.011995224888268156,
  "bids_meta": {
    "AcquisitionDateTime": "2018-10-13T17:43:27.517500",
    "AcquisitionMatrixPE": 104,
    "AcquisitionNumber": 1,
    "AcquisitionTime": "17:43:27.517500",
    "BandwidthPerPixelPhaseEncode": 16.578,
    "BaseResolution": 104,
    "BodyPartExamined": "BRAIN",
    "ConsistencyInfo": "N4_VE11C_LATEST_20160120",
    "ConversionSoftware": "dcm2niix",
    "ConversionSoftwareVersion": "v1.0.20180918  (JP2:OpenJPEG) GCC4.8.4",
    "DeidentificationMethod": "Penn_BSC_profile_v3.0",
    "DerivedVendorReportedEchoSpacing": 0.000580009,
    "DeviceSerialNumber": "66044",
    "DwellTime": 2.1e-06,
    "EchoTime": 0.037,
    "EchoTrainLength": 104,
    "EffectiveEchoSpacing": 0.000580009,
    "FlipAngle": 52,
    "ImageComments": "Unaliased_MB8_PE3_LB_sub01@mela:LFContrast",
    "ImageOrientationPatientDICOM": [
      0.996497,
      -0.0832826,
      -0.0075572,
      0.0679343,
      0.858912,
      -0.507598
    ],
    "ImageType": [
      "ORIGINAL",
      "PRIMARY",
      "M",
      "MB",
      "ND",
      "MOSAIC"
    ],
    "InPlanePhaseEncodingDirectionDICOM": "COL",
    "InstitutionAddress": "Curie_Blvd._422_Philadelphia_PA_US_19104",
    "InstitutionName": "SC3T",
    "InstitutionalDepartmentName": "Department",
    "MRAcquisitionType": "2D",
    "MagneticFieldStrength": 3,
    "Manufacturer": "Siemens",
    "ManufacturersModelName": "Prisma",
    "Modality": "MR",
    "MultibandAccelerationFactor": 8,
    "PartialFourier": 1,
    "PatientPosition": "HFS",
    "PatientSex": "M",
    "PercentPhaseFOV": 100,
    "PhaseEncodingDirection": "j-",
    "PhaseEncodingSteps": 104,
    "PhaseResolution": 1,
    "PixelBandwidth": 2290,
    "ProcedureStepDescription": "Research_Aguirre",
    "ProtocolName": "tfMRI_LFContrast_AP_run5",
    "PulseSequenceDetails": "%CustomerSeq%_cmrr_mbep2d_bold",
    "ReceiveCoilActiveElements": "HC1-7",
    "ReceiveCoilName": "HeadNeck_64",
    "ReconMatrixPE": 104,
    "RepetitionTime": 0.8,
    "SAR": 0.0727393,
    "ScanOptions": "FS_EXT",
    "ScanningSequence": "EP",
    "SequenceName": "epfid2d1_104",
    "SequenceVariant": "SK_SS",
    "SeriesDescription": "tfMRI_LFContrast_AP_run5",
    "SeriesInstanceUID": "1.3.12.2.1107.5.2.43.66044.2018101317431358916273861.0.0.0",
    "SeriesNumber": 30,
    "ShimSetting": [
      3815,
      2765,
      491,
      243,
      74,
      -274,
      -129,
      68
    ],
    "SliceThickness": 2,
    "SliceTiming": [
      0,
      0.4325,
      0.0875,
      0.52,
      0.1725,
      0.6075,
      0.26,
      0.6925,
      0.3475,
      0,
      0.4325,
      0.0875,
      0.52,
      0.1725,
      0.6075,
      0.26,
      0.6925,
      0.3475,
      0,
      0.4325,
      0.0875,
      0.52,
      0.1725,
      0.6075,
      0.26,
      0.6925,
      0.3475,
      0,
      0.4325,
      0.0875,
      0.52,
      0.1725,
      0.6075,
      0.26,
      0.6925,
      0.3475,
      0,
      0.4325,
      0.0875,
      0.52,
      0.1725,
      0.6075,
      0.26,
      0.6925,
      0.3475,
      0,
      0.4325,
      0.0875,
      0.52,
      0.1725,
      0.6075,
      0.26,
      0.6925,
      0.3475,
      0,
      0.4325,
      0.0875,
      0.52,
      0.1725,
      0.6075,
      0.26,
      0.6925,
      0.3475,
      0,
      0.4325,
      0.0875,
      0.52,
      0.1725,
      0.6075,
      0.26,
      0.6925,
      0.3475
    ],
    "SoftwareVersions": "syngo_MR_E11",
    "SpacingBetweenSlices": 2,
    "StationName": "AWP66044",
    "StudyID": "1",
    "StudyInstanceUID": "1.3.12.2.1107.5.2.43.66044.30000018101314052653700000010",
    "TaskName": "LFContrast",
    "TotalReadoutTime": 0.0597409,
    "TxRefAmp": 255.647,
    "WipMemBlock": "5ec28d73-0915-4e00-a312-1a7316f58bcc||Sequence: R016 ve11c/master r/e634e98; Dec 19 2017 11:00:25 by eja",
    "dataset": "ds003752",
    "modality": "bold",
    "run_id": 5,
    "session_id": "ResearchAguirre1",
    "subject_id": "01",
    "task_id": "LFContrast"
  },
  "dummy_trs": 4,
  "dvars_nstd": 61.41673171927177,
  "dvars_std": 1.041242020112045,
  "dvars_vstd": 1.0095459340616249,
  "efc": 0.5727390373624004,
  "fber": 221.33409118652344,
  "fd_mean": 0.22935009357011188,
  "fd_num": 203,
  "fd_perc": 56.70391061452514,
  "fwhm_avg": 3.1136666666666666,
  "fwhm_x": 2.92007,
  "fwhm_y": 3.203365,
  "fwhm_z": 3.217565,
  "gcor": 0.00181168,
  "gsr_x": 0.011234436184167862,
  "gsr_y": 0.0628373995423317,
  "provenance": {
    "md5sum": "0c751c84e5d7680777f6ab52be0dec23",
    "settings": {
      "fd_thres": 0.2,
      "testing": false
    },
    "software": "mriqc",
    "version": "22.0.6",
    "webapi_port": null,
    "webapi_url": "https://mriqc.nimh.nih.gov/api/v1"
  },
  "size_t": 358,
  "size_x": 104,
  "size_y": 104,
  "size_z": 72,
  "snr": 1.886941250995291,
  "spacing_tr": 0.800000011920929,
  "spacing_x": 2.0,
  "spacing_y": 2.0,
  "spacing_z": 2.0,
  "summary_bg_k": 23.37568956735681,
  "summary_bg_mad": 298.07285961662166,
  "summary_bg_mean": 810.0671997070312,
  "summary_bg_median": 410.5039978027344,
  "summary_bg_n": 481469.0,
  "summary_bg_p05": 167.15213012695312,
  "summary_bg_p95": 2924.5392578124956,
  "summary_bg_stdv": 1119.6383056640625,
  "summary_fg_k": 3.120855363386495,
  "summary_fg_mad": 2822.412758695112,
  "summary_fg_mean": 6992.31640625,
  "summary_fg_median": 6280.3369140625,
  "summary_fg_n": 185847.0,
  "summary_fg_p05": 3088.6679443359376,
  "summary_fg_p95": 13359.646289062497,
  "summary_fg_stdv": 3328.30712890625,
  "tsnr": 21.647972106933594
}