{
  "aor": 0.0010754444444444446,
  "aqi": 0.018404891944444446,
  "bids_meta": {
    "AcquisitionDateTime": "2019-03-10T11:21:23.850000",
    "AcquisitionMatrixPE": 104,
    "AcquisitionNumber": 1,
    "AcquisitionTime": "11:21:23.850000",
    "BandwidthPerPixelPhaseEncode": 16.578,
    "BaseResolution": 104,
    "BodyPartExamined": "BRAIN",
    "ConsistencyInfo": "N4_VE11C_LATEST_20160120",
    "ConversionSoftware": "dcm2niix",
    "ConversionSoftwareVersion": "v1.0.20180918  (JP2:OpenJPEG) GCC4.8.4",
    "DeidentificationMethod": "Penn_BSC_profile_v3.0",
    "DerivedVendorReportedEchoSpacing": 0.000580009,
    "DeviceSerialNumber": "66044",
    "DwellTime": 2.1e-06,
    "EchoTime": 0.037,
    "EchoTrainLength": 104,
    "EffectiveEchoSpacing": 0.000580009,
    "FlipAngle": 52,
    "ImageComments": "Unaliased_MB8_PE3_LB_LZ23@brainardlab:LFContrast",
    "ImageOrientationPatientDICOM": [
      1,
      0,
      0,
      0,
      0.939693,
      -0.34202
    ],
    "ImageType": [
      "ORIGINAL",
      "PRIMARY",
      "M",
      "MB",
      "ND",
      "MOSAIC"
    ],
    "InPlanePhaseEncodingDirectionDICOM": "COL",
    "InstitutionAddress": "Curie_Blvd._422_Philadelphia_PA_US_19104",
    "InstitutionName": "University_of_Pennsylvania",
    "InstitutionalDepartmentName": "Department",
    "MRAcquisitionType": "2D",
    "MagneticFieldStrength": 3,
    "Manufacturer": "Siemens",
    "ManufacturersModelName": "Prisma",
    "Modality": "MR",
    "MultibandAccelerationFactor": 8,
    "PartialFourier": 1,
    "PatientPosition": "HFS",
    "PatientSex": "M",
    "PercentPhaseFOV": 100,
    "PhaseEncodingDirection": "j-",
    "PhaseEncodingSteps": 104,
    "PhaseResolution": 1,
    "PixelBandwidth": 2290,
    "ProcedureStepDescription": "LZ23_-_45deg_set_replication",
    "ProtocolName": "tfMRI_LFContrast_AP_run3",
    "PulseSequenceDetails": "%CustomerSeq%_cmrr_mbep2d_bold",
    "ReceiveCoilActiveElements": "HC1-7",
    "ReceiveCoilName": "HeadNeck_64",
    "ReconMatrixPE": 104,
    "RepetitionTime": 0.8,
    "SAR": 0.0824279,
    "ScanOptions": "FS_EXT",
    "ScanningSequence": "EP",
    "SequenceName": "epfid2d1_104",
    "SequenceVariant": "SK_SS",
    "SeriesDescription": "tfMRI_LFContrast_AP_run3",
    "SeriesInstanceUID": "1.3.12.2.1107.5.2.43.66044.2019031011202623457897961.0.0.0",
    "SeriesNumber": 27,
    "ShimSetting": [
      3816,
      2764,
      494,
      142,
      94,
      -237,
      -129,
      55
    ],
    "SliceThickness": 2,
    "SliceTiming": [
      0,
      0.4325,
      0.0875,
      0.52,
      0.1725,
      0.6075,
      0.26,
      0.6925,
      0.3475,
      0,
      0.4325,
      0.0875,
      0.52,
      0.1725,
      0.6075,
      0.26,
      0.6925,
      0.3475,
      0,
      0.4325,
      0.0875,
      0.52,
      0.1725,
      0.6075,
      0.26,
      0.6925,
      0.3475,
      0,
      0.4325,
      0.0875,
      0.52,
      0.1725,
      0.6075,
      0.26,
      0.6925,
      0.3475,
      0,
      0.4325,
      0.0875,
      0.52,
      0.1725,
      0.6075,
      0.26,
      0.6925,
      0.3475,
      0,
      0.4325,
      0.0875,
      0.52,
      0.1725,
      0.6075,
      0.26,
      0.6925,
      0.3475,
      0,
      0.4325,
      0.0875,
      0.52,
      0.1725,
      0.6075,
      0.26,
      0.6925,
      0.3475,
      0,
      0.4325,
      0.0875,
      0.52,
      0.1725,
      0.6075,
      0.26,
      0.6925,
      0.3475
    ],
    "SoftwareVersions": "syngo_MR_E11",
    "SpacingBetweenSlices": 2,
    "StationName": "AWP66044",
    "StudyID": "1",
    "StudyInstanceUID": "1.3.12.2.1107.5.2.43.66044.30000019030619483656500000094",
    "TaskName": "LFContrast",
    "TotalReadoutTime": 0.0597409,
    "TxRefAmp": 265.274,
    "WipMemBlock": "c54a46b1-3eb2-4578-ad05-703480f89b40||Sequence: R016 ve11c/master r/e634e98; Dec 19 2017 11:00:25 by eja",
    "dataset": "ds003752",
    "modality": "bold",
    "run_id": 3,
    "session_id": "LFContrast45",
    "subject_id": "01",
    "task_id": "LFContrast"
  },
  "dummy_trs": 0,
  "dvars_nstd": 66.08902729885796,
  "dvars_std": 1.0150544636490249,
  "dvars_vstd": 0.9861384533704733,
  "efc": 0.5793954949701627,
  "fber": 250.10533142089844,
  "fd_mean": 0.30634215295830197,
  "fd_num": 228,
  "fd_perc": 63.333333333333336,
  "fwhm_avg": 3.1686333333333336,
  "fwhm_x": 2.902715,
  "fwhm_y": 3.29947,
  "fwhm_z": 3.303715,
  "gcor": 0.013163,
  "gsr_x": 0.0008266086806543171,
  "gsr_y": 0.09490922093391418,
  "provenance": {
    "md5sum": "eca950743bd5326efdd70cedd3a2344e",
    "settings": {
      "fd_thres": 0.2,
      "testing": false
    },
    "software": "mriqc",
    "version": "22.0.6",
    "webapi_port": null,
    "webapi_url": "https://mriqc.nimh.nih.gov/api/v1"
  },
  "size_t": 360,
  "size_x": 104,
  "size_y": 104,
  "size_z": 72,
  "snr": 1.9568324720671169,
  "spacing_tr": 0.800000011920929,
  "spacing_x": 2.0,
  "spacing_y": 2.0,
  "spacing_z": 2.0,
  "summary_bg_k": 22.905689787978137,
  "summary_bg_mad": 281.3493798742698,
  "summary_bg_mean": 846.9957885742188,
  "summary_bg_median": 386.7137145996094,
  "summary_bg_n": 480603.0,
  "summary_bg_p05": 162.97122650146486,
  "summary_bg_p95": 3191.041455078119,
  "summary_bg_stdv": 1242.6697998046875,
  "summary_fg_k": 2.2449984966005188,
  "summary_fg_mad": 2800.281228556907,
  "summary_fg_mean": 6950.240234375,
  "summary_fg_median": 6308.197265625,
  "summary_fg_n": 188682.0,
  "summary_fg_p05": 3066.57685546875,
  "summary_fg_p95": 13121.31059570311,
  "summary_fg_stdv": 3223.669189453125,
  "tsnr": 18.832422256469727
}