{
  "aor": 0.0008673669467787116,
  "aqi": 0.010946742773109244,
  "bids_meta": {
    "AcquisitionDateTime": "2019-03-10T11:50:58.647500",
    "AcquisitionMatrixPE": 104,
    "AcquisitionNumber": 1,
    "AcquisitionTime": "11:50:58.647500",
    "BandwidthPerPixelPhaseEncode": 16.578,
    "BaseResolution": 104,
    "BodyPartExamined": "BRAIN",
    "ConsistencyInfo": "N4_VE11C_LATEST_20160120",
    "ConversionSoftware": "dcm2niix",
    "ConversionSoftwareVersion": "v1.0.20180918  (JP2:OpenJPEG) GCC4.8.4",
    "DeidentificationMethod": "Penn_BSC_profile_v3.0",
    "DerivedVendorReportedEchoSpacing": 0.000580009,
    "DeviceSerialNumber": "66044",
    "DwellTime": 2.1e-06,
    "EchoTime": 0.037,
    "EchoTrainLength": 104,
    "EffectiveEchoSpacing": 0.000580009,
    "FlipAngle": 52,
    "ImageComments": "Unaliased_MB8_PE3_LB_LZ23@brainardlab:LFContrast",
    "ImageOrientationPatientDICOM": [
      1,
      0,
      0,
      0,
      0.939693,
      -0.34202
    ],
    "ImageType": [
      "ORIGINAL",
      "PRIMARY",
      "M",
      "MB",
      "ND",
      "MOSAIC"
    ],
    "InPlanePhaseEncodingDirectionDICOM": "COL",
    "InstitutionAddress": "Curie_Blvd._422_Philadelphia_PA_US_19104",
    "InstitutionName": "University_of_Pennsylvania",
    "InstitutionalDepartmentName": "Department",
    "MRAcquisitionType": "2D",
    "MagneticFieldStrength": 3,
    "Manufacturer": "Siemens",
    "ManufacturersModelName": "Prisma",
    "Modality": "MR",
    "MultibandAccelerationFactor": 8,
    "PartialFourier": 1,
    "PatientPosition": "HFS",
    "PatientSex": "M",
    "PercentPhaseFOV": 100,
    "PhaseEncodingDirection": "j-",
    "PhaseEncodingSteps": 104,
    "PhaseResolution": 1,
    "PixelBandwidth": 2290,
    "ProcedureStepDescription": "LZ23_-_45deg_set_replication",
    "ProtocolName": "tfMRI_LFContrast_AP_run5",
    "PulseSequenceDetails": "%CustomerSeq%_cmrr_mbep2d_bold",
    "ReceiveCoilActiveElements": "HC1-7",
    "ReceiveCoilName": "HeadNeck_64",
    "ReconMatrixPE": 104,
    "RepetitionTime": 0.8,
    "SAR": 0.0824279,
    "ScanOptions": "FS_EXT",
    "ScanningSequence": "EP",
    "SequenceName": "epfid2d1_104",
    "SequenceVariant": "SK_SS",
    "SeriesDescription": "tfMRI_LFContrast_AP_run5",
    "SeriesInstanceUID": "1.3.12.2.1107.5.2.43.66044.2019031011483547522812781.0.0.0",
    "SeriesNumber": 39,
    "ShimSetting": [
      3816,
      2764,
      494,
      142,
      94,
      -237,
      -129,
      55
    ],
    "SliceThickness": 2,
    "SliceTiming": [
      0,
      0.4325,
      0.0875,
      0.52,
      0.1725,
      0.6075,
      0.26,
      0.6925,
      0.3475,
      0,
      0.4325,
      0.0875,
      0.52,
      0.1725,
      0.6075,
      0.26,
      0.6925,
      0.3475,
      0,
      0.4325,
      0.0875,
      0.52,
      0.1725,
      0.6075,
      0.26,
      0.6925,
      0.3475,
      0,
      0.4325,
      0.0875,
      0.52,
      0.1725,
      0.6075,
      0.26,
      0.6925,
      0.3475,
      0,
      0.4325,
      0.0875,
      0.52,
      0.1725,
      0.6075,
      0.26,
      0.6925,
      0.3475,
      0,
      0.4325,
      0.0875,
      0.52,
      0.1725,
      0.6075,
      0.26,
      0.6925,
      0.3475,
      0,
      0.4325,
      0.0875,
      0.52,
      0.1725,
      0.6075,
      0.26,
      0.6925,
      0.3475,
      0,
      0.4325,
      0.0875,
      0.52,
      0.1725,
      0.6075,
      0.26,
      0.6925,
      0.3475
    ],
    "SoftwareVersions": "syngo_MR_E11",
    "SpacingBetweenSlices": 2,
    "StationName": "AWP66044",
    "StudyID": "1",
    "StudyInstanceUID": "1.3.12.2.1107.5.2.43.66044.30000019030619483656500000094",
    "TaskName": "LFContrast",
    "TotalReadoutTime": 0.0597409,
    "TxRefAmp": 265.274,
    "WipMemBlock": "464e3f30-ff3f-411f-a023-90b9734d0592||Sequence: R016 ve11c/master r/e634e98; Dec 19 2017 11:00:25 by eja",
    "dataset": "ds003752",
    "modality": "bold",
    "run_id": 5,
    "session_id": "LFContrast45",
    "subject_id": "01",
    "task_id": "LFContrast"
  },
  "dummy_trs": 3,
  "dvars_nstd": 61.34885333632022,
  "dvars_std": 1.0570122902808994,
  "dvars_vstd": 1.0136081203651681,
  "efc": 0.5774342679034387,
  "fber": 276.4754333496094,
  "fd_mean": 0.19187766404654932,
  "fd_num": 156,
  "fd_perc": 43.69747899159664,
  "fwhm_avg": 3.0932166666666667,
  "fwhm_x": 2.82318,
  "fwhm_y": 3.204605,
  "fwhm_z": 3.251865,
  "gcor": 0.00348388,
  "gsr_x": 0.005440831184387207,
  "gsr_y": 0.10265409201383591,
  "provenance": {
    "md5sum": "f72f3ae0cd6ade8385a7b1ecc0f3a2ad",
    "settings": {
      "fd_thres": 0.2,
      "testing": false
    },
    "software": "mriqc",
    "version": "22.0.6",
    "webapi_port": null,
    "webapi_url": "https://mriqc.nimh.nih.gov/api/v1"
  },
  "size_t": 357,
  "size_x": 104,
  "size_y": 104,
  "size_z": 72,
  "snr": 2.0106571031566793,
  "spacing_tr": 0.800000011920929,
  "spacing_x": 2.0,
  "spacing_y": 2.0,
  "spacing_z": 2.0,
  "summary_bg_k": 23.40147493711332,
  "summary_bg_mad": 256.2689902102912,
  "summary_bg_mean": 818.4187622070312,
  "summary_bg_median": 361.36993408203125,
  "summary_bg_n": 484052.0,
  "summary_bg_p05": 158.73088455200195,
  "summary_bg_p95": 3157.2964477539,
  "summary_bg_stdv": 1240.9288330078125,
  "summary_fg_k": 1.8415716656811458,
  "summary_fg_mad": 2698.850025753994,
  "summary_fg_mean": 6780.93994140625,
  "summary_fg_median": 6168.59814453125,
  "summary_fg_n": 186613.0,
  "summary_fg_p05": 3071.9787109375,
  "summary_fg_p95": 12703.519140624996,
  "summary_fg_stdv": 3067.943115234375,
  "tsnr": 22.67856216430664
}