{
  "aor": 0.00147695530726257,
  "aqi": 0.014605039469273745,
  "bids_meta": {
    "AcquisitionDateTime": "2019-03-10T11:37:54.307500",
    "AcquisitionMatrixPE": 104,
    "AcquisitionNumber": 1,
    "AcquisitionTime": "11:37:54.307500",
    "BandwidthPerPixelPhaseEncode": 16.578,
    "BaseResolution": 104,
    "BodyPartExamined": "BRAIN",
    "ConsistencyInfo": "N4_VE11C_LATEST_20160120",
    "ConversionSoftware": "dcm2niix",
    "ConversionSoftwareVersion": "v1.0.20180918  (JP2:OpenJPEG) GCC4.8.4",
    "DeidentificationMethod": "Penn_BSC_profile_v3.0",
    "DerivedVendorReportedEchoSpacing": 0.000580009,
    "DeviceSerialNumber": "66044",
    "DwellTime": 2.1e-06,
    "EchoTime": 0.037,
    "EchoTrainLength": 104,
    "EffectiveEchoSpacing": 0.000580009,
    "FlipAngle": 52,
    "ImageComments": "Unaliased_MB8_PE3_LB_LZ23@brainardlab:LFContrast",
    "ImageOrientationPatientDICOM": [
      0.996881,
      -0.0741747,
      -0.0269411,
      0.0525933,
      0.87898,
      -0.47395
    ],
    "ImageType": [
      "ORIGINAL",
      "PRIMARY",
      "M",
      "MB",
      "ND",
      "MOSAIC"
    ],
    "InPlanePhaseEncodingDirectionDICOM": "COL",
    "InstitutionAddress": "Curie_Blvd._422_Philadelphia_PA_US_19104",
    "InstitutionName": "University_of_Pennsylvania",
    "InstitutionalDepartmentName": "Department",
    "MRAcquisitionType": "2D",
    "MagneticFieldStrength": 3,
    "Manufacturer": "Siemens",
    "ManufacturersModelName": "Prisma",
    "Modality": "MR",
    "MultibandAccelerationFactor": 8,
    "PartialFourier": 1,
    "PatientPosition": "HFS",
    "PatientSex": "M",
    "PercentPhaseFOV": 100,
    "PhaseEncodingDirection": "j-",
    "PhaseEncodingSteps": 104,
    "PhaseResolution": 1,
    "PixelBandwidth": 2290,
    "ProcedureStepDescription": "LZ23_-_45deg_set_replication",
    "ProtocolName": "tfMRI_LFContrast_AP_run4",
    "PulseSequenceDetails": "%CustomerSeq%_cmrr_mbep2d_bold",
    "ReceiveCoilActiveElements": "HC1-7",
    "ReceiveCoilName": "HeadNeck_64",
    "ReconMatrixPE": 104,
    "RepetitionTime": 0.8,
    "SAR": 0.0824279,
    "ScanOptions": "FS_EXT",
    "ScanningSequence": "EP",
    "SequenceName": "epfid2d1_104",
    "SequenceVariant": "SK_SS",
    "SeriesDescription": "tfMRI_LFContrast_AP_run4",
    "SeriesInstanceUID": "1.3.12.2.1107.5.2.43.66044.2019031011340252940555371.0.0.0",
    "SeriesNumber": 33,
    "ShimSetting": [
      3813,
      2756,
      487,
      174,
      99,
      -273,
      -85,
      37
    ],
    "SliceThickness": 2,
    "SliceTiming": [
      0,
      0.4325,
      0.085,
      0.5175,
      0.1725,
      0.605,
      0.26,
      0.6925,
      0.345,
      0,
      0.4325,
      0.085,
      0.5175,
      0.1725,
      0.605,
      0.26,
      0.6925,
      0.345,
      0,
      0.4325,
      0.085,
      0.5175,
      0.1725,
      0.605,
      0.26,
      0.6925,
      0.345,
      0,
      0.4325,
      0.085,
      0.5175,
      0.1725,
      0.605,
      0.26,
      0.6925,
      0.345,
      0,
      0.4325,
      0.085,
      0.5175,
      0.1725,
      0.605,
      0.26,
      0.6925,
      0.345,
      0,
      0.4325,
      0.085,
      0.5175,
      0.1725,
      0.605,
      0.26,
      0.6925,
      0.345,
      0,
      0.4325,
      0.085,
      0.5175,
      0.1725,
      0.605,
      0.26,
      0.6925,
      0.345,
      0,
      0.4325,
      0.085,
      0.5175,
      0.1725,
      0.605,
      0.26,
      0.6925,
      0.345
    ],
    "SoftwareVersions": "syngo_MR_E11",
    "SpacingBetweenSlices": 2,
    "StationName": "AWP66044",
    "StudyID": "1",
    "StudyInstanceUID": "1.3.12.2.1107.5.2.43.66044.30000019030619483656500000094",
    "TaskName": "LFContrast",
    "TotalReadoutTime": 0.0597409,
    "TxRefAmp": 265.274,
    "WipMemBlock": "648342a1-15c8-4a64-b696-d4714e05b656||Sequence: R016 ve11c/master r/e634e98; Dec 19 2017 11:00:25 by eja",
    "dataset": "ds003752",
    "modality": "bold",
    "run_id": 4,
    "session_id": "LFContrast45",
    "subject_id": "01",
    "task_id": "LFContrast"
  },
  "dummy_trs": 2,
  "dvars_nstd": 65.05589027302516,
  "dvars_std": 1.0427353848739485,
  "dvars_vstd": 1.0077678923809525,
  "efc": 0.583679619556799,
  "fber": 237.44863891601562,
  "fd_mean": 0.22635911352546942,
  "fd_num": 166,
  "fd_perc": 46.36871508379888,
  "fwhm_avg": 3.078791666666666,
  "fwhm_x": 2.795215,
  "fwhm_y": 3.150475,
  "fwhm_z": 3.290685,
  "gcor": 0.0104749,
  "gsr_x": 0.01362418383359909,
  "gsr_y": 0.0869281142950058,
  "provenance": {
    "md5sum": "aaee8b4606851222c167f708b07001bb",
    "settings": {
      "fd_thres": 0.2,
      "testing": false
    },
    "software": "mriqc",
    "version": "22.0.6",
    "webapi_port": null,
    "webapi_url": "https://mriqc.nimh.nih.gov/api/v1"
  },
  "size_t": 358,
  "size_x": 104,
  "size_y": 104,
  "size_z": 72,
  "snr": 1.9901026804097466,
  "spacing_tr": 0.800000011920929,
  "spacing_x": 2.0,
  "spacing_y": 2.0,
  "spacing_z": 2.0,
  "summary_bg_k": 26.714624368431032,
  "summary_bg_mad": 272.63673907823977,
  "summary_bg_mean": 767.3025512695312,
  "summary_bg_median": 371.2110595703125,
  "summary_bg_n": 471144.0,
  "summary_bg_p05": 154.21151733398438,
  "summary_bg_p95": 2783.039184570312,
  "summary_bg_stdv": 1125.642822265625,
  "summary_fg_k": 1.7759402186946236,
  "summary_fg_mad": 2611.606703605076,
  "summary_fg_mean": 6536.26806640625,
  "summary_fg_median": 5945.908203125,
  "summary_fg_n": 193557.0,
  "summary_fg_p05": 2877.81787109375,
  "summary_fg_p95": 12302.105664062497,
  "summary_fg_stdv": 2987.731689453125,
  "tsnr": 20.102455139160156
}