{
  "aor": 0.002519134078212291,
  "aqi": 0.018278672346368718,
  "bids_meta": {
    "AcquisitionDateTime": "2019-03-10T11:09:35.890000",
    "AcquisitionMatrixPE": 104,
    "AcquisitionNumber": 1,
    "AcquisitionTime": "11:09:35.890000",
    "BandwidthPerPixelPhaseEncode": 16.578,
    "BaseResolution": 104,
    "BodyPartExamined": "BRAIN",
    "ConsistencyInfo": "N4_VE11C_LATEST_20160120",
    "ConversionSoftware": "dcm2niix",
    "ConversionSoftwareVersion": "v1.0.20180918  (JP2:OpenJPEG) GCC4.8.4",
    "DeidentificationMethod": "Penn_BSC_profile_v3.0",
    "DerivedVendorReportedEchoSpacing": 0.000580009,
    "DeviceSerialNumber": "66044",
    "DwellTime": 2.1e-06,
    "EchoTime": 0.037,
    "EchoTrainLength": 104,
    "EffectiveEchoSpacing": 0.000580009,
    "FlipAngle": 52,
    "ImageComments": "Unaliased_MB8_PE3_LB_LZ23@brainardlab:LFContrast",
    "ImageOrientationPatientDICOM": [
      1,
      0,
      0,
      0,
      0.939693,
      -0.34202
    ],
    "ImageType": [
      "ORIGINAL",
      "PRIMARY",
      "M",
      "MB",
      "ND",
      "MOSAIC"
    ],
    "InPlanePhaseEncodingDirectionDICOM": "COL",
    "InstitutionAddress": "Curie_Blvd._422_Philadelphia_PA_US_19104",
    "InstitutionName": "University_of_Pennsylvania",
    "InstitutionalDepartmentName": "Department",
    "MRAcquisitionType": "2D",
    "MagneticFieldStrength": 3,
    "Manufacturer": "Siemens",
    "ManufacturersModelName": "Prisma",
    "Modality": "MR",
    "MultibandAccelerationFactor": 8,
    "PartialFourier": 1,
    "PatientPosition": "HFS",
    "PatientSex": "M",
    "PercentPhaseFOV": 100,
    "PhaseEncodingDirection": "j-",
    "PhaseEncodingSteps": 104,
    "PhaseResolution": 1,
    "PixelBandwidth": 2290,
    "ProcedureStepDescription": "LZ23_-_45deg_set_replication",
    "ProtocolName": "tfMRI_LFContrast_AP_run2",
    "PulseSequenceDetails": "%CustomerSeq%_cmrr_mbep2d_bold",
    "ReceiveCoilActiveElements": "HC1-7",
    "ReceiveCoilName": "HeadNeck_64",
    "ReconMatrixPE": 104,
    "RepetitionTime": 0.8,
    "SAR": 0.0824279,
    "ScanOptions": "FS_EXT",
    "ScanningSequence": "EP",
    "SequenceName": "epfid2d1_104",
    "SequenceVariant": "SK_SS",
    "SeriesDescription": "tfMRI_LFContrast_AP_run2",
    "SeriesInstanceUID": "1.3.12.2.1107.5.2.43.66044.201903101108555811940551.0.0.0",
    "SeriesNumber": 21,
    "ShimSetting": [
      3816,
      2764,
      494,
      142,
      94,
      -237,
      -129,
      55
    ],
    "SliceThickness": 2,
    "SliceTiming": [
      0,
      0.4325,
      0.085,
      0.5175,
      0.1725,
      0.605,
      0.26,
      0.6925,
      0.345,
      0,
      0.4325,
      0.085,
      0.5175,
      0.1725,
      0.605,
      0.26,
      0.6925,
      0.345,
      0,
      0.4325,
      0.085,
      0.5175,
      0.1725,
      0.605,
      0.26,
      0.6925,
      0.345,
      0,
      0.4325,
      0.085,
      0.5175,
      0.1725,
      0.605,
      0.26,
      0.6925,
      0.345,
      0,
      0.4325,
      0.085,
      0.5175,
      0.1725,
      0.605,
      0.26,
      0.6925,
      0.345,
      0,
      0.4325,
      0.085,
      0.5175,
      0.1725,
      0.605,
      0.26,
      0.6925,
      0.345,
      0,
      0.4325,
      0.085,
      0.5175,
      0.1725,
      0.605,
      0.26,
      0.6925,
      0.345,
      0,
      0.4325,
      0.085,
      0.5175,
      0.1725,
      0.605,
      0.26,
      0.6925,
      0.345
    ],
    "SoftwareVersions": "syngo_MR_E11",
    "SpacingBetweenSlices": 2,
    "StationName": "AWP66044",
    "StudyID": "1",
    "StudyInstanceUID": "1.3.12.2.1107.5.2.43.66044.30000019030619483656500000094",
    "TaskName": "LFContrast",
    "TotalReadoutTime": 0.0597409,
    "TxRefAmp": 265.274,
    "WipMemBlock": "ced10fbf-b3bf-4be8-ad4d-821492016adb||Sequence: R016 ve11c/master r/e634e98; Dec 19 2017 11:00:25 by eja",
    "dataset": "ds003752",
    "modality": "bold",
    "run_id": 2,
    "session_id": "LFContrast45",
    "subject_id": "01",
    "task_id": "LFContrast"
  },
  "dummy_trs": 2,
  "dvars_nstd": 67.56247599014007,
  "dvars_std": 1.0217698888795526,
  "dvars_vstd": 0.9972078129971986,
  "efc": 0.5789193315698562,
  "fber": 247.38397216796875,
  "fd_mean": 0.31947311291745173,
  "fd_num": 246,
  "fd_perc": 68.71508379888269,
  "fwhm_avg": 3.1676800000000003,
  "fwhm_x": 2.910355,
  "fwhm_y": 3.31529,
  "fwhm_z": 3.277395,
  "gcor": 0.00969561,
  "gsr_x": -0.0012562436750158668,
  "gsr_y": 0.09502295404672623,
  "provenance": {
    "md5sum": "e0618c9785545b7a6ec7527f240e2ac8",
    "settings": {
      "fd_thres": 0.2,
      "testing": false
    },
    "software": "mriqc",
    "version": "22.0.6",
    "webapi_port": null,
    "webapi_url": "https://mriqc.nimh.nih.gov/api/v1"
  },
  "size_t": 358,
  "size_x": 104,
  "size_y": 104,
  "size_z": 72,
  "snr": 1.956714648169207,
  "spacing_tr": 0.800000011920929,
  "spacing_x": 2.0,
  "spacing_y": 2.0,
  "spacing_z": 2.0,
  "summary_bg_k": 23.360895812644035,
  "summary_bg_mad": 278.65860027569215,
  "summary_bg_mean": 845.5726318359375,
  "summary_bg_median": 388.2211608886719,
  "summary_bg_n": 479928.0,
  "summary_bg_p05": 165.76885910034179,
  "summary_bg_p95": 3173.0109985351546,
  "summary_bg_stdv": 1242.04150390625,
  "summary_fg_k": 2.3494034892770124,
  "summary_fg_mad": 2808.3873996221982,
  "summary_fg_mean": 6986.62353515625,
  "summary_fg_median": 6330.18505859375,
  "summary_fg_n": 188046.0,
  "summary_fg_p05": 3119.062255859375,
  "summary_fg_p95": 13185.80908203125,
  "summary_fg_stdv": 3235.100341796875,
  "tsnr": 18.94172477722168
}