{
  "aor": 0.0006203910614525141,
  "aqi": 0.011740296256983241,
  "bids_meta": {
    "AcquisitionDateTime": "2019-03-16T17:28:1.070000",
    "AcquisitionMatrixPE": 104,
    "AcquisitionNumber": 1,
    "AcquisitionTime": "17:28:1.070000",
    "BandwidthPerPixelPhaseEncode": 16.578,
    "BaseResolution": 104,
    "BodyPartExamined": "BRAIN",
    "ConsistencyInfo": "N4_VE11C_LATEST_20160120",
    "ConversionSoftware": "dcm2niix",
    "ConversionSoftwareVersion": "v1.0.20180918  (JP2:OpenJPEG) GCC4.8.4",
    "DeidentificationMethod": "Penn_BSC_profile_v3.0",
    "DerivedVendorReportedEchoSpacing": 0.000580009,
    "DeviceSerialNumber": "66044",
    "EchoTime": 0.037,
    "EchoTrainLength": 104,
    "EffectiveEchoSpacing": 0.000580009,
    "FlipAngle": 52,
    "ImageComments": "Unaliased_MB8_PE3_LB_AP26@brainardlab:LFContrast_:_KAS25@brainardlab:LFContrast",
    "ImageOrientationPatientDICOM": [
      0.999901,
      -0.0112678,
      -0.00846606,
      0.00732974,
      0.928807,
      -0.370492
    ],
    "ImageType": [
      "ORIGINAL",
      "PRIMARY",
      "M",
      "MB",
      "ND",
      "MOSAIC"
    ],
    "InPlanePhaseEncodingDirectionDICOM": "COL",
    "InstitutionAddress": "Curie_Blvd._422_Philadelphia_PA_US_19104",
    "InstitutionName": "SC3T",
    "MRAcquisitionType": "2D",
    "MagneticFieldStrength": 3,
    "Manufacturer": "Siemens",
    "ManufacturersModelName": "Prisma",
    "Modality": "MR",
    "MultibandAccelerationFactor": 8,
    "PartialFourier": 1,
    "PatientPosition": "HFS",
    "PatientSex": "F",
    "PercentPhaseFOV": 100,
    "PhaseEncodingDirection": "j-",
    "PhaseEncodingSteps": 104,
    "PhaseResolution": 1,
    "PixelBandwidth": 2290,
    "ProcedureStepDescription": "AP26_-45_set_replication",
    "ProtocolName": "tfMRI_LFContrast_AP_run4",
    "PulseSequenceDetails": "%CustomerSeq%_cmrr_mbep2d_bold",
    "ReceiveCoilActiveElements": "HC2,4,6,7;NC2",
    "ReceiveCoilName": "HeadNeck_64",
    "ReconMatrixPE": 104,
    "RepetitionTime": 0.8,
    "SAR": 0.0641407,
    "ScanOptions": "FS_EXT",
    "ScanningSequence": "EP",
    "SequenceName": "epfid2d1_104",
    "SequenceVariant": "SK_SS",
    "SeriesDescription": "tfMRI_LFContrast_AP_run4",
    "SeriesInstanceUID": "1.3.12.2.1107.5.2.43.66044.201903161727331806835659.0.0.0",
    "SeriesNumber": 33,
    "ShimSetting": [
      3800,
      2748,
      560,
      610,
      -1,
      69,
      -124,
      46
    ],
    "SliceThickness": 2,
    "SliceTiming": [
      0,
      0.4325,
      0.085,
      0.52,
      0.1725,
      0.605,
      0.26,
      0.6925,
      0.345,
      0,
      0.4325,
      0.085,
      0.52,
      0.1725,
      0.605,
      0.26,
      0.6925,
      0.345,
      0,
      0.4325,
      0.085,
      0.52,
      0.1725,
      0.605,
      0.26,
      0.6925,
      0.345,
      0,
      0.4325,
      0.085,
      0.52,
      0.1725,
      0.605,
      0.26,
      0.6925,
      0.345,
      0,
      0.4325,
      0.085,
      0.52,
      0.1725,
      0.605,
      0.26,
      0.6925,
      0.345,
      0,
      0.4325,
      0.085,
      0.52,
      0.1725,
      0.605,
      0.26,
      0.6925,
      0.345,
      0,
      0.4325,
      0.085,
      0.52,
      0.1725,
      0.605,
      0.26,
      0.6925,
      0.345,
      0,
      0.4325,
      0.085,
      0.52,
      0.1725,
      0.605,
      0.26,
      0.6925,
      0.345
    ],
    "SoftwareVersions": "syngo_MR_E11",
    "SpacingBetweenSlices": 2,
    "StationName": "AWP66044",
    "StudyID": "1",
    "StudyInstanceUID": "1.3.12.2.1107.5.2.43.66044.30000019031217553086400000109",
    "TaskName": "LFContrast",
    "TotalReadoutTime": 0.0597409,
    "TxRefAmp": 217.17,
    "WipMemBlock": "2e4a12e4-e649-4183-b02c-e12134df4e4a||Sequence: R016 ve11c/master r/e634e98; Dec 19 2017 11:00:25 by eja",
    "dataset": "ds003752",
    "modality": "bold",
    "run_id": 4,
    "session_id": "LFContrast45",
    "subject_id": "03",
    "task_id": "LFContrast"
  },
  "dummy_trs": 2,
  "dvars_nstd": 57.50703570156861,
  "dvars_std": 1.015052780168067,
  "dvars_vstd": 0.9987304214285716,
  "efc": 0.5016638388943113,
  "fber": 517.0286865234375,
  "fd_mean": 0.11949011978661649,
  "fd_num": 27,
  "fd_perc": 7.5418994413407825,
  "fwhm_avg": 3.7381917405364953,
  "fwhm_x": 3.540335,
  "fwhm_y": 3.95625,
  "fwhm_z": 3.7179902216094862,
  "gcor": 0.00452357,
  "gsr_x": -0.0040486473590135574,
  "gsr_y": 0.07860435545444489,
  "provenance": {
    "md5sum": "aa4f65f0f176ba9dba495c718d0a3404",
    "settings": {
      "fd_thres": 0.2,
      "testing": false
    },
    "software": "mriqc",
    "version": "22.0.6",
    "webapi_port": null,
    "webapi_url": "https://mriqc.nimh.nih.gov/api/v1"
  },
  "size_t": 358,
  "size_x": 104,
  "size_y": 104,
  "size_z": 72,
  "snr": 1.6501830095129681,
  "spacing_tr": 0.800000011920929,
  "spacing_x": 2.0,
  "spacing_y": 2.0,
  "spacing_z": 1.9999998807907104,
  "summary_bg_k": 30.81678827491342,
  "summary_bg_mad": 144.88371384093776,
  "summary_bg_mean": 551.6852416992188,
  "summary_bg_median": 260.6038818359375,
  "summary_bg_n": 522946.0,
  "summary_bg_p05": 148.87443161010742,
  "summary_bg_p95": 2017.3258972167969,
  "summary_bg_stdv": 820.1644287109375,
  "summary_fg_k": 2.375650860264809,
  "summary_fg_mad": 3137.937006516345,
  "summary_fg_mean": 6853.0751953125,
  "summary_fg_median": 6011.56982421875,
  "summary_fg_n": 156614.0,
  "summary_fg_p05": 2645.9609985351562,
  "summary_fg_p95": 13949.273681640625,
  "summary_fg_stdv": 3642.9599609375,
  "tsnr": 20.554027557373047
}