{
  "aor": 0.0005633426966292135,
  "aqi": 0.010509998117977528,
  "bids_meta": {
    "AcquisitionDateTime": "2019-03-16T17:38:46.580000",
    "AcquisitionMatrixPE": 104,
    "AcquisitionNumber": 1,
    "AcquisitionTime": "17:38:46.580000",
    "BandwidthPerPixelPhaseEncode": 16.578,
    "BaseResolution": 104,
    "BodyPartExamined": "BRAIN",
    "ConsistencyInfo": "N4_VE11C_LATEST_20160120",
    "ConversionSoftware": "dcm2niix",
    "ConversionSoftwareVersion": "v1.0.20180918  (JP2:OpenJPEG) GCC4.8.4",
    "DeidentificationMethod": "Penn_BSC_profile_v3.0",
    "DerivedVendorReportedEchoSpacing": 0.000580009,
    "DeviceSerialNumber": "66044",
    "EchoTime": 0.037,
    "EchoTrainLength": 104,
    "EffectiveEchoSpacing": 0.000580009,
    "FlipAngle": 52,
    "ImageComments": "Unaliased_MB8_PE3_LB_AP26@brainardlab:LFContrast_:_KAS25@brainardlab:LFContrast",
    "ImageOrientationPatientDICOM": [
      0.999901,
      -0.0112678,
      -0.00846606,
      0.00732974,
      0.928807,
      -0.370492
    ],
    "ImageType": [
      "ORIGINAL",
      "PRIMARY",
      "M",
      "MB",
      "ND",
      "MOSAIC"
    ],
    "InPlanePhaseEncodingDirectionDICOM": "COL",
    "InstitutionAddress": "Curie_Blvd._422_Philadelphia_PA_US_19104",
    "InstitutionName": "SC3T",
    "MRAcquisitionType": "2D",
    "MagneticFieldStrength": 3,
    "Manufacturer": "Siemens",
    "ManufacturersModelName": "Prisma",
    "Modality": "MR",
    "MultibandAccelerationFactor": 8,
    "PartialFourier": 1,
    "PatientPosition": "HFS",
    "PatientSex": "F",
    "PercentPhaseFOV": 100,
    "PhaseEncodingDirection": "j-",
    "PhaseEncodingSteps": 104,
    "PhaseResolution": 1,
    "PixelBandwidth": 2290,
    "ProcedureStepDescription": "AP26_-45_set_replication",
    "ProtocolName": "tfMRI_LFContrast_AP_run5",
    "PulseSequenceDetails": "%CustomerSeq%_cmrr_mbep2d_bold",
    "ReceiveCoilActiveElements": "HC2,4,6,7;NC2",
    "ReceiveCoilName": "HeadNeck_64",
    "ReconMatrixPE": 104,
    "RepetitionTime": 0.8,
    "SAR": 0.0641407,
    "ScanOptions": "FS_EXT",
    "ScanningSequence": "EP",
    "SequenceName": "epfid2d1_104",
    "SequenceVariant": "SK_SS",
    "SeriesDescription": "tfMRI_LFContrast_AP_run5",
    "SeriesInstanceUID": "1.3.12.2.1107.5.2.43.66044.2019031617381767226793069.0.0.0",
    "SeriesNumber": 39,
    "ShimSetting": [
      3800,
      2748,
      560,
      610,
      -1,
      69,
      -124,
      46
    ],
    "SliceThickness": 2,
    "SliceTiming": [
      0,
      0.4325,
      0.085,
      0.52,
      0.1725,
      0.605,
      0.26,
      0.6925,
      0.345,
      0,
      0.4325,
      0.085,
      0.52,
      0.1725,
      0.605,
      0.26,
      0.6925,
      0.345,
      0,
      0.4325,
      0.085,
      0.52,
      0.1725,
      0.605,
      0.26,
      0.6925,
      0.345,
      0,
      0.4325,
      0.085,
      0.52,
      0.1725,
      0.605,
      0.26,
      0.6925,
      0.345,
      0,
      0.4325,
      0.085,
      0.52,
      0.1725,
      0.605,
      0.26,
      0.6925,
      0.345,
      0,
      0.4325,
      0.085,
      0.52,
      0.1725,
      0.605,
      0.26,
      0.6925,
      0.345,
      0,
      0.4325,
      0.085,
      0.52,
      0.1725,
      0.605,
      0.26,
      0.6925,
      0.345,
      0,
      0.4325,
      0.085,
      0.52,
      0.1725,
      0.605,
      0.26,
      0.6925,
      0.345
    ],
    "SoftwareVersions": "syngo_MR_E11",
    "SpacingBetweenSlices": 2,
    "StationName": "AWP66044",
    "StudyID": "1",
    "StudyInstanceUID": "1.3.12.2.1107.5.2.43.66044.30000019031217553086400000109",
    "TaskName": "LFContrast",
    "TotalReadoutTime": 0.0597409,
    "TxRefAmp": 217.17,
    "WipMemBlock": "947217da-de3a-4a56-8958-f09d74aa3de3||Sequence: R016 ve11c/master r/e634e98; Dec 19 2017 11:00:25 by eja",
    "dataset": "ds003752",
    "modality": "bold",
    "run_id": 5,
    "session_id": "LFContrast45",
    "subject_id": "03",
    "task_id": "LFContrast"
  },
  "dummy_trs": 4,
  "dvars_nstd": 57.595340331464726,
  "dvars_std": 1.0134332796619723,
  "dvars_vstd": 0.9952391214929573,
  "efc": 0.5023634409708967,
  "fber": 518.3237915039062,
  "fd_mean": 0.12298474417175333,
  "fd_num": 41,
  "fd_perc": 11.51685393258427,
  "fwhm_avg": 3.721848406598969,
  "fwhm_x": 3.519465,
  "fwhm_y": 3.9585,
  "fwhm_z": 3.687580219796909,
  "gcor": 0.00582741,
  "gsr_x": -0.004548329394310713,
  "gsr_y": 0.07920010387897491,
  "provenance": {
    "md5sum": "61c62eb44a692dd9cfbae84dd39c2f8b",
    "settings": {
      "fd_thres": 0.2,
      "testing": false
    },
    "software": "mriqc",
    "version": "22.0.6",
    "webapi_port": null,
    "webapi_url": "https://mriqc.nimh.nih.gov/api/v1"
  },
  "size_t": 356,
  "size_x": 104,
  "size_y": 104,
  "size_z": 72,
  "snr": 1.651795647970164,
  "spacing_tr": 0.800000011920929,
  "spacing_x": 2.0,
  "spacing_y": 2.0,
  "spacing_z": 1.9999998807907104,
  "summary_bg_k": 29.89008989650258,
  "summary_bg_mad": 145.22224014095175,
  "summary_bg_mean": 553.08056640625,
  "summary_bg_median": 259.586181640625,
  "summary_bg_n": 522773.0,
  "summary_bg_p05": 146.12098083496093,
  "summary_bg_p95": 2027.7210937499995,
  "summary_bg_stdv": 827.2611083984375,
  "summary_fg_k": 2.3552835026226777,
  "summary_fg_mad": 3119.2776106020206,
  "summary_fg_mean": 6833.50341796875,
  "summary_fg_median": 5991.2783203125,
  "summary_fg_n": 156738.0,
  "summary_fg_p05": 2637.2671142578124,
  "summary_fg_p95": 13900.467187499999,
  "summary_fg_stdv": 3627.118896484375,
  "tsnr": 21.037254333496094
}