{
  "aor": 0.00044657381615598884,
  "aqi": 0.00940378122562674,
  "bids_meta": {
    "AcquisitionDateTime": "2019-03-16T17:06:10.402500",
    "AcquisitionMatrixPE": 104,
    "AcquisitionNumber": 1,
    "AcquisitionTime": "17:06:10.402500",
    "BandwidthPerPixelPhaseEncode": 16.578,
    "BaseResolution": 104,
    "BodyPartExamined": "BRAIN",
    "ConsistencyInfo": "N4_VE11C_LATEST_20160120",
    "ConversionSoftware": "dcm2niix",
    "ConversionSoftwareVersion": "v1.0.20180918  (JP2:OpenJPEG) GCC4.8.4",
    "DeidentificationMethod": "Penn_BSC_profile_v3.0",
    "DerivedVendorReportedEchoSpacing": 0.000580009,
    "DeviceSerialNumber": "66044",
    "EchoTime": 0.037,
    "EchoTrainLength": 104,
    "EffectiveEchoSpacing": 0.000580009,
    "FlipAngle": 52,
    "ImageComments": "Unaliased_MB8_PE3_LB_AP26@brainardlab:LFContrast_:_KAS25@brainardlab:LFContrast",
    "ImageOrientationPatientDICOM": [
      0.999901,
      -0.0112678,
      -0.00846606,
      0.00732974,
      0.928807,
      -0.370492
    ],
    "ImageType": [
      "ORIGINAL",
      "PRIMARY",
      "M",
      "MB",
      "ND",
      "MOSAIC"
    ],
    "InPlanePhaseEncodingDirectionDICOM": "COL",
    "InstitutionAddress": "Curie_Blvd._422_Philadelphia_PA_US_19104",
    "InstitutionName": "SC3T",
    "MRAcquisitionType": "2D",
    "MagneticFieldStrength": 3,
    "Manufacturer": "Siemens",
    "ManufacturersModelName": "Prisma",
    "Modality": "MR",
    "MultibandAccelerationFactor": 8,
    "PartialFourier": 1,
    "PatientPosition": "HFS",
    "PatientSex": "F",
    "PercentPhaseFOV": 100,
    "PhaseEncodingDirection": "j-",
    "PhaseEncodingSteps": 104,
    "PhaseResolution": 1,
    "PixelBandwidth": 2290,
    "ProcedureStepDescription": "AP26_-45_set_replication",
    "ProtocolName": "tfMRI_LFContrast_AP_run2",
    "PulseSequenceDetails": "%CustomerSeq%_cmrr_mbep2d_bold",
    "ReceiveCoilActiveElements": "HC2,4,6,7;NC2",
    "ReceiveCoilName": "HeadNeck_64",
    "ReconMatrixPE": 104,
    "RepetitionTime": 0.8,
    "SAR": 0.0641407,
    "ScanOptions": "FS_EXT",
    "ScanningSequence": "EP",
    "SequenceName": "epfid2d1_104",
    "SequenceVariant": "SK_SS",
    "SeriesDescription": "tfMRI_LFContrast_AP_run2",
    "SeriesInstanceUID": "1.3.12.2.1107.5.2.43.66044.2019031617054221183920839.0.0.0",
    "SeriesNumber": 21,
    "ShimSetting": [
      3800,
      2748,
      560,
      610,
      -1,
      69,
      -124,
      46
    ],
    "SliceThickness": 2,
    "SliceTiming": [
      0,
      0.4325,
      0.085,
      0.52,
      0.1725,
      0.605,
      0.26,
      0.6925,
      0.345,
      0,
      0.4325,
      0.085,
      0.52,
      0.1725,
      0.605,
      0.26,
      0.6925,
      0.345,
      0,
      0.4325,
      0.085,
      0.52,
      0.1725,
      0.605,
      0.26,
      0.6925,
      0.345,
      0,
      0.4325,
      0.085,
      0.52,
      0.1725,
      0.605,
      0.26,
      0.6925,
      0.345,
      0,
      0.4325,
      0.085,
      0.52,
      0.1725,
      0.605,
      0.26,
      0.6925,
      0.345,
      0,
      0.4325,
      0.085,
      0.52,
      0.1725,
      0.605,
      0.26,
      0.6925,
      0.345,
      0,
      0.4325,
      0.085,
      0.52,
      0.1725,
      0.605,
      0.26,
      0.6925,
      0.345,
      0,
      0.4325,
      0.085,
      0.52,
      0.1725,
      0.605,
      0.26,
      0.6925,
      0.345
    ],
    "SoftwareVersions": "syngo_MR_E11",
    "SpacingBetweenSlices": 2,
    "StationName": "AWP66044",
    "StudyID": "1",
    "StudyInstanceUID": "1.3.12.2.1107.5.2.43.66044.30000019031217553086400000109",
    "TaskName": "LFContrast",
    "TotalReadoutTime": 0.0597409,
    "TxRefAmp": 217.17,
    "WipMemBlock": "764f8dda-45f8-45cc-81cf-612c27ca0024||Sequence: R016 ve11c/master r/e634e98; Dec 19 2017 11:00:25 by eja",
    "dataset": "ds003752",
    "modality": "bold",
    "run_id": 2,
    "session_id": "LFContrast45",
    "subject_id": "03",
    "task_id": "LFContrast"
  },
  "dummy_trs": 1,
  "dvars_nstd": 58.1451311273743,
  "dvars_std": 1.0290819288268156,
  "dvars_vstd": 0.9971488718715078,
  "efc": 0.5000236570669064,
  "fber": 517.5631103515625,
  "fd_mean": 0.10043967435623448,
  "fd_num": 6,
  "fd_perc": 1.6713091922005572,
  "fwhm_avg": 3.7648767417944513,
  "fwhm_x": 3.549985,
  "fwhm_y": 3.96334,
  "fwhm_z": 3.781305225383355,
  "gcor": 0.00480308,
  "gsr_x": -0.00532761262729764,
  "gsr_y": 0.07840102165937424,
  "provenance": {
    "md5sum": "157239fa397b5bae84f2ac74fd4cfb31",
    "settings": {
      "fd_thres": 0.2,
      "testing": false
    },
    "software": "mriqc",
    "version": "22.0.6",
    "webapi_port": null,
    "webapi_url": "https://mriqc.nimh.nih.gov/api/v1"
  },
  "size_t": 359,
  "size_x": 104,
  "size_y": 104,
  "size_z": 72,
  "snr": 1.6549090961793402,
  "spacing_tr": 0.800000011920929,
  "spacing_x": 2.0,
  "spacing_y": 2.0,
  "spacing_z": 1.9999998807907104,
  "summary_bg_k": 32.46956277793182,
  "summary_bg_mad": 150.38942649535556,
  "summary_bg_mean": 555.524658203125,
  "summary_bg_median": 265.3914794921875,
  "summary_bg_n": 523325.0,
  "summary_bg_p05": 148.93456420898437,
  "summary_bg_p95": 2020.7885253906243,
  "summary_bg_stdv": 827.34765625,
  "summary_fg_k": 2.3048204004306543,
  "summary_fg_mad": 3199.46861821865,
  "summary_fg_mean": 7011.302734375,
  "summary_fg_median": 6146.9189453125,
  "summary_fg_n": 155956.0,
  "summary_fg_p05": 2721.9641723632812,
  "summary_fg_p95": 14243.840576171875,
  "summary_fg_stdv": 3714.342529296875,
  "tsnr": 21.94424819946289
}