{
  "aor": 0.00045,
  "aqi": 0.010515681615598885,
  "bids_meta": {
    "AcquisitionDateTime": "2019-03-16T17:00:50.807500",
    "AcquisitionMatrixPE": 104,
    "AcquisitionNumber": 1,
    "AcquisitionTime": "17:00:50.807500",
    "BandwidthPerPixelPhaseEncode": 16.578,
    "BaseResolution": 104,
    "BodyPartExamined": "BRAIN",
    "ConsistencyInfo": "N4_VE11C_LATEST_20160120",
    "ConversionSoftware": "dcm2niix",
    "ConversionSoftwareVersion": "v1.0.20180918  (JP2:OpenJPEG) GCC4.8.4",
    "DeidentificationMethod": "Penn_BSC_profile_v3.0",
    "DerivedVendorReportedEchoSpacing": 0.000580009,
    "DeviceSerialNumber": "66044",
    "EchoTime": 0.037,
    "EchoTrainLength": 104,
    "EffectiveEchoSpacing": 0.000580009,
    "FlipAngle": 52,
    "ImageComments": "Unaliased_MB8_PE3_LB_AP26@brainardlab:LFContrast_:_KAS25@brainardlab:LFContrast",
    "ImageOrientationPatientDICOM": [
      0.999901,
      -0.0112678,
      -0.00846606,
      0.00732974,
      0.928807,
      -0.370492
    ],
    "ImageType": [
      "ORIGINAL",
      "PRIMARY",
      "M",
      "MB",
      "ND",
      "MOSAIC"
    ],
    "InPlanePhaseEncodingDirectionDICOM": "COL",
    "InstitutionAddress": "Curie_Blvd._422_Philadelphia_PA_US_19104",
    "InstitutionName": "SC3T",
    "MRAcquisitionType": "2D",
    "MagneticFieldStrength": 3,
    "Manufacturer": "Siemens",
    "ManufacturersModelName": "Prisma",
    "Modality": "MR",
    "MultibandAccelerationFactor": 8,
    "PartialFourier": 1,
    "PatientPosition": "HFS",
    "PatientSex": "F",
    "PercentPhaseFOV": 100,
    "PhaseEncodingDirection": "j",
    "PhaseEncodingSteps": 104,
    "PhaseResolution": 1,
    "PixelBandwidth": 2290,
    "ProcedureStepDescription": "AP26_-45_set_replication",
    "ProtocolName": "tfMRI_LFContrast_PA_run2",
    "PulseSequenceDetails": "%CustomerSeq%_cmrr_mbep2d_bold",
    "ReceiveCoilActiveElements": "HC2,4,6,7;NC2",
    "ReceiveCoilName": "HeadNeck_64",
    "ReconMatrixPE": 104,
    "RepetitionTime": 0.8,
    "SAR": 0.0641407,
    "ScanOptions": "FS_EXT",
    "ScanningSequence": "EP",
    "SequenceName": "epfid2d1_104",
    "SequenceVariant": "SK_SS",
    "SeriesDescription": "tfMRI_LFContrast_PA_run2",
    "SeriesInstanceUID": "1.3.12.2.1107.5.2.43.66044.2019031617002228132942134.0.0.0",
    "SeriesNumber": 18,
    "ShimSetting": [
      3800,
      2748,
      560,
      610,
      -1,
      69,
      -124,
      46
    ],
    "SliceThickness": 2,
    "SliceTiming": [
      0,
      0.435,
      0.0875,
      0.52,
      0.175,
      0.6075,
      0.26,
      0.695,
      0.3475,
      0,
      0.435,
      0.0875,
      0.52,
      0.175,
      0.6075,
      0.26,
      0.695,
      0.3475,
      0,
      0.435,
      0.0875,
      0.52,
      0.175,
      0.6075,
      0.26,
      0.695,
      0.3475,
      0,
      0.435,
      0.0875,
      0.52,
      0.175,
      0.6075,
      0.26,
      0.695,
      0.3475,
      0,
      0.435,
      0.0875,
      0.52,
      0.175,
      0.6075,
      0.26,
      0.695,
      0.3475,
      0,
      0.435,
      0.0875,
      0.52,
      0.175,
      0.6075,
      0.26,
      0.695,
      0.3475,
      0,
      0.435,
      0.0875,
      0.52,
      0.175,
      0.6075,
      0.26,
      0.695,
      0.3475,
      0,
      0.435,
      0.0875,
      0.52,
      0.175,
      0.6075,
      0.26,
      0.695,
      0.3475
    ],
    "SoftwareVersions": "syngo_MR_E11",
    "SpacingBetweenSlices": 2,
    "StationName": "AWP66044",
    "StudyID": "1",
    "StudyInstanceUID": "1.3.12.2.1107.5.2.43.66044.30000019031217553086400000109",
    "TaskName": "LFContrast",
    "TotalReadoutTime": 0.0597409,
    "TxRefAmp": 217.17,
    "WipMemBlock": "a9537a73-db3c-4729-904b-650467fdffaf||Sequence: R016 ve11c/master r/e634e98; Dec 19 2017 11:00:25 by eja",
    "dataset": "ds003752",
    "modality": "bold",
    "run_id": 2,
    "session_id": "LFContrast45",
    "subject_id": "03",
    "task_id": "LFContrast"
  },
  "dummy_trs": 1,
  "dvars_nstd": 55.684245434581065,
  "dvars_std": 0.9963607548882686,
  "dvars_vstd": 0.9777643831843574,
  "efc": 0.48990312499784294,
  "fber": 577.7235717773438,
  "fd_mean": 0.07539906711035362,
  "fd_num": 0,
  "fd_perc": 0.0,
  "fwhm_avg": 3.612531738784218,
  "fwhm_x": 3.47823,
  "fwhm_y": 3.72957,
  "fwhm_z": 3.6297952163526546,
  "gcor": 0.00536114,
  "gsr_x": -0.005396686494350433,
  "gsr_y": 0.03665884956717491,
  "provenance": {
    "md5sum": "c94762ce903a6e453e12a67dfe5a1ee0",
    "settings": {
      "fd_thres": 0.2,
      "testing": false
    },
    "software": "mriqc",
    "version": "22.0.6",
    "webapi_port": null,
    "webapi_url": "https://mriqc.nimh.nih.gov/api/v1"
  },
  "size_t": 359,
  "size_x": 104,
  "size_y": 104,
  "size_z": 72,
  "snr": 1.6826958339145697,
  "spacing_tr": 0.800000011920929,
  "spacing_x": 2.0,
  "spacing_y": 2.0,
  "spacing_z": 1.9999998807907104,
  "summary_bg_k": 29.86384110866311,
  "summary_bg_mad": 139.11983076846593,
  "summary_bg_mean": 547.61572265625,
  "summary_bg_median": 258.3309631347656,
  "summary_bg_n": 536189.0,
  "summary_bg_p05": 151.48868408203126,
  "summary_bg_p95": 2111.077441406248,
  "summary_bg_stdv": 850.1011352539062,
  "summary_fg_k": 1.3034355588161342,
  "summary_fg_mad": 3323.290516977261,
  "summary_fg_mean": 7101.38916015625,
  "summary_fg_median": 6241.54736328125,
  "summary_fg_n": 145843.0,
  "summary_fg_p05": 2698.7248779296874,
  "summary_fg_p95": 14390.807421874997,
  "summary_fg_stdv": 3709.241943359375,
  "tsnr": 21.200347900390625
}