{
  "aor": 0.0002730167597765363,
  "aqi": 0.006952028854748604,
  "bids_meta": {
    "AcquisitionDateTime": "2018-10-13T14:33:50.922500",
    "AcquisitionMatrixPE": 104,
    "AcquisitionNumber": 1,
    "AcquisitionTime": "14:33:50.922500",
    "BandwidthPerPixelPhaseEncode": 16.578,
    "BaseResolution": 104,
    "BodyPartExamined": "BRAIN",
    "ConsistencyInfo": "N4_VE11C_LATEST_20160120",
    "ConversionSoftware": "dcm2niix",
    "ConversionSoftwareVersion": "v1.0.20180918  (JP2:OpenJPEG) GCC4.8.4",
    "DeidentificationMethod": "Penn_BSC_profile_v3.0",
    "DerivedVendorReportedEchoSpacing": 0.000580009,
    "DeviceSerialNumber": "66044",
    "DwellTime": 2.1e-06,
    "EchoTime": 0.037,
    "EchoTrainLength": 104,
    "EffectiveEchoSpacing": 0.000580009,
    "FlipAngle": 52,
    "ImageComments": "Unaliased_MB8_PE3_LB_KAS25@mela:LFContrast",
    "ImageOrientationPatientDICOM": [
      0.99997,
      -0.00675861,
      0.00366266,
      0.00767941,
      0.899786,
      -0.436265
    ],
    "ImageType": [
      "ORIGINAL",
      "PRIMARY",
      "M",
      "MB",
      "ND",
      "MOSAIC"
    ],
    "InPlanePhaseEncodingDirectionDICOM": "COL",
    "InstitutionAddress": "Curie_Blvd._422_Philadelphia_PA_US_19104",
    "InstitutionName": "SC3T",
    "InstitutionalDepartmentName": "Department",
    "MRAcquisitionType": "2D",
    "MagneticFieldStrength": 3,
    "Manufacturer": "Siemens",
    "ManufacturersModelName": "Prisma",
    "Modality": "MR",
    "MultibandAccelerationFactor": 8,
    "PartialFourier": 1,
    "PatientPosition": "HFS",
    "PatientSex": "F",
    "PercentPhaseFOV": 100,
    "PhaseEncodingDirection": "j",
    "PhaseEncodingSteps": 104,
    "PhaseResolution": 1,
    "PixelBandwidth": 2290,
    "ProcedureStepDescription": "Research_Aguirre",
    "ProtocolName": "tfMRI_LFContrast_PA_run4",
    "PulseSequenceDetails": "%CustomerSeq%_cmrr_mbep2d_bold",
    "ReceiveCoilActiveElements": "HC1-7",
    "ReceiveCoilName": "HeadNeck_64",
    "ReconMatrixPE": 104,
    "RepetitionTime": 0.8,
    "SAR": 0.0642097,
    "ScanOptions": "FS_EXT",
    "ScanningSequence": "EP",
    "SequenceName": "epfid2d1_104",
    "SequenceVariant": "SK_SS",
    "SeriesDescription": "tfMRI_LFContrast_PA_run4",
    "SeriesInstanceUID": "1.3.12.2.1107.5.2.43.66044.2018101314330590323338563.0.0.0",
    "SeriesNumber": 24,
    "ShimSetting": [
      3809,
      2800,
      490,
      435,
      9,
      -174,
      -71,
      -2
    ],
    "SliceThickness": 2,
    "SliceTiming": [
      0,
      0.4325,
      0.085,
      0.52,
      0.1725,
      0.605,
      0.26,
      0.6925,
      0.345,
      0,
      0.4325,
      0.085,
      0.52,
      0.1725,
      0.605,
      0.26,
      0.6925,
      0.345,
      0,
      0.4325,
      0.085,
      0.52,
      0.1725,
      0.605,
      0.26,
      0.6925,
      0.345,
      0,
      0.4325,
      0.085,
      0.52,
      0.1725,
      0.605,
      0.26,
      0.6925,
      0.345,
      0,
      0.4325,
      0.085,
      0.52,
      0.1725,
      0.605,
      0.26,
      0.6925,
      0.345,
      0,
      0.4325,
      0.085,
      0.52,
      0.1725,
      0.605,
      0.26,
      0.6925,
      0.345,
      0,
      0.4325,
      0.085,
      0.52,
      0.1725,
      0.605,
      0.26,
      0.6925,
      0.345,
      0,
      0.4325,
      0.085,
      0.52,
      0.1725,
      0.605,
      0.26,
      0.6925,
      0.345
    ],
    "SoftwareVersions": "syngo_MR_E11",
    "SpacingBetweenSlices": 2,
    "StationName": "AWP66044",
    "StudyID": "1",
    "StudyInstanceUID": "1.3.12.2.1107.5.2.43.66044.30000018101314052653700000007",
    "TaskName": "LFContrast",
    "TotalReadoutTime": 0.0597409,
    "TxRefAmp": 243.492,
    "WipMemBlock": "9cb557dd-94a4-47cd-a109-34a2600b6631||Sequence: R016 ve11c/master r/e634e98; Dec 19 2017 11:00:25 by eja",
    "dataset": "ds003752",
    "modality": "bold",
    "run_id": 4,
    "session_id": "ResearchAguirre1",
    "subject_id": "02",
    "task_id": "LFContrast"
  },
  "dummy_trs": 4,
  "dvars_nstd": 53.39747919896357,
  "dvars_std": 1.048199793053221,
  "dvars_vstd": 1.00716939,
  "efc": 0.5106048529566879,
  "fber": 701.9760131835938,
  "fd_mean": 0.11065715074564168,
  "fd_num": 5,
  "fd_perc": 1.3966480446927374,
  "fwhm_avg": 2.996093333333333,
  "fwhm_x": 2.9261,
  "fwhm_y": 2.954105,
  "fwhm_z": 3.108075,
  "gcor": 0.001401,
  "gsr_x": -0.012674550525844097,
  "gsr_y": 0.05294819548726082,
  "provenance": {
    "md5sum": "8e2f954a983ade9b8c049a76c529c47c",
    "settings": {
      "fd_thres": 0.2,
      "testing": false
    },
    "software": "mriqc",
    "version": "22.0.6",
    "webapi_port": null,
    "webapi_url": "https://mriqc.nimh.nih.gov/api/v1"
  },
  "size_t": 358,
  "size_x": 104,
  "size_y": 104,
  "size_z": 72,
  "snr": 2.3867824591288107,
  "spacing_tr": 0.800000011920929,
  "spacing_x": 2.0,
  "spacing_y": 2.0,
  "spacing_z": 2.0,
  "summary_bg_k": 57.749467691105714,
  "summary_bg_mad": 117.90622858309554,
  "summary_bg_mean": 500.12310791015625,
  "summary_bg_median": 236.18853759765625,
  "summary_bg_n": 536878.0,
  "summary_bg_p05": 149.12010192871094,
  "summary_bg_p95": 1818.777716064451,
  "summary_bg_stdv": 769.2145385742188,
  "summary_fg_k": 2.2292386237548945,
  "summary_fg_mad": 2257.161975767477,
  "summary_fg_mean": 6858.45654296875,
  "summary_fg_median": 6348.05029296875,
  "summary_fg_n": 141599.0,
  "summary_fg_p05": 3568.821728515625,
  "summary_fg_p95": 11886.1927734375,
  "summary_fg_stdv": 2659.6591796875,
  "tsnr": 28.424199882894754
}