{
  "aor": 0.0002653501400560224,
  "aqi": 0.007812296946778712,
  "bids_meta": {
    "AcquisitionDateTime": "2018-10-13T14:11:29.820000",
    "AcquisitionMatrixPE": 104,
    "AcquisitionNumber": 1,
    "AcquisitionTime": "14:11:29.820000",
    "BandwidthPerPixelPhaseEncode": 16.578,
    "BaseResolution": 104,
    "BodyPartExamined": "BRAIN",
    "ConsistencyInfo": "N4_VE11C_LATEST_20160120",
    "ConversionSoftware": "dcm2niix",
    "ConversionSoftwareVersion": "v1.0.20180918  (JP2:OpenJPEG) GCC4.8.4",
    "DeidentificationMethod": "Penn_BSC_profile_v3.0",
    "DerivedVendorReportedEchoSpacing": 0.000580009,
    "DeviceSerialNumber": "66044",
    "DwellTime": 2.1e-06,
    "EchoTime": 0.037,
    "EchoTrainLength": 104,
    "EffectiveEchoSpacing": 0.000580009,
    "FlipAngle": 52,
    "ImageComments": "Unaliased_MB8_PE3_LB_KAS25@mela:LFContrast",
    "ImageOrientationPatientDICOM": [
      0.99997,
      -0.00675861,
      0.00366266,
      0.00767941,
      0.899786,
      -0.436265
    ],
    "ImageType": [
      "ORIGINAL",
      "PRIMARY",
      "M",
      "MB",
      "ND",
      "MOSAIC"
    ],
    "InPlanePhaseEncodingDirectionDICOM": "COL",
    "InstitutionAddress": "Curie_Blvd._422_Philadelphia_PA_US_19104",
    "InstitutionName": "SC3T",
    "InstitutionalDepartmentName": "Department",
    "MRAcquisitionType": "2D",
    "MagneticFieldStrength": 3,
    "Manufacturer": "Siemens",
    "ManufacturersModelName": "Prisma",
    "Modality": "MR",
    "MultibandAccelerationFactor": 8,
    "PartialFourier": 1,
    "PatientPosition": "HFS",
    "PatientSex": "F",
    "PercentPhaseFOV": 100,
    "PhaseEncodingDirection": "j",
    "PhaseEncodingSteps": 104,
    "PhaseResolution": 1,
    "PixelBandwidth": 2290,
    "ProcedureStepDescription": "Research_Aguirre",
    "ProtocolName": "tfMRI_LFContrast_PA_run2",
    "PulseSequenceDetails": "%CustomerSeq%_cmrr_mbep2d_bold",
    "ReceiveCoilActiveElements": "HC1-7",
    "ReceiveCoilName": "HeadNeck_64",
    "ReconMatrixPE": 104,
    "RepetitionTime": 0.8,
    "SAR": 0.0642097,
    "ScanOptions": "FS_EXT",
    "ScanningSequence": "EP",
    "SequenceName": "epfid2d1_104",
    "SequenceVariant": "SK_SS",
    "SeriesDescription": "tfMRI_LFContrast_PA_run2",
    "SeriesInstanceUID": "1.3.12.2.1107.5.2.43.66044.2018101314104741678522003.0.0.0",
    "SeriesNumber": 16,
    "ShimSetting": [
      3809,
      2800,
      490,
      435,
      9,
      -174,
      -71,
      -2
    ],
    "SliceThickness": 2,
    "SliceTiming": [
      0,
      0.4325,
      0.085,
      0.52,
      0.1725,
      0.605,
      0.26,
      0.6925,
      0.345,
      0,
      0.4325,
      0.085,
      0.52,
      0.1725,
      0.605,
      0.26,
      0.6925,
      0.345,
      0,
      0.4325,
      0.085,
      0.52,
      0.1725,
      0.605,
      0.26,
      0.6925,
      0.345,
      0,
      0.4325,
      0.085,
      0.52,
      0.1725,
      0.605,
      0.26,
      0.6925,
      0.345,
      0,
      0.4325,
      0.085,
      0.52,
      0.1725,
      0.605,
      0.26,
      0.6925,
      0.345,
      0,
      0.4325,
      0.085,
      0.52,
      0.1725,
      0.605,
      0.26,
      0.6925,
      0.345,
      0,
      0.4325,
      0.085,
      0.52,
      0.1725,
      0.605,
      0.26,
      0.6925,
      0.345,
      0,
      0.4325,
      0.085,
      0.52,
      0.1725,
      0.605,
      0.26,
      0.6925,
      0.345
    ],
    "SoftwareVersions": "syngo_MR_E11",
    "SpacingBetweenSlices": 2,
    "StationName": "AWP66044",
    "StudyID": "1",
    "StudyInstanceUID": "1.3.12.2.1107.5.2.43.66044.30000018101314052653700000007",
    "TaskName": "LFContrast",
    "TotalReadoutTime": 0.0597409,
    "TxRefAmp": 243.492,
    "WipMemBlock": "0e8fffbc-1a7b-4181-b19c-aee4ca644ada||Sequence: R016 ve11c/master r/e634e98; Dec 19 2017 11:00:25 by eja",
    "dataset": "ds003752",
    "modality": "bold",
    "run_id": 2,
    "session_id": "ResearchAguirre1",
    "subject_id": "02",
    "task_id": "LFContrast"
  },
  "dummy_trs": 5,
  "dvars_nstd": 53.483367566292124,
  "dvars_std": 1.0424939654775291,
  "dvars_vstd": 1.0011511099719093,
  "efc": 0.5109728863951808,
  "fber": 703.9324340820312,
  "fd_mean": 0.11042156186634827,
  "fd_num": 8,
  "fd_perc": 2.2408963585434174,
  "fwhm_avg": 3.0120633333333333,
  "fwhm_x": 2.927785,
  "fwhm_y": 2.977805,
  "fwhm_z": 3.1306,
  "gcor": 0.00108933,
  "gsr_x": -0.012996044009923935,
  "gsr_y": 0.05136371776461601,
  "provenance": {
    "md5sum": "8366e791227d2c873bbf85bf82afde4b",
    "settings": {
      "fd_thres": 0.2,
      "testing": false
    },
    "software": "mriqc",
    "version": "22.0.6",
    "webapi_port": null,
    "webapi_url": "https://mriqc.nimh.nih.gov/api/v1"
  },
  "size_t": 357,
  "size_x": 104,
  "size_y": 104,
  "size_z": 72,
  "snr": 2.3865403685861892,
  "spacing_tr": 0.800000011920929,
  "spacing_x": 2.0,
  "spacing_y": 2.0,
  "spacing_z": 2.0,
  "summary_bg_k": 55.68291902999272,
  "summary_bg_mad": 118.90511191982492,
  "summary_bg_mean": 501.4009094238281,
  "summary_bg_median": 236.5,
  "summary_bg_n": 536158.0,
  "summary_bg_p05": 148.11485290527344,
  "summary_bg_p95": 1823.8197998046865,
  "summary_bg_stdv": 766.9170532226562,
  "summary_fg_k": 2.2337076437251184,
  "summary_fg_mad": 2267.0356142724568,
  "summary_fg_mean": 6885.39990234375,
  "summary_fg_median": 6371.74267578125,
  "summary_fg_n": 141653.0,
  "summary_fg_p05": 3586.1166015625,
  "summary_fg_p95": 11934.2220703125,
  "summary_fg_stdv": 2669.8564453125,
  "tsnr": 27.435748300515115
}