{
  "aor": 0.0004439385474860335,
  "aqi": 0.008444571731843575,
  "bids_meta": {
    "AcquisitionDateTime": "2019-03-31T16:34:17.930000",
    "AcquisitionMatrixPE": 104,
    "AcquisitionNumber": 1,
    "AcquisitionTime": "16:34:17.930000",
    "BandwidthPerPixelPhaseEncode": 16.578,
    "BaseResolution": 104,
    "BodyPartExamined": "BRAIN",
    "ConsistencyInfo": "N4_VE11C_LATEST_20160120",
    "ConversionSoftware": "dcm2niix",
    "ConversionSoftwareVersion": "v1.0.20180918  (JP2:OpenJPEG) GCC4.8.4",
    "DeidentificationMethod": "Penn_BSC_profile_v3.0",
    "DerivedVendorReportedEchoSpacing": 0.000580009,
    "DeviceSerialNumber": "66044",
    "EchoTime": 0.037,
    "EchoTrainLength": 104,
    "EffectiveEchoSpacing": 0.000580009,
    "FlipAngle": 52,
    "ImageComments": "Unaliased_MB8_PE3_LB_AP26@brainardlab:LFContrast_:_KAS25@brainardlab:LFContrast",
    "ImageOrientationPatientDICOM": [
      0.998974,
      -0.016287,
      -0.0422502,
      -0.00244092,
      0.912346,
      -0.409412
    ],
    "ImageType": [
      "ORIGINAL",
      "PRIMARY",
      "M",
      "MB",
      "ND",
      "MOSAIC"
    ],
    "InPlanePhaseEncodingDirectionDICOM": "COL",
    "InstitutionAddress": "Curie_Blvd._422_Philadelphia_PA_US_19104",
    "InstitutionName": "SC3T",
    "MRAcquisitionType": "2D",
    "MagneticFieldStrength": 3,
    "Manufacturer": "Siemens",
    "ManufacturersModelName": "Prisma",
    "Modality": "MR",
    "MultibandAccelerationFactor": 8,
    "PartialFourier": 1,
    "PatientPosition": "HFS",
    "PatientSex": "F",
    "PercentPhaseFOV": 100,
    "PhaseEncodingDirection": "j",
    "PhaseEncodingSteps": 104,
    "PhaseResolution": 1,
    "PixelBandwidth": 2290,
    "ProcedureStepDescription": "LFContrast_-22.5_set",
    "ProtocolName": "tfMRI_LFContrast_PA_run5",
    "PulseSequenceDetails": "%CustomerSeq%_cmrr_mbep2d_bold",
    "ReceiveCoilActiveElements": "HC2,4,6,7;NC2",
    "ReceiveCoilName": "HeadNeck_64",
    "ReconMatrixPE": 104,
    "RepetitionTime": 0.8,
    "SAR": 0.0656405,
    "ScanOptions": "FS_EXT",
    "ScanningSequence": "EP",
    "SequenceName": "epfid2d1_104",
    "SequenceVariant": "SK_SS",
    "SeriesDescription": "tfMRI_LFContrast_PA_run5",
    "SeriesInstanceUID": "1.3.12.2.1107.5.2.43.66044.2019033116331142387031481.0.0.0",
    "SeriesNumber": 36,
    "ShimSetting": [
      3802,
      2740,
      526,
      527,
      -25,
      -17,
      -151,
      42
    ],
    "SliceThickness": 2,
    "SliceTiming": [
      0,
      0.435,
      0.0875,
      0.52,
      0.175,
      0.6075,
      0.26,
      0.695,
      0.3475,
      0,
      0.435,
      0.0875,
      0.52,
      0.175,
      0.6075,
      0.26,
      0.695,
      0.3475,
      0,
      0.435,
      0.0875,
      0.52,
      0.175,
      0.6075,
      0.26,
      0.695,
      0.3475,
      0,
      0.435,
      0.0875,
      0.52,
      0.175,
      0.6075,
      0.26,
      0.695,
      0.3475,
      0,
      0.435,
      0.0875,
      0.52,
      0.175,
      0.6075,
      0.26,
      0.695,
      0.3475,
      0,
      0.435,
      0.0875,
      0.52,
      0.175,
      0.6075,
      0.26,
      0.695,
      0.3475,
      0,
      0.435,
      0.0875,
      0.52,
      0.175,
      0.6075,
      0.26,
      0.695,
      0.3475,
      0,
      0.435,
      0.0875,
      0.52,
      0.175,
      0.6075,
      0.26,
      0.695,
      0.3475
    ],
    "SoftwareVersions": "syngo_MR_E11",
    "SpacingBetweenSlices": 2,
    "StationName": "AWP66044",
    "StudyID": "1",
    "StudyInstanceUID": "1.3.12.2.1107.5.2.43.66044.30000019033113204170400000013",
    "TaskName": "LFContrast",
    "TotalReadoutTime": 0.0597409,
    "TxRefAmp": 218.19,
    "WipMemBlock": "35ce5957-b3c0-4c63-9249-fedc4762e4f7||Sequence: R016 ve11c/master r/e634e98; Dec 19 2017 11:00:25 by eja",
    "dataset": "ds003752",
    "modality": "bold",
    "run_id": 5,
    "session_id": "LFContrast22p5",
    "subject_id": "03",
    "task_id": "LFContrast"
  },
  "dummy_trs": 2,
  "dvars_nstd": 54.630686538459386,
  "dvars_std": 1.0131280960504216,
  "dvars_vstd": 1.0033551548459376,
  "efc": 0.4922394826789767,
  "fber": 506.9781188964844,
  "fd_mean": 0.08847052155860817,
  "fd_num": 1,
  "fd_perc": 0.27932960893854747,
  "fwhm_avg": 3.505335,
  "fwhm_x": 3.383085,
  "fwhm_y": 3.63068,
  "fwhm_z": 3.50224,
  "gcor": 0.00583746,
  "gsr_x": -0.001719699357636273,
  "gsr_y": 0.03081395849585533,
  "provenance": {
    "md5sum": "24b020c11ff8778f07ba937fbe1a79c2",
    "settings": {
      "fd_thres": 0.2,
      "testing": false
    },
    "software": "mriqc",
    "version": "22.0.6",
    "webapi_port": null,
    "webapi_url": "https://mriqc.nimh.nih.gov/api/v1"
  },
  "size_t": 358,
  "size_x": 104,
  "size_y": 104,
  "size_z": 72,
  "snr": 1.6395323330793996,
  "spacing_tr": 0.800000011920929,
  "spacing_x": 2.0,
  "spacing_y": 2.0,
  "spacing_z": 2.0,
  "summary_bg_k": 27.273199616799555,
  "summary_bg_mad": 153.4909893441106,
  "summary_bg_mean": 585.3309936523438,
  "summary_bg_median": 273.6923828125,
  "summary_bg_n": 537132.0,
  "summary_bg_p05": 155.00792770385743,
  "summary_bg_p95": 2287.6953002929677,
  "summary_bg_stdv": 920.1680297851562,
  "summary_fg_k": 1.5071911245673721,
  "summary_fg_mad": 3337.5764897213967,
  "summary_fg_mean": 7104.1435546875,
  "summary_fg_median": 6210.1591796875,
  "summary_fg_n": 145195.0,
  "summary_fg_p05": 2651.785498046875,
  "summary_fg_p95": 14542.665820312497,
  "summary_fg_stdv": 3787.74951171875,
  "tsnr": 22.723405838012695
}