{
  "aor": 0.00046775280898876404,
  "aqi": 0.013045308876404494,
  "bids_meta": {
    "AcquisitionDateTime": "2019-03-31T16:28:19.917500",
    "AcquisitionMatrixPE": 104,
    "AcquisitionNumber": 1,
    "AcquisitionTime": "16:28:19.917500",
    "BandwidthPerPixelPhaseEncode": 16.578,
    "BaseResolution": 104,
    "BodyPartExamined": "BRAIN",
    "ConsistencyInfo": "N4_VE11C_LATEST_20160120",
    "ConversionSoftware": "dcm2niix",
    "ConversionSoftwareVersion": "v1.0.20180918  (JP2:OpenJPEG) GCC4.8.4",
    "DeidentificationMethod": "Penn_BSC_profile_v3.0",
    "DerivedVendorReportedEchoSpacing": 0.000580009,
    "DeviceSerialNumber": "66044",
    "EchoTime": 0.037,
    "EchoTrainLength": 104,
    "EffectiveEchoSpacing": 0.000580009,
    "FlipAngle": 52,
    "ImageComments": "Unaliased_MB8_PE3_LB_AP26@brainardlab:LFContrast_:_KAS25@brainardlab:LFContrast",
    "ImageOrientationPatientDICOM": [
      0.998974,
      -0.016287,
      -0.0422502,
      -0.00244092,
      0.912346,
      -0.409412
    ],
    "ImageType": [
      "ORIGINAL",
      "PRIMARY",
      "M",
      "MB",
      "ND",
      "MOSAIC"
    ],
    "InPlanePhaseEncodingDirectionDICOM": "COL",
    "InstitutionAddress": "Curie_Blvd._422_Philadelphia_PA_US_19104",
    "InstitutionName": "SC3T",
    "MRAcquisitionType": "2D",
    "MagneticFieldStrength": 3,
    "Manufacturer": "Siemens",
    "ManufacturersModelName": "Prisma",
    "Modality": "MR",
    "MultibandAccelerationFactor": 8,
    "PartialFourier": 1,
    "PatientPosition": "HFS",
    "PatientSex": "F",
    "PercentPhaseFOV": 100,
    "PhaseEncodingDirection": "j-",
    "PhaseEncodingSteps": 104,
    "PhaseResolution": 1,
    "PixelBandwidth": 2290,
    "ProcedureStepDescription": "LFContrast_-22.5_set",
    "ProtocolName": "tfMRI_LFContrast_AP_run4",
    "PulseSequenceDetails": "%CustomerSeq%_cmrr_mbep2d_bold",
    "ReceiveCoilActiveElements": "HC2,4,6,7;NC2",
    "ReceiveCoilName": "HeadNeck_64",
    "ReconMatrixPE": 104,
    "RepetitionTime": 0.8,
    "SAR": 0.0656405,
    "ScanOptions": "FS_EXT",
    "ScanningSequence": "EP",
    "SequenceName": "epfid2d1_104",
    "SequenceVariant": "SK_SS",
    "SeriesDescription": "tfMRI_LFContrast_AP_run4",
    "SeriesInstanceUID": "1.3.12.2.1107.5.2.43.66044.2019033116272711679152776.0.0.0",
    "SeriesNumber": 33,
    "ShimSetting": [
      3802,
      2740,
      526,
      527,
      -25,
      -17,
      -151,
      42
    ],
    "SliceThickness": 2,
    "SliceTiming": [
      0,
      0.4325,
      0.085,
      0.52,
      0.1725,
      0.605,
      0.26,
      0.6925,
      0.345,
      0,
      0.4325,
      0.085,
      0.52,
      0.1725,
      0.605,
      0.26,
      0.6925,
      0.345,
      0,
      0.4325,
      0.085,
      0.52,
      0.1725,
      0.605,
      0.26,
      0.6925,
      0.345,
      0,
      0.4325,
      0.085,
      0.52,
      0.1725,
      0.605,
      0.26,
      0.6925,
      0.345,
      0,
      0.4325,
      0.085,
      0.52,
      0.1725,
      0.605,
      0.26,
      0.6925,
      0.345,
      0,
      0.4325,
      0.085,
      0.52,
      0.1725,
      0.605,
      0.26,
      0.6925,
      0.345,
      0,
      0.4325,
      0.085,
      0.52,
      0.1725,
      0.605,
      0.26,
      0.6925,
      0.345,
      0,
      0.4325,
      0.085,
      0.52,
      0.1725,
      0.605,
      0.26,
      0.6925,
      0.345
    ],
    "SoftwareVersions": "syngo_MR_E11",
    "SpacingBetweenSlices": 2,
    "StationName": "AWP66044",
    "StudyID": "1",
    "StudyInstanceUID": "1.3.12.2.1107.5.2.43.66044.30000019033113204170400000013",
    "TaskName": "LFContrast",
    "TotalReadoutTime": 0.0597409,
    "TxRefAmp": 218.19,
    "WipMemBlock": "24fcd362-d0cb-4494-a66d-8e4131831e04||Sequence: R016 ve11c/master r/e634e98; Dec 19 2017 11:00:25 by eja",
    "dataset": "ds003752",
    "modality": "bold",
    "run_id": 4,
    "session_id": "LFContrast22p5",
    "subject_id": "03",
    "task_id": "LFContrast"
  },
  "dummy_trs": 4,
  "dvars_nstd": 55.57655449453521,
  "dvars_std": 0.9793967409014078,
  "dvars_vstd": 0.9788368585633795,
  "efc": 0.5061100972411171,
  "fber": 460.7840881347656,
  "fd_mean": 0.10809936966542073,
  "fd_num": 16,
  "fd_perc": 4.49438202247191,
  "fwhm_avg": 3.7063116666666667,
  "fwhm_x": 3.52701,
  "fwhm_y": 3.94694,
  "fwhm_z": 3.644985,
  "gcor": 0.00441766,
  "gsr_x": -0.0044090598821640015,
  "gsr_y": 0.07768417149782181,
  "provenance": {
    "md5sum": "c000b425c9dd6893af3dac5461f4791d",
    "settings": {
      "fd_thres": 0.2,
      "testing": false
    },
    "software": "mriqc",
    "version": "22.0.6",
    "webapi_port": null,
    "webapi_url": "https://mriqc.nimh.nih.gov/api/v1"
  },
  "size_t": 356,
  "size_x": 104,
  "size_y": 104,
  "size_z": 72,
  "snr": 1.617355387066191,
  "spacing_tr": 0.800000011920929,
  "spacing_x": 2.0,
  "spacing_y": 2.0,
  "spacing_z": 2.0,
  "summary_bg_k": 27.094492100461565,
  "summary_bg_mad": 164.35646421024776,
  "summary_bg_mean": 597.1497802734375,
  "summary_bg_median": 280.9219970703125,
  "summary_bg_n": 520979.0,
  "summary_bg_p05": 154.3008544921875,
  "summary_bg_p95": 2218.0447021484338,
  "summary_bg_stdv": 877.7838134765625,
  "summary_fg_k": 2.7716170395555304,
  "summary_fg_mad": 3166.7681178221087,
  "summary_fg_mean": 7020.35791015625,
  "summary_fg_median": 6109.64453125,
  "summary_fg_n": 157430.0,
  "summary_fg_p05": 2710.1388916015626,
  "summary_fg_p95": 14335.535058593745,
  "summary_fg_stdv": 3777.540283203125,
  "tsnr": 20.035202026367188
}