{
  "aor": 0.0009356267409470752,
  "aqi": 0.008426483760445682,
  "bids_meta": {
    "AcquisitionDateTime": "2019-03-31T16:00:13.250000",
    "AcquisitionMatrixPE": 104,
    "AcquisitionNumber": 1,
    "AcquisitionTime": "16:00:13.250000",
    "BandwidthPerPixelPhaseEncode": 16.578,
    "BaseResolution": 104,
    "BodyPartExamined": "BRAIN",
    "ConsistencyInfo": "N4_VE11C_LATEST_20160120",
    "ConversionSoftware": "dcm2niix",
    "ConversionSoftwareVersion": "v1.0.20180918  (JP2:OpenJPEG) GCC4.8.4",
    "DeidentificationMethod": "Penn_BSC_profile_v3.0",
    "DerivedVendorReportedEchoSpacing": 0.000580009,
    "DeviceSerialNumber": "66044",
    "EchoTime": 0.037,
    "EchoTrainLength": 104,
    "EffectiveEchoSpacing": 0.000580009,
    "FlipAngle": 52,
    "ImageComments": "Unaliased_MB8_PE3_LB_AP26@brainardlab:LFContrast_:_KAS25@brainardlab:LFContrast",
    "ImageOrientationPatientDICOM": [
      0.998974,
      -0.016287,
      -0.0422502,
      -0.00244092,
      0.912346,
      -0.409412
    ],
    "ImageType": [
      "ORIGINAL",
      "PRIMARY",
      "M",
      "MB",
      "ND",
      "MOSAIC"
    ],
    "InPlanePhaseEncodingDirectionDICOM": "COL",
    "InstitutionAddress": "Curie_Blvd._422_Philadelphia_PA_US_19104",
    "InstitutionName": "SC3T",
    "MRAcquisitionType": "2D",
    "MagneticFieldStrength": 3,
    "Manufacturer": "Siemens",
    "ManufacturersModelName": "Prisma",
    "Modality": "MR",
    "MultibandAccelerationFactor": 8,
    "PartialFourier": 1,
    "PatientPosition": "HFS",
    "PatientSex": "F",
    "PercentPhaseFOV": 100,
    "PhaseEncodingDirection": "j",
    "PhaseEncodingSteps": 104,
    "PhaseResolution": 1,
    "PixelBandwidth": 2290,
    "ProcedureStepDescription": "LFContrast_-22.5_set",
    "ProtocolName": "tfMRI_LFContrast_PA_run2",
    "PulseSequenceDetails": "%CustomerSeq%_cmrr_mbep2d_bold",
    "ReceiveCoilActiveElements": "HC2,4,6,7;NC2",
    "ReceiveCoilName": "HeadNeck_64",
    "ReconMatrixPE": 104,
    "RepetitionTime": 0.8,
    "SAR": 0.0656405,
    "ScanOptions": "FS_EXT",
    "ScanningSequence": "EP",
    "SequenceName": "epfid2d1_104",
    "SequenceVariant": "SK_SS",
    "SeriesDescription": "tfMRI_LFContrast_PA_run2",
    "SeriesInstanceUID": "1.3.12.2.1107.5.2.43.66044.2019033115592221357959251.0.0.0",
    "SeriesNumber": 18,
    "ShimSetting": [
      3802,
      2740,
      526,
      527,
      -25,
      -17,
      -151,
      42
    ],
    "SliceThickness": 2,
    "SliceTiming": [
      0,
      0.4325,
      0.0875,
      0.52,
      0.1725,
      0.6075,
      0.26,
      0.6925,
      0.3475,
      0,
      0.4325,
      0.0875,
      0.52,
      0.1725,
      0.6075,
      0.26,
      0.6925,
      0.3475,
      0,
      0.4325,
      0.0875,
      0.52,
      0.1725,
      0.6075,
      0.26,
      0.6925,
      0.3475,
      0,
      0.4325,
      0.0875,
      0.52,
      0.1725,
      0.6075,
      0.26,
      0.6925,
      0.3475,
      0,
      0.4325,
      0.0875,
      0.52,
      0.1725,
      0.6075,
      0.26,
      0.6925,
      0.3475,
      0,
      0.4325,
      0.0875,
      0.52,
      0.1725,
      0.6075,
      0.26,
      0.6925,
      0.3475,
      0,
      0.4325,
      0.0875,
      0.52,
      0.1725,
      0.6075,
      0.26,
      0.6925,
      0.3475,
      0,
      0.4325,
      0.0875,
      0.52,
      0.1725,
      0.6075,
      0.26,
      0.6925,
      0.3475
    ],
    "SoftwareVersions": "syngo_MR_E11",
    "SpacingBetweenSlices": 2,
    "StationName": "AWP66044",
    "StudyID": "1",
    "StudyInstanceUID": "1.3.12.2.1107.5.2.43.66044.30000019033113204170400000013",
    "TaskName": "LFContrast",
    "TotalReadoutTime": 0.0597409,
    "TxRefAmp": 218.19,
    "WipMemBlock": "0da96d0a-356f-437d-82ea-b7c86c6b536b||Sequence: R016 ve11c/master r/e634e98; Dec 19 2017 11:00:25 by eja",
    "dataset": "ds003752",
    "modality": "bold",
    "run_id": 2,
    "session_id": "LFContrast22p5",
    "subject_id": "03",
    "task_id": "LFContrast"
  },
  "dummy_trs": 1,
  "dvars_nstd": 53.13193466125699,
  "dvars_std": 1.014367842122904,
  "dvars_vstd": 1.008655317122906,
  "efc": 0.49143411636588336,
  "fber": 526.56787109375,
  "fd_mean": 0.07474802552640583,
  "fd_num": 0,
  "fd_perc": 0.0,
  "fwhm_avg": 3.5187616666666663,
  "fwhm_x": 3.40839,
  "fwhm_y": 3.65107,
  "fwhm_z": 3.496825,
  "gcor": 0.00367794,
  "gsr_x": -0.003646108089014888,
  "gsr_y": 0.03388787806034088,
  "provenance": {
    "md5sum": "282fc86a96b94d6ba6c40ce7b18c04b3",
    "settings": {
      "fd_thres": 0.2,
      "testing": false
    },
    "software": "mriqc",
    "version": "22.0.6",
    "webapi_port": null,
    "webapi_url": "https://mriqc.nimh.nih.gov/api/v1"
  },
  "size_t": 359,
  "size_x": 104,
  "size_y": 104,
  "size_z": 72,
  "snr": 1.673383868499671,
  "spacing_tr": 0.800000011920929,
  "spacing_x": 2.0,
  "spacing_y": 2.0,
  "spacing_z": 2.0,
  "summary_bg_k": 28.226105557986447,
  "summary_bg_mad": 150.2613819311963,
  "summary_bg_mean": 576.1417236328125,
  "summary_bg_median": 269.9935302734375,
  "summary_bg_n": 537585.0,
  "summary_bg_p05": 154.04033508300782,
  "summary_bg_p95": 2254.1582031249995,
  "summary_bg_stdv": 896.6595458984375,
  "summary_fg_k": 1.3539892209824833,
  "summary_fg_mad": 3328.376827127271,
  "summary_fg_mean": 7143.07275390625,
  "summary_fg_median": 6264.298828125,
  "summary_fg_n": 143286.0,
  "summary_fg_p05": 2727.9987182617188,
  "summary_fg_p95": 14511.21630859375,
  "summary_fg_stdv": 3743.478759765625,
  "tsnr": 22.81867790222168
}