{
  "aor": 0.00044632022471910123,
  "aqi": 0.012368546853932584,
  "bids_meta": {
    "AcquisitionDateTime": "2019-03-31T16:22:35.902500",
    "AcquisitionMatrixPE": 104,
    "AcquisitionNumber": 1,
    "AcquisitionTime": "16:22:35.902500",
    "BandwidthPerPixelPhaseEncode": 16.578,
    "BaseResolution": 104,
    "BodyPartExamined": "BRAIN",
    "ConsistencyInfo": "N4_VE11C_LATEST_20160120",
    "ConversionSoftware": "dcm2niix",
    "ConversionSoftwareVersion": "v1.0.20180918  (JP2:OpenJPEG) GCC4.8.4",
    "DeidentificationMethod": "Penn_BSC_profile_v3.0",
    "DerivedVendorReportedEchoSpacing": 0.000580009,
    "DeviceSerialNumber": "66044",
    "EchoTime": 0.037,
    "EchoTrainLength": 104,
    "EffectiveEchoSpacing": 0.000580009,
    "FlipAngle": 52,
    "ImageComments": "Unaliased_MB8_PE3_LB_AP26@brainardlab:LFContrast_:_KAS25@brainardlab:LFContrast",
    "ImageOrientationPatientDICOM": [
      0.998974,
      -0.016287,
      -0.0422502,
      -0.00244092,
      0.912346,
      -0.409412
    ],
    "ImageType": [
      "ORIGINAL",
      "PRIMARY",
      "M",
      "MB",
      "ND",
      "MOSAIC"
    ],
    "InPlanePhaseEncodingDirectionDICOM": "COL",
    "InstitutionAddress": "Curie_Blvd._422_Philadelphia_PA_US_19104",
    "InstitutionName": "SC3T",
    "MRAcquisitionType": "2D",
    "MagneticFieldStrength": 3,
    "Manufacturer": "Siemens",
    "ManufacturersModelName": "Prisma",
    "Modality": "MR",
    "MultibandAccelerationFactor": 8,
    "PartialFourier": 1,
    "PatientPosition": "HFS",
    "PatientSex": "F",
    "PercentPhaseFOV": 100,
    "PhaseEncodingDirection": "j",
    "PhaseEncodingSteps": 104,
    "PhaseResolution": 1,
    "PixelBandwidth": 2290,
    "ProcedureStepDescription": "LFContrast_-22.5_set",
    "ProtocolName": "tfMRI_LFContrast_PA_run4",
    "PulseSequenceDetails": "%CustomerSeq%_cmrr_mbep2d_bold",
    "ReceiveCoilActiveElements": "HC2,4,6,7;NC2",
    "ReceiveCoilName": "HeadNeck_64",
    "ReconMatrixPE": 104,
    "RepetitionTime": 0.8,
    "SAR": 0.0656405,
    "ScanOptions": "FS_EXT",
    "ScanningSequence": "EP",
    "SequenceName": "epfid2d1_104",
    "SequenceVariant": "SK_SS",
    "SeriesDescription": "tfMRI_LFContrast_PA_run4",
    "SeriesInstanceUID": "1.3.12.2.1107.5.2.43.66044.2019033116215213960174071.0.0.0",
    "SeriesNumber": 30,
    "ShimSetting": [
      3802,
      2740,
      526,
      527,
      -25,
      -17,
      -151,
      42
    ],
    "SliceThickness": 2,
    "SliceTiming": [
      0,
      0.435,
      0.0875,
      0.52,
      0.175,
      0.6075,
      0.26,
      0.695,
      0.3475,
      0,
      0.435,
      0.0875,
      0.52,
      0.175,
      0.6075,
      0.26,
      0.695,
      0.3475,
      0,
      0.435,
      0.0875,
      0.52,
      0.175,
      0.6075,
      0.26,
      0.695,
      0.3475,
      0,
      0.435,
      0.0875,
      0.52,
      0.175,
      0.6075,
      0.26,
      0.695,
      0.3475,
      0,
      0.435,
      0.0875,
      0.52,
      0.175,
      0.6075,
      0.26,
      0.695,
      0.3475,
      0,
      0.435,
      0.0875,
      0.52,
      0.175,
      0.6075,
      0.26,
      0.695,
      0.3475,
      0,
      0.435,
      0.0875,
      0.52,
      0.175,
      0.6075,
      0.26,
      0.695,
      0.3475,
      0,
      0.435,
      0.0875,
      0.52,
      0.175,
      0.6075,
      0.26,
      0.695,
      0.3475
    ],
    "SoftwareVersions": "syngo_MR_E11",
    "SpacingBetweenSlices": 2,
    "StationName": "AWP66044",
    "StudyID": "1",
    "StudyInstanceUID": "1.3.12.2.1107.5.2.43.66044.30000019033113204170400000013",
    "TaskName": "LFContrast",
    "TotalReadoutTime": 0.0597409,
    "TxRefAmp": 218.19,
    "WipMemBlock": "37b9303a-d7e9-4367-94e4-bb77b8ef4d2f||Sequence: R016 ve11c/master r/e634e98; Dec 19 2017 11:00:25 by eja",
    "dataset": "ds003752",
    "modality": "bold",
    "run_id": 4,
    "session_id": "LFContrast22p5",
    "subject_id": "03",
    "task_id": "LFContrast"
  },
  "dummy_trs": 4,
  "dvars_nstd": 53.6051576316619,
  "dvars_std": 0.9762540730422535,
  "dvars_vstd": 0.9750082308169004,
  "efc": 0.4926408402135849,
  "fber": 519.317138671875,
  "fd_mean": 0.09083542793586985,
  "fd_num": 11,
  "fd_perc": 3.0898876404494384,
  "fwhm_avg": 3.526661666666667,
  "fwhm_x": 3.402205,
  "fwhm_y": 3.65866,
  "fwhm_z": 3.51912,
  "gcor": 0.00397561,
  "gsr_x": -0.002453081076964736,
  "gsr_y": 0.03128372132778168,
  "provenance": {
    "md5sum": "a3f65117ad7c397ee7d4f694991e79c5",
    "settings": {
      "fd_thres": 0.2,
      "testing": false
    },
    "software": "mriqc",
    "version": "22.0.6",
    "webapi_port": null,
    "webapi_url": "https://mriqc.nimh.nih.gov/api/v1"
  },
  "size_t": 356,
  "size_x": 104,
  "size_y": 104,
  "size_z": 72,
  "snr": 1.6620125694710417,
  "spacing_tr": 0.800000011920929,
  "spacing_x": 2.0,
  "spacing_y": 2.0,
  "spacing_z": 2.0,
  "summary_bg_k": 25.69520524015983,
  "summary_bg_mad": 152.12568590036926,
  "summary_bg_mean": 584.8013916015625,
  "summary_bg_median": 272.53814697265625,
  "summary_bg_n": 537150.0,
  "summary_bg_p05": 155.441658782959,
  "summary_bg_p95": 2301.8010864257812,
  "summary_bg_stdv": 906.0653686523438,
  "summary_fg_k": 1.4884294165736014,
  "summary_fg_mad": 3330.9160006045213,
  "summary_fg_mean": 7169.9482421875,
  "summary_fg_median": 6271.9853515625,
  "summary_fg_n": 143729.0,
  "summary_fg_p05": 2745.34091796875,
  "summary_fg_p95": 14590.7205078125,
  "summary_fg_stdv": 3773.716064453125,
  "tsnr": 20.745580673217773
}