{
  "aor": 0.0006685318559556787,
  "aqi": 0.008073687174515235,
  "bids_meta": {
    "AcquisitionDateTime": "2018-10-27T17:18:35.017500",
    "AcquisitionMatrixPE": 104,
    "AcquisitionNumber": 1,
    "AcquisitionTime": "17:18:35.017500",
    "BandwidthPerPixelPhaseEncode": 16.578,
    "BaseResolution": 104,
    "BodyPartExamined": "BRAIN",
    "ConsistencyInfo": "N4_VE11C_LATEST_20160120",
    "ConversionSoftware": "dcm2niix",
    "ConversionSoftwareVersion": "v1.0.20180918  (JP2:OpenJPEG) GCC4.8.4",
    "DeidentificationMethod": "Penn_BSC_profile_v3.0",
    "DerivedVendorReportedEchoSpacing": 0.000580009,
    "DeviceSerialNumber": "66044",
    "DwellTime": 2.1e-06,
    "EchoTime": 0.037,
    "EchoTrainLength": 104,
    "EffectiveEchoSpacing": 0.000580009,
    "FlipAngle": 52,
    "ImageComments": "Unaliased_MB8_PE3_LB_AP26@mela:LFContrast",
    "ImageOrientationPatientDICOM": [
      0.999069,
      -0.0344465,
      -0.0259801,
      0.0205786,
      0.909687,
      -0.414784
    ],
    "ImageType": [
      "ORIGINAL",
      "PRIMARY",
      "M",
      "MB",
      "ND",
      "MOSAIC"
    ],
    "InPlanePhaseEncodingDirectionDICOM": "COL",
    "InstitutionAddress": "Curie_Blvd._422_Philadelphia_PA_US_19104",
    "InstitutionName": "SC3T",
    "InstitutionalDepartmentName": "Department",
    "MRAcquisitionType": "2D",
    "MagneticFieldStrength": 3,
    "Manufacturer": "Siemens",
    "ManufacturersModelName": "Prisma",
    "Modality": "MR",
    "MultibandAccelerationFactor": 8,
    "PartialFourier": 1,
    "PatientPosition": "HFS",
    "PatientSex": "F",
    "PercentPhaseFOV": 100,
    "PhaseEncodingDirection": "j-",
    "PhaseEncodingSteps": 104,
    "PhaseResolution": 1,
    "PixelBandwidth": 2290,
    "ProcedureStepDescription": "Research_Aguirre",
    "ProtocolName": "tfMRI_LFContrast_AP_run2",
    "PulseSequenceDetails": "%CustomerSeq%_cmrr_mbep2d_bold",
    "ReceiveCoilActiveElements": "HC1-7",
    "ReceiveCoilName": "HeadNeck_64",
    "ReconMatrixPE": 104,
    "RepetitionTime": 0.8,
    "SAR": 0.0682384,
    "ScanOptions": "FS_EXT",
    "ScanningSequence": "EP",
    "SequenceName": "epfid2d1_104",
    "SequenceVariant": "SK_SS",
    "SeriesDescription": "tfMRI_LFContrast_AP_run2",
    "SeriesInstanceUID": "1.3.12.2.1107.5.2.43.66044.201810271718234278611508.0.0.0",
    "SeriesNumber": 21,
    "ShimSetting": [
      3801,
      2784,
      502,
      452,
      -66,
      4,
      -147,
      50
    ],
    "SliceThickness": 2,
    "SliceTiming": [
      0,
      0.435,
      0.0875,
      0.52,
      0.175,
      0.6075,
      0.26,
      0.695,
      0.3475,
      0,
      0.435,
      0.0875,
      0.52,
      0.175,
      0.6075,
      0.26,
      0.695,
      0.3475,
      0,
      0.435,
      0.0875,
      0.52,
      0.175,
      0.6075,
      0.26,
      0.695,
      0.3475,
      0,
      0.435,
      0.0875,
      0.52,
      0.175,
      0.6075,
      0.26,
      0.695,
      0.3475,
      0,
      0.435,
      0.0875,
      0.52,
      0.175,
      0.6075,
      0.26,
      0.695,
      0.3475,
      0,
      0.435,
      0.0875,
      0.52,
      0.175,
      0.6075,
      0.26,
      0.695,
      0.3475,
      0,
      0.435,
      0.0875,
      0.52,
      0.175,
      0.6075,
      0.26,
      0.695,
      0.3475,
      0,
      0.435,
      0.0875,
      0.52,
      0.175,
      0.6075,
      0.26,
      0.695,
      0.3475
    ],
    "SoftwareVersions": "syngo_MR_E11",
    "SpacingBetweenSlices": 2,
    "StationName": "AWP66044",
    "StudyID": "1",
    "StudyInstanceUID": "1.3.12.2.1107.5.2.43.66044.30000018102521373314300000037",
    "TaskName": "LFContrast",
    "TotalReadoutTime": 0.0597409,
    "TxRefAmp": 218.257,
    "WipMemBlock": "c821edfc-edbd-42df-87c7-5a3123ae75c1||Sequence: R016 ve11c/master r/e634e98; Dec 19 2017 11:00:25 by eja",
    "dataset": "ds003752",
    "modality": "bold",
    "run_id": 2,
    "session_id": "ResearchAguirre2",
    "subject_id": "03",
    "task_id": "LFContrast"
  },
  "dummy_trs": 1,
  "dvars_nstd": 44.63820410836113,
  "dvars_std": 1.0111956863611107,
  "dvars_vstd": 1.001726247111111,
  "efc": 0.5280432667982705,
  "fber": 599.7587280273438,
  "fd_mean": 0.09368285803712967,
  "fd_num": 5,
  "fd_perc": 1.3850415512465375,
  "fwhm_avg": 3.198361666666667,
  "fwhm_x": 3.06497,
  "fwhm_y": 3.257095,
  "fwhm_z": 3.27302,
  "gcor": 0.00620883,
  "gsr_x": -0.013253842480480671,
  "gsr_y": 0.07434073090553284,
  "provenance": {
    "md5sum": "35a8ecfb9ccd3345e99e7b2607c985a0",
    "settings": {
      "fd_thres": 0.2,
      "testing": false
    },
    "software": "mriqc",
    "version": "22.0.6",
    "webapi_port": null,
    "webapi_url": "https://mriqc.nimh.nih.gov/api/v1"
  },
  "size_t": 361,
  "size_x": 104,
  "size_y": 104,
  "size_z": 72,
  "snr": 2.0597171829388197,
  "spacing_tr": 0.800000011920929,
  "spacing_x": 2.0,
  "spacing_y": 2.0,
  "spacing_z": 2.0,
  "summary_bg_k": 31.0821460212967,
  "summary_bg_mad": 168.14587069385482,
  "summary_bg_mean": 625.5601196289062,
  "summary_bg_median": 283.70281982421875,
  "summary_bg_n": 506824.0,
  "summary_bg_p05": 157.12578735351562,
  "summary_bg_p95": 2347.4983764648437,
  "summary_bg_stdv": 971.3455810546875,
  "summary_fg_k": 2.677659519614142,
  "summary_fg_mad": 2927.17293918445,
  "summary_fg_mean": 7821.53662109375,
  "summary_fg_median": 7091.3642578125,
  "summary_fg_n": 168898.0,
  "summary_fg_p05": 3690.5459594726562,
  "summary_fg_p95": 14392.463330078122,
  "summary_fg_stdv": 3442.872314453125,
  "tsnr": 26.589805603027344
}