{
  "aor": 0.00042529247910863506,
  "aqi": 0.010112510863509748,
  "bids_meta": {
    "AcquisitionDateTime": "2018-10-27T17:45:44.177500",
    "AcquisitionMatrixPE": 104,
    "AcquisitionNumber": 1,
    "AcquisitionTime": "17:45:44.177500",
    "BandwidthPerPixelPhaseEncode": 16.578,
    "BaseResolution": 104,
    "BodyPartExamined": "BRAIN",
    "ConsistencyInfo": "N4_VE11C_LATEST_20160120",
    "ConversionSoftware": "dcm2niix",
    "ConversionSoftwareVersion": "v1.0.20180918  (JP2:OpenJPEG) GCC4.8.4",
    "DeidentificationMethod": "Penn_BSC_profile_v3.0",
    "DerivedVendorReportedEchoSpacing": 0.000580009,
    "DeviceSerialNumber": "66044",
    "DwellTime": 2.1e-06,
    "EchoTime": 0.037,
    "EchoTrainLength": 104,
    "EffectiveEchoSpacing": 0.000580009,
    "FlipAngle": 52,
    "ImageComments": "Unaliased_MB8_PE3_LB_AP26@mela:LFContrast",
    "ImageOrientationPatientDICOM": [
      0.999069,
      -0.0344465,
      -0.0259801,
      0.0205786,
      0.909687,
      -0.414784
    ],
    "ImageType": [
      "ORIGINAL",
      "PRIMARY",
      "M",
      "MB",
      "ND",
      "MOSAIC"
    ],
    "InPlanePhaseEncodingDirectionDICOM": "COL",
    "InstitutionAddress": "Curie_Blvd._422_Philadelphia_PA_US_19104",
    "InstitutionName": "SC3T",
    "InstitutionalDepartmentName": "Department",
    "MRAcquisitionType": "2D",
    "MagneticFieldStrength": 3,
    "Manufacturer": "Siemens",
    "ManufacturersModelName": "Prisma",
    "Modality": "MR",
    "MultibandAccelerationFactor": 8,
    "PartialFourier": 1,
    "PatientPosition": "HFS",
    "PatientSex": "F",
    "PercentPhaseFOV": 100,
    "PhaseEncodingDirection": "j-",
    "PhaseEncodingSteps": 104,
    "PhaseResolution": 1,
    "PixelBandwidth": 2290,
    "ProcedureStepDescription": "Research_Aguirre",
    "ProtocolName": "tfMRI_LFContrast_AP_run4",
    "PulseSequenceDetails": "%CustomerSeq%_cmrr_mbep2d_bold",
    "ReceiveCoilActiveElements": "HC1-7",
    "ReceiveCoilName": "HeadNeck_64",
    "ReconMatrixPE": 104,
    "RepetitionTime": 0.8,
    "SAR": 0.0717999,
    "ScanOptions": "FS_EXT",
    "ScanningSequence": "EP",
    "SequenceName": "epfid2d1_104",
    "SequenceVariant": "SK_SS",
    "SeriesDescription": "tfMRI_LFContrast_AP_run4",
    "SeriesInstanceUID": "1.3.12.2.1107.5.2.43.66044.2018102717441963303447655.0.0.0",
    "SeriesNumber": 36,
    "ShimSetting": [
      3804,
      2783,
      500,
      437,
      -78,
      9,
      -150,
      59
    ],
    "SliceThickness": 2,
    "SliceTiming": [
      0,
      0.4325,
      0.085,
      0.5175,
      0.1725,
      0.605,
      0.2575,
      0.6925,
      0.345,
      0,
      0.4325,
      0.085,
      0.5175,
      0.1725,
      0.605,
      0.2575,
      0.6925,
      0.345,
      0,
      0.4325,
      0.085,
      0.5175,
      0.1725,
      0.605,
      0.2575,
      0.6925,
      0.345,
      0,
      0.4325,
      0.085,
      0.5175,
      0.1725,
      0.605,
      0.2575,
      0.6925,
      0.345,
      0,
      0.4325,
      0.085,
      0.5175,
      0.1725,
      0.605,
      0.2575,
      0.6925,
      0.345,
      0,
      0.4325,
      0.085,
      0.5175,
      0.1725,
      0.605,
      0.2575,
      0.6925,
      0.345,
      0,
      0.4325,
      0.085,
      0.5175,
      0.1725,
      0.605,
      0.2575,
      0.6925,
      0.345,
      0,
      0.4325,
      0.085,
      0.5175,
      0.1725,
      0.605,
      0.2575,
      0.6925,
      0.345
    ],
    "SoftwareVersions": "syngo_MR_E11",
    "SpacingBetweenSlices": 2,
    "StationName": "AWP66044",
    "StudyID": "1",
    "StudyInstanceUID": "1.3.12.2.1107.5.2.43.66044.30000018102521373314300000037",
    "TaskName": "LFContrast",
    "TotalReadoutTime": 0.0597409,
    "TxRefAmp": 221.83,
    "WipMemBlock": "79aa712a-44fc-4602-adbe-ae9d47959e20||Sequence: R016 ve11c/master r/e634e98; Dec 19 2017 11:00:25 by eja",
    "dataset": "ds003752",
    "modality": "bold",
    "run_id": 4,
    "session_id": "ResearchAguirre2",
    "subject_id": "03",
    "task_id": "LFContrast"
  },
  "dummy_trs": 3,
  "dvars_nstd": 46.10992164164803,
  "dvars_std": 0.9914914900279339,
  "dvars_vstd": 0.9781300877094966,
  "efc": 0.5301369336937418,
  "fber": 601.482421875,
  "fd_mean": 0.0998349663906139,
  "fd_num": 3,
  "fd_perc": 0.8356545961002786,
  "fwhm_avg": 3.1484633333333334,
  "fwhm_x": 3.02869,
  "fwhm_y": 3.233215,
  "fwhm_z": 3.183485,
  "gcor": 0.0082935,
  "gsr_x": -0.011756697669625282,
  "gsr_y": 0.0734194740653038,
  "provenance": {
    "md5sum": "16b332e816b47223b202ec4dd52384e9",
    "settings": {
      "fd_thres": 0.2,
      "testing": false
    },
    "software": "mriqc",
    "version": "22.0.6",
    "webapi_port": null,
    "webapi_url": "https://mriqc.nimh.nih.gov/api/v1"
  },
  "size_t": 359,
  "size_x": 104,
  "size_y": 104,
  "size_z": 72,
  "snr": 2.111532523719666,
  "spacing_tr": 0.800000011920929,
  "spacing_x": 2.0,
  "spacing_y": 2.0,
  "spacing_z": 2.0,
  "summary_bg_k": 32.76776089486781,
  "summary_bg_mad": 168.63726998720912,
  "summary_bg_mean": 623.86962890625,
  "summary_bg_median": 283.3586120605469,
  "summary_bg_n": 506501.0,
  "summary_bg_p05": 154.97549438476562,
  "summary_bg_p95": 2337.9892578125,
  "summary_bg_stdv": 969.000732421875,
  "summary_fg_k": 2.5162038368427613,
  "summary_fg_mad": 2859.1983783880532,
  "summary_fg_mean": 7746.880859375,
  "summary_fg_median": 7054.7314453125,
  "summary_fg_n": 169066.0,
  "summary_fg_p05": 3688.0225830078125,
  "summary_fg_p95": 14115.871337890625,
  "summary_fg_stdv": 3341.0380859375,
  "tsnr": 24.774003982543945
}