{
  "aor": 0.0008319667590027702,
  "aqi": 0.009003867811634349,
  "bids_meta": {
    "AcquisitionDateTime": "2018-10-27T17:01:31.390000",
    "AcquisitionMatrixPE": 104,
    "AcquisitionNumber": 1,
    "AcquisitionTime": "17:01:31.390000",
    "BandwidthPerPixelPhaseEncode": 16.578,
    "BaseResolution": 104,
    "BodyPartExamined": "BRAIN",
    "ConsistencyInfo": "N4_VE11C_LATEST_20160120",
    "ConversionSoftware": "dcm2niix",
    "ConversionSoftwareVersion": "v1.0.20180918  (JP2:OpenJPEG) GCC4.8.4",
    "DeidentificationMethod": "Penn_BSC_profile_v3.0",
    "DerivedVendorReportedEchoSpacing": 0.000580009,
    "DeviceSerialNumber": "66044",
    "DwellTime": 2.1e-06,
    "EchoTime": 0.037,
    "EchoTrainLength": 104,
    "EffectiveEchoSpacing": 0.000580009,
    "FlipAngle": 52,
    "ImageComments": "Unaliased_MB8_PE3_LB_AP26@mela:LFContrast",
    "ImageOrientationPatientDICOM": [
      0.999069,
      -0.0344465,
      -0.0259801,
      0.0205786,
      0.909687,
      -0.414784
    ],
    "ImageType": [
      "ORIGINAL",
      "PRIMARY",
      "M",
      "MB",
      "ND",
      "MOSAIC"
    ],
    "InPlanePhaseEncodingDirectionDICOM": "COL",
    "InstitutionAddress": "Curie_Blvd._422_Philadelphia_PA_US_19104",
    "InstitutionName": "SC3T",
    "InstitutionalDepartmentName": "Department",
    "MRAcquisitionType": "2D",
    "MagneticFieldStrength": 3,
    "Manufacturer": "Siemens",
    "ManufacturersModelName": "Prisma",
    "Modality": "MR",
    "MultibandAccelerationFactor": 8,
    "PartialFourier": 1,
    "PatientPosition": "HFS",
    "PatientSex": "F",
    "PercentPhaseFOV": 100,
    "PhaseEncodingDirection": "j",
    "PhaseEncodingSteps": 104,
    "PhaseResolution": 1,
    "PixelBandwidth": 2290,
    "ProcedureStepDescription": "Research_Aguirre",
    "ProtocolName": "tfMRI_LFContrast_PA_run1",
    "PulseSequenceDetails": "%CustomerSeq%_cmrr_mbep2d_bold",
    "ReceiveCoilActiveElements": "HC1-7",
    "ReceiveCoilName": "HeadNeck_64",
    "ReconMatrixPE": 104,
    "RepetitionTime": 0.8,
    "SAR": 0.0682384,
    "ScanOptions": "FS_EXT",
    "ScanningSequence": "EP",
    "SequenceName": "epfid2d1_104",
    "SequenceVariant": "SK_SS",
    "SeriesDescription": "tfMRI_LFContrast_PA_run1",
    "SeriesInstanceUID": "1.3.12.2.1107.5.2.43.66044.2018102717011991562774085.0.0.0",
    "SeriesNumber": 12,
    "ShimSetting": [
      3801,
      2784,
      502,
      452,
      -66,
      4,
      -147,
      50
    ],
    "SliceThickness": 2,
    "SliceTiming": [
      0,
      0.435,
      0.0875,
      0.52,
      0.175,
      0.6075,
      0.26,
      0.695,
      0.3475,
      0,
      0.435,
      0.0875,
      0.52,
      0.175,
      0.6075,
      0.26,
      0.695,
      0.3475,
      0,
      0.435,
      0.0875,
      0.52,
      0.175,
      0.6075,
      0.26,
      0.695,
      0.3475,
      0,
      0.435,
      0.0875,
      0.52,
      0.175,
      0.6075,
      0.26,
      0.695,
      0.3475,
      0,
      0.435,
      0.0875,
      0.52,
      0.175,
      0.6075,
      0.26,
      0.695,
      0.3475,
      0,
      0.435,
      0.0875,
      0.52,
      0.175,
      0.6075,
      0.26,
      0.695,
      0.3475,
      0,
      0.435,
      0.0875,
      0.52,
      0.175,
      0.6075,
      0.26,
      0.695,
      0.3475,
      0,
      0.435,
      0.0875,
      0.52,
      0.175,
      0.6075,
      0.26,
      0.695,
      0.3475
    ],
    "SoftwareVersions": "syngo_MR_E11",
    "SpacingBetweenSlices": 2,
    "StationName": "AWP66044",
    "StudyID": "1",
    "StudyInstanceUID": "1.3.12.2.1107.5.2.43.66044.30000018102521373314300000037",
    "TaskName": "LFContrast",
    "TotalReadoutTime": 0.0597409,
    "TxRefAmp": 218.257,
    "WipMemBlock": "b1461121-ac3b-438a-bb56-08856078c2bc||Sequence: R016 ve11c/master r/e634e98; Dec 19 2017 11:00:25 by eja",
    "dataset": "ds003752",
    "modality": "bold",
    "run_id": 1,
    "session_id": "ResearchAguirre2",
    "subject_id": "03",
    "task_id": "LFContrast"
  },
  "dummy_trs": 1,
  "dvars_nstd": 45.67892335266663,
  "dvars_std": 1.0076469082500001,
  "dvars_vstd": 0.9923823692222219,
  "efc": 0.5258927817070971,
  "fber": 642.3909912109375,
  "fd_mean": 0.08447560906651949,
  "fd_num": 9,
  "fd_perc": 2.4930747922437675,
  "fwhm_avg": 3.124893333333333,
  "fwhm_x": 3.01444,
  "fwhm_y": 3.155045,
  "fwhm_z": 3.205195,
  "gcor": 0.00556319,
  "gsr_x": -0.01692718081176281,
  "gsr_y": 0.05315416306257248,
  "provenance": {
    "md5sum": "e96533ff6d90b6c3f4b5d7108def9c4c",
    "settings": {
      "fd_thres": 0.2,
      "testing": false
    },
    "software": "mriqc",
    "version": "22.0.6",
    "webapi_port": null,
    "webapi_url": "https://mriqc.nimh.nih.gov/api/v1"
  },
  "size_t": 361,
  "size_x": 104,
  "size_y": 104,
  "size_z": 72,
  "snr": 2.098791312936822,
  "spacing_tr": 0.800000011920929,
  "spacing_x": 2.0,
  "spacing_y": 2.0,
  "spacing_z": 2.0,
  "summary_bg_k": 47.45353137790318,
  "summary_bg_mad": 164.56359778435416,
  "summary_bg_mean": 660.1437377929688,
  "summary_bg_median": 282.06005859375,
  "summary_bg_n": 514200.0,
  "summary_bg_p05": 158.48221664428712,
  "summary_bg_p95": 2729.935119628905,
  "summary_bg_stdv": 1073.074462890625,
  "summary_fg_k": 1.2958385630090161,
  "summary_fg_mad": 3137.635852940711,
  "summary_fg_mean": 7858.71923828125,
  "summary_fg_median": 7181.06201171875,
  "summary_fg_n": 163843.0,
  "summary_fg_p05": 3585.6698486328123,
  "summary_fg_p95": 14477.4404296875,
  "summary_fg_stdv": 3421.51220703125,
  "tsnr": 25.251028060913086
}