{
  "aor": 0.0006070391061452513,
  "aqi": 0.010338819385474861,
  "bids_meta": {
    "AcquisitionDateTime": "2018-10-27T17:30:1.077500",
    "AcquisitionMatrixPE": 104,
    "AcquisitionNumber": 1,
    "AcquisitionTime": "17:30:1.077500",
    "BandwidthPerPixelPhaseEncode": 16.578,
    "BaseResolution": 104,
    "BodyPartExamined": "BRAIN",
    "ConsistencyInfo": "N4_VE11C_LATEST_20160120",
    "ConversionSoftware": "dcm2niix",
    "ConversionSoftwareVersion": "v1.0.20180918  (JP2:OpenJPEG) GCC4.8.4",
    "DeidentificationMethod": "Penn_BSC_profile_v3.0",
    "DerivedVendorReportedEchoSpacing": 0.000580009,
    "DeviceSerialNumber": "66044",
    "DwellTime": 2.1e-06,
    "EchoTime": 0.037,
    "EchoTrainLength": 104,
    "EffectiveEchoSpacing": 0.000580009,
    "FlipAngle": 52,
    "ImageComments": "Unaliased_MB8_PE3_LB_AP26@mela:LFContrast",
    "ImageOrientationPatientDICOM": [
      0.999069,
      -0.0344465,
      -0.0259801,
      0.0205786,
      0.909687,
      -0.414784
    ],
    "ImageType": [
      "ORIGINAL",
      "PRIMARY",
      "M",
      "MB",
      "ND",
      "MOSAIC"
    ],
    "InPlanePhaseEncodingDirectionDICOM": "COL",
    "InstitutionAddress": "Curie_Blvd._422_Philadelphia_PA_US_19104",
    "InstitutionName": "SC3T",
    "InstitutionalDepartmentName": "Department",
    "MRAcquisitionType": "2D",
    "MagneticFieldStrength": 3,
    "Manufacturer": "Siemens",
    "ManufacturersModelName": "Prisma",
    "Modality": "MR",
    "MultibandAccelerationFactor": 8,
    "PartialFourier": 1,
    "PatientPosition": "HFS",
    "PatientSex": "F",
    "PercentPhaseFOV": 100,
    "PhaseEncodingDirection": "j-",
    "PhaseEncodingSteps": 104,
    "PhaseResolution": 1,
    "PixelBandwidth": 2290,
    "ProcedureStepDescription": "Research_Aguirre",
    "ProtocolName": "tfMRI_LFContrast_AP_run3",
    "PulseSequenceDetails": "%CustomerSeq%_cmrr_mbep2d_bold",
    "ReceiveCoilActiveElements": "HC1-7",
    "ReceiveCoilName": "HeadNeck_64",
    "ReconMatrixPE": 104,
    "RepetitionTime": 0.8,
    "SAR": 0.0682384,
    "ScanOptions": "FS_EXT",
    "ScanningSequence": "EP",
    "SequenceName": "epfid2d1_104",
    "SequenceVariant": "SK_SS",
    "SeriesDescription": "tfMRI_LFContrast_AP_run3",
    "SeriesInstanceUID": "1.3.12.2.1107.5.2.43.66044.2018102717294270211269790.0.0.0",
    "SeriesNumber": 27,
    "ShimSetting": [
      3801,
      2784,
      502,
      452,
      -66,
      4,
      -147,
      50
    ],
    "SliceThickness": 2,
    "SliceTiming": [
      0,
      0.435,
      0.0875,
      0.52,
      0.175,
      0.6075,
      0.26,
      0.695,
      0.3475,
      0,
      0.435,
      0.0875,
      0.52,
      0.175,
      0.6075,
      0.26,
      0.695,
      0.3475,
      0,
      0.435,
      0.0875,
      0.52,
      0.175,
      0.6075,
      0.26,
      0.695,
      0.3475,
      0,
      0.435,
      0.0875,
      0.52,
      0.175,
      0.6075,
      0.26,
      0.695,
      0.3475,
      0,
      0.435,
      0.0875,
      0.52,
      0.175,
      0.6075,
      0.26,
      0.695,
      0.3475,
      0,
      0.435,
      0.0875,
      0.52,
      0.175,
      0.6075,
      0.26,
      0.695,
      0.3475,
      0,
      0.435,
      0.0875,
      0.52,
      0.175,
      0.6075,
      0.26,
      0.695,
      0.3475,
      0,
      0.435,
      0.0875,
      0.52,
      0.175,
      0.6075,
      0.26,
      0.695,
      0.3475
    ],
    "SoftwareVersions": "syngo_MR_E11",
    "SpacingBetweenSlices": 2,
    "StationName": "AWP66044",
    "StudyID": "1",
    "StudyInstanceUID": "1.3.12.2.1107.5.2.43.66044.30000018102521373314300000037",
    "TaskName": "LFContrast",
    "TotalReadoutTime": 0.0597409,
    "TxRefAmp": 218.257,
    "WipMemBlock": "69be7702-d534-42ff-9801-35033ce374bb||Sequence: R016 ve11c/master r/e634e98; Dec 19 2017 11:00:25 by eja",
    "dataset": "ds003752",
    "modality": "bold",
    "run_id": 3,
    "session_id": "ResearchAguirre2",
    "subject_id": "03",
    "task_id": "LFContrast"
  },
  "dummy_trs": 4,
  "dvars_nstd": 45.6556506327171,
  "dvars_std": 0.9943385433333334,
  "dvars_vstd": 0.9854227951820731,
  "efc": 0.5293060746510622,
  "fber": 581.2525634765625,
  "fd_mean": 0.10357728934163067,
  "fd_num": 7,
  "fd_perc": 1.9553072625698324,
  "fwhm_avg": 3.18728,
  "fwhm_x": 3.05063,
  "fwhm_y": 3.24468,
  "fwhm_z": 3.26653,
  "gcor": 0.00398921,
  "gsr_x": -0.012199959717690945,
  "gsr_y": 0.07508374750614166,
  "provenance": {
    "md5sum": "8945649392cad98af1600f49d43587df",
    "settings": {
      "fd_thres": 0.2,
      "testing": false
    },
    "software": "mriqc",
    "version": "22.0.6",
    "webapi_port": null,
    "webapi_url": "https://mriqc.nimh.nih.gov/api/v1"
  },
  "size_t": 358,
  "size_x": 104,
  "size_y": 104,
  "size_z": 72,
  "snr": 2.075442480920256,
  "spacing_tr": 0.800000011920929,
  "spacing_x": 2.0,
  "spacing_y": 2.0,
  "spacing_z": 2.0,
  "summary_bg_k": 31.197421534105963,
  "summary_bg_mad": 169.46406233461704,
  "summary_bg_mean": 620.2747192382812,
  "summary_bg_median": 285.7002868652344,
  "summary_bg_n": 505877.0,
  "summary_bg_p05": 158.85818786621093,
  "summary_bg_p95": 2309.4296386718743,
  "summary_bg_stdv": 957.2786254882812,
  "summary_fg_k": 2.591443011655958,
  "summary_fg_mad": 2886.2993044876507,
  "summary_fg_mean": 7752.08642578125,
  "summary_fg_median": 7035.763671875,
  "summary_fg_n": 169493.0,
  "summary_fg_p05": 3676.2349609375,
  "summary_fg_p95": 14221.3712890625,
  "summary_fg_stdv": 3389.99658203125,
  "tsnr": 24.852027893066406
}