{
  "aor": 0.0010245530726256985,
  "aqi": 0.008694442849162012,
  "bids_meta": {
    "AcquisitionDateTime": "2018-10-27T17:24:14.615000",
    "AcquisitionMatrixPE": 104,
    "AcquisitionNumber": 1,
    "AcquisitionTime": "17:24:14.615000",
    "BandwidthPerPixelPhaseEncode": 16.578,
    "BaseResolution": 104,
    "BodyPartExamined": "BRAIN",
    "ConsistencyInfo": "N4_VE11C_LATEST_20160120",
    "ConversionSoftware": "dcm2niix",
    "ConversionSoftwareVersion": "v1.0.20180918  (JP2:OpenJPEG) GCC4.8.4",
    "DeidentificationMethod": "Penn_BSC_profile_v3.0",
    "DerivedVendorReportedEchoSpacing": 0.000580009,
    "DeviceSerialNumber": "66044",
    "DwellTime": 2.1e-06,
    "EchoTime": 0.037,
    "EchoTrainLength": 104,
    "EffectiveEchoSpacing": 0.000580009,
    "FlipAngle": 52,
    "ImageComments": "Unaliased_MB8_PE3_LB_AP26@mela:LFContrast",
    "ImageOrientationPatientDICOM": [
      0.999069,
      -0.0344465,
      -0.0259801,
      0.0205786,
      0.909687,
      -0.414784
    ],
    "ImageType": [
      "ORIGINAL",
      "PRIMARY",
      "M",
      "MB",
      "ND",
      "MOSAIC"
    ],
    "InPlanePhaseEncodingDirectionDICOM": "COL",
    "InstitutionAddress": "Curie_Blvd._422_Philadelphia_PA_US_19104",
    "InstitutionName": "SC3T",
    "InstitutionalDepartmentName": "Department",
    "MRAcquisitionType": "2D",
    "MagneticFieldStrength": 3,
    "Manufacturer": "Siemens",
    "ManufacturersModelName": "Prisma",
    "Modality": "MR",
    "MultibandAccelerationFactor": 8,
    "PartialFourier": 1,
    "PatientPosition": "HFS",
    "PatientSex": "F",
    "PercentPhaseFOV": 100,
    "PhaseEncodingDirection": "j",
    "PhaseEncodingSteps": 104,
    "PhaseResolution": 1,
    "PixelBandwidth": 2290,
    "ProcedureStepDescription": "Research_Aguirre",
    "ProtocolName": "tfMRI_LFContrast_PA_run3",
    "PulseSequenceDetails": "%CustomerSeq%_cmrr_mbep2d_bold",
    "ReceiveCoilActiveElements": "HC1-7",
    "ReceiveCoilName": "HeadNeck_64",
    "ReconMatrixPE": 104,
    "RepetitionTime": 0.8,
    "SAR": 0.0682384,
    "ScanOptions": "FS_EXT",
    "ScanningSequence": "EP",
    "SequenceName": "epfid2d1_104",
    "SequenceVariant": "SK_SS",
    "SeriesDescription": "tfMRI_LFContrast_PA_run3",
    "SeriesInstanceUID": "1.3.12.2.1107.5.2.43.66044.201810271723281519390649.0.0.0",
    "SeriesNumber": 24,
    "ShimSetting": [
      3801,
      2784,
      502,
      452,
      -66,
      4,
      -147,
      50
    ],
    "SliceThickness": 2,
    "SliceTiming": [
      0,
      0.4325,
      0.0875,
      0.52,
      0.1725,
      0.6075,
      0.26,
      0.6925,
      0.3475,
      0,
      0.4325,
      0.0875,
      0.52,
      0.1725,
      0.6075,
      0.26,
      0.6925,
      0.3475,
      0,
      0.4325,
      0.0875,
      0.52,
      0.1725,
      0.6075,
      0.26,
      0.6925,
      0.3475,
      0,
      0.4325,
      0.0875,
      0.52,
      0.1725,
      0.6075,
      0.26,
      0.6925,
      0.3475,
      0,
      0.4325,
      0.0875,
      0.52,
      0.1725,
      0.6075,
      0.26,
      0.6925,
      0.3475,
      0,
      0.4325,
      0.0875,
      0.52,
      0.1725,
      0.6075,
      0.26,
      0.6925,
      0.3475,
      0,
      0.4325,
      0.0875,
      0.52,
      0.1725,
      0.6075,
      0.26,
      0.6925,
      0.3475,
      0,
      0.4325,
      0.0875,
      0.52,
      0.1725,
      0.6075,
      0.26,
      0.6925,
      0.3475
    ],
    "SoftwareVersions": "syngo_MR_E11",
    "SpacingBetweenSlices": 2,
    "StationName": "AWP66044",
    "StudyID": "1",
    "StudyInstanceUID": "1.3.12.2.1107.5.2.43.66044.30000018102521373314300000037",
    "TaskName": "LFContrast",
    "TotalReadoutTime": 0.0597409,
    "TxRefAmp": 218.257,
    "WipMemBlock": "6f1aca3e-28a5-4312-bb01-5299ed6e0864||Sequence: R016 ve11c/master r/e634e98; Dec 19 2017 11:00:25 by eja",
    "dataset": "ds003752",
    "modality": "bold",
    "run_id": 3,
    "session_id": "ResearchAguirre2",
    "subject_id": "03",
    "task_id": "LFContrast"
  },
  "dummy_trs": 4,
  "dvars_nstd": 44.481421964845936,
  "dvars_std": 1.0135070868347336,
  "dvars_vstd": 1.0083824414845943,
  "efc": 0.5264428128406531,
  "fber": 615.09716796875,
  "fd_mean": 0.07530756478943101,
  "fd_num": 2,
  "fd_perc": 0.5586592178770949,
  "fwhm_avg": 3.053976666666667,
  "fwhm_x": 2.96004,
  "fwhm_y": 3.081125,
  "fwhm_z": 3.120765,
  "gcor": 0.00589213,
  "gsr_x": -0.016647005453705788,
  "gsr_y": 0.05730171874165535,
  "provenance": {
    "md5sum": "4723c85ba7cbef2af27f1686b737e531",
    "settings": {
      "fd_thres": 0.2,
      "testing": false
    },
    "software": "mriqc",
    "version": "22.0.6",
    "webapi_port": null,
    "webapi_url": "https://mriqc.nimh.nih.gov/api/v1"
  },
  "size_t": 358,
  "size_x": 104,
  "size_y": 104,
  "size_z": 72,
  "snr": 2.1192188887434256,
  "spacing_tr": 0.800000011920929,
  "spacing_x": 2.0,
  "spacing_y": 2.0,
  "spacing_z": 2.0,
  "summary_bg_k": 44.67086204873333,
  "summary_bg_mad": 165.95541504950796,
  "summary_bg_mean": 647.2883911132812,
  "summary_bg_median": 284.47998046875,
  "summary_bg_n": 514950.0,
  "summary_bg_p05": 158.1570602416992,
  "summary_bg_p95": 2664.5371215820314,
  "summary_bg_stdv": 1025.3555908203125,
  "summary_fg_k": 1.2643286708178954,
  "summary_fg_mad": 3044.50700538337,
  "summary_fg_mean": 7743.6064453125,
  "summary_fg_median": 7074.42236328125,
  "summary_fg_n": 163343.0,
  "summary_fg_p05": 3569.055078125,
  "summary_fg_p95": 14220.222070312499,
  "summary_fg_stdv": 3338.21142578125,
  "tsnr": 25.805580139160156
}