{
  "bids_meta": {
    "AcquisitionDateTime": "2018-10-13T15:05:1.352500",
    "AcquisitionMatrixPE": 300,
    "AcquisitionNumber": 1,
    "AcquisitionTime": "15:05:1.352500",
    "BaseResolution": 320,
    "BodyPartExamined": "BRAIN",
    "ConsistencyInfo": "N4_VE11C_LATEST_20160120",
    "ConversionSoftware": "dcm2niix",
    "ConversionSoftwareVersion": "v1.0.20180918  (JP2:OpenJPEG) GCC4.8.4",
    "DeidentificationMethod": "Penn_BSC_profile_v3.0",
    "DeviceSerialNumber": "66044",
    "DwellTime": 2.1e-06,
    "EchoTime": 0.563,
    "EchoTrainLength": 314,
    "FlipAngle": 120,
    "ImageComments": "KAS25@mela:LFContrast",
    "ImageOrientationPatientDICOM": [
      0.00705422,
      0.994732,
      -0.102271,
      0.00293628,
      -0.102294,
      -0.99475
    ],
    "ImageType": [
      "ORIGINAL",
      "PRIMARY",
      "M",
      "ND",
      "NORM"
    ],
    "InPlanePhaseEncodingDirectionDICOM": "ROW",
    "InstitutionAddress": "Curie_Blvd._422_Philadelphia_PA_US_19104",
    "InstitutionName": "SC3T",
    "InstitutionalDepartmentName": "Department",
    "MRAcquisitionType": "3D",
    "MagneticFieldStrength": 3,
    "Manufacturer": "Siemens",
    "ManufacturersModelName": "Prisma",
    "Modality": "MR",
    "ParallelReductionFactorInPlane": 2,
    "PartialFourier": 1,
    "PatientPosition": "HFS",
    "PatientSex": "F",
    "PercentPhaseFOV": 93.75,
    "PhaseEncodingSteps": 297,
    "PhaseResolution": 1,
    "PixelBandwidth": 745,
    "ProcedureStepDescription": "Research_Aguirre",
    "ProtocolName": "T2w_SPC",
    "PulseSequenceDetails": "%SiemensSeq%_tse_vfl",
    "ReceiveCoilActiveElements": "HC1-7",
    "ReceiveCoilName": "HeadNeck_64",
    "ReconMatrixPE": 320,
    "RepetitionTime": 3.2,
    "SAR": 0.135495,
    "ScanOptions": "PFP",
    "ScanningSequence": "SE",
    "SequenceName": "_spc_314ns",
    "SequenceVariant": "SK_SP",
    "SeriesDescription": "T2w_SPC",
    "SeriesInstanceUID": "1.3.12.2.1107.5.2.43.66044.2018101315110086478256173.0.0.0",
    "SeriesNumber": 32,
    "ShimSetting": [
      3809,
      2800,
      490,
      435,
      9,
      -174,
      -71,
      -2
    ],
    "SliceThickness": 0.8,
    "SoftwareVersions": "syngo_MR_E11",
    "StationName": "AWP66044",
    "StudyID": "1",
    "StudyInstanceUID": "1.3.12.2.1107.5.2.43.66044.30000018101314052653700000007",
    "TxRefAmp": 243.492,
    "dataset": "ds003752",
    "modality": "T2w",
    "session_id": "ResearchAguirre1",
    "subject_id": "02"
  },
  "cjv": 0.4005043696081131,
  "cnr": 1.7815312832369787,
  "efc": 0.4738743085664089,
  "fber": -1.0,
  "fwhm_avg": 2.535816624824744,
  "fwhm_x": 2.394412452154544,
  "fwhm_y": 2.846212457588129,
  "fwhm_z": 2.36682496473156,
  "icvs_csf": 0.3303967004411042,
  "icvs_gm": 0.5074650035515174,
  "icvs_wm": 0.16213829600737842,
  "inu_med": 0.9507543444633484,
  "inu_range": 0.2564584255218505,
  "provenance": {
    "md5sum": "8d5f05ce22313e8012974dc858a9bbdd",
    "settings": {
      "testing": false
    },
    "software": "mriqc",
    "version": "22.0.6",
    "warnings": {
      "large_rot_frame": true,
      "small_air_mask": false
    },
    "webapi_port": null,
    "webapi_url": "https://mriqc.nimh.nih.gov/api/v1"
  },
  "qi_1": 0.0,
  "qi_2": 0.0023308348128827684,
  "rpve_csf": 14.289425251625817,
  "rpve_gm": 11.046085512413898,
  "rpve_wm": 37.358200362672825,
  "size_x": 208,
  "size_y": 300,
  "size_z": 320,
  "snr_csf": 10.851678926149665,
  "snr_gm": 9.793853862563,
  "snr_total": 7.866932745518954,
  "snr_wm": 2.9552654478441953,
  "snrd_csf": 103.58433681287258,
  "snrd_gm": 66.31702750414075,
  "snrd_total": 112.89523514213828,
  "snrd_wm": 168.78434110940145,
  "spacing_x": 0.7999958395957947,
  "spacing_y": 0.800000011920929,
  "spacing_z": 0.800000011920929,
  "summary_bg_k": 6.98221654724159,
  "summary_bg_mad": 0.0,
  "summary_bg_mean": 2.5087444611150715,
  "summary_bg_median": 0.0,
  "summary_bg_n": 7225633.0,
  "summary_bg_p05": 0.0,
  "summary_bg_p95": 9.71825453452766,
  "summary_bg_stdv": 3.8822770624715535,
  "summary_csf_k": 1.8624083845486057,
  "summary_csf_mad": 50.2571705390275,
  "summary_csf_mean": 616.4612257456828,
  "summary_csf_median": 613.8310966081917,
  "summary_csf_n": 71606.0,
  "summary_csf_p05": 532.4380797799677,
  "summary_csf_p95": 712.3417331371456,
  "summary_csf_stdv": 56.5651467021605,
  "summary_gm_k": 0.4778446339923521,
  "summary_gm_mad": 38.755529520145586,
  "summary_gm_mean": 395.2226089142779,
  "summary_gm_median": 392.9885054938495,
  "summary_gm_n": 402118.0,
  "summary_gm_p05": 333.7092609144747,
  "summary_gm_p95": 464.3470556009561,
  "summary_gm_stdv": 40.12598333200608,
  "summary_wm_k": 1.3800006316962419,
  "summary_wm_mad": 204.43541821876795,
  "summary_wm_mean": 922.801945784363,
  "summary_wm_median": 1000.200226996094,
  "summary_wm_n": 72251.0,
  "summary_wm_p05": 59.02627483010292,
  "summary_wm_p95": 1277.054536761716,
  "summary_wm_stdv": 338.4444893086295,
  "tpm_overlap_csf": 0.11453598949493815,
  "tpm_overlap_gm": 0.3377376558572441,
  "tpm_overlap_wm": 0.03671674956156059,
  "wm2max": 0.79584682221514
}