{
  "bids_meta": {
    "AcquisitionDateTime": "2018-10-13T14:58:3.825000",
    "AcquisitionMatrixPE": 300,
    "AcquisitionNumber": 1,
    "AcquisitionTime": "14:58:3.825000",
    "BaseResolution": 320,
    "BodyPartExamined": "BRAIN",
    "ConsistencyInfo": "N4_VE11C_LATEST_20160120",
    "ConversionSoftware": "dcm2niix",
    "ConversionSoftwareVersion": "v1.0.20180918  (JP2:OpenJPEG) GCC4.8.4",
    "DeidentificationMethod": "Penn_BSC_profile_v3.0",
    "DeviceSerialNumber": "66044",
    "DwellTime": 7.1e-06,
    "EchoTime": 0.00222,
    "FlipAngle": 8,
    "ImageComments": "KAS25@mela:LFContrast",
    "ImageOrientationPatientDICOM": [
      0.00705422,
      0.994732,
      -0.102271,
      0.00293628,
      -0.102294,
      -0.99475
    ],
    "ImageType": [
      "ORIGINAL",
      "PRIMARY",
      "M",
      "ND",
      "NORM"
    ],
    "InPlanePhaseEncodingDirectionDICOM": "ROW",
    "InstitutionAddress": "Curie_Blvd._422_Philadelphia_PA_US_19104",
    "InstitutionName": "SC3T",
    "InstitutionalDepartmentName": "Department",
    "InversionTime": 1,
    "MRAcquisitionType": "3D",
    "MagneticFieldStrength": 3,
    "Manufacturer": "Siemens",
    "ManufacturersModelName": "Prisma",
    "Modality": "MR",
    "ParallelReductionFactorInPlane": 2,
    "PartialFourier": 1,
    "PatientPosition": "HFS",
    "PatientSex": "F",
    "PercentPhaseFOV": 93.75,
    "PhaseEncodingSteps": 299,
    "PhaseResolution": 1,
    "PixelBandwidth": 220,
    "ProcedureStepDescription": "Research_Aguirre",
    "ProtocolName": "T1w_MPR",
    "PulseSequenceDetails": "%SiemensSeq%_tfl",
    "ReceiveCoilActiveElements": "HC1-7",
    "ReceiveCoilName": "HeadNeck_64",
    "ReconMatrixPE": 320,
    "RepetitionTime": 2.4,
    "SAR": 0.0402714,
    "ScanOptions": "IR_WE",
    "ScanningSequence": "GR_IR",
    "SequenceName": "_tfl3d1_16ns",
    "SequenceVariant": "SK_SP_MP",
    "SeriesDescription": "T1w_MPR",
    "SeriesInstanceUID": "1.3.12.2.1107.5.2.43.66044.2018101314575894150855121.0.0.0",
    "SeriesNumber": 31,
    "ShimSetting": [
      3805,
      2772,
      440,
      198,
      -5,
      -527,
      44,
      -24
    ],
    "SliceThickness": 0.8,
    "SoftwareVersions": "syngo_MR_E11",
    "StationName": "AWP66044",
    "StudyID": "1",
    "StudyInstanceUID": "1.3.12.2.1107.5.2.43.66044.30000018101314052653700000007",
    "TxRefAmp": 243.492,
    "dataset": "ds003752",
    "modality": "T1w",
    "session_id": "ResearchAguirre1",
    "subject_id": "02"
  },
  "cjv": 0.3698198100138646,
  "cnr": 3.6843096948134755,
  "efc": 0.5056935042635007,
  "fber": 35650.94166922503,
  "fwhm_avg": 4.562249443130518,
  "fwhm_x": 4.51227346610188,
  "fwhm_y": 4.540999932333828,
  "fwhm_z": 4.633474930955844,
  "icvs_csf": 0.1959176569478861,
  "icvs_gm": 0.45262864785493767,
  "icvs_wm": 0.3514536951971762,
  "inu_med": 0.49908050894737244,
  "inu_range": 0.22482798993587494,
  "provenance": {
    "md5sum": "ba16c52f1495f7449f475e9596f34416",
    "settings": {
      "testing": false
    },
    "software": "mriqc",
    "version": "22.0.6",
    "warnings": {
      "large_rot_frame": true,
      "small_air_mask": false
    },
    "webapi_port": null,
    "webapi_url": "https://mriqc.nimh.nih.gov/api/v1"
  },
  "qi_1": 0.0,
  "qi_2": 0.0011985085351502338,
  "rpve_csf": 25.99825539818048,
  "rpve_gm": 12.074460142835008,
  "rpve_wm": 16.89766165334733,
  "size_x": 208,
  "size_y": 300,
  "size_z": 320,
  "snr_csf": 2.5381104861654253,
  "snr_gm": 14.318025448400359,
  "snr_total": 12.863867320182948,
  "snr_wm": 21.73546602598306,
  "snrd_csf": 25.85900041128129,
  "snrd_gm": 72.1640025882844,
  "snrd_total": 65.03902186213652,
  "snrd_wm": 97.09406258684388,
  "spacing_x": 0.7999958395957947,
  "spacing_y": 0.800000011920929,
  "spacing_z": 0.800000011920929,
  "summary_bg_k": 10.705000557157561,
  "summary_bg_mad": 0.0,
  "summary_bg_mean": 4.345797110749955,
  "summary_bg_median": 0.0,
  "summary_bg_n": 7213249.0,
  "summary_bg_p05": 0.0,
  "summary_bg_p95": 17.69699329510331,
  "summary_bg_stdv": 6.747764129182811,
  "summary_csf_k": 2.259966875830452,
  "summary_csf_mad": 84.0456503980356,
  "summary_csf_mean": 277.8984882184827,
  "summary_csf_median": 266.342147057876,
  "summary_csf_n": 106970.0,
  "summary_csf_p05": 120.61771852895617,
  "summary_csf_p95": 474.2458487767726,
  "summary_csf_stdv": 104.93668560458674,
  "summary_gm_k": 0.17606778760552144,
  "summary_gm_mad": 50.80424467800037,
  "summary_gm_mean": 742.8338077078574,
  "summary_gm_median": 743.2737183943391,
  "summary_gm_n": 132665.0,
  "summary_gm_p05": 657.2586574871093,
  "summary_gm_p95": 828.0418366845697,
  "summary_gm_stdv": 51.91155161370727,
  "summary_wm_k": 0.2938532029035894,
  "summary_wm_mad": 44.15596353399332,
  "summary_wm_mean": 999.5907722461106,
  "summary_wm_median": 1000.0479788333178,
  "summary_wm_n": 401784.0,
  "summary_wm_p05": 923.2890688907355,
  "summary_wm_p95": 1074.5048408675939,
  "summary_wm_stdv": 46.00990533755309,
  "tpm_overlap_csf": 0.14216135838622085,
  "tpm_overlap_gm": 0.4652950927874844,
  "tpm_overlap_wm": 0.5002881913963233,
  "wm2max": 0.8762449048199353
}