{
  "aor": 0.0005041504178272981,
  "aqi": 0.01113524381615599,
  "bids_meta": {
    "AcquisitionDateTime": "2018-10-14T14:13:25.475000",
    "AcquisitionMatrixPE": 104,
    "AcquisitionNumber": 1,
    "AcquisitionTime": "14:13:25.475000",
    "BandwidthPerPixelPhaseEncode": 16.578,
    "BaseResolution": 104,
    "BodyPartExamined": "BRAIN",
    "ConsistencyInfo": "N4_VE11C_LATEST_20160120",
    "ConversionSoftware": "dcm2niix",
    "ConversionSoftwareVersion": "v1.0.20180918  (JP2:OpenJPEG) GCC4.8.4",
    "DeidentificationMethod": "Penn_BSC_profile_v3.0",
    "DerivedVendorReportedEchoSpacing": 0.000580009,
    "DeviceSerialNumber": "66044",
    "DwellTime": 2.1e-06,
    "EchoTime": 0.037,
    "EchoTrainLength": 104,
    "EffectiveEchoSpacing": 0.000580009,
    "FlipAngle": 52,
    "ImageComments": "Unaliased_MB8_PE3_LB_LZ23@mela:LFContrast",
    "ImageOrientationPatientDICOM": [
      0.99472,
      -0.102541,
      0.00420351,
      0.0912269,
      0.864714,
      -0.49391
    ],
    "ImageType": [
      "ORIGINAL",
      "PRIMARY",
      "M",
      "MB",
      "ND",
      "MOSAIC"
    ],
    "InPlanePhaseEncodingDirectionDICOM": "COL",
    "InstitutionAddress": "Curie_Blvd._422_Philadelphia_PA_US_19104",
    "InstitutionName": "SC3T",
    "InstitutionalDepartmentName": "Department",
    "MRAcquisitionType": "2D",
    "MagneticFieldStrength": 3,
    "Manufacturer": "Siemens",
    "ManufacturersModelName": "Prisma",
    "Modality": "MR",
    "MultibandAccelerationFactor": 8,
    "PartialFourier": 1,
    "PatientPosition": "HFS",
    "PatientSex": "M",
    "PercentPhaseFOV": 100,
    "PhaseEncodingDirection": "j-",
    "PhaseEncodingSteps": 104,
    "PhaseResolution": 1,
    "PixelBandwidth": 2290,
    "ProcedureStepDescription": "Research_Aguirre",
    "ProtocolName": "tfMRI_LFContrast_AP_run4",
    "PulseSequenceDetails": "%CustomerSeq%_cmrr_mbep2d_bold",
    "ReceiveCoilActiveElements": "HC1-7",
    "ReceiveCoilName": "HeadNeck_64",
    "ReconMatrixPE": 104,
    "RepetitionTime": 0.8,
    "SAR": 0.0672347,
    "ScanOptions": "FS_EXT",
    "ScanningSequence": "EP",
    "SequenceName": "epfid2d1_104",
    "SequenceVariant": "SK_SS",
    "SeriesDescription": "tfMRI_LFContrast_AP_run4",
    "SeriesInstanceUID": "1.3.12.2.1107.5.2.43.66044.2018101414131171681165857.0.0.0",
    "SeriesNumber": 33,
    "ShimSetting": [
      3813,
      2758,
      487,
      221,
      88,
      -388,
      -76,
      0
    ],
    "SliceThickness": 2,
    "SliceTiming": [
      0,
      0.4325,
      0.085,
      0.52,
      0.1725,
      0.605,
      0.26,
      0.6925,
      0.345,
      0,
      0.4325,
      0.085,
      0.52,
      0.1725,
      0.605,
      0.26,
      0.6925,
      0.345,
      0,
      0.4325,
      0.085,
      0.52,
      0.1725,
      0.605,
      0.26,
      0.6925,
      0.345,
      0,
      0.4325,
      0.085,
      0.52,
      0.1725,
      0.605,
      0.26,
      0.6925,
      0.345,
      0,
      0.4325,
      0.085,
      0.52,
      0.1725,
      0.605,
      0.26,
      0.6925,
      0.345,
      0,
      0.4325,
      0.085,
      0.52,
      0.1725,
      0.605,
      0.26,
      0.6925,
      0.345,
      0,
      0.4325,
      0.085,
      0.52,
      0.1725,
      0.605,
      0.26,
      0.6925,
      0.345,
      0,
      0.4325,
      0.085,
      0.52,
      0.1725,
      0.605,
      0.26,
      0.6925,
      0.345
    ],
    "SoftwareVersions": "syngo_MR_E11",
    "SpacingBetweenSlices": 2,
    "StationName": "AWP66044",
    "StudyID": "1",
    "StudyInstanceUID": "1.3.12.2.1107.5.2.43.66044.30000018101314052653700000016",
    "TaskName": "LFContrast",
    "TotalReadoutTime": 0.0597409,
    "TxRefAmp": 250.359,
    "WipMemBlock": "8070beee-d0a8-4c80-ba1c-a4997e097db8||Sequence: R016 ve11c/master r/e634e98; Dec 19 2017 11:00:25 by eja",
    "dataset": "ds003752",
    "modality": "bold",
    "run_id": 4,
    "session_id": "ResearchAguirre2",
    "subject_id": "01",
    "task_id": "LFContrast"
  },
  "dummy_trs": 3,
  "dvars_nstd": 63.51884783282121,
  "dvars_std": 1.03753842944134,
  "dvars_vstd": 1.0009801486312857,
  "efc": 0.5819553321159426,
  "fber": 215.4890899658203,
  "fd_mean": 0.2533655123689095,
  "fd_num": 238,
  "fd_perc": 66.29526462395543,
  "fwhm_avg": 3.07018,
  "fwhm_x": 2.835,
  "fwhm_y": 3.119855,
  "fwhm_z": 3.255685,
  "gcor": 0.00224808,
  "gsr_x": 0.004148951265960932,
  "gsr_y": 0.08877424895763397,
  "provenance": {
    "md5sum": "1cab00627120c2590cd36aede5afd4cc",
    "settings": {
      "fd_thres": 0.2,
      "testing": false
    },
    "software": "mriqc",
    "version": "22.0.6",
    "webapi_port": null,
    "webapi_url": "https://mriqc.nimh.nih.gov/api/v1"
  },
  "size_t": 359,
  "size_x": 104,
  "size_y": 104,
  "size_z": 72,
  "snr": 2.0473022493176845,
  "spacing_tr": 0.800000011920929,
  "spacing_x": 2.0,
  "spacing_y": 2.0,
  "spacing_z": 2.0,
  "summary_bg_k": 23.198635382621116,
  "summary_bg_mad": 275.13213760290193,
  "summary_bg_mean": 736.5471801757812,
  "summary_bg_median": 386.3788146972656,
  "summary_bg_n": 474687.0,
  "summary_bg_p05": 160.4130844116211,
  "summary_bg_p95": 2567.910595703123,
  "summary_bg_stdv": 1025.5936279296875,
  "summary_fg_k": 1.5499800714228558,
  "summary_fg_mad": 2540.4056007735817,
  "summary_fg_mean": 6462.4072265625,
  "summary_fg_median": 5888.5556640625,
  "summary_fg_n": 189160.0,
  "summary_fg_p05": 2957.2322998046875,
  "summary_fg_p95": 12055.725585937498,
  "summary_fg_stdv": 2876.24365234375,
  "tsnr": 21.97718820371665
}