{
  "aor": 0.0006320891364902507,
  "aqi": 0.007924534289693594,
  "bids_meta": {
    "AcquisitionDateTime": "2018-10-21T14:22:14.272500",
    "AcquisitionMatrixPE": 104,
    "AcquisitionNumber": 1,
    "AcquisitionTime": "14:22:14.272500",
    "BandwidthPerPixelPhaseEncode": 16.578,
    "BaseResolution": 104,
    "BodyPartExamined": "BRAIN",
    "ConsistencyInfo": "N4_VE11C_LATEST_20160120",
    "ConversionSoftware": "dcm2niix",
    "ConversionSoftwareVersion": "v1.0.20180918  (JP2:OpenJPEG) GCC4.8.4",
    "DeidentificationMethod": "Penn_BSC_profile_v3.0",
    "DerivedVendorReportedEchoSpacing": 0.000580009,
    "DeviceSerialNumber": "66044",
    "DwellTime": 2.1e-06,
    "EchoTime": 0.037,
    "EchoTrainLength": 104,
    "EffectiveEchoSpacing": 0.000580009,
    "FlipAngle": 52,
    "ImageComments": "Unaliased_MB8_PE3_LB_AP26@mela:LFContrast",
    "ImageOrientationPatientDICOM": [
      0.999394,
      0.00967639,
      -0.0334273,
      -0.0211089,
      0.932232,
      -0.361245
    ],
    "ImageType": [
      "ORIGINAL",
      "PRIMARY",
      "M",
      "MB",
      "ND",
      "MOSAIC"
    ],
    "InPlanePhaseEncodingDirectionDICOM": "COL",
    "InstitutionAddress": "Curie_Blvd._422_Philadelphia_PA_US_19104",
    "InstitutionName": "SC3T",
    "InstitutionalDepartmentName": "Department",
    "MRAcquisitionType": "2D",
    "MagneticFieldStrength": 3,
    "Manufacturer": "Siemens",
    "ManufacturersModelName": "Prisma",
    "Modality": "MR",
    "MultibandAccelerationFactor": 8,
    "PartialFourier": 1,
    "PatientPosition": "HFS",
    "PatientSex": "F",
    "PercentPhaseFOV": 100,
    "PhaseEncodingDirection": "j",
    "PhaseEncodingSteps": 104,
    "PhaseResolution": 1,
    "PixelBandwidth": 2290,
    "ProcedureStepDescription": "Research_Aguirre",
    "ProtocolName": "tfMRI_LFContrast_PA_run4",
    "PulseSequenceDetails": "%CustomerSeq%_cmrr_mbep2d_bold",
    "ReceiveCoilActiveElements": "HC1-7",
    "ReceiveCoilName": "HeadNeck_64",
    "ReconMatrixPE": 104,
    "RepetitionTime": 0.8,
    "SAR": 0.0618552,
    "ScanOptions": "FS_EXT",
    "ScanningSequence": "EP",
    "SequenceName": "epfid2d1_104",
    "SequenceVariant": "SK_SS",
    "SeriesDescription": "tfMRI_LFContrast_PA_run4",
    "SeriesInstanceUID": "1.3.12.2.1107.5.2.43.66044.2018102114213082327132092.0.0.0",
    "SeriesNumber": 30,
    "ShimSetting": [
      3804,
      2777,
      522,
      485,
      -60,
      27,
      -117,
      49
    ],
    "SliceThickness": 2,
    "SliceTiming": [
      0,
      0.4325,
      0.085,
      0.52,
      0.1725,
      0.605,
      0.26,
      0.6925,
      0.345,
      0,
      0.4325,
      0.085,
      0.52,
      0.1725,
      0.605,
      0.26,
      0.6925,
      0.345,
      0,
      0.4325,
      0.085,
      0.52,
      0.1725,
      0.605,
      0.26,
      0.6925,
      0.345,
      0,
      0.4325,
      0.085,
      0.52,
      0.1725,
      0.605,
      0.26,
      0.6925,
      0.345,
      0,
      0.4325,
      0.085,
      0.52,
      0.1725,
      0.605,
      0.26,
      0.6925,
      0.345,
      0,
      0.4325,
      0.085,
      0.52,
      0.1725,
      0.605,
      0.26,
      0.6925,
      0.345,
      0,
      0.4325,
      0.085,
      0.52,
      0.1725,
      0.605,
      0.26,
      0.6925,
      0.345,
      0,
      0.4325,
      0.085,
      0.52,
      0.1725,
      0.605,
      0.26,
      0.6925,
      0.345
    ],
    "SoftwareVersions": "syngo_MR_E11",
    "SpacingBetweenSlices": 2,
    "StationName": "AWP66044",
    "StudyID": "1",
    "StudyInstanceUID": "1.3.12.2.1107.5.2.43.66044.30000018101314052653700000157",
    "TaskName": "LFContrast",
    "TotalReadoutTime": 0.0597409,
    "TxRefAmp": 213.245,
    "WipMemBlock": "d6d29e0a-af88-4085-8e60-39e83468bfb1||Sequence: R016 ve11c/master r/e634e98; Dec 19 2017 11:00:25 by eja",
    "dataset": "ds003752",
    "modality": "bold",
    "run_id": 4,
    "session_id": "ResearchAguirre1",
    "subject_id": "03",
    "task_id": "LFContrast"
  },
  "dummy_trs": 3,
  "dvars_nstd": 47.31435186516762,
  "dvars_std": 1.0104024834357552,
  "dvars_vstd": 0.9933193732402228,
  "efc": 0.528208663627827,
  "fber": 658.0199584960938,
  "fd_mean": 0.07923157748918057,
  "fd_num": 1,
  "fd_perc": 0.2785515320334262,
  "fwhm_avg": 2.9072650585525266,
  "fwhm_x": 2.84379,
  "fwhm_y": 2.93096,
  "fwhm_z": 2.947045175657581,
  "gcor": 0.00608126,
  "gsr_x": -0.010758324526250362,
  "gsr_y": 0.05550459399819374,
  "provenance": {
    "md5sum": "f66606fbb9cbe154327c19a37bc2fac7",
    "settings": {
      "fd_thres": 0.2,
      "testing": false
    },
    "software": "mriqc",
    "version": "22.0.6",
    "webapi_port": null,
    "webapi_url": "https://mriqc.nimh.nih.gov/api/v1"
  },
  "size_t": 359,
  "size_x": 104,
  "size_y": 104,
  "size_z": 72,
  "snr": 2.2278427760536914,
  "spacing_tr": 0.800000011920929,
  "spacing_x": 2.0,
  "spacing_y": 2.0,
  "spacing_z": 1.9999998807907104,
  "summary_bg_k": 52.558476748740716,
  "summary_bg_mad": 146.90150161674296,
  "summary_bg_mean": 616.4115600585938,
  "summary_bg_median": 267.1169738769531,
  "summary_bg_n": 515683.0,
  "summary_bg_p05": 155.43731689453125,
  "summary_bg_p95": 2527.775146484374,
  "summary_bg_stdv": 993.2534790039062,
  "summary_fg_k": 1.1157117158849346,
  "summary_fg_mad": 2814.3673974864396,
  "summary_fg_mean": 7405.556640625,
  "summary_fg_median": 6829.2880859375,
  "summary_fg_n": 162724.0,
  "summary_fg_p05": 3515.039270019531,
  "summary_fg_p95": 13288.359716796875,
  "summary_fg_stdv": 3065.4169921875,
  "tsnr": 26.100570841226727
}