{
  "aor": 0.000558,
  "aqi": 0.007809756111111112,
  "bids_meta": {
    "AcquisitionDateTime": "2018-10-21T14:10:41.570000",
    "AcquisitionMatrixPE": 104,
    "AcquisitionNumber": 1,
    "AcquisitionTime": "14:10:41.570000",
    "BandwidthPerPixelPhaseEncode": 16.578,
    "BaseResolution": 104,
    "BodyPartExamined": "BRAIN",
    "ConsistencyInfo": "N4_VE11C_LATEST_20160120",
    "ConversionSoftware": "dcm2niix",
    "ConversionSoftwareVersion": "v1.0.20180918  (JP2:OpenJPEG) GCC4.8.4",
    "DeidentificationMethod": "Penn_BSC_profile_v3.0",
    "DerivedVendorReportedEchoSpacing": 0.000580009,
    "DeviceSerialNumber": "66044",
    "DwellTime": 2.1e-06,
    "EchoTime": 0.037,
    "EchoTrainLength": 104,
    "EffectiveEchoSpacing": 0.000580009,
    "FlipAngle": 52,
    "ImageComments": "Unaliased_MB8_PE3_LB_AP26@mela:LFContrast",
    "ImageOrientationPatientDICOM": [
      0.999394,
      0.00967639,
      -0.0334273,
      -0.0211089,
      0.932232,
      -0.361245
    ],
    "ImageType": [
      "ORIGINAL",
      "PRIMARY",
      "M",
      "MB",
      "ND",
      "MOSAIC"
    ],
    "InPlanePhaseEncodingDirectionDICOM": "COL",
    "InstitutionAddress": "Curie_Blvd._422_Philadelphia_PA_US_19104",
    "InstitutionName": "SC3T",
    "InstitutionalDepartmentName": "Department",
    "MRAcquisitionType": "2D",
    "MagneticFieldStrength": 3,
    "Manufacturer": "Siemens",
    "ManufacturersModelName": "Prisma",
    "Modality": "MR",
    "MultibandAccelerationFactor": 8,
    "PartialFourier": 1,
    "PatientPosition": "HFS",
    "PatientSex": "F",
    "PercentPhaseFOV": 100,
    "PhaseEncodingDirection": "j",
    "PhaseEncodingSteps": 104,
    "PhaseResolution": 1,
    "PixelBandwidth": 2290,
    "ProcedureStepDescription": "Research_Aguirre",
    "ProtocolName": "tfMRI_LFContrast_PA_run3",
    "PulseSequenceDetails": "%CustomerSeq%_cmrr_mbep2d_bold",
    "ReceiveCoilActiveElements": "HC1-7",
    "ReceiveCoilName": "HeadNeck_64",
    "ReconMatrixPE": 104,
    "RepetitionTime": 0.8,
    "SAR": 0.0618552,
    "ScanOptions": "FS_EXT",
    "ScanningSequence": "EP",
    "SequenceName": "epfid2d1_104",
    "SequenceVariant": "SK_SS",
    "SeriesDescription": "tfMRI_LFContrast_PA_run3",
    "SeriesInstanceUID": "1.3.12.2.1107.5.2.43.66044.2018102114095076404773810.0.0.0",
    "SeriesNumber": 24,
    "ShimSetting": [
      3804,
      2777,
      522,
      485,
      -60,
      27,
      -117,
      49
    ],
    "SliceThickness": 2,
    "SliceTiming": [
      0,
      0.4325,
      0.0875,
      0.52,
      0.1725,
      0.6075,
      0.26,
      0.6925,
      0.3475,
      0,
      0.4325,
      0.0875,
      0.52,
      0.1725,
      0.6075,
      0.26,
      0.6925,
      0.3475,
      0,
      0.4325,
      0.0875,
      0.52,
      0.1725,
      0.6075,
      0.26,
      0.6925,
      0.3475,
      0,
      0.4325,
      0.0875,
      0.52,
      0.1725,
      0.6075,
      0.26,
      0.6925,
      0.3475,
      0,
      0.4325,
      0.0875,
      0.52,
      0.1725,
      0.6075,
      0.26,
      0.6925,
      0.3475,
      0,
      0.4325,
      0.0875,
      0.52,
      0.1725,
      0.6075,
      0.26,
      0.6925,
      0.3475,
      0,
      0.4325,
      0.0875,
      0.52,
      0.1725,
      0.6075,
      0.26,
      0.6925,
      0.3475,
      0,
      0.4325,
      0.0875,
      0.52,
      0.1725,
      0.6075,
      0.26,
      0.6925,
      0.3475
    ],
    "SoftwareVersions": "syngo_MR_E11",
    "SpacingBetweenSlices": 2,
    "StationName": "AWP66044",
    "StudyID": "1",
    "StudyInstanceUID": "1.3.12.2.1107.5.2.43.66044.30000018101314052653700000157",
    "TaskName": "LFContrast",
    "TotalReadoutTime": 0.0597409,
    "TxRefAmp": 213.245,
    "WipMemBlock": "6a06afc1-5541-457b-b1cd-c3513f39c1ff||Sequence: R016 ve11c/master r/e634e98; Dec 19 2017 11:00:25 by eja",
    "dataset": "ds003752",
    "modality": "bold",
    "run_id": 3,
    "session_id": "ResearchAguirre1",
    "subject_id": "03",
    "task_id": "LFContrast"
  },
  "dummy_trs": 2,
  "dvars_nstd": 46.142641157799446,
  "dvars_std": 1.0030530638161552,
  "dvars_vstd": 0.9919303750696381,
  "efc": 0.5267184606271248,
  "fber": 654.4453125,
  "fd_mean": 0.07222440416769677,
  "fd_num": 0,
  "fd_perc": 0.0,
  "fwhm_avg": 2.9359617260350817,
  "fwhm_x": 2.85431,
  "fwhm_y": 2.965465,
  "fwhm_z": 2.9881101781052455,
  "gcor": 0.00558861,
  "gsr_x": -0.012551647610962391,
  "gsr_y": 0.05464215204119682,
  "provenance": {
    "md5sum": "c24dea5bb5b4ff43df18e8d0cd597a93",
    "settings": {
      "fd_thres": 0.2,
      "testing": false
    },
    "software": "mriqc",
    "version": "22.0.6",
    "webapi_port": null,
    "webapi_url": "https://mriqc.nimh.nih.gov/api/v1"
  },
  "size_t": 360,
  "size_x": 104,
  "size_y": 104,
  "size_z": 72,
  "snr": 2.2001269185528476,
  "spacing_tr": 0.800000011920929,
  "spacing_x": 2.0,
  "spacing_y": 2.0,
  "spacing_z": 1.9999998807907104,
  "summary_bg_k": 54.78327471431057,
  "summary_bg_mad": 152.52091603431705,
  "summary_bg_mean": 621.6644287109375,
  "summary_bg_median": 270.4055480957031,
  "summary_bg_n": 515720.0,
  "summary_bg_p05": 152.87357635498046,
  "summary_bg_p95": 2543.588488769531,
  "summary_bg_stdv": 1009.6116943359375,
  "summary_fg_k": 1.1665332349741062,
  "summary_fg_mad": 2866.259561024432,
  "summary_fg_mean": 7502.92626953125,
  "summary_fg_median": 6900.27294921875,
  "summary_fg_n": 162491.0,
  "summary_fg_p05": 3542.1627197265625,
  "summary_fg_p95": 13549.056640625,
  "summary_fg_stdv": 3136.297119140625,
  "tsnr": 26.59339714050293
}