{
  "aor": 0.0003865277777777778,
  "aqi": 0.007700728416666667,
  "bids_meta": {
    "AcquisitionDateTime": "2018-10-21T13:53:24.267500",
    "AcquisitionMatrixPE": 104,
    "AcquisitionNumber": 1,
    "AcquisitionTime": "13:53:24.267500",
    "BandwidthPerPixelPhaseEncode": 16.578,
    "BaseResolution": 104,
    "BodyPartExamined": "BRAIN",
    "ConsistencyInfo": "N4_VE11C_LATEST_20160120",
    "ConversionSoftware": "dcm2niix",
    "ConversionSoftwareVersion": "v1.0.20180918  (JP2:OpenJPEG) GCC4.8.4",
    "DeidentificationMethod": "Penn_BSC_profile_v3.0",
    "DerivedVendorReportedEchoSpacing": 0.000580009,
    "DeviceSerialNumber": "66044",
    "DwellTime": 2.1e-06,
    "EchoTime": 0.037,
    "EchoTrainLength": 104,
    "EffectiveEchoSpacing": 0.000580009,
    "FlipAngle": 52,
    "ImageComments": "Unaliased_MB8_PE3_LB_AP26@mela:LFContrast",
    "ImageOrientationPatientDICOM": [
      0.999394,
      0.00967639,
      -0.0334273,
      -0.0211089,
      0.932232,
      -0.361245
    ],
    "ImageType": [
      "ORIGINAL",
      "PRIMARY",
      "M",
      "MB",
      "ND",
      "MOSAIC"
    ],
    "InPlanePhaseEncodingDirectionDICOM": "COL",
    "InstitutionAddress": "Curie_Blvd._422_Philadelphia_PA_US_19104",
    "InstitutionName": "SC3T",
    "InstitutionalDepartmentName": "Department",
    "MRAcquisitionType": "2D",
    "MagneticFieldStrength": 3,
    "Manufacturer": "Siemens",
    "ManufacturersModelName": "Prisma",
    "Modality": "MR",
    "MultibandAccelerationFactor": 8,
    "PartialFourier": 1,
    "PatientPosition": "HFS",
    "PatientSex": "F",
    "PercentPhaseFOV": 100,
    "PhaseEncodingDirection": "j-",
    "PhaseEncodingSteps": 104,
    "PhaseResolution": 1,
    "PixelBandwidth": 2290,
    "ProcedureStepDescription": "Research_Aguirre",
    "ProtocolName": "tfMRI_LFContrast_AP_run1",
    "PulseSequenceDetails": "%CustomerSeq%_cmrr_mbep2d_bold",
    "ReceiveCoilActiveElements": "HC1-7",
    "ReceiveCoilName": "HeadNeck_64",
    "ReconMatrixPE": 104,
    "RepetitionTime": 0.8,
    "SAR": 0.0618552,
    "ScanOptions": "FS_EXT",
    "ScanningSequence": "EP",
    "SequenceName": "epfid2d1_104",
    "SequenceVariant": "SK_SS",
    "SeriesDescription": "tfMRI_LFContrast_AP_run1",
    "SeriesInstanceUID": "1.3.12.2.1107.5.2.43.66044.2018102113531267756536387.0.0.0",
    "SeriesNumber": 15,
    "ShimSetting": [
      3804,
      2777,
      522,
      485,
      -60,
      27,
      -117,
      49
    ],
    "SliceThickness": 2,
    "SliceTiming": [
      0,
      0.4325,
      0.0875,
      0.52,
      0.1725,
      0.6075,
      0.26,
      0.6925,
      0.3475,
      0,
      0.4325,
      0.0875,
      0.52,
      0.1725,
      0.6075,
      0.26,
      0.6925,
      0.3475,
      0,
      0.4325,
      0.0875,
      0.52,
      0.1725,
      0.6075,
      0.26,
      0.6925,
      0.3475,
      0,
      0.4325,
      0.0875,
      0.52,
      0.1725,
      0.6075,
      0.26,
      0.6925,
      0.3475,
      0,
      0.4325,
      0.0875,
      0.52,
      0.1725,
      0.6075,
      0.26,
      0.6925,
      0.3475,
      0,
      0.4325,
      0.0875,
      0.52,
      0.1725,
      0.6075,
      0.26,
      0.6925,
      0.3475,
      0,
      0.4325,
      0.0875,
      0.52,
      0.1725,
      0.6075,
      0.26,
      0.6925,
      0.3475,
      0,
      0.4325,
      0.0875,
      0.52,
      0.1725,
      0.6075,
      0.26,
      0.6925,
      0.3475
    ],
    "SoftwareVersions": "syngo_MR_E11",
    "SpacingBetweenSlices": 2,
    "StationName": "AWP66044",
    "StudyID": "1",
    "StudyInstanceUID": "1.3.12.2.1107.5.2.43.66044.30000018101314052653700000157",
    "TaskName": "LFContrast",
    "TotalReadoutTime": 0.0597409,
    "TxRefAmp": 213.245,
    "WipMemBlock": "a698b2b6-57b2-4c89-ab7d-a9e686ccdec9||Sequence: R016 ve11c/master r/e634e98; Dec 19 2017 11:00:25 by eja",
    "dataset": "ds003752",
    "modality": "bold",
    "run_id": 1,
    "session_id": "ResearchAguirre1",
    "subject_id": "03",
    "task_id": "LFContrast"
  },
  "dummy_trs": 2,
  "dvars_nstd": 48.8784465845125,
  "dvars_std": 1.0239921701114199,
  "dvars_vstd": 0.9911504483008352,
  "efc": 0.530234866563721,
  "fber": 624.0029907226562,
  "fd_mean": 0.09574334243786835,
  "fd_num": 1,
  "fd_perc": 0.2777777777777778,
  "fwhm_avg": 3.1033250628022393,
  "fwhm_x": 2.95819,
  "fwhm_y": 3.190845,
  "fwhm_z": 3.160940188406717,
  "gcor": 0.00514482,
  "gsr_x": -0.015469657257199287,
  "gsr_y": 0.0759599581360817,
  "provenance": {
    "md5sum": "4cd4ae30a1f3bb01f2d4deb3d9f34c7d",
    "settings": {
      "fd_thres": 0.2,
      "testing": false
    },
    "software": "mriqc",
    "version": "22.0.6",
    "webapi_port": null,
    "webapi_url": "https://mriqc.nimh.nih.gov/api/v1"
  },
  "size_t": 360,
  "size_x": 104,
  "size_y": 104,
  "size_z": 72,
  "snr": 2.1223137423353897,
  "spacing_tr": 0.800000011920929,
  "spacing_x": 2.0,
  "spacing_y": 2.0,
  "spacing_z": 1.9999998807907104,
  "summary_bg_k": 41.34743208081741,
  "summary_bg_mad": 153.29533679762093,
  "summary_bg_mean": 582.8905639648438,
  "summary_bg_median": 271.89404296875,
  "summary_bg_n": 502133.0,
  "summary_bg_p05": 155.9042175292969,
  "summary_bg_p95": 2121.12392578125,
  "summary_bg_stdv": 916.8116455078125,
  "summary_fg_k": 2.2159625720052984,
  "summary_fg_mad": 2819.1225110959385,
  "summary_fg_mean": 7581.7021484375,
  "summary_fg_median": 6950.3515625,
  "summary_fg_n": 172258.0,
  "summary_fg_p05": 3523.397216796875,
  "summary_fg_p95": 13799.474999999999,
  "summary_fg_stdv": 3274.884033203125,
  "tsnr": 27.14350128173828
}