{
  "aor": 0.0011138333333333334,
  "aqi": 0.008962024444444446,
  "bids_meta": {
    "AcquisitionDateTime": "2018-10-21T14:39:30.532500",
    "AcquisitionMatrixPE": 104,
    "AcquisitionNumber": 1,
    "AcquisitionTime": "14:39:30.532500",
    "BandwidthPerPixelPhaseEncode": 16.578,
    "BaseResolution": 104,
    "BodyPartExamined": "BRAIN",
    "ConsistencyInfo": "N4_VE11C_LATEST_20160120",
    "ConversionSoftware": "dcm2niix",
    "ConversionSoftwareVersion": "v1.0.20180918  (JP2:OpenJPEG) GCC4.8.4",
    "DeidentificationMethod": "Penn_BSC_profile_v3.0",
    "DerivedVendorReportedEchoSpacing": 0.000580009,
    "DeviceSerialNumber": "66044",
    "DwellTime": 2.1e-06,
    "EchoTime": 0.037,
    "EchoTrainLength": 104,
    "EffectiveEchoSpacing": 0.000580009,
    "FlipAngle": 52,
    "ImageComments": "Unaliased_MB8_PE3_LB_AP26@mela:LFContrast",
    "ImageOrientationPatientDICOM": [
      0.999394,
      0.00967639,
      -0.0334273,
      -0.0211089,
      0.932232,
      -0.361245
    ],
    "ImageType": [
      "ORIGINAL",
      "PRIMARY",
      "M",
      "MB",
      "ND",
      "MOSAIC"
    ],
    "InPlanePhaseEncodingDirectionDICOM": "COL",
    "InstitutionAddress": "Curie_Blvd._422_Philadelphia_PA_US_19104",
    "InstitutionName": "SC3T",
    "InstitutionalDepartmentName": "Department",
    "MRAcquisitionType": "2D",
    "MagneticFieldStrength": 3,
    "Manufacturer": "Siemens",
    "ManufacturersModelName": "Prisma",
    "Modality": "MR",
    "MultibandAccelerationFactor": 8,
    "PartialFourier": 1,
    "PatientPosition": "HFS",
    "PatientSex": "F",
    "PercentPhaseFOV": 100,
    "PhaseEncodingDirection": "j-",
    "PhaseEncodingSteps": 104,
    "PhaseResolution": 1,
    "PixelBandwidth": 2290,
    "ProcedureStepDescription": "Research_Aguirre",
    "ProtocolName": "tfMRI_LFContrast_AP_run5",
    "PulseSequenceDetails": "%CustomerSeq%_cmrr_mbep2d_bold",
    "ReceiveCoilActiveElements": "HC1-7",
    "ReceiveCoilName": "HeadNeck_64",
    "ReconMatrixPE": 104,
    "RepetitionTime": 0.8,
    "SAR": 0.0618552,
    "ScanOptions": "FS_EXT",
    "ScanningSequence": "EP",
    "SequenceName": "epfid2d1_104",
    "SequenceVariant": "SK_SS",
    "SeriesDescription": "tfMRI_LFContrast_AP_run5",
    "SeriesInstanceUID": "1.3.12.2.1107.5.2.43.66044.2018102114391977313269515.0.0.0",
    "SeriesNumber": 39,
    "ShimSetting": [
      3804,
      2777,
      522,
      485,
      -60,
      27,
      -117,
      49
    ],
    "SliceThickness": 2,
    "SliceTiming": [
      0,
      0.435,
      0.0875,
      0.52,
      0.175,
      0.6075,
      0.26,
      0.695,
      0.3475,
      0,
      0.435,
      0.0875,
      0.52,
      0.175,
      0.6075,
      0.26,
      0.695,
      0.3475,
      0,
      0.435,
      0.0875,
      0.52,
      0.175,
      0.6075,
      0.26,
      0.695,
      0.3475,
      0,
      0.435,
      0.0875,
      0.52,
      0.175,
      0.6075,
      0.26,
      0.695,
      0.3475,
      0,
      0.435,
      0.0875,
      0.52,
      0.175,
      0.6075,
      0.26,
      0.695,
      0.3475,
      0,
      0.435,
      0.0875,
      0.52,
      0.175,
      0.6075,
      0.26,
      0.695,
      0.3475,
      0,
      0.435,
      0.0875,
      0.52,
      0.175,
      0.6075,
      0.26,
      0.695,
      0.3475,
      0,
      0.435,
      0.0875,
      0.52,
      0.175,
      0.6075,
      0.26,
      0.695,
      0.3475
    ],
    "SoftwareVersions": "syngo_MR_E11",
    "SpacingBetweenSlices": 2,
    "StationName": "AWP66044",
    "StudyID": "1",
    "StudyInstanceUID": "1.3.12.2.1107.5.2.43.66044.30000018101314052653700000157",
    "TaskName": "LFContrast",
    "TotalReadoutTime": 0.0597409,
    "TxRefAmp": 213.245,
    "WipMemBlock": "4b78feb4-b03f-4939-8d0d-1b9eab42ff29||Sequence: R016 ve11c/master r/e634e98; Dec 19 2017 11:00:25 by eja",
    "dataset": "ds003752",
    "modality": "bold",
    "run_id": 5,
    "session_id": "ResearchAguirre1",
    "subject_id": "03",
    "task_id": "LFContrast"
  },
  "dummy_trs": 2,
  "dvars_nstd": 48.61807154245124,
  "dvars_std": 1.0247589884122548,
  "dvars_vstd": 1.003326517130919,
  "efc": 0.5353487081187515,
  "fber": 639.3862915039062,
  "fd_mean": 0.0994078308748039,
  "fd_num": 11,
  "fd_perc": 3.0555555555555554,
  "fwhm_avg": 3.011886727027002,
  "fwhm_x": 2.87187,
  "fwhm_y": 3.125755,
  "fwhm_z": 3.038035181081008,
  "gcor": 0.00726536,
  "gsr_x": -0.013753469102084637,
  "gsr_y": 0.08455324172973633,
  "provenance": {
    "md5sum": "45463cb33a253c9c71e82716bd764a97",
    "settings": {
      "fd_thres": 0.2,
      "testing": false
    },
    "software": "mriqc",
    "version": "22.0.6",
    "webapi_port": null,
    "webapi_url": "https://mriqc.nimh.nih.gov/api/v1"
  },
  "size_t": 360,
  "size_x": 104,
  "size_y": 104,
  "size_z": 72,
  "snr": 2.197332694905959,
  "spacing_tr": 0.800000011920929,
  "spacing_x": 2.0,
  "spacing_y": 2.0,
  "spacing_z": 1.9999998807907104,
  "summary_bg_k": 34.12116472358677,
  "summary_bg_mad": 141.41936183085056,
  "summary_bg_mean": 578.26953125,
  "summary_bg_median": 260.4622802734375,
  "summary_bg_n": 502342.0,
  "summary_bg_p05": 152.85936584472657,
  "summary_bg_p95": 2152.0929809570302,
  "summary_bg_stdv": 909.2987060546875,
  "summary_fg_k": 2.027115489356496,
  "summary_fg_mad": 2636.6498675923185,
  "summary_fg_mean": 7268.90771484375,
  "summary_fg_median": 6693.12109375,
  "summary_fg_n": 172338.0,
  "summary_fg_p05": 3453.131701660156,
  "summary_fg_p95": 13038.81689453125,
  "summary_fg_stdv": 3046.011962890625,
  "tsnr": 25.574939727783203
}