{
  "aor": 0.0005093314763231199,
  "aqi": 0.011237107688022285,
  "bids_meta": {
    "AcquisitionDateTime": "2018-10-14T13:39:19.160000",
    "AcquisitionMatrixPE": 104,
    "AcquisitionNumber": 1,
    "AcquisitionTime": "13:39:19.160000",
    "BandwidthPerPixelPhaseEncode": 16.578,
    "BaseResolution": 104,
    "BodyPartExamined": "BRAIN",
    "ConsistencyInfo": "N4_VE11C_LATEST_20160120",
    "ConversionSoftware": "dcm2niix",
    "ConversionSoftwareVersion": "v1.0.20180918  (JP2:OpenJPEG) GCC4.8.4",
    "DeidentificationMethod": "Penn_BSC_profile_v3.0",
    "DerivedVendorReportedEchoSpacing": 0.000580009,
    "DeviceSerialNumber": "66044",
    "DwellTime": 2.1e-06,
    "EchoTime": 0.037,
    "EchoTrainLength": 104,
    "EffectiveEchoSpacing": 0.000580009,
    "FlipAngle": 52,
    "ImageComments": "Unaliased_MB8_PE3_LB_LZ23@mela:LFContrast",
    "ImageOrientationPatientDICOM": [
      0.99472,
      -0.102541,
      0.00420351,
      0.0912269,
      0.864714,
      -0.49391
    ],
    "ImageType": [
      "ORIGINAL",
      "PRIMARY",
      "M",
      "MB",
      "ND",
      "MOSAIC"
    ],
    "InPlanePhaseEncodingDirectionDICOM": "COL",
    "InstitutionAddress": "Curie_Blvd._422_Philadelphia_PA_US_19104",
    "InstitutionName": "SC3T",
    "InstitutionalDepartmentName": "Department",
    "MRAcquisitionType": "2D",
    "MagneticFieldStrength": 3,
    "Manufacturer": "Siemens",
    "ManufacturersModelName": "Prisma",
    "Modality": "MR",
    "MultibandAccelerationFactor": 8,
    "PartialFourier": 1,
    "PatientPosition": "HFS",
    "PatientSex": "M",
    "PercentPhaseFOV": 100,
    "PhaseEncodingDirection": "j-",
    "PhaseEncodingSteps": 104,
    "PhaseResolution": 1,
    "PixelBandwidth": 2290,
    "ProcedureStepDescription": "Research_Aguirre",
    "ProtocolName": "tfMRI_LFContrast_AP_run1",
    "PulseSequenceDetails": "%CustomerSeq%_cmrr_mbep2d_bold",
    "ReceiveCoilActiveElements": "HC1-7",
    "ReceiveCoilName": "HeadNeck_64",
    "ReconMatrixPE": 104,
    "RepetitionTime": 0.8,
    "SAR": 0.0672347,
    "ScanOptions": "FS_EXT",
    "ScanningSequence": "EP",
    "SequenceName": "epfid2d1_104",
    "SequenceVariant": "SK_SS",
    "SeriesDescription": "tfMRI_LFContrast_AP_run1",
    "SeriesInstanceUID": "1.3.12.2.1107.5.2.43.66044.2018101413390785749291011.0.0.0",
    "SeriesNumber": 15,
    "ShimSetting": [
      3813,
      2758,
      487,
      221,
      88,
      -388,
      -76,
      0
    ],
    "SliceThickness": 2,
    "SliceTiming": [
      0,
      0.435,
      0.0875,
      0.52,
      0.175,
      0.6075,
      0.26,
      0.695,
      0.3475,
      0,
      0.435,
      0.0875,
      0.52,
      0.175,
      0.6075,
      0.26,
      0.695,
      0.3475,
      0,
      0.435,
      0.0875,
      0.52,
      0.175,
      0.6075,
      0.26,
      0.695,
      0.3475,
      0,
      0.435,
      0.0875,
      0.52,
      0.175,
      0.6075,
      0.26,
      0.695,
      0.3475,
      0,
      0.435,
      0.0875,
      0.52,
      0.175,
      0.6075,
      0.26,
      0.695,
      0.3475,
      0,
      0.435,
      0.0875,
      0.52,
      0.175,
      0.6075,
      0.26,
      0.695,
      0.3475,
      0,
      0.435,
      0.0875,
      0.52,
      0.175,
      0.6075,
      0.26,
      0.695,
      0.3475,
      0,
      0.435,
      0.0875,
      0.52,
      0.175,
      0.6075,
      0.26,
      0.695,
      0.3475
    ],
    "SoftwareVersions": "syngo_MR_E11",
    "SpacingBetweenSlices": 2,
    "StationName": "AWP66044",
    "StudyID": "1",
    "StudyInstanceUID": "1.3.12.2.1107.5.2.43.66044.30000018101314052653700000016",
    "TaskName": "LFContrast",
    "TotalReadoutTime": 0.0597409,
    "TxRefAmp": 250.359,
    "WipMemBlock": "b303c842-7cf3-4866-9ff3-8aa433ef1713||Sequence: R016 ve11c/master r/e634e98; Dec 19 2017 11:00:25 by eja",
    "dataset": "ds003752",
    "modality": "bold",
    "run_id": 1,
    "session_id": "ResearchAguirre2",
    "subject_id": "01",
    "task_id": "LFContrast"
  },
  "dummy_trs": 3,
  "dvars_nstd": 63.75243977603355,
  "dvars_std": 1.0463391648603344,
  "dvars_vstd": 1.0028431970670397,
  "efc": 0.5791816415602085,
  "fber": 223.4807586669922,
  "fd_mean": 0.277798012931616,
  "fd_num": 252,
  "fd_perc": 70.1949860724234,
  "fwhm_avg": 3.062723333333334,
  "fwhm_x": 2.819735,
  "fwhm_y": 3.11498,
  "fwhm_z": 3.253455,
  "gcor": 0.00217676,
  "gsr_x": -0.00032154147629626095,
  "gsr_y": 0.08648928254842758,
  "provenance": {
    "md5sum": "87f2723f278b4ebb4ed36ce45d1220df",
    "settings": {
      "fd_thres": 0.2,
      "testing": false
    },
    "software": "mriqc",
    "version": "22.0.6",
    "webapi_port": null,
    "webapi_url": "https://mriqc.nimh.nih.gov/api/v1"
  },
  "size_t": 359,
  "size_x": 104,
  "size_y": 104,
  "size_z": 72,
  "snr": 2.0453571090313476,
  "spacing_tr": 0.800000011920929,
  "spacing_x": 2.0,
  "spacing_y": 2.0,
  "spacing_z": 2.0,
  "summary_bg_k": 25.22819655630002,
  "summary_bg_mad": 271.59290440776755,
  "summary_bg_mean": 724.875244140625,
  "summary_bg_median": 383.51531982421875,
  "summary_bg_n": 474395.0,
  "summary_bg_p05": 160.6545867919922,
  "summary_bg_p95": 2484.4489257812497,
  "summary_bg_stdv": 1015.5444946289062,
  "summary_fg_k": 1.637778644427307,
  "summary_fg_mad": 2578.1670738798753,
  "summary_fg_mean": 6543.8173828125,
  "summary_fg_median": 5970.51806640625,
  "summary_fg_n": 188933.0,
  "summary_fg_p05": 2982.0015625,
  "summary_fg_p95": 12218.643164062498,
  "summary_fg_stdv": 2919.05126953125,
  "tsnr": 22.195077140349895
}