{
  "aor": 0.00042350000000000005,
  "aqi": 0.011495040888888888,
  "bids_meta": {
    "AcquisitionDateTime": "2018-10-14T13:50:27.705000",
    "AcquisitionMatrixPE": 104,
    "AcquisitionNumber": 1,
    "AcquisitionTime": "13:50:27.705000",
    "BandwidthPerPixelPhaseEncode": 16.578,
    "BaseResolution": 104,
    "BodyPartExamined": "BRAIN",
    "ConsistencyInfo": "N4_VE11C_LATEST_20160120",
    "ConversionSoftware": "dcm2niix",
    "ConversionSoftwareVersion": "v1.0.20180918  (JP2:OpenJPEG) GCC4.8.4",
    "DeidentificationMethod": "Penn_BSC_profile_v3.0",
    "DerivedVendorReportedEchoSpacing": 0.000580009,
    "DeviceSerialNumber": "66044",
    "DwellTime": 2.1e-06,
    "EchoTime": 0.037,
    "EchoTrainLength": 104,
    "EffectiveEchoSpacing": 0.000580009,
    "FlipAngle": 52,
    "ImageComments": "Unaliased_MB8_PE3_LB_LZ23@mela:LFContrast",
    "ImageOrientationPatientDICOM": [
      0.99472,
      -0.102541,
      0.00420351,
      0.0912269,
      0.864714,
      -0.49391
    ],
    "ImageType": [
      "ORIGINAL",
      "PRIMARY",
      "M",
      "MB",
      "ND",
      "MOSAIC"
    ],
    "InPlanePhaseEncodingDirectionDICOM": "COL",
    "InstitutionAddress": "Curie_Blvd._422_Philadelphia_PA_US_19104",
    "InstitutionName": "SC3T",
    "InstitutionalDepartmentName": "Department",
    "MRAcquisitionType": "2D",
    "MagneticFieldStrength": 3,
    "Manufacturer": "Siemens",
    "ManufacturersModelName": "Prisma",
    "Modality": "MR",
    "MultibandAccelerationFactor": 8,
    "PartialFourier": 1,
    "PatientPosition": "HFS",
    "PatientSex": "M",
    "PercentPhaseFOV": 100,
    "PhaseEncodingDirection": "j-",
    "PhaseEncodingSteps": 104,
    "PhaseResolution": 1,
    "PixelBandwidth": 2290,
    "ProcedureStepDescription": "Research_Aguirre",
    "ProtocolName": "tfMRI_LFContrast_AP_run2",
    "PulseSequenceDetails": "%CustomerSeq%_cmrr_mbep2d_bold",
    "ReceiveCoilActiveElements": "HC1-7",
    "ReceiveCoilName": "HeadNeck_64",
    "ReconMatrixPE": 104,
    "RepetitionTime": 0.8,
    "SAR": 0.0672347,
    "ScanOptions": "FS_EXT",
    "ScanningSequence": "EP",
    "SequenceName": "epfid2d1_104",
    "SequenceVariant": "SK_SS",
    "SeriesDescription": "tfMRI_LFContrast_AP_run2",
    "SeriesInstanceUID": "1.3.12.2.1107.5.2.43.66044.2018101413501440831749293.0.0.0",
    "SeriesNumber": 21,
    "ShimSetting": [
      3813,
      2758,
      487,
      221,
      88,
      -388,
      -76,
      0
    ],
    "SliceThickness": 2,
    "SliceTiming": [
      0,
      0.4325,
      0.0875,
      0.52,
      0.1725,
      0.6075,
      0.26,
      0.6925,
      0.3475,
      0,
      0.4325,
      0.0875,
      0.52,
      0.1725,
      0.6075,
      0.26,
      0.6925,
      0.3475,
      0,
      0.4325,
      0.0875,
      0.52,
      0.1725,
      0.6075,
      0.26,
      0.6925,
      0.3475,
      0,
      0.4325,
      0.0875,
      0.52,
      0.1725,
      0.6075,
      0.26,
      0.6925,
      0.3475,
      0,
      0.4325,
      0.0875,
      0.52,
      0.1725,
      0.6075,
      0.26,
      0.6925,
      0.3475,
      0,
      0.4325,
      0.0875,
      0.52,
      0.1725,
      0.6075,
      0.26,
      0.6925,
      0.3475,
      0,
      0.4325,
      0.0875,
      0.52,
      0.1725,
      0.6075,
      0.26,
      0.6925,
      0.3475,
      0,
      0.4325,
      0.0875,
      0.52,
      0.1725,
      0.6075,
      0.26,
      0.6925,
      0.3475
    ],
    "SoftwareVersions": "syngo_MR_E11",
    "SpacingBetweenSlices": 2,
    "StationName": "AWP66044",
    "StudyID": "1",
    "StudyInstanceUID": "1.3.12.2.1107.5.2.43.66044.30000018101314052653700000016",
    "TaskName": "LFContrast",
    "TotalReadoutTime": 0.0597409,
    "TxRefAmp": 250.359,
    "WipMemBlock": "6b43c0a6-7609-48cb-813d-29fe9f30429c||Sequence: R016 ve11c/master r/e634e98; Dec 19 2017 11:00:25 by eja",
    "dataset": "ds003752",
    "modality": "bold",
    "run_id": 2,
    "session_id": "ResearchAguirre2",
    "subject_id": "01",
    "task_id": "LFContrast"
  },
  "dummy_trs": 2,
  "dvars_nstd": 63.29781556211702,
  "dvars_std": 1.03720566270195,
  "dvars_vstd": 0.9971739362674097,
  "efc": 0.5804119410842314,
  "fber": 221.32003784179688,
  "fd_mean": 0.2667746841022531,
  "fd_num": 252,
  "fd_perc": 70.0,
  "fwhm_avg": 3.039995,
  "fwhm_x": 2.820265,
  "fwhm_y": 3.10137,
  "fwhm_z": 3.19835,
  "gcor": 0.00257515,
  "gsr_x": 0.009319919161498547,
  "gsr_y": 0.08910085260868073,
  "provenance": {
    "md5sum": "c58743cfedabf246cae7594136c858fe",
    "settings": {
      "fd_thres": 0.2,
      "testing": false
    },
    "software": "mriqc",
    "version": "22.0.6",
    "webapi_port": null,
    "webapi_url": "https://mriqc.nimh.nih.gov/api/v1"
  },
  "size_t": 360,
  "size_x": 104,
  "size_y": 104,
  "size_z": 72,
  "snr": 2.0806637547438207,
  "spacing_tr": 0.800000011920929,
  "spacing_x": 2.0,
  "spacing_y": 2.0,
  "spacing_z": 2.0,
  "summary_bg_k": 21.849230284138265,
  "summary_bg_mad": 277.18073751587764,
  "summary_bg_mean": 750.1488647460938,
  "summary_bg_median": 387.1694641113281,
  "summary_bg_n": 480074.0,
  "summary_bg_p05": 161.3962600708008,
  "summary_bg_p95": 2689.2382568359308,
  "summary_bg_stdv": 1055.1265869140625,
  "summary_fg_k": 1.539681492915066,
  "summary_fg_mad": 2546.665758334386,
  "summary_fg_mean": 6537.31103515625,
  "summary_fg_median": 5953.8251953125,
  "summary_fg_n": 185818.0,
  "summary_fg_p05": 3065.5348876953126,
  "summary_fg_p95": 12109.954052734372,
  "summary_fg_stdv": 2861.4951171875,
  "tsnr": 22.055227047298104
}