{
  "aor": 0.0004202506963788301,
  "aqi": 0.011532441142061282,
  "bids_meta": {
    "AcquisitionDateTime": "2018-10-14T14:01:55.207500",
    "AcquisitionMatrixPE": 104,
    "AcquisitionNumber": 1,
    "AcquisitionTime": "14:01:55.207500",
    "BandwidthPerPixelPhaseEncode": 16.578,
    "BaseResolution": 104,
    "BodyPartExamined": "BRAIN",
    "ConsistencyInfo": "N4_VE11C_LATEST_20160120",
    "ConversionSoftware": "dcm2niix",
    "ConversionSoftwareVersion": "v1.0.20180918  (JP2:OpenJPEG) GCC4.8.4",
    "DeidentificationMethod": "Penn_BSC_profile_v3.0",
    "DerivedVendorReportedEchoSpacing": 0.000580009,
    "DeviceSerialNumber": "66044",
    "DwellTime": 2.1e-06,
    "EchoTime": 0.037,
    "EchoTrainLength": 104,
    "EffectiveEchoSpacing": 0.000580009,
    "FlipAngle": 52,
    "ImageComments": "Unaliased_MB8_PE3_LB_LZ23@mela:LFContrast",
    "ImageOrientationPatientDICOM": [
      0.99472,
      -0.102541,
      0.00420351,
      0.0912269,
      0.864714,
      -0.49391
    ],
    "ImageType": [
      "ORIGINAL",
      "PRIMARY",
      "M",
      "MB",
      "ND",
      "MOSAIC"
    ],
    "InPlanePhaseEncodingDirectionDICOM": "COL",
    "InstitutionAddress": "Curie_Blvd._422_Philadelphia_PA_US_19104",
    "InstitutionName": "SC3T",
    "InstitutionalDepartmentName": "Department",
    "MRAcquisitionType": "2D",
    "MagneticFieldStrength": 3,
    "Manufacturer": "Siemens",
    "ManufacturersModelName": "Prisma",
    "Modality": "MR",
    "MultibandAccelerationFactor": 8,
    "PartialFourier": 1,
    "PatientPosition": "HFS",
    "PatientSex": "M",
    "PercentPhaseFOV": 100,
    "PhaseEncodingDirection": "j-",
    "PhaseEncodingSteps": 104,
    "PhaseResolution": 1,
    "PixelBandwidth": 2290,
    "ProcedureStepDescription": "Research_Aguirre",
    "ProtocolName": "tfMRI_LFContrast_AP_run3",
    "PulseSequenceDetails": "%CustomerSeq%_cmrr_mbep2d_bold",
    "ReceiveCoilActiveElements": "HC1-7",
    "ReceiveCoilName": "HeadNeck_64",
    "ReconMatrixPE": 104,
    "RepetitionTime": 0.8,
    "SAR": 0.0672347,
    "ScanOptions": "FS_EXT",
    "ScanningSequence": "EP",
    "SequenceName": "epfid2d1_104",
    "SequenceVariant": "SK_SS",
    "SeriesDescription": "tfMRI_LFContrast_AP_run3",
    "SeriesInstanceUID": "1.3.12.2.1107.5.2.43.66044.2018101414014048175707575.0.0.0",
    "SeriesNumber": 27,
    "ShimSetting": [
      3813,
      2758,
      487,
      221,
      88,
      -388,
      -76,
      0
    ],
    "SliceThickness": 2,
    "SliceTiming": [
      0,
      0.435,
      0.0875,
      0.52,
      0.175,
      0.6075,
      0.26,
      0.695,
      0.3475,
      0,
      0.435,
      0.0875,
      0.52,
      0.175,
      0.6075,
      0.26,
      0.695,
      0.3475,
      0,
      0.435,
      0.0875,
      0.52,
      0.175,
      0.6075,
      0.26,
      0.695,
      0.3475,
      0,
      0.435,
      0.0875,
      0.52,
      0.175,
      0.6075,
      0.26,
      0.695,
      0.3475,
      0,
      0.435,
      0.0875,
      0.52,
      0.175,
      0.6075,
      0.26,
      0.695,
      0.3475,
      0,
      0.435,
      0.0875,
      0.52,
      0.175,
      0.6075,
      0.26,
      0.695,
      0.3475,
      0,
      0.435,
      0.0875,
      0.52,
      0.175,
      0.6075,
      0.26,
      0.695,
      0.3475,
      0,
      0.435,
      0.0875,
      0.52,
      0.175,
      0.6075,
      0.26,
      0.695,
      0.3475
    ],
    "SoftwareVersions": "syngo_MR_E11",
    "SpacingBetweenSlices": 2,
    "StationName": "AWP66044",
    "StudyID": "1",
    "StudyInstanceUID": "1.3.12.2.1107.5.2.43.66044.30000018101314052653700000016",
    "TaskName": "LFContrast",
    "TotalReadoutTime": 0.0597409,
    "TxRefAmp": 250.359,
    "WipMemBlock": "a64b2675-eb64-4ae9-b87a-4797cd28d1e5||Sequence: R016 ve11c/master r/e634e98; Dec 19 2017 11:00:25 by eja",
    "dataset": "ds003752",
    "modality": "bold",
    "run_id": 3,
    "session_id": "ResearchAguirre2",
    "subject_id": "01",
    "task_id": "LFContrast"
  },
  "dummy_trs": 3,
  "dvars_nstd": 63.573820434134085,
  "dvars_std": 1.0306933747765372,
  "dvars_vstd": 0.9946325242737434,
  "efc": 0.5813129153303656,
  "fber": 217.9899444580078,
  "fd_mean": 0.24962192156960128,
  "fd_num": 224,
  "fd_perc": 62.39554317548747,
  "fwhm_avg": 3.068343333333333,
  "fwhm_x": 2.827505,
  "fwhm_y": 3.12629,
  "fwhm_z": 3.251235,
  "gcor": 0.00243124,
  "gsr_x": 0.004449726548045874,
  "gsr_y": 0.08957124501466751,
  "provenance": {
    "md5sum": "e25d6375ce88867e292a5082879bba59",
    "settings": {
      "fd_thres": 0.2,
      "testing": false
    },
    "software": "mriqc",
    "version": "22.0.6",
    "webapi_port": null,
    "webapi_url": "https://mriqc.nimh.nih.gov/api/v1"
  },
  "size_t": 359,
  "size_x": 104,
  "size_y": 104,
  "size_z": 72,
  "snr": 2.0469804894029964,
  "spacing_tr": 0.800000011920929,
  "spacing_x": 2.0,
  "spacing_y": 2.0,
  "spacing_z": 2.0,
  "summary_bg_k": 22.615248871975183,
  "summary_bg_mad": 275.78468980310936,
  "summary_bg_mean": 737.0564575195312,
  "summary_bg_median": 386.2423400878906,
  "summary_bg_n": 475461.0,
  "summary_bg_p05": 160.2562713623047,
  "summary_bg_p95": 2577.590576171875,
  "summary_bg_stdv": 1028.9034423828125,
  "summary_fg_k": 1.5406226879270521,
  "summary_fg_mad": 2548.388704271907,
  "summary_fg_mean": 6483.81396484375,
  "summary_fg_median": 5907.888671875,
  "summary_fg_n": 189082.0,
  "summary_fg_p05": 2959.733093261719,
  "summary_fg_p95": 12094.100488281249,
  "summary_fg_stdv": 2886.140380859375,
  "tsnr": 21.75863927928731
}