{
  "bids_meta": {
    "AcquisitionDateTime": "2018-10-13T17:49:29.755000",
    "AcquisitionMatrixPE": 300,
    "AcquisitionNumber": 1,
    "AcquisitionTime": "17:49:29.755000",
    "BaseResolution": 320,
    "BodyPartExamined": "BRAIN",
    "ConsistencyInfo": "N4_VE11C_LATEST_20160120",
    "ConversionSoftware": "dcm2niix",
    "ConversionSoftwareVersion": "v1.0.20180918  (JP2:OpenJPEG) GCC4.8.4",
    "DeidentificationMethod": "Penn_BSC_profile_v3.0",
    "DeviceSerialNumber": "66044",
    "DwellTime": 7.1e-06,
    "EchoTime": 0.00222,
    "FlipAngle": 8,
    "ImageComments": "sub01@mela:LFContrast",
    "ImageOrientationPatientDICOM": [
      0.0805495,
      0.979919,
      -0.182402,
      -0.0225835,
      -0.181155,
      -0.983195
    ],
    "ImageType": [
      "ORIGINAL",
      "PRIMARY",
      "M",
      "ND",
      "NORM"
    ],
    "InPlanePhaseEncodingDirectionDICOM": "ROW",
    "InstitutionAddress": "Curie_Blvd._422_Philadelphia_PA_US_19104",
    "InstitutionName": "SC3T",
    "InstitutionalDepartmentName": "Department",
    "InversionTime": 1,
    "MRAcquisitionType": "3D",
    "MagneticFieldStrength": 3,
    "Manufacturer": "Siemens",
    "ManufacturersModelName": "Prisma",
    "Modality": "MR",
    "ParallelReductionFactorInPlane": 2,
    "PartialFourier": 1,
    "PatientPosition": "HFS",
    "PatientSex": "M",
    "PercentPhaseFOV": 93.75,
    "PhaseEncodingSteps": 299,
    "PhaseResolution": 1,
    "PixelBandwidth": 220,
    "ProcedureStepDescription": "Research_Aguirre",
    "ProtocolName": "T1w_MPR",
    "PulseSequenceDetails": "%SiemensSeq%_tfl",
    "ReceiveCoilActiveElements": "HC1-7",
    "ReceiveCoilName": "HeadNeck_64",
    "ReconMatrixPE": 320,
    "RepetitionTime": 2.4,
    "SAR": 0.045621,
    "ScanOptions": "IR_WE",
    "ScanningSequence": "GR_IR",
    "SequenceName": "_tfl3d1_16ns",
    "SequenceVariant": "SK_SP_MP",
    "SeriesDescription": "T1w_MPR",
    "SeriesInstanceUID": "1.3.12.2.1107.5.2.43.66044.2018101317492515013952999.0.0.0",
    "SeriesNumber": 31,
    "ShimSetting": [
      3816,
      2711,
      452,
      120,
      61,
      -665,
      -78,
      76
    ],
    "SliceThickness": 0.8,
    "SoftwareVersions": "syngo_MR_E11",
    "StationName": "AWP66044",
    "StudyID": "1",
    "StudyInstanceUID": "1.3.12.2.1107.5.2.43.66044.30000018101314052653700000010",
    "TxRefAmp": 255.647,
    "dataset": "ds003752",
    "modality": "T1w",
    "session_id": "ResearchAguirre1",
    "subject_id": "01"
  },
  "cjv": 0.35841615696090795,
  "cnr": 3.744628912452195,
  "efc": 0.5825057087820176,
  "fber": 27125.0100107498,
  "fwhm_avg": 4.833854941842874,
  "fwhm_x": 4.873289969001099,
  "fwhm_y": 4.742612429329568,
  "fwhm_z": 4.885662427197956,
  "icvs_csf": 0.2175973244423068,
  "icvs_gm": 0.4201645639434956,
  "icvs_wm": 0.36223811161419756,
  "inu_med": 0.5302339494228363,
  "inu_range": 0.2631743520498276,
  "provenance": {
    "md5sum": "b70cad0a6300852ef3972abba0b02250",
    "settings": {
      "testing": false
    },
    "software": "mriqc",
    "version": "22.0.6",
    "warnings": {
      "large_rot_frame": true,
      "small_air_mask": false
    },
    "webapi_port": null,
    "webapi_url": "https://mriqc.nimh.nih.gov/api/v1"
  },
  "qi_1": 6.947184921887142e-05,
  "qi_2": 0.00048026672859775117,
  "rpve_csf": 19.17531903605173,
  "rpve_gm": 10.235676898105087,
  "rpve_wm": 13.502188556779753,
  "size_x": 208,
  "size_y": 300,
  "size_z": 320,
  "snr_csf": 2.6925228436661683,
  "snr_gm": 12.547571676432876,
  "snr_total": 12.398785461387893,
  "snr_wm": 21.956261864064633,
  "snrd_csf": 24.419250096356066,
  "snrd_gm": 66.23375977713151,
  "snrd_total": 60.731437784810375,
  "snrd_wm": 91.54130348094357,
  "spacing_x": 0.7999995946884155,
  "spacing_y": 0.800000011920929,
  "spacing_z": 0.800000011920929,
  "summary_bg_k": 28.259584721156507,
  "summary_bg_mad": 0.0,
  "summary_bg_mean": 4.027959639005806,
  "summary_bg_median": 0.0,
  "summary_bg_n": 6627431.0,
  "summary_bg_p05": 0.0,
  "summary_bg_p95": 17.094566717743874,
  "summary_bg_stdv": 7.1569601882411975,
  "summary_csf_k": 1.199761610879305,
  "summary_csf_mad": 82.65527783290719,
  "summary_csf_mean": 275.7025418429087,
  "summary_csf_median": 266.765212200582,
  "summary_csf_n": 158133.0,
  "summary_csf_p05": 121.62205832079053,
  "summary_csf_p95": 453.42374239489436,
  "summary_csf_stdv": 99.07599088456789,
  "summary_gm_k": 0.23151348440117303,
  "summary_gm_mad": 55.78635754601402,
  "summary_gm_mean": 724.4699282970546,
  "summary_gm_median": 723.5628822371364,
  "summary_gm_n": 130682.0,
  "summary_gm_p05": 631.6956524513662,
  "summary_gm_p95": 821.4710491336882,
  "summary_gm_stdv": 57.66535011552813,
  "summary_wm_k": 0.4013573883119852,
  "summary_wm_mad": 43.304695994301234,
  "summary_wm_mean": 1000.6603053744948,
  "summary_wm_median": 1000.0321529880166,
  "summary_wm_n": 534773.0,
  "summary_wm_p05": 927.2195812165737,
  "summary_wm_p95": 1076.6363767758012,
  "summary_wm_stdv": 45.54651534822962,
  "tpm_overlap_csf": 0.14936820395911599,
  "tpm_overlap_gm": 0.43732162379518097,
  "tpm_overlap_wm": 0.4870739050380534,
  "wm2max": 0.719983343358164
}