{
  "bids_meta": {
    "AcquisitionDateTime": "2018-10-13T17:56:36.202500",
    "AcquisitionMatrixPE": 300,
    "AcquisitionNumber": 1,
    "AcquisitionTime": "17:56:36.202500",
    "BaseResolution": 320,
    "BodyPartExamined": "BRAIN",
    "ConsistencyInfo": "N4_VE11C_LATEST_20160120",
    "ConversionSoftware": "dcm2niix",
    "ConversionSoftwareVersion": "v1.0.20180918  (JP2:OpenJPEG) GCC4.8.4",
    "DeidentificationMethod": "Penn_BSC_profile_v3.0",
    "DeviceSerialNumber": "66044",
    "DwellTime": 2.1e-06,
    "EchoTime": 0.563,
    "EchoTrainLength": 314,
    "FlipAngle": 120,
    "ImageComments": "sub01@mela:LFContrast",
    "ImageOrientationPatientDICOM": [
      0.0805495,
      0.979919,
      -0.182402,
      -0.0225835,
      -0.181155,
      -0.983195
    ],
    "ImageType": [
      "ORIGINAL",
      "PRIMARY",
      "M",
      "ND",
      "NORM"
    ],
    "InPlanePhaseEncodingDirectionDICOM": "ROW",
    "InstitutionAddress": "Curie_Blvd._422_Philadelphia_PA_US_19104",
    "InstitutionName": "SC3T",
    "InstitutionalDepartmentName": "Department",
    "MRAcquisitionType": "3D",
    "MagneticFieldStrength": 3,
    "Manufacturer": "Siemens",
    "ManufacturersModelName": "Prisma",
    "Modality": "MR",
    "ParallelReductionFactorInPlane": 2,
    "PartialFourier": 1,
    "PatientPosition": "HFS",
    "PatientSex": "M",
    "PercentPhaseFOV": 93.75,
    "PhaseEncodingSteps": 297,
    "PhaseResolution": 1,
    "PixelBandwidth": 745,
    "ProcedureStepDescription": "Research_Aguirre",
    "ProtocolName": "T2w_SPC",
    "PulseSequenceDetails": "%SiemensSeq%_tse_vfl",
    "ReceiveCoilActiveElements": "HC1-7",
    "ReceiveCoilName": "HeadNeck_64",
    "ReconMatrixPE": 320,
    "RepetitionTime": 3.2,
    "SAR": 0.153494,
    "ScanOptions": "PFP",
    "ScanningSequence": "SE",
    "SequenceName": "_spc_314ns",
    "SequenceVariant": "SK_SP",
    "SeriesDescription": "T2w_SPC",
    "SeriesInstanceUID": "1.3.12.2.1107.5.2.43.66044.2018101318023587570054052.0.0.0",
    "SeriesNumber": 32,
    "ShimSetting": [
      3815,
      2765,
      491,
      243,
      74,
      -274,
      -129,
      68
    ],
    "SliceThickness": 0.8,
    "SoftwareVersions": "syngo_MR_E11",
    "StationName": "AWP66044",
    "StudyID": "1",
    "StudyInstanceUID": "1.3.12.2.1107.5.2.43.66044.30000018101314052653700000010",
    "TxRefAmp": 255.647,
    "dataset": "ds003752",
    "modality": "T2w",
    "session_id": "ResearchAguirre1",
    "subject_id": "01"
  },
  "cjv": 0.24772960793044865,
  "cnr": 1.8784588559940067,
  "efc": 0.5574458903133918,
  "fber": 5924.1884765625,
  "fwhm_avg": 2.822458771545056,
  "fwhm_x": 2.7626013996429384,
  "fwhm_y": 3.078087454132923,
  "fwhm_z": 2.6266874608593067,
  "icvs_csf": 0.31449601512692366,
  "icvs_gm": 0.5761458092225844,
  "icvs_wm": 0.10935817565049198,
  "inu_med": 0.9585266709327698,
  "inu_range": 0.2947100460529327,
  "provenance": {
    "md5sum": "6796dd4ded7020c39d0b16e5465dbdbd",
    "settings": {
      "testing": false
    },
    "software": "mriqc",
    "version": "22.0.6",
    "warnings": {
      "large_rot_frame": true,
      "small_air_mask": false
    },
    "webapi_port": null,
    "webapi_url": "https://mriqc.nimh.nih.gov/api/v1"
  },
  "qi_1": 1.0041419420621575e-06,
  "qi_2": 0.0012645982148441345,
  "rpve_csf": 11.69786695666898,
  "rpve_gm": 8.092095021201393,
  "rpve_wm": 43.71341922043747,
  "size_x": 208,
  "size_y": 300,
  "size_z": 320,
  "snr_csf": 5.541897389676396,
  "snr_gm": 6.632160603529517,
  "snr_total": 4.940513234275099,
  "snr_wm": 2.6474817096193837,
  "snrd_csf": 72.03201958540689,
  "snrd_gm": 35.42622797295393,
  "snrd_total": 77.13647201648338,
  "snrd_wm": 123.95116849108935,
  "spacing_x": 0.7999995946884155,
  "spacing_y": 0.800000011920929,
  "spacing_z": 0.800000011920929,
  "summary_bg_k": 56.19901348817132,
  "summary_bg_mad": 0.0,
  "summary_bg_mean": 2.9889494896739746,
  "summary_bg_median": 0.0,
  "summary_bg_n": 6619810.0,
  "summary_bg_p05": 0.0,
  "summary_bg_p95": 13.235231518745422,
  "summary_bg_stdv": 5.284210094132599,
  "summary_csf_k": -0.1717167213419719,
  "summary_csf_mad": 106.9838304603678,
  "summary_csf_mean": 599.2125401701115,
  "summary_csf_median": 580.997064113617,
  "summary_csf_n": 91992.0,
  "summary_csf_p05": 457.41890400648117,
  "summary_csf_p95": 787.8229276448487,
  "summary_csf_stdv": 104.83664084434153,
  "summary_gm_k": 0.7197805995266946,
  "summary_gm_mad": 39.997470749320044,
  "summary_gm_mean": 289.5969154827661,
  "summary_gm_median": 285.7414600253105,
  "summary_gm_n": 662240.0,
  "summary_gm_p05": 226.03492039442062,
  "summary_gm_p95": 367.8168094754219,
  "summary_gm_stdv": 43.08418649188975,
  "summary_wm_k": 0.022942124013193954,
  "summary_wm_mad": 136.88789558172462,
  "summary_wm_mean": 825.0173361904004,
  "summary_wm_median": 999.7674006819725,
  "summary_wm_n": 53715.0,
  "summary_wm_p05": 36.84510857462884,
  "summary_wm_p95": 1176.1511745929715,
  "summary_wm_stdv": 377.6260628295928,
  "tpm_overlap_csf": 0.11274583879593575,
  "tpm_overlap_gm": 0.3695129806968826,
  "tpm_overlap_wm": 0.028580550295577326,
  "wm2max": 0.8924769741808848
}