{
  "aor": 0.0003174719101123595,
  "aqi": 0.008666028539325842,
  "bids_meta": {
    "AcquisitionDateTime": "2019-03-16T15:14:31.545000",
    "AcquisitionMatrixPE": 104,
    "AcquisitionNumber": 1,
    "AcquisitionTime": "15:14:31.545000",
    "BandwidthPerPixelPhaseEncode": 16.578,
    "BaseResolution": 104,
    "BodyPartExamined": "BRAIN",
    "ConsistencyInfo": "N4_VE11C_LATEST_20160120",
    "ConversionSoftware": "dcm2niix",
    "ConversionSoftwareVersion": "v1.0.20180918  (JP2:OpenJPEG) GCC4.8.4",
    "DeidentificationMethod": "Penn_BSC_profile_v3.0",
    "DerivedVendorReportedEchoSpacing": 0.000580009,
    "DeviceSerialNumber": "66044",
    "EchoTime": 0.037,
    "EchoTrainLength": 104,
    "EffectiveEchoSpacing": 0.000580009,
    "FlipAngle": 52,
    "ImageComments": "Unaliased_MB8_PE3_LB_KAS25@brainardlab:LFContrast",
    "ImageOrientationPatientDICOM": [
      1,
      0,
      0,
      0,
      0.939693,
      -0.34202
    ],
    "ImageType": [
      "ORIGINAL",
      "PRIMARY",
      "M",
      "MB",
      "ND",
      "MOSAIC"
    ],
    "InPlanePhaseEncodingDirectionDICOM": "COL",
    "InstitutionAddress": "Curie_Blvd._422_Philadelphia_PA_US_19104",
    "InstitutionName": "SC3T",
    "MRAcquisitionType": "2D",
    "MagneticFieldStrength": 3,
    "Manufacturer": "Siemens",
    "ManufacturersModelName": "Prisma",
    "Modality": "MR",
    "MultibandAccelerationFactor": 8,
    "PartialFourier": 1,
    "PatientPosition": "HFS",
    "PatientSex": "F",
    "PercentPhaseFOV": 100,
    "PhaseEncodingDirection": "j",
    "PhaseEncodingSteps": 104,
    "PhaseResolution": 1,
    "PixelBandwidth": 2290,
    "ProcedureStepDescription": "KAS25_-45_set_replication",
    "ProtocolName": "tfMRI_LFContrast_PA_run1",
    "PulseSequenceDetails": "%CustomerSeq%_cmrr_mbep2d_bold",
    "ReceiveCoilActiveElements": "HC2,4,6,7;NC2",
    "ReceiveCoilName": "HeadNeck_64",
    "ReconMatrixPE": 104,
    "RepetitionTime": 0.8,
    "SAR": 0.0579156,
    "ScanOptions": "FS_EXT",
    "ScanningSequence": "EP",
    "SequenceName": "epfid2d1_104",
    "SequenceVariant": "SK_SS",
    "SeriesDescription": "tfMRI_LFContrast_PA_run1",
    "SeriesInstanceUID": "1.3.12.2.1107.5.2.43.66044.2019031615134482481593076.0.0.0",
    "SeriesNumber": 12,
    "ShimSetting": [
      3814,
      2802,
      541,
      431,
      43,
      87,
      57,
      23
    ],
    "SliceThickness": 2,
    "SliceTiming": [
      0,
      0.435,
      0.0875,
      0.52,
      0.175,
      0.6075,
      0.26,
      0.695,
      0.3475,
      0,
      0.435,
      0.0875,
      0.52,
      0.175,
      0.6075,
      0.26,
      0.695,
      0.3475,
      0,
      0.435,
      0.0875,
      0.52,
      0.175,
      0.6075,
      0.26,
      0.695,
      0.3475,
      0,
      0.435,
      0.0875,
      0.52,
      0.175,
      0.6075,
      0.26,
      0.695,
      0.3475,
      0,
      0.435,
      0.0875,
      0.52,
      0.175,
      0.6075,
      0.26,
      0.695,
      0.3475,
      0,
      0.435,
      0.0875,
      0.52,
      0.175,
      0.6075,
      0.26,
      0.695,
      0.3475,
      0,
      0.435,
      0.0875,
      0.52,
      0.175,
      0.6075,
      0.26,
      0.695,
      0.3475,
      0,
      0.435,
      0.0875,
      0.52,
      0.175,
      0.6075,
      0.26,
      0.695,
      0.3475
    ],
    "SoftwareVersions": "syngo_MR_E11",
    "SpacingBetweenSlices": 2,
    "StationName": "AWP66044",
    "StudyID": "2",
    "StudyInstanceUID": "1.3.12.2.1107.5.2.43.66044.30000019031217553086400000106",
    "TaskName": "LFContrast",
    "TotalReadoutTime": 0.0597409,
    "TxRefAmp": 236.407,
    "WipMemBlock": "dbe76e72-9961-4d44-9827-6ab7cd3ecf65||Sequence: R016 ve11c/master r/e634e98; Dec 19 2017 11:00:25 by eja",
    "dataset": "ds003752",
    "modality": "bold",
    "run_id": 1,
    "session_id": "LFContrast45",
    "subject_id": "02",
    "task_id": "LFContrast"
  },
  "dummy_trs": 4,
  "dvars_nstd": 60.119831106732406,
  "dvars_std": 1.0529485711267603,
  "dvars_vstd": 0.9935787212957748,
  "efc": 0.4793039414380653,
  "fber": 737.7542114257812,
  "fd_mean": 0.11387314178828244,
  "fd_num": 2,
  "fd_perc": 0.5617977528089888,
  "fwhm_avg": 3.552595,
  "fwhm_x": 3.45599,
  "fwhm_y": 3.537415,
  "fwhm_z": 3.66438,
  "gcor": 0.00237884,
  "gsr_x": -0.006050689611583948,
  "gsr_y": 0.045678138732910156,
  "provenance": {
    "md5sum": "61542f0a28b1e61282f24e5c46592528",
    "settings": {
      "fd_thres": 0.2,
      "testing": false
    },
    "software": "mriqc",
    "version": "22.0.6",
    "webapi_port": null,
    "webapi_url": "https://mriqc.nimh.nih.gov/api/v1"
  },
  "size_t": 356,
  "size_x": 104,
  "size_y": 104,
  "size_z": 72,
  "snr": 1.8699765171231746,
  "spacing_tr": 0.800000011920929,
  "spacing_x": 2.0,
  "spacing_y": 2.0,
  "spacing_z": 2.0,
  "summary_bg_k": 27.74568952044571,
  "summary_bg_mad": 106.88479272308665,
  "summary_bg_mean": 444.29217529296875,
  "summary_bg_median": 212.96067810058594,
  "summary_bg_n": 550302.0,
  "summary_bg_p05": 132.04776000976562,
  "summary_bg_p95": 1702.486804199217,
  "summary_bg_stdv": 686.010009765625,
  "summary_fg_k": 1.6560152851611285,
  "summary_fg_mad": 2886.8909337176674,
  "summary_fg_mean": 6533.85302734375,
  "summary_fg_median": 5899.58154296875,
  "summary_fg_n": 131180.0,
  "summary_fg_p05": 2664.5658203125,
  "summary_fg_p95": 12479.207666015618,
  "summary_fg_stdv": 3154.884033203125,
  "tsnr": 23.536465132492594
}