{
  "aor": 0.00028075630252100847,
  "aqi": 0.006725115658263304,
  "bids_meta": {
    "AcquisitionDateTime": "2019-03-16T15:26:7.550000",
    "AcquisitionMatrixPE": 104,
    "AcquisitionNumber": 1,
    "AcquisitionTime": "15:26:7.550000",
    "BandwidthPerPixelPhaseEncode": 16.578,
    "BaseResolution": 104,
    "BodyPartExamined": "BRAIN",
    "ConsistencyInfo": "N4_VE11C_LATEST_20160120",
    "ConversionSoftware": "dcm2niix",
    "ConversionSoftwareVersion": "v1.0.20180918  (JP2:OpenJPEG) GCC4.8.4",
    "DeidentificationMethod": "Penn_BSC_profile_v3.0",
    "DerivedVendorReportedEchoSpacing": 0.000580009,
    "DeviceSerialNumber": "66044",
    "EchoTime": 0.037,
    "EchoTrainLength": 104,
    "EffectiveEchoSpacing": 0.000580009,
    "FlipAngle": 52,
    "ImageComments": "Unaliased_MB8_PE3_LB_KAS25@brainardlab:LFContrast",
    "ImageOrientationPatientDICOM": [
      1,
      0,
      0,
      0,
      0.939693,
      -0.34202
    ],
    "ImageType": [
      "ORIGINAL",
      "PRIMARY",
      "M",
      "MB",
      "ND",
      "MOSAIC"
    ],
    "InPlanePhaseEncodingDirectionDICOM": "COL",
    "InstitutionAddress": "Curie_Blvd._422_Philadelphia_PA_US_19104",
    "InstitutionName": "SC3T",
    "MRAcquisitionType": "2D",
    "MagneticFieldStrength": 3,
    "Manufacturer": "Siemens",
    "ManufacturersModelName": "Prisma",
    "Modality": "MR",
    "MultibandAccelerationFactor": 8,
    "PartialFourier": 1,
    "PatientPosition": "HFS",
    "PatientSex": "F",
    "PercentPhaseFOV": 100,
    "PhaseEncodingDirection": "j",
    "PhaseEncodingSteps": 104,
    "PhaseResolution": 1,
    "PixelBandwidth": 2290,
    "ProcedureStepDescription": "KAS25_-45_set_replication",
    "ProtocolName": "tfMRI_LFContrast_PA_run2",
    "PulseSequenceDetails": "%CustomerSeq%_cmrr_mbep2d_bold",
    "ReceiveCoilActiveElements": "HC2,4,6,7;NC2",
    "ReceiveCoilName": "HeadNeck_64",
    "ReconMatrixPE": 104,
    "RepetitionTime": 0.8,
    "SAR": 0.0579156,
    "ScanOptions": "FS_EXT",
    "ScanningSequence": "EP",
    "SequenceName": "epfid2d1_104",
    "SequenceVariant": "SK_SS",
    "SeriesDescription": "tfMRI_LFContrast_PA_run2",
    "SeriesInstanceUID": "1.3.12.2.1107.5.2.43.66044.2019031615253964564350486.0.0.0",
    "SeriesNumber": 18,
    "ShimSetting": [
      3814,
      2802,
      541,
      431,
      43,
      87,
      57,
      23
    ],
    "SliceThickness": 2,
    "SliceTiming": [
      0,
      0.4325,
      0.085,
      0.5175,
      0.1725,
      0.605,
      0.2575,
      0.6925,
      0.345,
      0,
      0.4325,
      0.085,
      0.5175,
      0.1725,
      0.605,
      0.2575,
      0.6925,
      0.345,
      0,
      0.4325,
      0.085,
      0.5175,
      0.1725,
      0.605,
      0.2575,
      0.6925,
      0.345,
      0,
      0.4325,
      0.085,
      0.5175,
      0.1725,
      0.605,
      0.2575,
      0.6925,
      0.345,
      0,
      0.4325,
      0.085,
      0.5175,
      0.1725,
      0.605,
      0.2575,
      0.6925,
      0.345,
      0,
      0.4325,
      0.085,
      0.5175,
      0.1725,
      0.605,
      0.2575,
      0.6925,
      0.345,
      0,
      0.4325,
      0.085,
      0.5175,
      0.1725,
      0.605,
      0.2575,
      0.6925,
      0.345,
      0,
      0.4325,
      0.085,
      0.5175,
      0.1725,
      0.605,
      0.2575,
      0.6925,
      0.345
    ],
    "SoftwareVersions": "syngo_MR_E11",
    "SpacingBetweenSlices": 2,
    "StationName": "AWP66044",
    "StudyID": "2",
    "StudyInstanceUID": "1.3.12.2.1107.5.2.43.66044.30000019031217553086400000106",
    "TaskName": "LFContrast",
    "TotalReadoutTime": 0.0597409,
    "TxRefAmp": 236.407,
    "WipMemBlock": "25c08322-0c4f-4178-8d9b-eb768d595bd5||Sequence: R016 ve11c/master r/e634e98; Dec 19 2017 11:00:25 by eja",
    "dataset": "ds003752",
    "modality": "bold",
    "run_id": 2,
    "session_id": "LFContrast45",
    "subject_id": "02",
    "task_id": "LFContrast"
  },
  "dummy_trs": 3,
  "dvars_nstd": 60.10434183921342,
  "dvars_std": 1.0688819714325835,
  "dvars_vstd": 1.0030706662921351,
  "efc": 0.47840223300131907,
  "fber": 739.46484375,
  "fd_mean": 0.1051530707129362,
  "fd_num": 3,
  "fd_perc": 0.8403361344537815,
  "fwhm_avg": 3.5043550000000003,
  "fwhm_x": 3.409265,
  "fwhm_y": 3.485205,
  "fwhm_z": 3.618595,
  "gcor": 0.00157103,
  "gsr_x": -0.0055504837073385715,
  "gsr_y": 0.044530946761369705,
  "provenance": {
    "md5sum": "afe8163ff6783a8527a92ddafaed29cd",
    "settings": {
      "fd_thres": 0.2,
      "testing": false
    },
    "software": "mriqc",
    "version": "22.0.6",
    "webapi_port": null,
    "webapi_url": "https://mriqc.nimh.nih.gov/api/v1"
  },
  "size_t": 357,
  "size_x": 104,
  "size_y": 104,
  "size_z": 72,
  "snr": 1.8730532885278859,
  "spacing_tr": 0.800000011920929,
  "spacing_x": 2.0,
  "spacing_y": 2.0,
  "spacing_z": 2.0,
  "summary_bg_k": 28.187725506054182,
  "summary_bg_mad": 106.5978462121686,
  "summary_bg_mean": 444.13873291015625,
  "summary_bg_median": 212.36134338378906,
  "summary_bg_n": 551826.0,
  "summary_bg_p05": 131.92437744140625,
  "summary_bg_p95": 1705.5728454589844,
  "summary_bg_stdv": 693.4051513671875,
  "summary_fg_k": 1.6454830690397673,
  "summary_fg_mad": 2884.6664874447606,
  "summary_fg_mean": 6508.5283203125,
  "summary_fg_median": 5883.5380859375,
  "summary_fg_n": 130515.0,
  "summary_fg_p05": 2644.233740234375,
  "summary_fg_p95": 12413.5361328125,
  "summary_fg_stdv": 3141.13623046875,
  "tsnr": 25.840777898440138
}