{
  "aor": 0.000230586592178771,
  "aqi": 0.008271793324022345,
  "bids_meta": {
    "AcquisitionDateTime": "2019-03-16T15:31:27.290000",
    "AcquisitionMatrixPE": 104,
    "AcquisitionNumber": 1,
    "AcquisitionTime": "15:31:27.290000",
    "BandwidthPerPixelPhaseEncode": 16.578,
    "BaseResolution": 104,
    "BodyPartExamined": "BRAIN",
    "ConsistencyInfo": "N4_VE11C_LATEST_20160120",
    "ConversionSoftware": "dcm2niix",
    "ConversionSoftwareVersion": "v1.0.20180918  (JP2:OpenJPEG) GCC4.8.4",
    "DeidentificationMethod": "Penn_BSC_profile_v3.0",
    "DerivedVendorReportedEchoSpacing": 0.000580009,
    "DeviceSerialNumber": "66044",
    "EchoTime": 0.037,
    "EchoTrainLength": 104,
    "EffectiveEchoSpacing": 0.000580009,
    "FlipAngle": 52,
    "ImageComments": "Unaliased_MB8_PE3_LB_KAS25@brainardlab:LFContrast",
    "ImageOrientationPatientDICOM": [
      0.999769,
      -0.0139022,
      0.0163961,
      0.0197202,
      0.896741,
      -0.442116
    ],
    "ImageType": [
      "ORIGINAL",
      "PRIMARY",
      "M",
      "MB",
      "ND",
      "MOSAIC"
    ],
    "InPlanePhaseEncodingDirectionDICOM": "COL",
    "InstitutionAddress": "Curie_Blvd._422_Philadelphia_PA_US_19104",
    "InstitutionName": "SC3T",
    "MRAcquisitionType": "2D",
    "MagneticFieldStrength": 3,
    "Manufacturer": "Siemens",
    "ManufacturersModelName": "Prisma",
    "Modality": "MR",
    "MultibandAccelerationFactor": 8,
    "PartialFourier": 1,
    "PatientPosition": "HFS",
    "PatientSex": "F",
    "PercentPhaseFOV": 100,
    "PhaseEncodingDirection": "j-",
    "PhaseEncodingSteps": 104,
    "PhaseResolution": 1,
    "PixelBandwidth": 2290,
    "ProcedureStepDescription": "KAS25_-45_set_replication",
    "ProtocolName": "tfMRI_LFContrast_AP_run2",
    "PulseSequenceDetails": "%CustomerSeq%_cmrr_mbep2d_bold",
    "ReceiveCoilActiveElements": "HC2,4,6,7;NC2",
    "ReceiveCoilName": "HeadNeck_64",
    "ReconMatrixPE": 104,
    "RepetitionTime": 0.8,
    "SAR": 0.0579156,
    "ScanOptions": "FS_EXT",
    "ScanningSequence": "EP",
    "SequenceName": "epfid2d1_104",
    "SequenceVariant": "SK_SS",
    "SeriesDescription": "tfMRI_LFContrast_AP_run2",
    "SeriesInstanceUID": "1.3.12.2.1107.5.2.43.66044.2019031615310094740329191.0.0.0",
    "SeriesNumber": 21,
    "ShimSetting": [
      3815,
      2794,
      544,
      470,
      40,
      70,
      64,
      26
    ],
    "SliceThickness": 2,
    "SliceTiming": [
      0,
      0.435,
      0.0875,
      0.52,
      0.175,
      0.6075,
      0.26,
      0.695,
      0.3475,
      0,
      0.435,
      0.0875,
      0.52,
      0.175,
      0.6075,
      0.26,
      0.695,
      0.3475,
      0,
      0.435,
      0.0875,
      0.52,
      0.175,
      0.6075,
      0.26,
      0.695,
      0.3475,
      0,
      0.435,
      0.0875,
      0.52,
      0.175,
      0.6075,
      0.26,
      0.695,
      0.3475,
      0,
      0.435,
      0.0875,
      0.52,
      0.175,
      0.6075,
      0.26,
      0.695,
      0.3475,
      0,
      0.435,
      0.0875,
      0.52,
      0.175,
      0.6075,
      0.26,
      0.695,
      0.3475,
      0,
      0.435,
      0.0875,
      0.52,
      0.175,
      0.6075,
      0.26,
      0.695,
      0.3475,
      0,
      0.435,
      0.0875,
      0.52,
      0.175,
      0.6075,
      0.26,
      0.695,
      0.3475
    ],
    "SoftwareVersions": "syngo_MR_E11",
    "SpacingBetweenSlices": 2,
    "StationName": "AWP66044",
    "StudyID": "2",
    "StudyInstanceUID": "1.3.12.2.1107.5.2.43.66044.30000019031217553086400000106",
    "TaskName": "LFContrast",
    "TotalReadoutTime": 0.0597409,
    "TxRefAmp": 236.407,
    "WipMemBlock": "73278e42-c11e-4afa-86c6-7030e21f9337||Sequence: R016 ve11c/master r/e634e98; Dec 19 2017 11:00:25 by eja",
    "dataset": "ds003752",
    "modality": "bold",
    "run_id": 2,
    "session_id": "LFContrast45",
    "subject_id": "02",
    "task_id": "LFContrast"
  },
  "dummy_trs": 2,
  "dvars_nstd": 61.07096860647056,
  "dvars_std": 1.0546443244257693,
  "dvars_vstd": 0.9990912611764704,
  "efc": 0.4842552005608856,
  "fber": 654.7500610351562,
  "fd_mean": 0.14897627737843722,
  "fd_num": 103,
  "fd_perc": 28.77094972067039,
  "fwhm_avg": 3.724385,
  "fwhm_x": 3.53898,
  "fwhm_y": 3.856585,
  "fwhm_z": 3.77759,
  "gcor": 0.0033957,
  "gsr_x": -0.008913518860936165,
  "gsr_y": 0.09114676713943481,
  "provenance": {
    "md5sum": "55c38221945f2d5584cb2bd1e3049e74",
    "settings": {
      "fd_thres": 0.2,
      "testing": false
    },
    "software": "mriqc",
    "version": "22.0.6",
    "webapi_port": null,
    "webapi_url": "https://mriqc.nimh.nih.gov/api/v1"
  },
  "size_t": 358,
  "size_x": 104,
  "size_y": 104,
  "size_z": 72,
  "snr": 1.8288685152121675,
  "spacing_tr": 0.800000011920929,
  "spacing_x": 2.0,
  "spacing_y": 2.0,
  "spacing_z": 2.0,
  "summary_bg_k": 35.55166737432751,
  "summary_bg_mad": 115.48144686179434,
  "summary_bg_mean": 465.9746398925781,
  "summary_bg_median": 219.75697326660156,
  "summary_bg_n": 547076.0,
  "summary_bg_p05": 131.80166625976562,
  "summary_bg_p95": 1727.2702331542969,
  "summary_bg_stdv": 744.0314331054688,
  "summary_fg_k": 1.7723114222912715,
  "summary_fg_mad": 2740.954336120451,
  "summary_fg_mean": 6418.45556640625,
  "summary_fg_median": 5733.9521484375,
  "summary_fg_n": 135499.0,
  "summary_fg_p05": 2684.259375,
  "summary_fg_p95": 12561.60615234375,
  "summary_fg_stdv": 3135.234130859375,
  "tsnr": 23.76085756253451
}