{
  "aor": 0.00026723463687150837,
  "aqi": 0.006961034357541899,
  "bids_meta": {
    "AcquisitionDateTime": "2019-03-16T15:36:49.045000",
    "AcquisitionMatrixPE": 104,
    "AcquisitionNumber": 1,
    "AcquisitionTime": "15:36:49.045000",
    "BandwidthPerPixelPhaseEncode": 16.578,
    "BaseResolution": 104,
    "BodyPartExamined": "BRAIN",
    "ConsistencyInfo": "N4_VE11C_LATEST_20160120",
    "ConversionSoftware": "dcm2niix",
    "ConversionSoftwareVersion": "v1.0.20180918  (JP2:OpenJPEG) GCC4.8.4",
    "DeidentificationMethod": "Penn_BSC_profile_v3.0",
    "DerivedVendorReportedEchoSpacing": 0.000580009,
    "DeviceSerialNumber": "66044",
    "EchoTime": 0.037,
    "EchoTrainLength": 104,
    "EffectiveEchoSpacing": 0.000580009,
    "FlipAngle": 52,
    "ImageComments": "Unaliased_MB8_PE3_LB_KAS25@brainardlab:LFContrast",
    "ImageOrientationPatientDICOM": [
      1,
      0,
      0,
      0,
      0.939693,
      -0.34202
    ],
    "ImageType": [
      "ORIGINAL",
      "PRIMARY",
      "M",
      "MB",
      "ND",
      "MOSAIC"
    ],
    "InPlanePhaseEncodingDirectionDICOM": "COL",
    "InstitutionAddress": "Curie_Blvd._422_Philadelphia_PA_US_19104",
    "InstitutionName": "SC3T",
    "MRAcquisitionType": "2D",
    "MagneticFieldStrength": 3,
    "Manufacturer": "Siemens",
    "ManufacturersModelName": "Prisma",
    "Modality": "MR",
    "MultibandAccelerationFactor": 8,
    "PartialFourier": 1,
    "PatientPosition": "HFS",
    "PatientSex": "F",
    "PercentPhaseFOV": 100,
    "PhaseEncodingDirection": "j",
    "PhaseEncodingSteps": 104,
    "PhaseResolution": 1,
    "PixelBandwidth": 2290,
    "ProcedureStepDescription": "KAS25_-45_set_replication",
    "ProtocolName": "tfMRI_LFContrast_PA_run3",
    "PulseSequenceDetails": "%CustomerSeq%_cmrr_mbep2d_bold",
    "ReceiveCoilActiveElements": "HC2,4,6,7;NC2",
    "ReceiveCoilName": "HeadNeck_64",
    "ReconMatrixPE": 104,
    "RepetitionTime": 0.8,
    "SAR": 0.0579156,
    "ScanOptions": "FS_EXT",
    "ScanningSequence": "EP",
    "SequenceName": "epfid2d1_104",
    "SequenceVariant": "SK_SS",
    "SeriesDescription": "tfMRI_LFContrast_PA_run3",
    "SeriesInstanceUID": "1.3.12.2.1107.5.2.43.66044.2019031615362089523207896.0.0.0",
    "SeriesNumber": 24,
    "ShimSetting": [
      3814,
      2802,
      541,
      431,
      43,
      87,
      57,
      23
    ],
    "SliceThickness": 2,
    "SliceTiming": [
      0,
      0.4325,
      0.0875,
      0.52,
      0.1725,
      0.6075,
      0.26,
      0.6925,
      0.3475,
      0,
      0.4325,
      0.0875,
      0.52,
      0.1725,
      0.6075,
      0.26,
      0.6925,
      0.3475,
      0,
      0.4325,
      0.0875,
      0.52,
      0.1725,
      0.6075,
      0.26,
      0.6925,
      0.3475,
      0,
      0.4325,
      0.0875,
      0.52,
      0.1725,
      0.6075,
      0.26,
      0.6925,
      0.3475,
      0,
      0.4325,
      0.0875,
      0.52,
      0.1725,
      0.6075,
      0.26,
      0.6925,
      0.3475,
      0,
      0.4325,
      0.0875,
      0.52,
      0.1725,
      0.6075,
      0.26,
      0.6925,
      0.3475,
      0,
      0.4325,
      0.0875,
      0.52,
      0.1725,
      0.6075,
      0.26,
      0.6925,
      0.3475,
      0,
      0.4325,
      0.0875,
      0.52,
      0.1725,
      0.6075,
      0.26,
      0.6925,
      0.3475
    ],
    "SoftwareVersions": "syngo_MR_E11",
    "SpacingBetweenSlices": 2,
    "StationName": "AWP66044",
    "StudyID": "2",
    "StudyInstanceUID": "1.3.12.2.1107.5.2.43.66044.30000019031217553086400000106",
    "TaskName": "LFContrast",
    "TotalReadoutTime": 0.0597409,
    "TxRefAmp": 236.407,
    "WipMemBlock": "ff8138b6-5992-4930-bc0d-b388d1ec7342||Sequence: R016 ve11c/master r/e634e98; Dec 19 2017 11:00:25 by eja",
    "dataset": "ds003752",
    "modality": "bold",
    "run_id": 3,
    "session_id": "LFContrast45",
    "subject_id": "02",
    "task_id": "LFContrast"
  },
  "dummy_trs": 2,
  "dvars_nstd": 59.64973044714289,
  "dvars_std": 1.064606214537815,
  "dvars_vstd": 1.0049303336974795,
  "efc": 0.47826171707583887,
  "fber": 738.1753540039062,
  "fd_mean": 0.10277121901250247,
  "fd_num": 0,
  "fd_perc": 0.0,
  "fwhm_avg": 3.5047099999999998,
  "fwhm_x": 3.41562,
  "fwhm_y": 3.493625,
  "fwhm_z": 3.604885,
  "gcor": 0.00131672,
  "gsr_x": -0.004310327116400003,
  "gsr_y": 0.04421571269631386,
  "provenance": {
    "md5sum": "a3a64087e42a3d622c104a2d2b59f72b",
    "settings": {
      "fd_thres": 0.2,
      "testing": false
    },
    "software": "mriqc",
    "version": "22.0.6",
    "webapi_port": null,
    "webapi_url": "https://mriqc.nimh.nih.gov/api/v1"
  },
  "size_t": 358,
  "size_x": 104,
  "size_y": 104,
  "size_z": 72,
  "snr": 1.871108154713161,
  "spacing_tr": 0.800000011920929,
  "spacing_x": 2.0,
  "spacing_y": 2.0,
  "spacing_z": 2.0,
  "summary_bg_k": 28.93672419027084,
  "summary_bg_mad": 105.5339451939209,
  "summary_bg_mean": 438.197265625,
  "summary_bg_median": 211.78770446777344,
  "summary_bg_n": 550956.0,
  "summary_bg_p05": 131.88546752929688,
  "summary_bg_p95": 1673.298095703125,
  "summary_bg_stdv": 679.0850219726562,
  "summary_fg_k": 1.640650957714854,
  "summary_fg_mad": 2873.8917409751884,
  "summary_fg_mean": 6492.734375,
  "summary_fg_median": 5862.15771484375,
  "summary_fg_n": 130496.0,
  "summary_fg_p05": 2641.8804931640625,
  "summary_fg_p95": 12385.46044921875,
  "summary_fg_stdv": 3132.97509765625,
  "tsnr": 25.293641589814797
}