{
  "aor": 0.00029263305322128853,
  "aqi": 0.007869734873949579,
  "bids_meta": {
    "AcquisitionDateTime": "2019-03-17T12:24:44.015000",
    "AcquisitionMatrixPE": 104,
    "AcquisitionNumber": 1,
    "AcquisitionTime": "12:24:44.015000",
    "BandwidthPerPixelPhaseEncode": 16.578,
    "BaseResolution": 104,
    "BodyPartExamined": "BRAIN",
    "ConsistencyInfo": "N4_VE11C_LATEST_20160120",
    "ConversionSoftware": "dcm2niix",
    "ConversionSoftwareVersion": "v1.0.20180918  (JP2:OpenJPEG) GCC4.8.4",
    "DeidentificationMethod": "Penn_BSC_profile_v3.0",
    "DerivedVendorReportedEchoSpacing": 0.000580009,
    "DeviceSerialNumber": "66044",
    "EchoTime": 0.037,
    "EchoTrainLength": 104,
    "EffectiveEchoSpacing": 0.000580009,
    "FlipAngle": 52,
    "ImageComments": "Unaliased_MB8_PE3_LB_KAS25@brainardlab:LFContrast_:_KAS25@brainardlab:LFContrast",
    "ImageOrientationPatientDICOM": [
      0.999845,
      -0.0169923,
      0.00459212,
      0.0171032,
      0.876215,
      -0.481616
    ],
    "ImageType": [
      "ORIGINAL",
      "PRIMARY",
      "M",
      "MB",
      "ND",
      "MOSAIC"
    ],
    "InPlanePhaseEncodingDirectionDICOM": "COL",
    "InstitutionAddress": "Curie_Blvd._422_Philadelphia_PA_US_19104",
    "InstitutionName": "SC3T",
    "MRAcquisitionType": "2D",
    "MagneticFieldStrength": 3,
    "Manufacturer": "Siemens",
    "ManufacturersModelName": "Prisma",
    "Modality": "MR",
    "MultibandAccelerationFactor": 8,
    "PartialFourier": 1,
    "PatientPosition": "HFS",
    "PatientSex": "F",
    "PercentPhaseFOV": 100,
    "PhaseEncodingDirection": "j",
    "PhaseEncodingSteps": 104,
    "PhaseResolution": 1,
    "PixelBandwidth": 2290,
    "ProcedureStepDescription": "LFContrast_-22.5_set_replication",
    "ProtocolName": "tfMRI_LFContrast_PA_run4",
    "PulseSequenceDetails": "%CustomerSeq%_cmrr_mbep2d_bold",
    "ReceiveCoilActiveElements": "HC2,4,6,7;NC2",
    "ReceiveCoilName": "HeadNeck_64",
    "ReconMatrixPE": 104,
    "RepetitionTime": 0.8,
    "SAR": 0.0705874,
    "ScanOptions": "FS_EXT",
    "ScanningSequence": "EP",
    "SequenceName": "epfid2d1_104",
    "SequenceVariant": "SK_SS",
    "SeriesDescription": "tfMRI_LFContrast_PA_run4",
    "SeriesInstanceUID": "1.3.12.2.1107.5.2.43.66044.201903171223394085788402.0.0.0",
    "SeriesNumber": 30,
    "ShimSetting": [
      3806,
      2813,
      510,
      418,
      33,
      62,
      5,
      15
    ],
    "SliceThickness": 2,
    "SliceTiming": [
      0,
      0.435,
      0.0875,
      0.52,
      0.175,
      0.6075,
      0.26,
      0.6925,
      0.3475,
      0,
      0.435,
      0.0875,
      0.52,
      0.175,
      0.6075,
      0.26,
      0.6925,
      0.3475,
      0,
      0.435,
      0.0875,
      0.52,
      0.175,
      0.6075,
      0.26,
      0.6925,
      0.3475,
      0,
      0.435,
      0.0875,
      0.52,
      0.175,
      0.6075,
      0.26,
      0.6925,
      0.3475,
      0,
      0.435,
      0.0875,
      0.52,
      0.175,
      0.6075,
      0.26,
      0.6925,
      0.3475,
      0,
      0.435,
      0.0875,
      0.52,
      0.175,
      0.6075,
      0.26,
      0.6925,
      0.3475,
      0,
      0.435,
      0.0875,
      0.52,
      0.175,
      0.6075,
      0.26,
      0.6925,
      0.3475,
      0,
      0.435,
      0.0875,
      0.52,
      0.175,
      0.6075,
      0.26,
      0.6925,
      0.3475
    ],
    "SoftwareVersions": "syngo_MR_E11",
    "SpacingBetweenSlices": 2,
    "StationName": "AWP66044",
    "StudyID": "1",
    "StudyInstanceUID": "1.3.12.2.1107.5.2.43.66044.30000019031217553086400000118",
    "TaskName": "LFContrast",
    "TotalReadoutTime": 0.0597409,
    "TxRefAmp": 252.547,
    "WipMemBlock": "3afa5ff6-27db-4411-b4fa-5de93a353c51||Sequence: R016 ve11c/master r/e634e98; Dec 19 2017 11:00:25 by eja",
    "dataset": "ds003752",
    "modality": "bold",
    "run_id": 4,
    "session_id": "LFContrast22p5",
    "subject_id": "02",
    "task_id": "LFContrast"
  },
  "dummy_trs": 3,
  "dvars_nstd": 61.03713209188204,
  "dvars_std": 1.0386343216853922,
  "dvars_vstd": 1.0036115432584265,
  "efc": 0.4835810912138867,
  "fber": 654.923583984375,
  "fd_mean": 0.10922686009935544,
  "fd_num": 13,
  "fd_perc": 3.641456582633053,
  "fwhm_avg": 3.5371433333333333,
  "fwhm_x": 3.46569,
  "fwhm_y": 3.504635,
  "fwhm_z": 3.641105,
  "gcor": 0.00326068,
  "gsr_x": -0.005067594815045595,
  "gsr_y": 0.052204836159944534,
  "provenance": {
    "md5sum": "51bb17c06c047968d91377c2c667c807",
    "settings": {
      "fd_thres": 0.2,
      "testing": false
    },
    "software": "mriqc",
    "version": "22.0.6",
    "webapi_port": null,
    "webapi_url": "https://mriqc.nimh.nih.gov/api/v1"
  },
  "size_t": 357,
  "size_x": 104,
  "size_y": 104,
  "size_z": 72,
  "snr": 1.840944926155606,
  "spacing_tr": 0.800000011920929,
  "spacing_x": 2.0,
  "spacing_y": 2.0,
  "spacing_z": 2.0,
  "summary_bg_k": 31.86009298283735,
  "summary_bg_mad": 110.80895140570689,
  "summary_bg_mean": 443.3026428222656,
  "summary_bg_median": 214.20169067382812,
  "summary_bg_n": 548195.0,
  "summary_bg_p05": 130.84873962402344,
  "summary_bg_p95": 1656.0409545898438,
  "summary_bg_stdv": 695.4453735351562,
  "summary_fg_k": 1.9382911867684633,
  "summary_fg_mad": 2748.9356298016155,
  "summary_fg_mean": 6235.78466796875,
  "summary_fg_median": 5607.4130859375,
  "summary_fg_n": 132650.0,
  "summary_fg_p05": 2509.444812011719,
  "summary_fg_p95": 11999.175390625,
  "summary_fg_stdv": 3045.931396484375,
  "tsnr": 23.57789859501645
}