{
  "aor": 0.00029535211267605634,
  "aqi": 0.0076496558028169015,
  "bids_meta": {
    "AcquisitionDateTime": "2019-03-17T12:06:39.700000",
    "AcquisitionMatrixPE": 104,
    "AcquisitionNumber": 1,
    "AcquisitionTime": "12:06:39.700000",
    "BandwidthPerPixelPhaseEncode": 16.578,
    "BaseResolution": 104,
    "BodyPartExamined": "BRAIN",
    "ConsistencyInfo": "N4_VE11C_LATEST_20160120",
    "ConversionSoftware": "dcm2niix",
    "ConversionSoftwareVersion": "v1.0.20180918  (JP2:OpenJPEG) GCC4.8.4",
    "DeidentificationMethod": "Penn_BSC_profile_v3.0",
    "DerivedVendorReportedEchoSpacing": 0.000580009,
    "DeviceSerialNumber": "66044",
    "EchoTime": 0.037,
    "EchoTrainLength": 104,
    "EffectiveEchoSpacing": 0.000580009,
    "FlipAngle": 52,
    "ImageComments": "Unaliased_MB8_PE3_LB_KAS25@brainardlab:LFContrast_:_KAS25@brainardlab:LFContrast",
    "ImageOrientationPatientDICOM": [
      0.999845,
      -0.0169923,
      0.00459212,
      0.0171032,
      0.876215,
      -0.481616
    ],
    "ImageType": [
      "ORIGINAL",
      "PRIMARY",
      "M",
      "MB",
      "ND",
      "MOSAIC"
    ],
    "InPlanePhaseEncodingDirectionDICOM": "COL",
    "InstitutionAddress": "Curie_Blvd._422_Philadelphia_PA_US_19104",
    "InstitutionName": "SC3T",
    "MRAcquisitionType": "2D",
    "MagneticFieldStrength": 3,
    "Manufacturer": "Siemens",
    "ManufacturersModelName": "Prisma",
    "Modality": "MR",
    "MultibandAccelerationFactor": 8,
    "PartialFourier": 1,
    "PatientPosition": "HFS",
    "PatientSex": "F",
    "PercentPhaseFOV": 100,
    "PhaseEncodingDirection": "j-",
    "PhaseEncodingSteps": 104,
    "PhaseResolution": 1,
    "PixelBandwidth": 2290,
    "ProcedureStepDescription": "LFContrast_-22.5_set_replication",
    "ProtocolName": "tfMRI_LFContrast_AP_run2",
    "PulseSequenceDetails": "%CustomerSeq%_cmrr_mbep2d_bold",
    "ReceiveCoilActiveElements": "HC2,4,6,7;NC2",
    "ReceiveCoilName": "HeadNeck_64",
    "ReconMatrixPE": 104,
    "RepetitionTime": 0.8,
    "SAR": 0.0705874,
    "ScanOptions": "FS_EXT",
    "ScanningSequence": "EP",
    "SequenceName": "epfid2d1_104",
    "SequenceVariant": "SK_SS",
    "SeriesDescription": "tfMRI_LFContrast_AP_run2",
    "SeriesInstanceUID": "1.3.12.2.1107.5.2.43.66044.2019031712055917024152287.0.0.0",
    "SeriesNumber": 21,
    "ShimSetting": [
      3806,
      2813,
      510,
      418,
      33,
      62,
      5,
      15
    ],
    "SliceThickness": 2,
    "SliceTiming": [
      0,
      0.435,
      0.0875,
      0.52,
      0.175,
      0.6075,
      0.26,
      0.695,
      0.3475,
      0,
      0.435,
      0.0875,
      0.52,
      0.175,
      0.6075,
      0.26,
      0.695,
      0.3475,
      0,
      0.435,
      0.0875,
      0.52,
      0.175,
      0.6075,
      0.26,
      0.695,
      0.3475,
      0,
      0.435,
      0.0875,
      0.52,
      0.175,
      0.6075,
      0.26,
      0.695,
      0.3475,
      0,
      0.435,
      0.0875,
      0.52,
      0.175,
      0.6075,
      0.26,
      0.695,
      0.3475,
      0,
      0.435,
      0.0875,
      0.52,
      0.175,
      0.6075,
      0.26,
      0.695,
      0.3475,
      0,
      0.435,
      0.0875,
      0.52,
      0.175,
      0.6075,
      0.26,
      0.695,
      0.3475,
      0,
      0.435,
      0.0875,
      0.52,
      0.175,
      0.6075,
      0.26,
      0.695,
      0.3475
    ],
    "SoftwareVersions": "syngo_MR_E11",
    "SpacingBetweenSlices": 2,
    "StationName": "AWP66044",
    "StudyID": "1",
    "StudyInstanceUID": "1.3.12.2.1107.5.2.43.66044.30000019031217553086400000118",
    "TaskName": "LFContrast",
    "TotalReadoutTime": 0.0597409,
    "TxRefAmp": 252.547,
    "WipMemBlock": "bb36cdf2-208b-4af1-999e-aad0602cee58||Sequence: R016 ve11c/master r/e634e98; Dec 19 2017 11:00:25 by eja",
    "dataset": "ds003752",
    "modality": "bold",
    "run_id": 2,
    "session_id": "LFContrast22p5",
    "subject_id": "02",
    "task_id": "LFContrast"
  },
  "dummy_trs": 5,
  "dvars_nstd": 60.62439290282488,
  "dvars_std": 1.043040422062147,
  "dvars_vstd": 1.0036946434745764,
  "efc": 0.4821472169484786,
  "fber": 642.5462036132812,
  "fd_mean": 0.17650091369634074,
  "fd_num": 151,
  "fd_perc": 42.53521126760563,
  "fwhm_avg": 3.742288333333333,
  "fwhm_x": 3.561515,
  "fwhm_y": 3.847535,
  "fwhm_z": 3.817815,
  "gcor": 0.00108839,
  "gsr_x": -0.007794587407261133,
  "gsr_y": 0.09408348053693771,
  "provenance": {
    "md5sum": "befb10034ffd66665f29f5e411abfb96",
    "settings": {
      "fd_thres": 0.2,
      "testing": false
    },
    "software": "mriqc",
    "version": "22.0.6",
    "webapi_port": null,
    "webapi_url": "https://mriqc.nimh.nih.gov/api/v1"
  },
  "size_t": 355,
  "size_x": 104,
  "size_y": 104,
  "size_z": 72,
  "snr": 1.827867591610622,
  "spacing_tr": 0.800000011920929,
  "spacing_x": 2.0,
  "spacing_y": 2.0,
  "spacing_z": 2.0,
  "summary_bg_k": 39.573633894091294,
  "summary_bg_mad": 112.5273728003249,
  "summary_bg_mean": 448.17034912109375,
  "summary_bg_median": 215.90135192871094,
  "summary_bg_n": 548829.0,
  "summary_bg_p05": 130.46043701171874,
  "summary_bg_p95": 1635.6629394531249,
  "summary_bg_stdv": 719.8135375976562,
  "summary_fg_k": 1.7985583520626296,
  "summary_fg_mad": 2649.9476801664055,
  "summary_fg_mean": 6236.9755859375,
  "summary_fg_median": 5561.5283203125,
  "summary_fg_n": 134194.0,
  "summary_fg_p05": 2614.7644897460937,
  "summary_fg_p95": 12201.477099609374,
  "summary_fg_stdv": 3042.62060546875,
  "tsnr": 23.98406982421875
}