{
  "aor": 0.0003293296089385475,
  "aqi": 0.007678129217877095,
  "bids_meta": {
    "AcquisitionDateTime": "2019-03-17T11:55:30.070000",
    "AcquisitionMatrixPE": 104,
    "AcquisitionNumber": 1,
    "AcquisitionTime": "11:55:30.070000",
    "BandwidthPerPixelPhaseEncode": 16.578,
    "BaseResolution": 104,
    "BodyPartExamined": "BRAIN",
    "ConsistencyInfo": "N4_VE11C_LATEST_20160120",
    "ConversionSoftware": "dcm2niix",
    "ConversionSoftwareVersion": "v1.0.20180918  (JP2:OpenJPEG) GCC4.8.4",
    "DeidentificationMethod": "Penn_BSC_profile_v3.0",
    "DerivedVendorReportedEchoSpacing": 0.000580009,
    "DeviceSerialNumber": "66044",
    "EchoTime": 0.037,
    "EchoTrainLength": 104,
    "EffectiveEchoSpacing": 0.000580009,
    "FlipAngle": 52,
    "ImageComments": "Unaliased_MB8_PE3_LB_KAS25@brainardlab:LFContrast_:_KAS25@brainardlab:LFContrast",
    "ImageOrientationPatientDICOM": [
      0.999845,
      -0.0169923,
      0.00459212,
      0.0171032,
      0.876215,
      -0.481616
    ],
    "ImageType": [
      "ORIGINAL",
      "PRIMARY",
      "M",
      "MB",
      "ND",
      "MOSAIC"
    ],
    "InPlanePhaseEncodingDirectionDICOM": "COL",
    "InstitutionAddress": "Curie_Blvd._422_Philadelphia_PA_US_19104",
    "InstitutionName": "SC3T",
    "MRAcquisitionType": "2D",
    "MagneticFieldStrength": 3,
    "Manufacturer": "Siemens",
    "ManufacturersModelName": "Prisma",
    "Modality": "MR",
    "MultibandAccelerationFactor": 8,
    "PartialFourier": 1,
    "PatientPosition": "HFS",
    "PatientSex": "F",
    "PercentPhaseFOV": 100,
    "PhaseEncodingDirection": "j-",
    "PhaseEncodingSteps": 104,
    "PhaseResolution": 1,
    "PixelBandwidth": 2290,
    "ProcedureStepDescription": "LFContrast_-22.5_set_replication",
    "ProtocolName": "tfMRI_LFContrast_AP_run1",
    "PulseSequenceDetails": "%CustomerSeq%_cmrr_mbep2d_bold",
    "ReceiveCoilActiveElements": "HC2,4,6,7;NC2",
    "ReceiveCoilName": "HeadNeck_64",
    "ReconMatrixPE": 104,
    "RepetitionTime": 0.8,
    "SAR": 0.0705874,
    "ScanOptions": "FS_EXT",
    "ScanningSequence": "EP",
    "SequenceName": "epfid2d1_104",
    "SequenceVariant": "SK_SS",
    "SeriesDescription": "tfMRI_LFContrast_AP_run1",
    "SeriesInstanceUID": "1.3.12.2.1107.5.2.43.66044.2019031711542594184094877.0.0.0",
    "SeriesNumber": 15,
    "ShimSetting": [
      3806,
      2813,
      510,
      418,
      33,
      62,
      5,
      15
    ],
    "SliceThickness": 2,
    "SliceTiming": [
      0,
      0.435,
      0.0875,
      0.52,
      0.175,
      0.6075,
      0.26,
      0.695,
      0.3475,
      0,
      0.435,
      0.0875,
      0.52,
      0.175,
      0.6075,
      0.26,
      0.695,
      0.3475,
      0,
      0.435,
      0.0875,
      0.52,
      0.175,
      0.6075,
      0.26,
      0.695,
      0.3475,
      0,
      0.435,
      0.0875,
      0.52,
      0.175,
      0.6075,
      0.26,
      0.695,
      0.3475,
      0,
      0.435,
      0.0875,
      0.52,
      0.175,
      0.6075,
      0.26,
      0.695,
      0.3475,
      0,
      0.435,
      0.0875,
      0.52,
      0.175,
      0.6075,
      0.26,
      0.695,
      0.3475,
      0,
      0.435,
      0.0875,
      0.52,
      0.175,
      0.6075,
      0.26,
      0.695,
      0.3475,
      0,
      0.435,
      0.0875,
      0.52,
      0.175,
      0.6075,
      0.26,
      0.695,
      0.3475
    ],
    "SoftwareVersions": "syngo_MR_E11",
    "SpacingBetweenSlices": 2,
    "StationName": "AWP66044",
    "StudyID": "1",
    "StudyInstanceUID": "1.3.12.2.1107.5.2.43.66044.30000019031217553086400000118",
    "TaskName": "LFContrast",
    "TotalReadoutTime": 0.0597409,
    "TxRefAmp": 252.547,
    "WipMemBlock": "fd4b0aaa-cbb5-4d2f-9cf8-e4692acaa37a||Sequence: R016 ve11c/master r/e634e98; Dec 19 2017 11:00:25 by eja",
    "dataset": "ds003752",
    "modality": "bold",
    "run_id": 1,
    "session_id": "LFContrast22p5",
    "subject_id": "02",
    "task_id": "LFContrast"
  },
  "dummy_trs": 2,
  "dvars_nstd": 59.980186740140084,
  "dvars_std": 1.0464907522128855,
  "dvars_vstd": 1.0084441817927177,
  "efc": 0.48010885907911793,
  "fber": 653.0881958007812,
  "fd_mean": 0.16301424453744787,
  "fd_num": 133,
  "fd_perc": 37.150837988826815,
  "fwhm_avg": 3.763201666666667,
  "fwhm_x": 3.57417,
  "fwhm_y": 3.867805,
  "fwhm_z": 3.84763,
  "gcor": 0.00163357,
  "gsr_x": -0.008457338437438011,
  "gsr_y": 0.09252002090215683,
  "provenance": {
    "md5sum": "3bb574c6120bf88e6621c9b418db702a",
    "settings": {
      "fd_thres": 0.2,
      "testing": false
    },
    "software": "mriqc",
    "version": "22.0.6",
    "webapi_port": null,
    "webapi_url": "https://mriqc.nimh.nih.gov/api/v1"
  },
  "size_t": 358,
  "size_x": 104,
  "size_y": 104,
  "size_z": 72,
  "snr": 1.8079956725245232,
  "spacing_tr": 0.800000011920929,
  "spacing_x": 2.0,
  "spacing_y": 2.0,
  "spacing_z": 2.0,
  "summary_bg_k": 39.516230431564786,
  "summary_bg_mad": 111.63827749714056,
  "summary_bg_mean": 444.0711975097656,
  "summary_bg_median": 215.03909301757812,
  "summary_bg_n": 548728.0,
  "summary_bg_p05": 129.91061401367188,
  "summary_bg_p95": 1614.2198242187483,
  "summary_bg_stdv": 712.1956176757812,
  "summary_fg_k": 1.8387991537390835,
  "summary_fg_mad": 2686.493680067196,
  "summary_fg_mean": 6272.91748046875,
  "summary_fg_median": 5582.65625,
  "summary_fg_n": 134834.0,
  "summary_fg_p05": 2590.049267578125,
  "summary_fg_p95": 12312.261962890623,
  "summary_fg_stdv": 3087.748291015625,
  "tsnr": 24.00568961398676
}