{
  "aor": 0.00027997206703910617,
  "aqi": 0.007888125474860336,
  "bids_meta": {
    "AcquisitionDateTime": "2019-03-17T12:42:5.487500",
    "AcquisitionMatrixPE": 104,
    "AcquisitionNumber": 1,
    "AcquisitionTime": "12:42:5.487500",
    "BandwidthPerPixelPhaseEncode": 16.578,
    "BaseResolution": 104,
    "BodyPartExamined": "BRAIN",
    "ConsistencyInfo": "N4_VE11C_LATEST_20160120",
    "ConversionSoftware": "dcm2niix",
    "ConversionSoftwareVersion": "v1.0.20180918  (JP2:OpenJPEG) GCC4.8.4",
    "DeidentificationMethod": "Penn_BSC_profile_v3.0",
    "DerivedVendorReportedEchoSpacing": 0.000580009,
    "DeviceSerialNumber": "66044",
    "EchoTime": 0.037,
    "EchoTrainLength": 104,
    "EffectiveEchoSpacing": 0.000580009,
    "FlipAngle": 52,
    "ImageComments": "Unaliased_MB8_PE3_LB_KAS25@brainardlab:LFContrast_:_KAS25@brainardlab:LFContrast",
    "ImageOrientationPatientDICOM": [
      0.999845,
      -0.0169923,
      0.00459212,
      0.0171032,
      0.876215,
      -0.481616
    ],
    "ImageType": [
      "ORIGINAL",
      "PRIMARY",
      "M",
      "MB",
      "ND",
      "MOSAIC"
    ],
    "InPlanePhaseEncodingDirectionDICOM": "COL",
    "InstitutionAddress": "Curie_Blvd._422_Philadelphia_PA_US_19104",
    "InstitutionName": "SC3T",
    "MRAcquisitionType": "2D",
    "MagneticFieldStrength": 3,
    "Manufacturer": "Siemens",
    "ManufacturersModelName": "Prisma",
    "Modality": "MR",
    "MultibandAccelerationFactor": 8,
    "PartialFourier": 1,
    "PatientPosition": "HFS",
    "PatientSex": "F",
    "PercentPhaseFOV": 100,
    "PhaseEncodingDirection": "j-",
    "PhaseEncodingSteps": 104,
    "PhaseResolution": 1,
    "PixelBandwidth": 2290,
    "ProcedureStepDescription": "LFContrast_-22.5_set_replication",
    "ProtocolName": "tfMRI_LFContrast_AP_run5",
    "PulseSequenceDetails": "%CustomerSeq%_cmrr_mbep2d_bold",
    "ReceiveCoilActiveElements": "HC2,4,6,7;NC2",
    "ReceiveCoilName": "HeadNeck_64",
    "ReconMatrixPE": 104,
    "RepetitionTime": 0.8,
    "SAR": 0.0705874,
    "ScanOptions": "FS_EXT",
    "ScanningSequence": "EP",
    "SequenceName": "epfid2d1_104",
    "SequenceVariant": "SK_SS",
    "SeriesDescription": "tfMRI_LFContrast_AP_run5",
    "SeriesInstanceUID": "1.3.12.2.1107.5.2.43.66044.2019031712404926873524517.0.0.0",
    "SeriesNumber": 39,
    "ShimSetting": [
      3806,
      2813,
      510,
      418,
      33,
      62,
      5,
      15
    ],
    "SliceThickness": 2,
    "SliceTiming": [
      0,
      0.4325,
      0.0875,
      0.52,
      0.175,
      0.6075,
      0.26,
      0.6925,
      0.3475,
      0,
      0.4325,
      0.0875,
      0.52,
      0.175,
      0.6075,
      0.26,
      0.6925,
      0.3475,
      0,
      0.4325,
      0.0875,
      0.52,
      0.175,
      0.6075,
      0.26,
      0.6925,
      0.3475,
      0,
      0.4325,
      0.0875,
      0.52,
      0.175,
      0.6075,
      0.26,
      0.6925,
      0.3475,
      0,
      0.4325,
      0.0875,
      0.52,
      0.175,
      0.6075,
      0.26,
      0.6925,
      0.3475,
      0,
      0.4325,
      0.0875,
      0.52,
      0.175,
      0.6075,
      0.26,
      0.6925,
      0.3475,
      0,
      0.4325,
      0.0875,
      0.52,
      0.175,
      0.6075,
      0.26,
      0.6925,
      0.3475,
      0,
      0.4325,
      0.0875,
      0.52,
      0.175,
      0.6075,
      0.26,
      0.6925,
      0.3475
    ],
    "SoftwareVersions": "syngo_MR_E11",
    "SpacingBetweenSlices": 2,
    "StationName": "AWP66044",
    "StudyID": "1",
    "StudyInstanceUID": "1.3.12.2.1107.5.2.43.66044.30000019031217553086400000118",
    "TaskName": "LFContrast",
    "TotalReadoutTime": 0.0597409,
    "TxRefAmp": 252.547,
    "WipMemBlock": "674c27b0-6b74-4927-b90c-1304b71b1e54||Sequence: R016 ve11c/master r/e634e98; Dec 19 2017 11:00:25 by eja",
    "dataset": "ds003752",
    "modality": "bold",
    "run_id": 5,
    "session_id": "LFContrast22p5",
    "subject_id": "02",
    "task_id": "LFContrast"
  },
  "dummy_trs": 2,
  "dvars_nstd": 60.616354154593836,
  "dvars_std": 1.0437158408963578,
  "dvars_vstd": 1.0061168621568637,
  "efc": 0.48477406938179524,
  "fber": 619.3562622070312,
  "fd_mean": 0.1554166716690561,
  "fd_num": 117,
  "fd_perc": 32.68156424581006,
  "fwhm_avg": 3.7214300000000002,
  "fwhm_x": 3.541845,
  "fwhm_y": 3.81977,
  "fwhm_z": 3.802675,
  "gcor": 0.00263645,
  "gsr_x": -0.0062720500864088535,
  "gsr_y": 0.09511890262365341,
  "provenance": {
    "md5sum": "1cc9d46af84f9c95e6b1e9cbaece2e9f",
    "settings": {
      "fd_thres": 0.2,
      "testing": false
    },
    "software": "mriqc",
    "version": "22.0.6",
    "webapi_port": null,
    "webapi_url": "https://mriqc.nimh.nih.gov/api/v1"
  },
  "size_t": 358,
  "size_x": 104,
  "size_y": 104,
  "size_z": 72,
  "snr": 1.8229792876333148,
  "spacing_tr": 0.800000011920929,
  "spacing_x": 2.0,
  "spacing_y": 2.0,
  "spacing_z": 2.0,
  "summary_bg_k": 38.19890366792668,
  "summary_bg_mad": 115.40276506070849,
  "summary_bg_mean": 458.7475280761719,
  "summary_bg_median": 218.8323974609375,
  "summary_bg_n": 548289.0,
  "summary_bg_p05": 131.36312866210938,
  "summary_bg_p95": 1676.221752929687,
  "summary_bg_stdv": 741.2264404296875,
  "summary_fg_k": 1.8482148962201732,
  "summary_fg_mad": 2633.880123408724,
  "summary_fg_mean": 6206.56201171875,
  "summary_fg_median": 5530.63525390625,
  "summary_fg_n": 134772.0,
  "summary_fg_p05": 2584.77451171875,
  "summary_fg_p95": 12141.978173828124,
  "summary_fg_stdv": 3033.8330078125,
  "tsnr": 23.531502753612585
}