{
  "aor": 0.0003077871148459384,
  "aqi": 0.007701556218487396,
  "bids_meta": {
    "AcquisitionDateTime": "2019-03-17T12:18:47.795000",
    "AcquisitionMatrixPE": 104,
    "AcquisitionNumber": 1,
    "AcquisitionTime": "12:18:47.795000",
    "BandwidthPerPixelPhaseEncode": 16.578,
    "BaseResolution": 104,
    "BodyPartExamined": "BRAIN",
    "ConsistencyInfo": "N4_VE11C_LATEST_20160120",
    "ConversionSoftware": "dcm2niix",
    "ConversionSoftwareVersion": "v1.0.20180918  (JP2:OpenJPEG) GCC4.8.4",
    "DeidentificationMethod": "Penn_BSC_profile_v3.0",
    "DerivedVendorReportedEchoSpacing": 0.000580009,
    "DeviceSerialNumber": "66044",
    "EchoTime": 0.037,
    "EchoTrainLength": 104,
    "EffectiveEchoSpacing": 0.000580009,
    "FlipAngle": 52,
    "ImageComments": "Unaliased_MB8_PE3_LB_KAS25@brainardlab:LFContrast_:_KAS25@brainardlab:LFContrast",
    "ImageOrientationPatientDICOM": [
      0.999845,
      -0.0169923,
      0.00459212,
      0.0171032,
      0.876215,
      -0.481616
    ],
    "ImageType": [
      "ORIGINAL",
      "PRIMARY",
      "M",
      "MB",
      "ND",
      "MOSAIC"
    ],
    "InPlanePhaseEncodingDirectionDICOM": "COL",
    "InstitutionAddress": "Curie_Blvd._422_Philadelphia_PA_US_19104",
    "InstitutionName": "SC3T",
    "MRAcquisitionType": "2D",
    "MagneticFieldStrength": 3,
    "Manufacturer": "Siemens",
    "ManufacturersModelName": "Prisma",
    "Modality": "MR",
    "MultibandAccelerationFactor": 8,
    "PartialFourier": 1,
    "PatientPosition": "HFS",
    "PatientSex": "F",
    "PercentPhaseFOV": 100,
    "PhaseEncodingDirection": "j-",
    "PhaseEncodingSteps": 104,
    "PhaseResolution": 1,
    "PixelBandwidth": 2290,
    "ProcedureStepDescription": "LFContrast_-22.5_set_replication",
    "ProtocolName": "tfMRI_LFContrast_AP_run3",
    "PulseSequenceDetails": "%CustomerSeq%_cmrr_mbep2d_bold",
    "ReceiveCoilActiveElements": "HC2,4,6,7;NC2",
    "ReceiveCoilName": "HeadNeck_64",
    "ReconMatrixPE": 104,
    "RepetitionTime": 0.8,
    "SAR": 0.0705874,
    "ScanOptions": "FS_EXT",
    "ScanningSequence": "EP",
    "SequenceName": "epfid2d1_104",
    "SequenceVariant": "SK_SS",
    "SeriesDescription": "tfMRI_LFContrast_AP_run3",
    "SeriesInstanceUID": "1.3.12.2.1107.5.2.43.66044.2019031712171080151209697.0.0.0",
    "SeriesNumber": 27,
    "ShimSetting": [
      3806,
      2813,
      510,
      418,
      33,
      62,
      5,
      15
    ],
    "SliceThickness": 2,
    "SliceTiming": [
      0,
      0.4325,
      0.085,
      0.52,
      0.1725,
      0.605,
      0.26,
      0.6925,
      0.345,
      0,
      0.4325,
      0.085,
      0.52,
      0.1725,
      0.605,
      0.26,
      0.6925,
      0.345,
      0,
      0.4325,
      0.085,
      0.52,
      0.1725,
      0.605,
      0.26,
      0.6925,
      0.345,
      0,
      0.4325,
      0.085,
      0.52,
      0.1725,
      0.605,
      0.26,
      0.6925,
      0.345,
      0,
      0.4325,
      0.085,
      0.52,
      0.1725,
      0.605,
      0.26,
      0.6925,
      0.345,
      0,
      0.4325,
      0.085,
      0.52,
      0.1725,
      0.605,
      0.26,
      0.6925,
      0.345,
      0,
      0.4325,
      0.085,
      0.52,
      0.1725,
      0.605,
      0.26,
      0.6925,
      0.345,
      0,
      0.4325,
      0.085,
      0.52,
      0.1725,
      0.605,
      0.26,
      0.6925,
      0.345
    ],
    "SoftwareVersions": "syngo_MR_E11",
    "SpacingBetweenSlices": 2,
    "StationName": "AWP66044",
    "StudyID": "1",
    "StudyInstanceUID": "1.3.12.2.1107.5.2.43.66044.30000019031217553086400000118",
    "TaskName": "LFContrast",
    "TotalReadoutTime": 0.0597409,
    "TxRefAmp": 252.547,
    "WipMemBlock": "5dd3a9e5-3305-4a28-876d-8f04f8927a25||Sequence: R016 ve11c/master r/e634e98; Dec 19 2017 11:00:25 by eja",
    "dataset": "ds003752",
    "modality": "bold",
    "run_id": 3,
    "session_id": "LFContrast22p5",
    "subject_id": "02",
    "task_id": "LFContrast"
  },
  "dummy_trs": 3,
  "dvars_nstd": 61.62373433491571,
  "dvars_std": 1.052129365477528,
  "dvars_vstd": 1.004005336853933,
  "efc": 0.4828495926340429,
  "fber": 636.0003662109375,
  "fd_mean": 0.1661403093586205,
  "fd_num": 131,
  "fd_perc": 36.69467787114846,
  "fwhm_avg": 3.7390516666666667,
  "fwhm_x": 3.554535,
  "fwhm_y": 3.833845,
  "fwhm_z": 3.828775,
  "gcor": 0.00207995,
  "gsr_x": -0.006915338337421417,
  "gsr_y": 0.09393393248319626,
  "provenance": {
    "md5sum": "3f8b50d205282b2f0e73eba88e4ccc17",
    "settings": {
      "fd_thres": 0.2,
      "testing": false
    },
    "software": "mriqc",
    "version": "22.0.6",
    "webapi_port": null,
    "webapi_url": "https://mriqc.nimh.nih.gov/api/v1"
  },
  "size_t": 357,
  "size_x": 104,
  "size_y": 104,
  "size_z": 72,
  "snr": 1.8209284057270971,
  "spacing_tr": 0.800000011920929,
  "spacing_x": 2.0,
  "spacing_y": 2.0,
  "spacing_z": 2.0,
  "summary_bg_k": 37.18088003963764,
  "summary_bg_mad": 112.58641808521106,
  "summary_bg_mean": 449.547119140625,
  "summary_bg_median": 216.31373596191406,
  "summary_bg_n": 548107.0,
  "summary_bg_p05": 130.739501953125,
  "summary_bg_p95": 1638.4493164062458,
  "summary_bg_stdv": 723.3557739257812,
  "summary_fg_k": 1.8132332574086547,
  "summary_fg_mad": 2654.601444014874,
  "summary_fg_mean": 6224.36279296875,
  "summary_fg_median": 5551.509765625,
  "summary_fg_n": 135215.0,
  "summary_fg_p05": 2584.642724609375,
  "summary_fg_p95": 12195.261328124994,
  "summary_fg_stdv": 3048.713623046875,
  "tsnr": 23.933702723355964
}