{
  "aor": 0.0006249025069637883,
  "aqi": 0.012232350111420614,
  "bids_meta": {
    "AcquisitionDateTime": "2018-10-13T17:37:6.747500",
    "AcquisitionMatrixPE": 104,
    "AcquisitionNumber": 1,
    "AcquisitionTime": "17:37:6.747500",
    "BandwidthPerPixelPhaseEncode": 16.578,
    "BaseResolution": 104,
    "BodyPartExamined": "BRAIN",
    "ConsistencyInfo": "N4_VE11C_LATEST_20160120",
    "ConversionSoftware": "dcm2niix",
    "ConversionSoftwareVersion": "v1.0.20180918  (JP2:OpenJPEG) GCC4.8.4",
    "DeidentificationMethod": "Penn_BSC_profile_v3.0",
    "DerivedVendorReportedEchoSpacing": 0.000580009,
    "DeviceSerialNumber": "66044",
    "DwellTime": 2.1e-06,
    "EchoTime": 0.037,
    "EchoTrainLength": 104,
    "EffectiveEchoSpacing": 0.000580009,
    "FlipAngle": 52,
    "ImageComments": "Unaliased_MB8_PE3_LB_sub01@mela:LFContrast",
    "ImageOrientationPatientDICOM": [
      0.996497,
      -0.0832826,
      -0.0075572,
      0.0679343,
      0.858912,
      -0.507598
    ],
    "ImageType": [
      "ORIGINAL",
      "PRIMARY",
      "M",
      "MB",
      "ND",
      "MOSAIC"
    ],
    "InPlanePhaseEncodingDirectionDICOM": "COL",
    "InstitutionAddress": "Curie_Blvd._422_Philadelphia_PA_US_19104",
    "InstitutionName": "SC3T",
    "InstitutionalDepartmentName": "Department",
    "MRAcquisitionType": "2D",
    "MagneticFieldStrength": 3,
    "Manufacturer": "Siemens",
    "ManufacturersModelName": "Prisma",
    "Modality": "MR",
    "MultibandAccelerationFactor": 8,
    "PartialFourier": 1,
    "PatientPosition": "HFS",
    "PatientSex": "M",
    "PercentPhaseFOV": 100,
    "PhaseEncodingDirection": "j",
    "PhaseEncodingSteps": 104,
    "PhaseResolution": 1,
    "PixelBandwidth": 2290,
    "ProcedureStepDescription": "Research_Aguirre",
    "ProtocolName": "tfMRI_LFContrast_PA_run5",
    "PulseSequenceDetails": "%CustomerSeq%_cmrr_mbep2d_bold",
    "ReceiveCoilActiveElements": "HC1-7",
    "ReceiveCoilName": "HeadNeck_64",
    "ReconMatrixPE": 104,
    "RepetitionTime": 0.8,
    "SAR": 0.0727393,
    "ScanOptions": "FS_EXT",
    "ScanningSequence": "EP",
    "SequenceName": "epfid2d1_104",
    "SequenceVariant": "SK_SS",
    "SeriesDescription": "tfMRI_LFContrast_PA_run5",
    "SeriesInstanceUID": "1.3.12.2.1107.5.2.43.66044.2018101317361828218894721.0.0.0",
    "SeriesNumber": 28,
    "ShimSetting": [
      3815,
      2765,
      491,
      243,
      74,
      -274,
      -129,
      68
    ],
    "SliceThickness": 2,
    "SliceTiming": [
      0,
      0.4325,
      0.0875,
      0.52,
      0.1725,
      0.605,
      0.26,
      0.6925,
      0.345,
      0,
      0.4325,
      0.0875,
      0.52,
      0.1725,
      0.605,
      0.26,
      0.6925,
      0.345,
      0,
      0.4325,
      0.0875,
      0.52,
      0.1725,
      0.605,
      0.26,
      0.6925,
      0.345,
      0,
      0.4325,
      0.0875,
      0.52,
      0.1725,
      0.605,
      0.26,
      0.6925,
      0.345,
      0,
      0.4325,
      0.0875,
      0.52,
      0.1725,
      0.605,
      0.26,
      0.6925,
      0.345,
      0,
      0.4325,
      0.0875,
      0.52,
      0.1725,
      0.605,
      0.26,
      0.6925,
      0.345,
      0,
      0.4325,
      0.0875,
      0.52,
      0.1725,
      0.605,
      0.26,
      0.6925,
      0.345,
      0,
      0.4325,
      0.0875,
      0.52,
      0.1725,
      0.605,
      0.26,
      0.6925,
      0.345
    ],
    "SoftwareVersions": "syngo_MR_E11",
    "SpacingBetweenSlices": 2,
    "StationName": "AWP66044",
    "StudyID": "1",
    "StudyInstanceUID": "1.3.12.2.1107.5.2.43.66044.30000018101314052653700000010",
    "TaskName": "LFContrast",
    "TotalReadoutTime": 0.0597409,
    "TxRefAmp": 255.647,
    "WipMemBlock": "652accc3-719d-42a7-b063-68f3c5d8f690||Sequence: R016 ve11c/master r/e634e98; Dec 19 2017 11:00:25 by eja",
    "dataset": "ds003752",
    "modality": "bold",
    "run_id": 5,
    "session_id": "ResearchAguirre1",
    "subject_id": "01",
    "task_id": "LFContrast"
  },
  "dummy_trs": 3,
  "dvars_nstd": 58.85817993444133,
  "dvars_std": 1.0172514991061445,
  "dvars_vstd": 1.0004107193854754,
  "efc": 0.5780099957084177,
  "fber": 194.98126220703125,
  "fd_mean": 0.17749988042376463,
  "fd_num": 116,
  "fd_perc": 32.31197771587744,
  "fwhm_avg": 3.0906316666666664,
  "fwhm_x": 2.924965,
  "fwhm_y": 3.172415,
  "fwhm_z": 3.174515,
  "gcor": 0.00186436,
  "gsr_x": 0.0030357257928699255,
  "gsr_y": 0.03478773683309555,
  "provenance": {
    "md5sum": "edf7563a3b1c03fbe2ec5fca518f0ba7",
    "settings": {
      "fd_thres": 0.2,
      "testing": false
    },
    "software": "mriqc",
    "version": "22.0.6",
    "webapi_port": null,
    "webapi_url": "https://mriqc.nimh.nih.gov/api/v1"
  },
  "size_t": 359,
  "size_x": 104,
  "size_y": 104,
  "size_z": 72,
  "snr": 1.9359818529081163,
  "spacing_tr": 0.800000011920929,
  "spacing_x": 2.0,
  "spacing_y": 2.0,
  "spacing_z": 2.0,
  "summary_bg_k": 23.273397311095092,
  "summary_bg_mad": 313.0727260513741,
  "summary_bg_mean": 908.0604858398438,
  "summary_bg_median": 443.5417785644531,
  "summary_bg_n": 495538.0,
  "summary_bg_p05": 182.67965698242188,
  "summary_bg_p95": 3414.3307861328003,
  "summary_bg_stdv": 1238.560302734375,
  "summary_fg_k": 1.3323679467406278,
  "summary_fg_mad": 2926.466748528126,
  "summary_fg_mean": 7041.97900390625,
  "summary_fg_median": 6326.6728515625,
  "summary_fg_n": 176558.0,
  "summary_fg_p05": 3143.050646972656,
  "summary_fg_p95": 13479.611621093749,
  "summary_fg_stdv": 3267.930908203125,
  "tsnr": 21.47919773706235
}