{
  "aor": 0.0007055153203342618,
  "aqi": 0.012164937994428967,
  "bids_meta": {
    "AcquisitionDateTime": "2018-10-13T17:31:25.157500",
    "AcquisitionMatrixPE": 104,
    "AcquisitionNumber": 1,
    "AcquisitionTime": "17:31:25.157500",
    "BandwidthPerPixelPhaseEncode": 16.578,
    "BaseResolution": 104,
    "BodyPartExamined": "BRAIN",
    "ConsistencyInfo": "N4_VE11C_LATEST_20160120",
    "ConversionSoftware": "dcm2niix",
    "ConversionSoftwareVersion": "v1.0.20180918  (JP2:OpenJPEG) GCC4.8.4",
    "DeidentificationMethod": "Penn_BSC_profile_v3.0",
    "DerivedVendorReportedEchoSpacing": 0.000580009,
    "DeviceSerialNumber": "66044",
    "DwellTime": 2.1e-06,
    "EchoTime": 0.037,
    "EchoTrainLength": 104,
    "EffectiveEchoSpacing": 0.000580009,
    "FlipAngle": 52,
    "ImageComments": "Unaliased_MB8_PE3_LB_sub01@mela:LFContrast",
    "ImageOrientationPatientDICOM": [
      0.996497,
      -0.0832826,
      -0.0075572,
      0.0679343,
      0.858912,
      -0.507598
    ],
    "ImageType": [
      "ORIGINAL",
      "PRIMARY",
      "M",
      "MB",
      "ND",
      "MOSAIC"
    ],
    "InPlanePhaseEncodingDirectionDICOM": "COL",
    "InstitutionAddress": "Curie_Blvd._422_Philadelphia_PA_US_19104",
    "InstitutionName": "SC3T",
    "InstitutionalDepartmentName": "Department",
    "MRAcquisitionType": "2D",
    "MagneticFieldStrength": 3,
    "Manufacturer": "Siemens",
    "ManufacturersModelName": "Prisma",
    "Modality": "MR",
    "MultibandAccelerationFactor": 8,
    "PartialFourier": 1,
    "PatientPosition": "HFS",
    "PatientSex": "M",
    "PercentPhaseFOV": 100,
    "PhaseEncodingDirection": "j-",
    "PhaseEncodingSteps": 104,
    "PhaseResolution": 1,
    "PixelBandwidth": 2290,
    "ProcedureStepDescription": "Research_Aguirre",
    "ProtocolName": "tfMRI_LFContrast_AP_run4",
    "PulseSequenceDetails": "%CustomerSeq%_cmrr_mbep2d_bold",
    "ReceiveCoilActiveElements": "HC1-7",
    "ReceiveCoilName": "HeadNeck_64",
    "ReconMatrixPE": 104,
    "RepetitionTime": 0.8,
    "SAR": 0.0727393,
    "ScanOptions": "FS_EXT",
    "ScanningSequence": "EP",
    "SequenceName": "epfid2d1_104",
    "SequenceVariant": "SK_SS",
    "SeriesDescription": "tfMRI_LFContrast_AP_run4",
    "SeriesInstanceUID": "1.3.12.2.1107.5.2.43.66044.2018101317311369361915581.0.0.0",
    "SeriesNumber": 26,
    "ShimSetting": [
      3815,
      2765,
      491,
      243,
      74,
      -274,
      -129,
      68
    ],
    "SliceThickness": 2,
    "SliceTiming": [
      0,
      0.4325,
      0.0875,
      0.52,
      0.1725,
      0.6075,
      0.26,
      0.6925,
      0.3475,
      0,
      0.4325,
      0.0875,
      0.52,
      0.1725,
      0.6075,
      0.26,
      0.6925,
      0.3475,
      0,
      0.4325,
      0.0875,
      0.52,
      0.1725,
      0.6075,
      0.26,
      0.6925,
      0.3475,
      0,
      0.4325,
      0.0875,
      0.52,
      0.1725,
      0.6075,
      0.26,
      0.6925,
      0.3475,
      0,
      0.4325,
      0.0875,
      0.52,
      0.1725,
      0.6075,
      0.26,
      0.6925,
      0.3475,
      0,
      0.4325,
      0.0875,
      0.52,
      0.1725,
      0.6075,
      0.26,
      0.6925,
      0.3475,
      0,
      0.4325,
      0.0875,
      0.52,
      0.1725,
      0.6075,
      0.26,
      0.6925,
      0.3475,
      0,
      0.4325,
      0.0875,
      0.52,
      0.1725,
      0.6075,
      0.26,
      0.6925,
      0.3475
    ],
    "SoftwareVersions": "syngo_MR_E11",
    "SpacingBetweenSlices": 2,
    "StationName": "AWP66044",
    "StudyID": "1",
    "StudyInstanceUID": "1.3.12.2.1107.5.2.43.66044.30000018101314052653700000010",
    "TaskName": "LFContrast",
    "TotalReadoutTime": 0.0597409,
    "TxRefAmp": 255.647,
    "WipMemBlock": "ee47a22d-3e26-4820-853e-c862ba005675||Sequence: R016 ve11c/master r/e634e98; Dec 19 2017 11:00:25 by eja",
    "dataset": "ds003752",
    "modality": "bold",
    "run_id": 4,
    "session_id": "ResearchAguirre1",
    "subject_id": "01",
    "task_id": "LFContrast"
  },
  "dummy_trs": 3,
  "dvars_nstd": 60.972976311536335,
  "dvars_std": 1.0384201118994414,
  "dvars_vstd": 1.007320734078212,
  "efc": 0.5722812287273961,
  "fber": 218.4286651611328,
  "fd_mean": 0.2201778530163007,
  "fd_num": 183,
  "fd_perc": 50.97493036211699,
  "fwhm_avg": 3.1474733333333336,
  "fwhm_x": 2.96624,
  "fwhm_y": 3.209905,
  "fwhm_z": 3.266275,
  "gcor": 0.00157748,
  "gsr_x": 0.011025683954358101,
  "gsr_y": 0.06445661932229996,
  "provenance": {
    "md5sum": "bcc06cca453c4c1a1f7aba9a1ad61f39",
    "settings": {
      "fd_thres": 0.2,
      "testing": false
    },
    "software": "mriqc",
    "version": "22.0.6",
    "webapi_port": null,
    "webapi_url": "https://mriqc.nimh.nih.gov/api/v1"
  },
  "size_t": 359,
  "size_x": 104,
  "size_y": 104,
  "size_z": 72,
  "snr": 1.8909932509239367,
  "spacing_tr": 0.800000011920929,
  "spacing_x": 2.0,
  "spacing_y": 2.0,
  "spacing_z": 2.0,
  "summary_bg_k": 25.391678378181112,
  "summary_bg_mad": 293.8453982004885,
  "summary_bg_mean": 812.5795288085938,
  "summary_bg_median": 412.8778991699219,
  "summary_bg_n": 482333.0,
  "summary_bg_p05": 172.7665252685547,
  "summary_bg_p95": 2911.4532226562496,
  "summary_bg_stdv": 1131.72509765625,
  "summary_fg_k": 3.2090085755160747,
  "summary_fg_mad": 2824.9942818939357,
  "summary_fg_mean": 7011.654296875,
  "summary_fg_median": 6299.0087890625,
  "summary_fg_n": 185121.0,
  "summary_fg_p05": 3109.556640625,
  "summary_fg_p95": 13390.2744140625,
  "summary_fg_stdv": 3331.04931640625,
  "tsnr": 21.42812728881836
}