{
  "aor": 0.0007525833333333333,
  "aqi": 0.011759364222222223,
  "bids_meta": {
    "AcquisitionDateTime": "2018-10-13T16:51:1.580000",
    "AcquisitionMatrixPE": 104,
    "AcquisitionNumber": 1,
    "AcquisitionTime": "16:51:1.580000",
    "BandwidthPerPixelPhaseEncode": 16.578,
    "BaseResolution": 104,
    "BodyPartExamined": "BRAIN",
    "ConsistencyInfo": "N4_VE11C_LATEST_20160120",
    "ConversionSoftware": "dcm2niix",
    "ConversionSoftwareVersion": "v1.0.20180918  (JP2:OpenJPEG) GCC4.8.4",
    "DeidentificationMethod": "Penn_BSC_profile_v3.0",
    "DerivedVendorReportedEchoSpacing": 0.000580009,
    "DeviceSerialNumber": "66044",
    "DwellTime": 2.1e-06,
    "EchoTime": 0.037,
    "EchoTrainLength": 104,
    "EffectiveEchoSpacing": 0.000580009,
    "FlipAngle": 52,
    "ImageComments": "Unaliased_MB8_PE3_LB_sub01@mela:LFContrast",
    "ImageOrientationPatientDICOM": [
      0.996497,
      -0.0832826,
      -0.0075572,
      0.0679343,
      0.858912,
      -0.507598
    ],
    "ImageType": [
      "ORIGINAL",
      "PRIMARY",
      "M",
      "MB",
      "ND",
      "MOSAIC"
    ],
    "InPlanePhaseEncodingDirectionDICOM": "COL",
    "InstitutionAddress": "Curie_Blvd._422_Philadelphia_PA_US_19104",
    "InstitutionName": "SC3T",
    "InstitutionalDepartmentName": "Department",
    "MRAcquisitionType": "2D",
    "MagneticFieldStrength": 3,
    "Manufacturer": "Siemens",
    "ManufacturersModelName": "Prisma",
    "Modality": "MR",
    "MultibandAccelerationFactor": 8,
    "PartialFourier": 1,
    "PatientPosition": "HFS",
    "PatientSex": "M",
    "PercentPhaseFOV": 100,
    "PhaseEncodingDirection": "j",
    "PhaseEncodingSteps": 104,
    "PhaseResolution": 1,
    "PixelBandwidth": 2290,
    "ProcedureStepDescription": "Research_Aguirre",
    "ProtocolName": "tfMRI_LFContrast_PA_run1",
    "PulseSequenceDetails": "%CustomerSeq%_cmrr_mbep2d_bold",
    "ReceiveCoilActiveElements": "HC1-7",
    "ReceiveCoilName": "HeadNeck_64",
    "ReconMatrixPE": 104,
    "RepetitionTime": 0.8,
    "SAR": 0.0727393,
    "ScanOptions": "FS_EXT",
    "ScanningSequence": "EP",
    "SequenceName": "epfid2d1_104",
    "SequenceVariant": "SK_SS",
    "SeriesDescription": "tfMRI_LFContrast_PA_run1",
    "SeriesInstanceUID": "1.3.12.2.1107.5.2.43.66044.2018101316503880644061601.0.0.0",
    "SeriesNumber": 12,
    "ShimSetting": [
      3815,
      2765,
      491,
      243,
      74,
      -274,
      -129,
      68
    ],
    "SliceThickness": 2,
    "SliceTiming": [
      0,
      0.435,
      0.0875,
      0.52,
      0.175,
      0.6075,
      0.26,
      0.695,
      0.3475,
      0,
      0.435,
      0.0875,
      0.52,
      0.175,
      0.6075,
      0.26,
      0.695,
      0.3475,
      0,
      0.435,
      0.0875,
      0.52,
      0.175,
      0.6075,
      0.26,
      0.695,
      0.3475,
      0,
      0.435,
      0.0875,
      0.52,
      0.175,
      0.6075,
      0.26,
      0.695,
      0.3475,
      0,
      0.435,
      0.0875,
      0.52,
      0.175,
      0.6075,
      0.26,
      0.695,
      0.3475,
      0,
      0.435,
      0.0875,
      0.52,
      0.175,
      0.6075,
      0.26,
      0.695,
      0.3475,
      0,
      0.435,
      0.0875,
      0.52,
      0.175,
      0.6075,
      0.26,
      0.695,
      0.3475,
      0,
      0.435,
      0.0875,
      0.52,
      0.175,
      0.6075,
      0.26,
      0.695,
      0.3475
    ],
    "SoftwareVersions": "syngo_MR_E11",
    "SpacingBetweenSlices": 2,
    "StationName": "AWP66044",
    "StudyID": "1",
    "StudyInstanceUID": "1.3.12.2.1107.5.2.43.66044.30000018101314052653700000010",
    "TaskName": "LFContrast",
    "TotalReadoutTime": 0.0597409,
    "TxRefAmp": 255.647,
    "WipMemBlock": "f0880d7b-4bb0-4ac4-ac3e-c185dd30ac94||Sequence: R016 ve11c/master r/e634e98; Dec 19 2017 11:00:25 by eja",
    "dataset": "ds003752",
    "modality": "bold",
    "run_id": 1,
    "session_id": "ResearchAguirre1",
    "subject_id": "01",
    "task_id": "LFContrast"
  },
  "dummy_trs": 2,
  "dvars_nstd": 61.66950803880216,
  "dvars_std": 1.0284912603621161,
  "dvars_vstd": 1.0597907091643455,
  "efc": 0.5753592820802083,
  "fber": 212.26866149902344,
  "fd_mean": 0.17808206607471413,
  "fd_num": 120,
  "fd_perc": 33.333333333333336,
  "fwhm_avg": 3.0819233333333336,
  "fwhm_x": 2.87031,
  "fwhm_y": 3.16574,
  "fwhm_z": 3.20972,
  "gcor": 0.00180529,
  "gsr_x": 0.0028329002670943737,
  "gsr_y": 0.05150807276368141,
  "provenance": {
    "md5sum": "360c6dc17c5b51b8b973ce4c11090948",
    "settings": {
      "fd_thres": 0.2,
      "testing": false
    },
    "software": "mriqc",
    "version": "22.0.6",
    "webapi_port": null,
    "webapi_url": "https://mriqc.nimh.nih.gov/api/v1"
  },
  "size_t": 360,
  "size_x": 104,
  "size_y": 104,
  "size_z": 72,
  "snr": 1.9197723369815538,
  "spacing_tr": 0.800000011920929,
  "spacing_x": 2.0,
  "spacing_y": 2.0,
  "spacing_z": 2.0,
  "summary_bg_k": 23.528291871025036,
  "summary_bg_mad": 307.06339783776343,
  "summary_bg_mean": 855.19384765625,
  "summary_bg_median": 420.3388977050781,
  "summary_bg_n": 490996.0,
  "summary_bg_p05": 167.66944885253906,
  "summary_bg_p95": 3209.08349609375,
  "summary_bg_stdv": 1177.2293701171875,
  "summary_fg_k": 1.302352955382407,
  "summary_fg_mad": 2909.1377492090446,
  "summary_fg_mean": 6940.43212890625,
  "summary_fg_median": 6245.2724609375,
  "summary_fg_n": 180547.0,
  "summary_fg_p05": 3038.675073242188,
  "summary_fg_p95": 13341.956835937493,
  "summary_fg_stdv": 3253.122802734375,
  "tsnr": 21.85968272620812
}