{
  "aor": 0.00027379213483146064,
  "aqi": 0.007089947162921348,
  "bids_meta": {
    "AcquisitionDateTime": "2019-03-16T15:42:4.205000",
    "AcquisitionMatrixPE": 104,
    "AcquisitionNumber": 1,
    "AcquisitionTime": "15:42:4.205000",
    "BandwidthPerPixelPhaseEncode": 16.578,
    "BaseResolution": 104,
    "BodyPartExamined": "BRAIN",
    "ConsistencyInfo": "N4_VE11C_LATEST_20160120",
    "ConversionSoftware": "dcm2niix",
    "ConversionSoftwareVersion": "v1.0.20180918  (JP2:OpenJPEG) GCC4.8.4",
    "DeidentificationMethod": "Penn_BSC_profile_v3.0",
    "DerivedVendorReportedEchoSpacing": 0.000580009,
    "DeviceSerialNumber": "66044",
    "EchoTime": 0.037,
    "EchoTrainLength": 104,
    "EffectiveEchoSpacing": 0.000580009,
    "FlipAngle": 52,
    "ImageComments": "Unaliased_MB8_PE3_LB_KAS25@brainardlab:LFContrast",
    "ImageOrientationPatientDICOM": [
      0.999769,
      -0.0139022,
      0.0163961,
      0.0197202,
      0.896741,
      -0.442116
    ],
    "ImageType": [
      "ORIGINAL",
      "PRIMARY",
      "M",
      "MB",
      "ND",
      "MOSAIC"
    ],
    "InPlanePhaseEncodingDirectionDICOM": "COL",
    "InstitutionAddress": "Curie_Blvd._422_Philadelphia_PA_US_19104",
    "InstitutionName": "SC3T",
    "MRAcquisitionType": "2D",
    "MagneticFieldStrength": 3,
    "Manufacturer": "Siemens",
    "ManufacturersModelName": "Prisma",
    "Modality": "MR",
    "MultibandAccelerationFactor": 8,
    "PartialFourier": 1,
    "PatientPosition": "HFS",
    "PatientSex": "F",
    "PercentPhaseFOV": 100,
    "PhaseEncodingDirection": "j-",
    "PhaseEncodingSteps": 104,
    "PhaseResolution": 1,
    "PixelBandwidth": 2290,
    "ProcedureStepDescription": "KAS25_-45_set_replication",
    "ProtocolName": "tfMRI_LFContrast_AP_run3",
    "PulseSequenceDetails": "%CustomerSeq%_cmrr_mbep2d_bold",
    "ReceiveCoilActiveElements": "HC2,4,6,7;NC2",
    "ReceiveCoilName": "HeadNeck_64",
    "ReconMatrixPE": 104,
    "RepetitionTime": 0.8,
    "SAR": 0.0579156,
    "ScanOptions": "FS_EXT",
    "ScanningSequence": "EP",
    "SequenceName": "epfid2d1_104",
    "SequenceVariant": "SK_SS",
    "SeriesDescription": "tfMRI_LFContrast_AP_run3",
    "SeriesInstanceUID": "1.3.12.2.1107.5.2.43.66044.2019031615414265238886601.0.0.0",
    "SeriesNumber": 27,
    "ShimSetting": [
      3815,
      2794,
      544,
      470,
      40,
      70,
      64,
      26
    ],
    "SliceThickness": 2,
    "SliceTiming": [
      0,
      0.4325,
      0.0875,
      0.52,
      0.1725,
      0.6075,
      0.26,
      0.6925,
      0.3475,
      0,
      0.4325,
      0.0875,
      0.52,
      0.1725,
      0.6075,
      0.26,
      0.6925,
      0.3475,
      0,
      0.4325,
      0.0875,
      0.52,
      0.1725,
      0.6075,
      0.26,
      0.6925,
      0.3475,
      0,
      0.4325,
      0.0875,
      0.52,
      0.1725,
      0.6075,
      0.26,
      0.6925,
      0.3475,
      0,
      0.4325,
      0.0875,
      0.52,
      0.1725,
      0.6075,
      0.26,
      0.6925,
      0.3475,
      0,
      0.4325,
      0.0875,
      0.52,
      0.1725,
      0.6075,
      0.26,
      0.6925,
      0.3475,
      0,
      0.4325,
      0.0875,
      0.52,
      0.1725,
      0.6075,
      0.26,
      0.6925,
      0.3475,
      0,
      0.4325,
      0.0875,
      0.52,
      0.1725,
      0.6075,
      0.26,
      0.6925,
      0.3475
    ],
    "SoftwareVersions": "syngo_MR_E11",
    "SpacingBetweenSlices": 2,
    "StationName": "AWP66044",
    "StudyID": "2",
    "StudyInstanceUID": "1.3.12.2.1107.5.2.43.66044.30000019031217553086400000106",
    "TaskName": "LFContrast",
    "TotalReadoutTime": 0.0597409,
    "TxRefAmp": 236.407,
    "WipMemBlock": "f20bb96f-3e9c-4a8f-9a4f-4b41e1713e60||Sequence: R016 ve11c/master r/e634e98; Dec 19 2017 11:00:25 by eja",
    "dataset": "ds003752",
    "modality": "bold",
    "run_id": 3,
    "session_id": "LFContrast45",
    "subject_id": "02",
    "task_id": "LFContrast"
  },
  "dummy_trs": 4,
  "dvars_nstd": 61.05171988064784,
  "dvars_std": 1.0584900513802813,
  "dvars_vstd": 1.0003526670985914,
  "efc": 0.4845310115008267,
  "fber": 652.2571411132812,
  "fd_mean": 0.13711451143315165,
  "fd_num": 92,
  "fd_perc": 25.84269662921348,
  "fwhm_avg": 3.7311866666666673,
  "fwhm_x": 3.53769,
  "fwhm_y": 3.870705,
  "fwhm_z": 3.785165,
  "gcor": 0.00174159,
  "gsr_x": -0.008623305708169937,
  "gsr_y": 0.0917605459690094,
  "provenance": {
    "md5sum": "d376c72fab1530f673c064caa012ddb6",
    "settings": {
      "fd_thres": 0.2,
      "testing": false
    },
    "software": "mriqc",
    "version": "22.0.6",
    "webapi_port": null,
    "webapi_url": "https://mriqc.nimh.nih.gov/api/v1"
  },
  "size_t": 356,
  "size_x": 104,
  "size_y": 104,
  "size_z": 72,
  "snr": 1.8279884350160234,
  "spacing_tr": 0.800000011920929,
  "spacing_x": 2.0,
  "spacing_y": 2.0,
  "spacing_z": 2.0,
  "summary_bg_k": 35.633105284083356,
  "summary_bg_mad": 114.87875512437967,
  "summary_bg_mean": 465.60693359375,
  "summary_bg_median": 219.4157257080078,
  "summary_bg_n": 546796.0,
  "summary_bg_p05": 131.88412475585938,
  "summary_bg_p95": 1732.5519714355469,
  "summary_bg_stdv": 745.121826171875,
  "summary_fg_k": 1.7651184438891594,
  "summary_fg_mad": 2726.8261794327773,
  "summary_fg_mean": 6396.5498046875,
  "summary_fg_median": 5712.8017578125,
  "summary_fg_n": 135792.0,
  "summary_fg_p05": 2674.0458862304686,
  "summary_fg_p95": 12530.976220703122,
  "summary_fg_stdv": 3125.17333984375,
  "tsnr": 24.95987690635957
}