{
  "aor": 0.00023760445682451258,
  "aqi": 0.007073146406685236,
  "bids_meta": {
    "AcquisitionDateTime": "2018-10-20T14:01:5.925000",
    "AcquisitionMatrixPE": 104,
    "AcquisitionNumber": 1,
    "AcquisitionTime": "14:01:5.925000",
    "BandwidthPerPixelPhaseEncode": 16.578,
    "BaseResolution": 104,
    "BodyPartExamined": "BRAIN",
    "ConsistencyInfo": "N4_VE11C_LATEST_20160120",
    "ConversionSoftware": "dcm2niix",
    "ConversionSoftwareVersion": "v1.0.20180918  (JP2:OpenJPEG) GCC4.8.4",
    "DeidentificationMethod": "Penn_BSC_profile_v3.0",
    "DerivedVendorReportedEchoSpacing": 0.000580009,
    "DeviceSerialNumber": "66044",
    "DwellTime": 2.1e-06,
    "EchoTime": 0.037,
    "EchoTrainLength": 104,
    "EffectiveEchoSpacing": 0.000580009,
    "FlipAngle": 52,
    "ImageComments": "Unaliased_MB8_PE3_LB_KAS25@mela:LFContrast",
    "ImageOrientationPatientDICOM": [
      0.999241,
      -0.0369427,
      0.0123894,
      0.0382123,
      0.866896,
      -0.497023
    ],
    "ImageType": [
      "ORIGINAL",
      "PRIMARY",
      "M",
      "MB",
      "ND",
      "MOSAIC"
    ],
    "InPlanePhaseEncodingDirectionDICOM": "COL",
    "InstitutionAddress": "Curie_Blvd._422_Philadelphia_PA_US_19104",
    "InstitutionName": "SC3T",
    "InstitutionalDepartmentName": "Department",
    "MRAcquisitionType": "2D",
    "MagneticFieldStrength": 3,
    "Manufacturer": "Siemens",
    "ManufacturersModelName": "Prisma",
    "Modality": "MR",
    "MultibandAccelerationFactor": 8,
    "PartialFourier": 1,
    "PatientPosition": "HFS",
    "PatientSex": "F",
    "PercentPhaseFOV": 100,
    "PhaseEncodingDirection": "j",
    "PhaseEncodingSteps": 104,
    "PhaseResolution": 1,
    "PixelBandwidth": 2290,
    "ProcedureStepDescription": "Research_Aguirre",
    "ProtocolName": "tfMRI_LFContrast_PA_run3",
    "PulseSequenceDetails": "%CustomerSeq%_cmrr_mbep2d_bold",
    "ReceiveCoilActiveElements": "HC1-7",
    "ReceiveCoilName": "HeadNeck_64",
    "ReconMatrixPE": 104,
    "RepetitionTime": 0.8,
    "SAR": 0.0615855,
    "ScanOptions": "FS_EXT",
    "ScanningSequence": "EP",
    "SequenceName": "epfid2d1_104",
    "SequenceVariant": "SK_SS",
    "SeriesDescription": "tfMRI_LFContrast_PA_run3",
    "SeriesInstanceUID": "1.3.12.2.1107.5.2.43.66044.2018102014002181018907833.0.0.0",
    "SeriesNumber": 24,
    "ShimSetting": [
      3814,
      2812,
      455,
      436,
      -10,
      -305,
      -89,
      13
    ],
    "SliceThickness": 2,
    "SliceTiming": [
      0,
      0.435,
      0.0875,
      0.52,
      0.175,
      0.6075,
      0.26,
      0.695,
      0.3475,
      0,
      0.435,
      0.0875,
      0.52,
      0.175,
      0.6075,
      0.26,
      0.695,
      0.3475,
      0,
      0.435,
      0.0875,
      0.52,
      0.175,
      0.6075,
      0.26,
      0.695,
      0.3475,
      0,
      0.435,
      0.0875,
      0.52,
      0.175,
      0.6075,
      0.26,
      0.695,
      0.3475,
      0,
      0.435,
      0.0875,
      0.52,
      0.175,
      0.6075,
      0.26,
      0.695,
      0.3475,
      0,
      0.435,
      0.0875,
      0.52,
      0.175,
      0.6075,
      0.26,
      0.695,
      0.3475,
      0,
      0.435,
      0.0875,
      0.52,
      0.175,
      0.6075,
      0.26,
      0.695,
      0.3475,
      0,
      0.435,
      0.0875,
      0.52,
      0.175,
      0.6075,
      0.26,
      0.695,
      0.3475
    ],
    "SoftwareVersions": "syngo_MR_E11",
    "SpacingBetweenSlices": 2,
    "StationName": "AWP66044",
    "StudyID": "1",
    "StudyInstanceUID": "1.3.12.2.1107.5.2.43.66044.30000018101314052653700000148",
    "TaskName": "LFContrast",
    "TotalReadoutTime": 0.0597409,
    "TxRefAmp": 242.171,
    "WipMemBlock": "08e808ed-f204-4f43-bbd5-f9d1e9d0e85d||Sequence: R016 ve11c/master r/e634e98; Dec 19 2017 11:00:25 by eja",
    "dataset": "ds003752",
    "modality": "bold",
    "run_id": 3,
    "session_id": "ResearchAguirre2",
    "subject_id": "02",
    "task_id": "LFContrast"
  },
  "dummy_trs": 3,
  "dvars_nstd": 50.970458611424625,
  "dvars_std": 1.026373401145251,
  "dvars_vstd": 1.0025494698324027,
  "efc": 0.5081584074721083,
  "fber": 714.3181762695312,
  "fd_mean": 0.10383930726662075,
  "fd_num": 1,
  "fd_perc": 0.2785515320334262,
  "fwhm_avg": 3.036633333333333,
  "fwhm_x": 2.95028,
  "fwhm_y": 3.010385,
  "fwhm_z": 3.149235,
  "gcor": 0.00213305,
  "gsr_x": -0.012987666763365269,
  "gsr_y": 0.05360502749681473,
  "provenance": {
    "md5sum": "bd51236b763a9846c31b58db5782bc58",
    "settings": {
      "fd_thres": 0.2,
      "testing": false
    },
    "software": "mriqc",
    "version": "22.0.6",
    "webapi_port": null,
    "webapi_url": "https://mriqc.nimh.nih.gov/api/v1"
  },
  "size_t": 359,
  "size_x": 104,
  "size_y": 104,
  "size_z": 72,
  "snr": 2.3594205560660684,
  "spacing_tr": 0.800000011920929,
  "spacing_x": 2.0,
  "spacing_y": 2.0,
  "spacing_z": 2.0,
  "summary_bg_k": 40.62385341645961,
  "summary_bg_mad": 118.19519982696275,
  "summary_bg_mean": 496.7808532714844,
  "summary_bg_median": 236.6406707763672,
  "summary_bg_n": 537259.0,
  "summary_bg_p05": 149.34262084960938,
  "summary_bg_p95": 1797.3041015624985,
  "summary_bg_stdv": 755.2221069335938,
  "summary_fg_k": 2.3673664192020567,
  "summary_fg_mad": 2277.1119522994977,
  "summary_fg_mean": 6941.3828125,
  "summary_fg_median": 6412.5458984375,
  "summary_fg_n": 141027.0,
  "summary_fg_p05": 3602.7178466796877,
  "summary_fg_p95": 12098.370800781244,
  "summary_fg_stdv": 2717.838134765625,
  "tsnr": 28.1072847309988
}