{
  "bids_meta": {
    "AcquisitionDateTime": "2018-10-21T14:52:32.152500",
    "AcquisitionMatrixPE": 300,
    "AcquisitionNumber": 1,
    "AcquisitionTime": "14:52:32.152500",
    "BaseResolution": 320,
    "BodyPartExamined": "BRAIN",
    "ConsistencyInfo": "N4_VE11C_LATEST_20160120",
    "ConversionSoftware": "dcm2niix",
    "ConversionSoftwareVersion": "v1.0.20180918  (JP2:OpenJPEG) GCC4.8.4",
    "DeidentificationMethod": "Penn_BSC_profile_v3.0",
    "DeviceSerialNumber": "66044",
    "DwellTime": 2.1e-06,
    "EchoTime": 0.563,
    "EchoTrainLength": 314,
    "FlipAngle": 120,
    "ImageComments": "AP26@mela:LFContrast",
    "ImageOrientationPatientDICOM": [
      -0.0103084,
      0.999731,
      -0.0207563,
      -0.0331936,
      -0.0210881,
      -0.999226
    ],
    "ImageType": [
      "ORIGINAL",
      "PRIMARY",
      "M",
      "ND",
      "NORM"
    ],
    "InPlanePhaseEncodingDirectionDICOM": "ROW",
    "InstitutionAddress": "Curie_Blvd._422_Philadelphia_PA_US_19104",
    "InstitutionName": "SC3T",
    "InstitutionalDepartmentName": "Department",
    "MRAcquisitionType": "3D",
    "MagneticFieldStrength": 3,
    "Manufacturer": "Siemens",
    "ManufacturersModelName": "Prisma",
    "Modality": "MR",
    "ParallelReductionFactorInPlane": 2,
    "PartialFourier": 1,
    "PatientPosition": "HFS",
    "PatientSex": "F",
    "PercentPhaseFOV": 93.75,
    "PhaseEncodingSteps": 297,
    "PhaseResolution": 1,
    "PixelBandwidth": 745,
    "ProcedureStepDescription": "Research_Aguirre",
    "ProtocolName": "T2w_SPC",
    "PulseSequenceDetails": "%SiemensSeq%_tse_vfl",
    "ReceiveCoilActiveElements": "HC1-7",
    "ReceiveCoilName": "HeadNeck_64",
    "ReconMatrixPE": 320,
    "RepetitionTime": 3.2,
    "SAR": 0.130527,
    "ScanOptions": "PFP",
    "ScanningSequence": "SE",
    "SequenceName": "_spc_314ns",
    "SequenceVariant": "SK_SP",
    "SeriesDescription": "T2w_SPC",
    "SeriesInstanceUID": "1.3.12.2.1107.5.2.43.66044.2018102114583157648849719.0.0.0",
    "SeriesNumber": 42,
    "ShimSetting": [
      3804,
      2777,
      522,
      485,
      -60,
      27,
      -117,
      49
    ],
    "SliceThickness": 0.8,
    "SoftwareVersions": "syngo_MR_E11",
    "StationName": "AWP66044",
    "StudyID": "1",
    "StudyInstanceUID": "1.3.12.2.1107.5.2.43.66044.30000018101314052653700000157",
    "TxRefAmp": 213.245,
    "dataset": "ds003752",
    "modality": "T2w",
    "session_id": "ResearchAguirre1",
    "subject_id": "03"
  },
  "cjv": 0.20012114779712453,
  "cnr": 2.1370475690273842,
  "efc": 0.47802608153158743,
  "fber": -1.0,
  "fwhm_avg": 2.7409806993512724,
  "fwhm_x": 2.6378173740111945,
  "fwhm_y": 2.998312455321663,
  "fwhm_z": 2.5868122687209603,
  "icvs_csf": 0.25894782086685614,
  "icvs_gm": 0.6165420850236495,
  "icvs_wm": 0.12451009410949433,
  "inu_med": 0.9376136064529419,
  "inu_range": 0.30207196474075304,
  "provenance": {
    "md5sum": "bcef7e5bde11bba60fba3b9361deff8b",
    "settings": {
      "testing": false
    },
    "software": "mriqc",
    "version": "22.0.6",
    "warnings": {
      "large_rot_frame": true,
      "small_air_mask": false
    },
    "webapi_port": null,
    "webapi_url": "https://mriqc.nimh.nih.gov/api/v1"
  },
  "qi_1": 0.0,
  "qi_2": 0.0017303672332722403,
  "rpve_csf": 14.18541714021814,
  "rpve_gm": 8.423875120927073,
  "rpve_wm": 42.40786915100481,
  "size_x": 208,
  "size_y": 300,
  "size_z": 320,
  "snr_csf": 5.391011020136976,
  "snr_gm": 7.668055831929286,
  "snr_total": 5.432195778723284,
  "snr_wm": 3.2375204841035896,
  "snrd_csf": 114.09821157753362,
  "snrd_gm": 64.58523844533151,
  "snrd_total": 124.13888421331514,
  "snrd_wm": 193.73320261708025,
  "spacing_x": 0.7999985218048096,
  "spacing_y": 0.800000011920929,
  "spacing_z": 0.8000000715255737,
  "summary_bg_k": 11.005499590735763,
  "summary_bg_mad": 0.0,
  "summary_bg_mean": 1.8730912525473196,
  "summary_bg_median": 0.0,
  "summary_bg_n": 7473483.0,
  "summary_bg_p05": 0.0,
  "summary_bg_p95": 8.461612710729241,
  "summary_bg_stdv": 3.380856504128999,
  "summary_csf_k": -0.2650940881976158,
  "summary_csf_mad": 101.99797740481146,
  "summary_csf_mean": 619.2368397440608,
  "summary_csf_median": 588.8081943262368,
  "summary_csf_n": 43093.0,
  "summary_csf_p05": 481.9362831234932,
  "summary_csf_p95": 812.7369327176363,
  "summary_csf_stdv": 109.2190982834518,
  "summary_gm_k": 0.5486161161923655,
  "summary_gm_mad": 40.276713284252885,
  "summary_gm_mean": 338.4808276042061,
  "summary_gm_median": 333.2945986036211,
  "summary_gm_n": 688490.0,
  "summary_gm_p05": 276.5224053133279,
  "summary_gm_p95": 420.20620439937204,
  "summary_gm_stdv": 43.46530122644568,
  "summary_wm_k": 2.441798981945717,
  "summary_wm_mad": 93.09863234556813,
  "summary_wm_mean": 875.7946581253855,
  "summary_wm_median": 999.7676180619746,
  "summary_wm_n": 59443.0,
  "summary_wm_p05": 47.84780587982387,
  "summary_wm_p95": 1095.3819053974003,
  "summary_wm_stdv": 308.803979301691,
  "tpm_overlap_csf": 0.12038043330888464,
  "tpm_overlap_gm": 0.3804674566576324,
  "tpm_overlap_wm": 0.042849878251428684,
  "wm2max": 0.9237333619579219
}