{
  "bids_meta": {
    "AcquisitionDateTime": "2018-10-21T14:45:43.917500",
    "AcquisitionMatrixPE": 300,
    "AcquisitionNumber": 1,
    "AcquisitionTime": "14:45:43.917500",
    "BaseResolution": 320,
    "BodyPartExamined": "BRAIN",
    "ConsistencyInfo": "N4_VE11C_LATEST_20160120",
    "ConversionSoftware": "dcm2niix",
    "ConversionSoftwareVersion": "v1.0.20180918  (JP2:OpenJPEG) GCC4.8.4",
    "DeidentificationMethod": "Penn_BSC_profile_v3.0",
    "DeviceSerialNumber": "66044",
    "DwellTime": 7.1e-06,
    "EchoTime": 0.00222,
    "FlipAngle": 8,
    "ImageComments": "AP26@mela:LFContrast",
    "ImageOrientationPatientDICOM": [
      -0.0103084,
      0.999731,
      -0.0207563,
      -0.0331936,
      -0.0210881,
      -0.999226
    ],
    "ImageType": [
      "ORIGINAL",
      "PRIMARY",
      "M",
      "ND",
      "NORM"
    ],
    "InPlanePhaseEncodingDirectionDICOM": "ROW",
    "InstitutionAddress": "Curie_Blvd._422_Philadelphia_PA_US_19104",
    "InstitutionName": "SC3T",
    "InstitutionalDepartmentName": "Department",
    "InversionTime": 1,
    "MRAcquisitionType": "3D",
    "MagneticFieldStrength": 3,
    "Manufacturer": "Siemens",
    "ManufacturersModelName": "Prisma",
    "Modality": "MR",
    "ParallelReductionFactorInPlane": 2,
    "PartialFourier": 1,
    "PatientPosition": "HFS",
    "PatientSex": "F",
    "PercentPhaseFOV": 93.75,
    "PhaseEncodingSteps": 299,
    "PhaseResolution": 1,
    "PixelBandwidth": 220,
    "ProcedureStepDescription": "Research_Aguirre",
    "ProtocolName": "T1w_MPR",
    "PulseSequenceDetails": "%SiemensSeq%_tfl",
    "ReceiveCoilActiveElements": "HC1-7",
    "ReceiveCoilName": "HeadNeck_64",
    "ReconMatrixPE": 320,
    "RepetitionTime": 2.4,
    "SAR": 0.0387947,
    "ScanOptions": "IR_WE",
    "ScanningSequence": "GR_IR",
    "SequenceName": "_tfl3d1_16ns",
    "SequenceVariant": "SK_SP_MP",
    "SeriesDescription": "T1w_MPR",
    "SeriesInstanceUID": "1.3.12.2.1107.5.2.43.66044.2018102114453968128148654.0.0.0",
    "SeriesNumber": 41,
    "ShimSetting": [
      3803,
      2721,
      456,
      304,
      -62,
      -329,
      -87,
      60
    ],
    "SliceThickness": 0.8,
    "SoftwareVersions": "syngo_MR_E11",
    "StationName": "AWP66044",
    "StudyID": "1",
    "StudyInstanceUID": "1.3.12.2.1107.5.2.43.66044.30000018101314052653700000157",
    "TxRefAmp": 213.245,
    "dataset": "ds003752",
    "modality": "T1w",
    "session_id": "ResearchAguirre1",
    "subject_id": "03"
  },
  "cjv": 0.3329940159712255,
  "cnr": 3.9933569281875414,
  "efc": 0.5102534834775715,
  "fber": 36836.57653061224,
  "fwhm_avg": 4.924598682475844,
  "fwhm_x": 4.905859064771593,
  "fwhm_y": 4.897849927016349,
  "fwhm_z": 4.97008705563959,
  "icvs_csf": 0.22952460941121144,
  "icvs_gm": 0.43272300333127905,
  "icvs_wm": 0.3377523872575095,
  "inu_med": 0.4784657657146454,
  "inu_range": 0.2420644462108612,
  "provenance": {
    "md5sum": "f66e3fea79a9bf6de2ab1a652a55d5c5",
    "settings": {
      "testing": false
    },
    "software": "mriqc",
    "version": "22.0.6",
    "warnings": {
      "large_rot_frame": true,
      "small_air_mask": false
    },
    "webapi_port": null,
    "webapi_url": "https://mriqc.nimh.nih.gov/api/v1"
  },
  "qi_1": 8.452333232219327e-05,
  "qi_2": 0.0007709345196864754,
  "rpve_csf": 19.947955008681213,
  "rpve_gm": 10.931441071570456,
  "rpve_wm": 15.59837851748146,
  "size_x": 208,
  "size_y": 300,
  "size_z": 320,
  "snr_csf": 2.4352304133319262,
  "snr_gm": 14.066397982751218,
  "snr_total": 13.673838487586726,
  "snr_wm": 24.519887066677036,
  "snrd_csf": 27.636403462154185,
  "snrd_gm": 80.95031378487123,
  "snrd_total": 72.93866852344938,
  "snrd_wm": 110.22928832332272,
  "spacing_x": 0.7999985218048096,
  "spacing_y": 0.800000011920929,
  "spacing_z": 0.8000000715255737,
  "summary_bg_k": 22.688711362846472,
  "summary_bg_mad": 0.0,
  "summary_bg_mean": 3.460677386560326,
  "summary_bg_median": 0.0,
  "summary_bg_n": 7484925.0,
  "summary_bg_p05": 0.0,
  "summary_bg_p95": 14.480543043464422,
  "summary_bg_stdv": 5.943553131332655,
  "summary_csf_k": 1.1961987666925848,
  "summary_csf_mad": 86.34395300725554,
  "summary_csf_mean": 261.27697635145194,
  "summary_csf_median": 250.72402073256671,
  "summary_csf_n": 153353.0,
  "summary_csf_p05": 107.19814373776317,
  "summary_csf_p95": 453.820218982175,
  "summary_csf_stdv": 102.95666557264757,
  "summary_gm_k": 0.3145995099920813,
  "summary_gm_mad": 50.04201978087776,
  "summary_gm_mean": 734.4548915001202,
  "summary_gm_median": 734.4004866443574,
  "summary_gm_n": 149717.0,
  "summary_gm_p05": 649.4391913693398,
  "summary_gm_p95": 820.9941340442747,
  "summary_gm_stdv": 52.209388282053084,
  "summary_wm_k": 0.605902726894719,
  "summary_wm_mad": 38.40978741371585,
  "summary_wm_mean": 998.9808315451513,
  "summary_wm_median": 1000.026302581653,
  "summary_wm_n": 451457.0,
  "summary_wm_p05": 930.8882916141301,
  "summary_wm_p95": 1063.7143637128174,
  "summary_wm_stdv": 40.78424962999811,
  "tpm_overlap_csf": 0.1458098833033822,
  "tpm_overlap_gm": 0.43841568489629107,
  "tpm_overlap_wm": 0.4913094033791627,
  "wm2max": 0.8807039510294936
}