{
  "aor": 0.0003353631284916201,
  "aqi": 0.00822849625698324,
  "bids_meta": {
    "AcquisitionDateTime": "2018-10-13T13:59:44.852500",
    "AcquisitionMatrixPE": 104,
    "AcquisitionNumber": 1,
    "AcquisitionTime": "13:59:44.852500",
    "BandwidthPerPixelPhaseEncode": 16.578,
    "BaseResolution": 104,
    "BodyPartExamined": "BRAIN",
    "ConsistencyInfo": "N4_VE11C_LATEST_20160120",
    "ConversionSoftware": "dcm2niix",
    "ConversionSoftwareVersion": "v1.0.20180918  (JP2:OpenJPEG) GCC4.8.4",
    "DeidentificationMethod": "Penn_BSC_profile_v3.0",
    "DerivedVendorReportedEchoSpacing": 0.000580009,
    "DeviceSerialNumber": "66044",
    "DwellTime": 2.1e-06,
    "EchoTime": 0.037,
    "EchoTrainLength": 104,
    "EffectiveEchoSpacing": 0.000580009,
    "FlipAngle": 52,
    "ImageComments": "Unaliased_MB8_PE3_LB_KAS25@mela:LFContrast",
    "ImageOrientationPatientDICOM": [
      0.99997,
      -0.00675861,
      0.00366266,
      0.00767941,
      0.899786,
      -0.436265
    ],
    "ImageType": [
      "ORIGINAL",
      "PRIMARY",
      "M",
      "MB",
      "ND",
      "MOSAIC"
    ],
    "InPlanePhaseEncodingDirectionDICOM": "COL",
    "InstitutionAddress": "Curie_Blvd._422_Philadelphia_PA_US_19104",
    "InstitutionName": "SC3T",
    "InstitutionalDepartmentName": "Department",
    "MRAcquisitionType": "2D",
    "MagneticFieldStrength": 3,
    "Manufacturer": "Siemens",
    "ManufacturersModelName": "Prisma",
    "Modality": "MR",
    "MultibandAccelerationFactor": 8,
    "PartialFourier": 1,
    "PatientPosition": "HFS",
    "PatientSex": "F",
    "PercentPhaseFOV": 100,
    "PhaseEncodingDirection": "j",
    "PhaseEncodingSteps": 104,
    "PhaseResolution": 1,
    "PixelBandwidth": 2290,
    "ProcedureStepDescription": "Research_Aguirre",
    "ProtocolName": "tfMRI_LFContrast_PA_run1",
    "PulseSequenceDetails": "%CustomerSeq%_cmrr_mbep2d_bold",
    "ReceiveCoilActiveElements": "HC1-7",
    "ReceiveCoilName": "HeadNeck_64",
    "ReconMatrixPE": 104,
    "RepetitionTime": 0.8,
    "SAR": 0.0642097,
    "ScanOptions": "FS_EXT",
    "ScanningSequence": "EP",
    "SequenceName": "epfid2d1_104",
    "SequenceVariant": "SK_SS",
    "SeriesDescription": "tfMRI_LFContrast_PA_run1",
    "SeriesInstanceUID": "1.3.12.2.1107.5.2.43.66044.201810131356262103863723.0.0.0",
    "SeriesNumber": 12,
    "ShimSetting": [
      3809,
      2800,
      490,
      435,
      9,
      -174,
      -71,
      -2
    ],
    "SliceThickness": 2,
    "SliceTiming": [
      0,
      0.4325,
      0.085,
      0.52,
      0.1725,
      0.605,
      0.26,
      0.6925,
      0.345,
      0,
      0.4325,
      0.085,
      0.52,
      0.1725,
      0.605,
      0.26,
      0.6925,
      0.345,
      0,
      0.4325,
      0.085,
      0.52,
      0.1725,
      0.605,
      0.26,
      0.6925,
      0.345,
      0,
      0.4325,
      0.085,
      0.52,
      0.1725,
      0.605,
      0.26,
      0.6925,
      0.345,
      0,
      0.4325,
      0.085,
      0.52,
      0.1725,
      0.605,
      0.26,
      0.6925,
      0.345,
      0,
      0.4325,
      0.085,
      0.52,
      0.1725,
      0.605,
      0.26,
      0.6925,
      0.345,
      0,
      0.4325,
      0.085,
      0.52,
      0.1725,
      0.605,
      0.26,
      0.6925,
      0.345,
      0,
      0.4325,
      0.085,
      0.52,
      0.1725,
      0.605,
      0.26,
      0.6925,
      0.345
    ],
    "SoftwareVersions": "syngo_MR_E11",
    "SpacingBetweenSlices": 2,
    "StationName": "AWP66044",
    "StudyID": "1",
    "StudyInstanceUID": "1.3.12.2.1107.5.2.43.66044.30000018101314052653700000007",
    "TaskName": "LFContrast",
    "TotalReadoutTime": 0.0597409,
    "TxRefAmp": 243.492,
    "WipMemBlock": "37836b63-6a83-44e7-952f-f966aee921df||Sequence: R016 ve11c/master r/e634e98; Dec 19 2017 11:00:25 by eja",
    "dataset": "ds003752",
    "modality": "bold",
    "run_id": 1,
    "session_id": "ResearchAguirre1",
    "subject_id": "02",
    "task_id": "LFContrast"
  },
  "dummy_trs": 4,
  "dvars_nstd": 53.35618843515402,
  "dvars_std": 1.0449774749859946,
  "dvars_vstd": 1.0045452057983193,
  "efc": 0.510944334538044,
  "fber": 718.1483154296875,
  "fd_mean": 0.1137852079815843,
  "fd_num": 6,
  "fd_perc": 1.675977653631285,
  "fwhm_avg": 3.0051633333333334,
  "fwhm_x": 2.92613,
  "fwhm_y": 2.9579,
  "fwhm_z": 3.13146,
  "gcor": 0.00222705,
  "gsr_x": -0.014001102186739445,
  "gsr_y": 0.05276019871234894,
  "provenance": {
    "md5sum": "fbd3a87fc6f18e0eae7177c8b9907d38",
    "settings": {
      "fd_thres": 0.2,
      "testing": false
    },
    "software": "mriqc",
    "version": "22.0.6",
    "webapi_port": null,
    "webapi_url": "https://mriqc.nimh.nih.gov/api/v1"
  },
  "size_t": 358,
  "size_x": 104,
  "size_y": 104,
  "size_z": 72,
  "snr": 2.3948407179003017,
  "spacing_tr": 0.800000011920929,
  "spacing_x": 2.0,
  "spacing_y": 2.0,
  "spacing_z": 2.0,
  "summary_bg_k": 49.31328959939888,
  "summary_bg_mad": 116.93092942624885,
  "summary_bg_mean": 503.1076965332031,
  "summary_bg_median": 234.48602294921875,
  "summary_bg_n": 536859.0,
  "summary_bg_p05": 148.20669555664062,
  "summary_bg_p95": 1856.728991699218,
  "summary_bg_stdv": 772.9200439453125,
  "summary_fg_k": 2.2818123130384027,
  "summary_fg_mad": 2261.531598321628,
  "summary_fg_mean": 6885.56982421875,
  "summary_fg_median": 6374.12841796875,
  "summary_fg_n": 141849.0,
  "summary_fg_p05": 3597.2736328125,
  "summary_fg_p95": 11918.0947265625,
  "summary_fg_stdv": 2661.59912109375,
  "tsnr": 26.92923415079713
}