{
  "aor": 0.00031768802228412257,
  "aqi": 0.008507755320334261,
  "bids_meta": {
    "AcquisitionDateTime": "2018-10-13T14:40:29.467500",
    "AcquisitionMatrixPE": 104,
    "AcquisitionNumber": 1,
    "AcquisitionTime": "14:40:29.467500",
    "BandwidthPerPixelPhaseEncode": 16.578,
    "BaseResolution": 104,
    "BodyPartExamined": "BRAIN",
    "ConsistencyInfo": "N4_VE11C_LATEST_20160120",
    "ConversionSoftware": "dcm2niix",
    "ConversionSoftwareVersion": "v1.0.20180918  (JP2:OpenJPEG) GCC4.8.4",
    "DeidentificationMethod": "Penn_BSC_profile_v3.0",
    "DerivedVendorReportedEchoSpacing": 0.000580009,
    "DeviceSerialNumber": "66044",
    "DwellTime": 2.1e-06,
    "EchoTime": 0.037,
    "EchoTrainLength": 104,
    "EffectiveEchoSpacing": 0.000580009,
    "FlipAngle": 52,
    "ImageComments": "Unaliased_MB8_PE3_LB_KAS25@mela:LFContrast",
    "ImageOrientationPatientDICOM": [
      0.99997,
      -0.00675861,
      0.00366266,
      0.00767941,
      0.899786,
      -0.436265
    ],
    "ImageType": [
      "ORIGINAL",
      "PRIMARY",
      "M",
      "MB",
      "ND",
      "MOSAIC"
    ],
    "InPlanePhaseEncodingDirectionDICOM": "COL",
    "InstitutionAddress": "Curie_Blvd._422_Philadelphia_PA_US_19104",
    "InstitutionName": "SC3T",
    "InstitutionalDepartmentName": "Department",
    "MRAcquisitionType": "2D",
    "MagneticFieldStrength": 3,
    "Manufacturer": "Siemens",
    "ManufacturersModelName": "Prisma",
    "Modality": "MR",
    "MultibandAccelerationFactor": 8,
    "PartialFourier": 1,
    "PatientPosition": "HFS",
    "PatientSex": "F",
    "PercentPhaseFOV": 100,
    "PhaseEncodingDirection": "j-",
    "PhaseEncodingSteps": 104,
    "PhaseResolution": 1,
    "PixelBandwidth": 2290,
    "ProcedureStepDescription": "Research_Aguirre",
    "ProtocolName": "tfMRI_LFContrast_AP_run4",
    "PulseSequenceDetails": "%CustomerSeq%_cmrr_mbep2d_bold",
    "ReceiveCoilActiveElements": "HC1-7",
    "ReceiveCoilName": "HeadNeck_64",
    "ReconMatrixPE": 104,
    "RepetitionTime": 0.8,
    "SAR": 0.0642097,
    "ScanOptions": "FS_EXT",
    "ScanningSequence": "EP",
    "SequenceName": "epfid2d1_104",
    "SequenceVariant": "SK_SS",
    "SeriesDescription": "tfMRI_LFContrast_AP_run4",
    "SeriesInstanceUID": "1.3.12.2.1107.5.2.43.66044.2018101314401113301417703.0.0.0",
    "SeriesNumber": 26,
    "ShimSetting": [
      3809,
      2800,
      490,
      435,
      9,
      -174,
      -71,
      -2
    ],
    "SliceThickness": 2,
    "SliceTiming": [
      0,
      0.4325,
      0.085,
      0.52,
      0.1725,
      0.605,
      0.26,
      0.6925,
      0.345,
      0,
      0.4325,
      0.085,
      0.52,
      0.1725,
      0.605,
      0.26,
      0.6925,
      0.345,
      0,
      0.4325,
      0.085,
      0.52,
      0.1725,
      0.605,
      0.26,
      0.6925,
      0.345,
      0,
      0.4325,
      0.085,
      0.52,
      0.1725,
      0.605,
      0.26,
      0.6925,
      0.345,
      0,
      0.4325,
      0.085,
      0.52,
      0.1725,
      0.605,
      0.26,
      0.6925,
      0.345,
      0,
      0.4325,
      0.085,
      0.52,
      0.1725,
      0.605,
      0.26,
      0.6925,
      0.345,
      0,
      0.4325,
      0.085,
      0.52,
      0.1725,
      0.605,
      0.26,
      0.6925,
      0.345,
      0,
      0.4325,
      0.085,
      0.52,
      0.1725,
      0.605,
      0.26,
      0.6925,
      0.345
    ],
    "SoftwareVersions": "syngo_MR_E11",
    "SpacingBetweenSlices": 2,
    "StationName": "AWP66044",
    "StudyID": "1",
    "StudyInstanceUID": "1.3.12.2.1107.5.2.43.66044.30000018101314052653700000007",
    "TaskName": "LFContrast",
    "TotalReadoutTime": 0.0597409,
    "TxRefAmp": 243.492,
    "WipMemBlock": "82555673-154c-40d4-b96c-20da8712f1ac||Sequence: R016 ve11c/master r/e634e98; Dec 19 2017 11:00:25 by eja",
    "dataset": "ds003752",
    "modality": "bold",
    "run_id": 4,
    "session_id": "ResearchAguirre1",
    "subject_id": "02",
    "task_id": "LFContrast"
  },
  "dummy_trs": 3,
  "dvars_nstd": 52.254420754720634,
  "dvars_std": 1.04067765405028,
  "dvars_vstd": 0.9983443645251399,
  "efc": 0.5122540490132745,
  "fber": 721.351318359375,
  "fd_mean": 0.12113901863477608,
  "fd_num": 24,
  "fd_perc": 6.685236768802229,
  "fwhm_avg": 3.1181783333333333,
  "fwhm_x": 2.963705,
  "fwhm_y": 3.20111,
  "fwhm_z": 3.18972,
  "gcor": 0.0032309,
  "gsr_x": -0.01652544178068638,
  "gsr_y": 0.08334983140230179,
  "provenance": {
    "md5sum": "b970715a9f03459c56eea46d065beb10",
    "settings": {
      "fd_thres": 0.2,
      "testing": false
    },
    "software": "mriqc",
    "version": "22.0.6",
    "webapi_port": null,
    "webapi_url": "https://mriqc.nimh.nih.gov/api/v1"
  },
  "size_t": 359,
  "size_x": 104,
  "size_y": 104,
  "size_z": 72,
  "snr": 2.406265483519299,
  "spacing_tr": 0.800000011920929,
  "spacing_x": 2.0,
  "spacing_y": 2.0,
  "spacing_z": 2.0,
  "summary_bg_k": 30.31569779454904,
  "summary_bg_mad": 119.25654447847016,
  "summary_bg_mean": 538.2928466796875,
  "summary_bg_median": 237.70751953125,
  "summary_bg_n": 539083.0,
  "summary_bg_p05": 148.81614685058594,
  "summary_bg_p95": 2060.942651367187,
  "summary_bg_stdv": 866.0152587890625,
  "summary_fg_k": 1.8252709875810655,
  "summary_fg_mad": 2206.0313832909433,
  "summary_fg_mean": 6956.32861328125,
  "summary_fg_median": 6435.97900390625,
  "summary_fg_n": 143082.0,
  "summary_fg_p05": 3629.489538574219,
  "summary_fg_p95": 12175.211767578125,
  "summary_fg_stdv": 2674.666015625,
  "tsnr": 27.143580517731607
}