{
  "aor": 0.00043361344537815125,
  "aqi": 0.010045509355742298,
  "bids_meta": {
    "AcquisitionDateTime": "2019-03-09T18:44:14.670000",
    "AcquisitionMatrixPE": 104,
    "AcquisitionNumber": 1,
    "AcquisitionTime": "18:44:14.670000",
    "BandwidthPerPixelPhaseEncode": 16.578,
    "BaseResolution": 104,
    "BodyPartExamined": "BRAIN",
    "ConsistencyInfo": "N4_VE11C_LATEST_20160120",
    "ConversionSoftware": "dcm2niix",
    "ConversionSoftwareVersion": "v1.0.20180918  (JP2:OpenJPEG) GCC4.8.4",
    "DeidentificationMethod": "Penn_BSC_profile_v3.0",
    "DerivedVendorReportedEchoSpacing": 0.000580009,
    "DeviceSerialNumber": "66044",
    "DwellTime": 2.1e-06,
    "EchoTime": 0.037,
    "EchoTrainLength": 104,
    "EffectiveEchoSpacing": 0.000580009,
    "FlipAngle": 52,
    "ImageComments": "Unaliased_MB8_PE3_LB_LZ23@brainardlab:LFContrast",
    "ImageOrientationPatientDICOM": [
      0.998881,
      -0.0472759,
      -0.00166394,
      0.0422148,
      0.906714,
      -0.419628
    ],
    "ImageType": [
      "ORIGINAL",
      "PRIMARY",
      "M",
      "MB",
      "ND",
      "MOSAIC"
    ],
    "InPlanePhaseEncodingDirectionDICOM": "COL",
    "InstitutionAddress": "Curie_Blvd._422_Philadelphia_PA_US_19104",
    "InstitutionName": "University_of_Pennsylvania",
    "InstitutionalDepartmentName": "Department",
    "MRAcquisitionType": "2D",
    "MagneticFieldStrength": 3,
    "Manufacturer": "Siemens",
    "ManufacturersModelName": "Prisma",
    "Modality": "MR",
    "MultibandAccelerationFactor": 8,
    "PartialFourier": 1,
    "PatientPosition": "HFS",
    "PatientSex": "M",
    "PercentPhaseFOV": 100,
    "PhaseEncodingDirection": "j",
    "PhaseEncodingSteps": 104,
    "PhaseResolution": 1,
    "PixelBandwidth": 2290,
    "ProcedureStepDescription": "LFContrast_-22.5_set_replication",
    "ProtocolName": "tfMRI_LFContrast_PA_run4",
    "PulseSequenceDetails": "%CustomerSeq%_cmrr_mbep2d_bold",
    "ReceiveCoilActiveElements": "HC1-7",
    "ReceiveCoilName": "HeadNeck_64",
    "ReconMatrixPE": 104,
    "RepetitionTime": 0.8,
    "SAR": 0.0717735,
    "ScanOptions": "FS_EXT",
    "ScanningSequence": "EP",
    "SequenceName": "epfid2d1_104",
    "SequenceVariant": "SK_SS",
    "SeriesDescription": "tfMRI_LFContrast_PA_run4",
    "SeriesInstanceUID": "1.3.12.2.1107.5.2.43.66044.2019030918424811358385021.0.0.0",
    "SeriesNumber": 26,
    "ShimSetting": [
      3819,
      2749,
      499,
      156,
      23,
      -208,
      -66,
      67
    ],
    "SliceThickness": 2,
    "SliceTiming": [
      0,
      0.4325,
      0.0875,
      0.52,
      0.1725,
      0.6075,
      0.26,
      0.6925,
      0.3475,
      0,
      0.4325,
      0.0875,
      0.52,
      0.1725,
      0.6075,
      0.26,
      0.6925,
      0.3475,
      0,
      0.4325,
      0.0875,
      0.52,
      0.1725,
      0.6075,
      0.26,
      0.6925,
      0.3475,
      0,
      0.4325,
      0.0875,
      0.52,
      0.1725,
      0.6075,
      0.26,
      0.6925,
      0.3475,
      0,
      0.4325,
      0.0875,
      0.52,
      0.1725,
      0.6075,
      0.26,
      0.6925,
      0.3475,
      0,
      0.4325,
      0.0875,
      0.52,
      0.1725,
      0.6075,
      0.26,
      0.6925,
      0.3475,
      0,
      0.4325,
      0.0875,
      0.52,
      0.1725,
      0.6075,
      0.26,
      0.6925,
      0.3475,
      0,
      0.4325,
      0.0875,
      0.52,
      0.1725,
      0.6075,
      0.26,
      0.6925,
      0.3475
    ],
    "SoftwareVersions": "syngo_MR_E11",
    "SpacingBetweenSlices": 2,
    "StationName": "AWP66044",
    "StudyID": "1",
    "StudyInstanceUID": "1.3.12.2.1107.5.2.43.66044.30000019030619483656500000091",
    "TaskName": "LFContrast",
    "TotalReadoutTime": 0.0597409,
    "TxRefAmp": 252.054,
    "WipMemBlock": "453eeda1-10b6-48c5-85a7-773070d131d5||Sequence: R016 ve11c/master r/e634e98; Dec 19 2017 11:00:25 by eja",
    "dataset": "ds003752",
    "modality": "bold",
    "run_id": 4,
    "session_id": "LFContrast22p5",
    "subject_id": "01",
    "task_id": "LFContrast"
  },
  "dummy_trs": 3,
  "dvars_nstd": 60.32564546814604,
  "dvars_std": 1.0362097982865175,
  "dvars_vstd": 1.001319284325843,
  "efc": 0.5743491173747096,
  "fber": 209.65673828125,
  "fd_mean": 0.21162883078250241,
  "fd_num": 195,
  "fd_perc": 54.621848739495796,
  "fwhm_avg": 3.14855,
  "fwhm_x": 2.968525,
  "fwhm_y": 3.226815,
  "fwhm_z": 3.25031,
  "gcor": 0.00184174,
  "gsr_x": 0.009604335762560368,
  "gsr_y": 0.05409728363156319,
  "provenance": {
    "md5sum": "85aa1eaed111532a1f09428276a15149",
    "settings": {
      "fd_thres": 0.2,
      "testing": false
    },
    "software": "mriqc",
    "version": "22.0.6",
    "webapi_port": null,
    "webapi_url": "https://mriqc.nimh.nih.gov/api/v1"
  },
  "size_t": 357,
  "size_x": 104,
  "size_y": 104,
  "size_z": 72,
  "snr": 1.8490348776009182,
  "spacing_tr": 0.800000011920929,
  "spacing_x": 2.0,
  "spacing_y": 2.0,
  "spacing_z": 2.0,
  "summary_bg_k": 21.997725018719578,
  "summary_bg_mad": 304.2186593555487,
  "summary_bg_mean": 920.5577392578125,
  "summary_bg_median": 436.56207275390625,
  "summary_bg_n": 490459.0,
  "summary_bg_p05": 183.90862579345705,
  "summary_bg_p95": 3506.031811523437,
  "summary_bg_stdv": 1284.7474365234375,
  "summary_fg_k": 1.482203216682044,
  "summary_fg_mad": 3067.773290881686,
  "summary_fg_mean": 7217.6328125,
  "summary_fg_median": 6446.65087890625,
  "summary_fg_n": 180441.0,
  "summary_fg_p05": 3081.68115234375,
  "summary_fg_p95": 14091.861328125,
  "summary_fg_stdv": 3486.4853515625,
  "tsnr": 23.12818717956543
}