{
  "aor": 0.000454185393258427,
  "aqi": 0.009434088286516854,
  "bids_meta": {
    "AcquisitionDateTime": "2019-03-09T18:21:59.112500",
    "AcquisitionMatrixPE": 104,
    "AcquisitionNumber": 1,
    "AcquisitionTime": "18:21:59.112500",
    "BandwidthPerPixelPhaseEncode": 16.578,
    "BaseResolution": 104,
    "BodyPartExamined": "BRAIN",
    "ConsistencyInfo": "N4_VE11C_LATEST_20160120",
    "ConversionSoftware": "dcm2niix",
    "ConversionSoftwareVersion": "v1.0.20180918  (JP2:OpenJPEG) GCC4.8.4",
    "DeidentificationMethod": "Penn_BSC_profile_v3.0",
    "DerivedVendorReportedEchoSpacing": 0.000580009,
    "DeviceSerialNumber": "66044",
    "DwellTime": 2.1e-06,
    "EchoTime": 0.037,
    "EchoTrainLength": 104,
    "EffectiveEchoSpacing": 0.000580009,
    "FlipAngle": 52,
    "ImageComments": "Unaliased_MB8_PE3_LB_LZ23@brainardlab:LFContrast",
    "ImageOrientationPatientDICOM": [
      0.998881,
      -0.0472759,
      -0.00166394,
      0.0422148,
      0.906714,
      -0.419628
    ],
    "ImageType": [
      "ORIGINAL",
      "PRIMARY",
      "M",
      "MB",
      "ND",
      "MOSAIC"
    ],
    "InPlanePhaseEncodingDirectionDICOM": "COL",
    "InstitutionAddress": "Curie_Blvd._422_Philadelphia_PA_US_19104",
    "InstitutionName": "University_of_Pennsylvania",
    "InstitutionalDepartmentName": "Department",
    "MRAcquisitionType": "2D",
    "MagneticFieldStrength": 3,
    "Manufacturer": "Siemens",
    "ManufacturersModelName": "Prisma",
    "Modality": "MR",
    "MultibandAccelerationFactor": 8,
    "PartialFourier": 1,
    "PatientPosition": "HFS",
    "PatientSex": "M",
    "PercentPhaseFOV": 100,
    "PhaseEncodingDirection": "j",
    "PhaseEncodingSteps": 104,
    "PhaseResolution": 1,
    "PixelBandwidth": 2290,
    "ProcedureStepDescription": "LFContrast_-22.5_set_replication",
    "ProtocolName": "tfMRI_LFContrast_PA_run2",
    "PulseSequenceDetails": "%CustomerSeq%_cmrr_mbep2d_bold",
    "ReceiveCoilActiveElements": "HC1-7",
    "ReceiveCoilName": "HeadNeck_64",
    "ReconMatrixPE": 104,
    "RepetitionTime": 0.8,
    "SAR": 0.0717735,
    "ScanOptions": "FS_EXT",
    "ScanningSequence": "EP",
    "SequenceName": "epfid2d1_104",
    "SequenceVariant": "SK_SS",
    "SeriesDescription": "tfMRI_LFContrast_PA_run2",
    "SeriesInstanceUID": "1.3.12.2.1107.5.2.43.66044.2019030918212553968170205.0.0.0",
    "SeriesNumber": 18,
    "ShimSetting": [
      3819,
      2749,
      499,
      156,
      23,
      -208,
      -66,
      67
    ],
    "SliceThickness": 2,
    "SliceTiming": [
      0,
      0.435,
      0.0875,
      0.52,
      0.175,
      0.6075,
      0.26,
      0.695,
      0.3475,
      0,
      0.435,
      0.0875,
      0.52,
      0.175,
      0.6075,
      0.26,
      0.695,
      0.3475,
      0,
      0.435,
      0.0875,
      0.52,
      0.175,
      0.6075,
      0.26,
      0.695,
      0.3475,
      0,
      0.435,
      0.0875,
      0.52,
      0.175,
      0.6075,
      0.26,
      0.695,
      0.3475,
      0,
      0.435,
      0.0875,
      0.52,
      0.175,
      0.6075,
      0.26,
      0.695,
      0.3475,
      0,
      0.435,
      0.0875,
      0.52,
      0.175,
      0.6075,
      0.26,
      0.695,
      0.3475,
      0,
      0.435,
      0.0875,
      0.52,
      0.175,
      0.6075,
      0.26,
      0.695,
      0.3475,
      0,
      0.435,
      0.0875,
      0.52,
      0.175,
      0.6075,
      0.26,
      0.695,
      0.3475
    ],
    "SoftwareVersions": "syngo_MR_E11",
    "SpacingBetweenSlices": 2,
    "StationName": "AWP66044",
    "StudyID": "1",
    "StudyInstanceUID": "1.3.12.2.1107.5.2.43.66044.30000019030619483656500000091",
    "TaskName": "LFContrast",
    "TotalReadoutTime": 0.0597409,
    "TxRefAmp": 252.054,
    "WipMemBlock": "8325b54b-992e-4800-a14f-5c9af4f28b81||Sequence: R016 ve11c/master r/e634e98; Dec 19 2017 11:00:25 by eja",
    "dataset": "ds003752",
    "modality": "bold",
    "run_id": 2,
    "session_id": "LFContrast22p5",
    "subject_id": "01",
    "task_id": "LFContrast"
  },
  "dummy_trs": 4,
  "dvars_nstd": 60.07126465923944,
  "dvars_std": 1.0353957516338026,
  "dvars_vstd": 0.9995911959999997,
  "efc": 0.5720789592137658,
  "fber": 217.14706420898438,
  "fd_mean": 0.2400171052599679,
  "fd_num": 231,
  "fd_perc": 64.88764044943821,
  "fwhm_avg": 3.106336666666667,
  "fwhm_x": 2.993445,
  "fwhm_y": 3.16248,
  "fwhm_z": 3.163085,
  "gcor": 0.00264849,
  "gsr_x": 0.014148513786494732,
  "gsr_y": 0.04030743986368179,
  "provenance": {
    "md5sum": "99bfbf54c291445a6116a34944263fb7",
    "settings": {
      "fd_thres": 0.2,
      "testing": false
    },
    "software": "mriqc",
    "version": "22.0.6",
    "webapi_port": null,
    "webapi_url": "https://mriqc.nimh.nih.gov/api/v1"
  },
  "size_t": 356,
  "size_x": 104,
  "size_y": 104,
  "size_z": 72,
  "snr": 1.8636409359364443,
  "spacing_tr": 0.800000011920929,
  "spacing_x": 2.0,
  "spacing_y": 2.0,
  "spacing_z": 2.0,
  "summary_bg_k": 20.91223887213239,
  "summary_bg_mad": 314.36134980426425,
  "summary_bg_mean": 951.0139770507812,
  "summary_bg_median": 439.675048828125,
  "summary_bg_n": 498214.0,
  "summary_bg_p05": 181.31131973266602,
  "summary_bg_p95": 3696.0213134765613,
  "summary_bg_stdv": 1332.204345703125,
  "summary_fg_k": 1.5477964439922625,
  "summary_fg_mad": 3097.9863785717894,
  "summary_fg_mean": 7321.59716796875,
  "summary_fg_median": 6526.94677734375,
  "summary_fg_n": 176411.0,
  "summary_fg_p05": 3179.3759765625,
  "summary_fg_p95": 14260.724609375,
  "summary_fg_stdv": 3502.24560546875,
  "tsnr": 24.070323944091797
}