{
  "aor": 0.0010243785310734463,
  "aqi": 0.014333726214689266,
  "bids_meta": {
    "AcquisitionDateTime": "2019-03-09T18:16:34.010000",
    "AcquisitionMatrixPE": 104,
    "AcquisitionNumber": 1,
    "AcquisitionTime": "18:16:34.010000",
    "BandwidthPerPixelPhaseEncode": 16.578,
    "BaseResolution": 104,
    "BodyPartExamined": "BRAIN",
    "ConsistencyInfo": "N4_VE11C_LATEST_20160120",
    "ConversionSoftware": "dcm2niix",
    "ConversionSoftwareVersion": "v1.0.20180918  (JP2:OpenJPEG) GCC4.8.4",
    "DeidentificationMethod": "Penn_BSC_profile_v3.0",
    "DerivedVendorReportedEchoSpacing": 0.000580009,
    "DeviceSerialNumber": "66044",
    "DwellTime": 2.1e-06,
    "EchoTime": 0.037,
    "EchoTrainLength": 104,
    "EffectiveEchoSpacing": 0.000580009,
    "FlipAngle": 52,
    "ImageComments": "Unaliased_MB8_PE3_LB_LZ23@brainardlab:LFContrast",
    "ImageOrientationPatientDICOM": [
      0.998881,
      -0.0472759,
      -0.00166394,
      0.0422148,
      0.906714,
      -0.419628
    ],
    "ImageType": [
      "ORIGINAL",
      "PRIMARY",
      "M",
      "MB",
      "ND",
      "MOSAIC"
    ],
    "InPlanePhaseEncodingDirectionDICOM": "COL",
    "InstitutionAddress": "Curie_Blvd._422_Philadelphia_PA_US_19104",
    "InstitutionName": "University_of_Pennsylvania",
    "InstitutionalDepartmentName": "Department",
    "MRAcquisitionType": "2D",
    "MagneticFieldStrength": 3,
    "Manufacturer": "Siemens",
    "ManufacturersModelName": "Prisma",
    "Modality": "MR",
    "MultibandAccelerationFactor": 8,
    "PartialFourier": 1,
    "PatientPosition": "HFS",
    "PatientSex": "M",
    "PercentPhaseFOV": 100,
    "PhaseEncodingDirection": "j-",
    "PhaseEncodingSteps": 104,
    "PhaseResolution": 1,
    "PixelBandwidth": 2290,
    "ProcedureStepDescription": "LFContrast_-22.5_set_replication",
    "ProtocolName": "tfMRI_LFContrast_AP_run1",
    "PulseSequenceDetails": "%CustomerSeq%_cmrr_mbep2d_bold",
    "ReceiveCoilActiveElements": "HC1-7",
    "ReceiveCoilName": "HeadNeck_64",
    "ReconMatrixPE": 104,
    "RepetitionTime": 0.8,
    "SAR": 0.0717735,
    "ScanOptions": "FS_EXT",
    "ScanningSequence": "EP",
    "SequenceName": "epfid2d1_104",
    "SequenceVariant": "SK_SS",
    "SeriesDescription": "tfMRI_LFContrast_AP_run1",
    "SeriesInstanceUID": "1.3.12.2.1107.5.2.43.66044.201903091815349684791501.0.0.0",
    "SeriesNumber": 16,
    "ShimSetting": [
      3819,
      2749,
      499,
      156,
      23,
      -208,
      -66,
      67
    ],
    "SliceThickness": 2,
    "SliceTiming": [
      0,
      0.435,
      0.0875,
      0.52,
      0.175,
      0.6075,
      0.26,
      0.695,
      0.3475,
      0,
      0.435,
      0.0875,
      0.52,
      0.175,
      0.6075,
      0.26,
      0.695,
      0.3475,
      0,
      0.435,
      0.0875,
      0.52,
      0.175,
      0.6075,
      0.26,
      0.695,
      0.3475,
      0,
      0.435,
      0.0875,
      0.52,
      0.175,
      0.6075,
      0.26,
      0.695,
      0.3475,
      0,
      0.435,
      0.0875,
      0.52,
      0.175,
      0.6075,
      0.26,
      0.695,
      0.3475,
      0,
      0.435,
      0.0875,
      0.52,
      0.175,
      0.6075,
      0.26,
      0.695,
      0.3475,
      0,
      0.435,
      0.0875,
      0.52,
      0.175,
      0.6075,
      0.26,
      0.695,
      0.3475,
      0,
      0.435,
      0.0875,
      0.52,
      0.175,
      0.6075,
      0.26,
      0.695,
      0.3475
    ],
    "SoftwareVersions": "syngo_MR_E11",
    "SpacingBetweenSlices": 2,
    "StationName": "AWP66044",
    "StudyID": "1",
    "StudyInstanceUID": "1.3.12.2.1107.5.2.43.66044.30000019030619483656500000091",
    "TaskName": "LFContrast",
    "TotalReadoutTime": 0.0597409,
    "TxRefAmp": 252.054,
    "WipMemBlock": "14b7e627-0e72-4255-b6c0-45eb0853c01f||Sequence: R016 ve11c/master r/e634e98; Dec 19 2017 11:00:25 by eja",
    "dataset": "ds003752",
    "modality": "bold",
    "run_id": 1,
    "session_id": "LFContrast22p5",
    "subject_id": "01",
    "task_id": "LFContrast"
  },
  "dummy_trs": 6,
  "dvars_nstd": 64.49224796243621,
  "dvars_std": 1.0591087143342781,
  "dvars_vstd": 1.0103928851841364,
  "efc": 0.5761008553867846,
  "fber": 218.3466033935547,
  "fd_mean": 0.3380859780441714,
  "fd_num": 285,
  "fd_perc": 80.50847457627118,
  "fwhm_avg": 3.1863333333333337,
  "fwhm_x": 2.9829,
  "fwhm_y": 3.31388,
  "fwhm_z": 3.26222,
  "gcor": 0.00182316,
  "gsr_x": 0.012353555299341679,
  "gsr_y": 0.06414154917001724,
  "provenance": {
    "md5sum": "c4146336c19ba55e232f9a68399002e8",
    "settings": {
      "fd_thres": 0.2,
      "testing": false
    },
    "software": "mriqc",
    "version": "22.0.6",
    "webapi_port": null,
    "webapi_url": "https://mriqc.nimh.nih.gov/api/v1"
  },
  "size_t": 354,
  "size_x": 104,
  "size_y": 104,
  "size_z": 72,
  "snr": 1.8695048246682695,
  "spacing_tr": 0.800000011920929,
  "spacing_x": 2.0,
  "spacing_y": 2.0,
  "spacing_z": 2.0,
  "summary_bg_k": 22.460184090463258,
  "summary_bg_mad": 312.94881013261397,
  "summary_bg_mean": 878.6825561523438,
  "summary_bg_median": 428.73736572265625,
  "summary_bg_n": 479554.0,
  "summary_bg_p05": 176.0341697692871,
  "summary_bg_p95": 3220.72393798828,
  "summary_bg_stdv": 1225.2061767578125,
  "summary_fg_k": 2.7473505906694307,
  "summary_fg_mad": 2979.9750787911253,
  "summary_fg_mean": 7327.70703125,
  "summary_fg_median": 6540.537109375,
  "summary_fg_n": 187650.0,
  "summary_fg_p05": 3277.0910400390626,
  "summary_fg_p95": 14065.533203124996,
  "summary_fg_stdv": 3498.530517578125,
  "tsnr": 21.021183013916016
}