{
  "aor": 0.0004148595505617977,
  "aqi": 0.008995669101123595,
  "bids_meta": {
    "AcquisitionDateTime": "2019-03-09T18:55:3.982500",
    "AcquisitionMatrixPE": 104,
    "AcquisitionNumber": 1,
    "AcquisitionTime": "18:55:3.982500",
    "BandwidthPerPixelPhaseEncode": 16.578,
    "BaseResolution": 104,
    "BodyPartExamined": "BRAIN",
    "ConsistencyInfo": "N4_VE11C_LATEST_20160120",
    "ConversionSoftware": "dcm2niix",
    "ConversionSoftwareVersion": "v1.0.20180918  (JP2:OpenJPEG) GCC4.8.4",
    "DeidentificationMethod": "Penn_BSC_profile_v3.0",
    "DerivedVendorReportedEchoSpacing": 0.000580009,
    "DeviceSerialNumber": "66044",
    "DwellTime": 2.1e-06,
    "EchoTime": 0.037,
    "EchoTrainLength": 104,
    "EffectiveEchoSpacing": 0.000580009,
    "FlipAngle": 52,
    "ImageComments": "Unaliased_MB8_PE3_LB_LZ23@brainardlab:LFContrast",
    "ImageOrientationPatientDICOM": [
      0.998881,
      -0.0472759,
      -0.00166394,
      0.0422148,
      0.906714,
      -0.419628
    ],
    "ImageType": [
      "ORIGINAL",
      "PRIMARY",
      "M",
      "MB",
      "ND",
      "MOSAIC"
    ],
    "InPlanePhaseEncodingDirectionDICOM": "COL",
    "InstitutionAddress": "Curie_Blvd._422_Philadelphia_PA_US_19104",
    "InstitutionName": "University_of_Pennsylvania",
    "InstitutionalDepartmentName": "Department",
    "MRAcquisitionType": "2D",
    "MagneticFieldStrength": 3,
    "Manufacturer": "Siemens",
    "ManufacturersModelName": "Prisma",
    "Modality": "MR",
    "MultibandAccelerationFactor": 8,
    "PartialFourier": 1,
    "PatientPosition": "HFS",
    "PatientSex": "M",
    "PercentPhaseFOV": 100,
    "PhaseEncodingDirection": "j",
    "PhaseEncodingSteps": 104,
    "PhaseResolution": 1,
    "PixelBandwidth": 2290,
    "ProcedureStepDescription": "LFContrast_-22.5_set_replication",
    "ProtocolName": "tfMRI_LFContrast_PA_run5",
    "PulseSequenceDetails": "%CustomerSeq%_cmrr_mbep2d_bold",
    "ReceiveCoilActiveElements": "HC1-7",
    "ReceiveCoilName": "HeadNeck_64",
    "ReconMatrixPE": 104,
    "RepetitionTime": 0.8,
    "SAR": 0.0717735,
    "ScanOptions": "FS_EXT",
    "ScanningSequence": "EP",
    "SequenceName": "epfid2d1_104",
    "SequenceVariant": "SK_SS",
    "SeriesDescription": "tfMRI_LFContrast_PA_run5",
    "SeriesInstanceUID": "1.3.12.2.1107.5.2.43.66044.2019030918543663045342430.0.0.0",
    "SeriesNumber": 31,
    "ShimSetting": [
      3819,
      2749,
      499,
      156,
      23,
      -208,
      -66,
      67
    ],
    "SliceThickness": 2,
    "SliceTiming": [
      0,
      0.4325,
      0.085,
      0.52,
      0.1725,
      0.605,
      0.26,
      0.6925,
      0.345,
      0,
      0.4325,
      0.085,
      0.52,
      0.1725,
      0.605,
      0.26,
      0.6925,
      0.345,
      0,
      0.4325,
      0.085,
      0.52,
      0.1725,
      0.605,
      0.26,
      0.6925,
      0.345,
      0,
      0.4325,
      0.085,
      0.52,
      0.1725,
      0.605,
      0.26,
      0.6925,
      0.345,
      0,
      0.4325,
      0.085,
      0.52,
      0.1725,
      0.605,
      0.26,
      0.6925,
      0.345,
      0,
      0.4325,
      0.085,
      0.52,
      0.1725,
      0.605,
      0.26,
      0.6925,
      0.345,
      0,
      0.4325,
      0.085,
      0.52,
      0.1725,
      0.605,
      0.26,
      0.6925,
      0.345,
      0,
      0.4325,
      0.085,
      0.52,
      0.1725,
      0.605,
      0.26,
      0.6925,
      0.345
    ],
    "SoftwareVersions": "syngo_MR_E11",
    "SpacingBetweenSlices": 2,
    "StationName": "AWP66044",
    "StudyID": "1",
    "StudyInstanceUID": "1.3.12.2.1107.5.2.43.66044.30000019030619483656500000091",
    "TaskName": "LFContrast",
    "TotalReadoutTime": 0.0597409,
    "TxRefAmp": 252.054,
    "WipMemBlock": "d8ca361b-2240-44f4-a80e-e27e996bdf94||Sequence: R016 ve11c/master r/e634e98; Dec 19 2017 11:00:25 by eja",
    "dataset": "ds003752",
    "modality": "bold",
    "run_id": 5,
    "session_id": "LFContrast22p5",
    "subject_id": "01",
    "task_id": "LFContrast"
  },
  "dummy_trs": 4,
  "dvars_nstd": 59.174427676985964,
  "dvars_std": 1.0336167999999994,
  "dvars_vstd": 1.0012938301690144,
  "efc": 0.5731926447955689,
  "fber": 211.9956512451172,
  "fd_mean": 0.20786411166341168,
  "fd_num": 188,
  "fd_perc": 52.80898876404494,
  "fwhm_avg": 3.12829,
  "fwhm_x": 2.965365,
  "fwhm_y": 3.19904,
  "fwhm_z": 3.220465,
  "gcor": 0.00132755,
  "gsr_x": 0.012069118209183216,
  "gsr_y": 0.03853757679462433,
  "provenance": {
    "md5sum": "3cfee248b839d6625a2e052201989f52",
    "settings": {
      "fd_thres": 0.2,
      "testing": false
    },
    "software": "mriqc",
    "version": "22.0.6",
    "webapi_port": null,
    "webapi_url": "https://mriqc.nimh.nih.gov/api/v1"
  },
  "size_t": 356,
  "size_x": 104,
  "size_y": 104,
  "size_z": 72,
  "snr": 1.8556556936800028,
  "spacing_tr": 0.800000011920929,
  "spacing_x": 2.0,
  "spacing_y": 2.0,
  "spacing_z": 2.0,
  "summary_bg_k": 21.376755752797422,
  "summary_bg_mad": 315.75384575085354,
  "summary_bg_mean": 945.1213989257812,
  "summary_bg_median": 441.3168640136719,
  "summary_bg_n": 495500.0,
  "summary_bg_p05": 179.6263442993164,
  "summary_bg_p95": 3630.1747924804663,
  "summary_bg_stdv": 1314.6884765625,
  "summary_fg_k": 1.558949536658428,
  "summary_fg_mad": 3095.227855254594,
  "summary_fg_mean": 7293.15185546875,
  "summary_fg_median": 6505.751953125,
  "summary_fg_n": 177252.0,
  "summary_fg_p05": 3143.2206787109376,
  "summary_fg_p95": 14220.779443359364,
  "summary_fg_stdv": 3505.894775390625,
  "tsnr": 24.109764099121094
}